{
  "aor": 0.00168002457002457,
  "aqi": 0.00436863941031941,
  "bids_meta": {
    "AcquisitionMatrixPE": 90,
    "AcquisitionNumber": 1,
    "AcquisitionTime": "16:23:26.000000",
    "BodyPartExamined": "BRAIN",
    "CoilString": "RM:Nova32ch",
    "ConversionSoftware": "dcm2niix",
    "ConversionSoftwareVersion": "v1.0.20211006",
    "Dcm2bidsVersion": "2.1.6",
    "DeviceSerialNumber": "000000000000MR01",
    "EchoTime": 0.03,
    "EffectiveEchoSpacing": 0.000568494,
    "FlipAngle": 52,
    "ImageOrientationPatientDICOM": [
      1,
      0,
      0,
      0,
      1,
      0
    ],
    "ImageType": [
      "ORIGINAL",
      "PRIMARY",
      "OTHER"
    ],
    "ImagingFrequency": 127.767,
    "InPlanePhaseEncodingDirectionDICOM": "COL",
    "InstitutionName": "UOFMResearch",
    "InternalPulseSequenceName": "EPI",
    "MRAcquisitionType": "2D",
    "MagneticFieldStrength": 3,
    "Manufacturer": "GE",
    "ManufacturersModelName": "DISCOVERY MR750",
    "Modality": "MR",
    "MultibandAccelerationFactor": 6,
    "PatientPosition": "HFS",
    "PercentPhaseFOV": 100,
    "PercentSampling": 100,
    "PhaseEncodingDirection": "j",
    "PhaseEncodingPolarityGE": "Flipped",
    "PixelBandwidth": 5555.56,
    "ProtocolName": "AHRB 32ch HB 06/06/18",
    "PulseSequenceName": "epi",
    "PulseSequenceType": "Multiband gradient echo EPI",
    "ReconMatrixPE": 90,
    "RepetitionTime": 0.8,
    "SAR": 0.115207,
    "ScanOptions": "SAT_GEMS\\EDR_GEMS\\MP_GEMS\\EPI_GEMS\\HYPERBAND_GEMS\\PFF\\FS",
    "ScanningSequence": "EP\\RM",
    "SequenceVariant": "NONE",
    "SeriesDescription": "func_mid",
    "SeriesNumber": 8,
    "SliceThickness": 2.4,
    "SliceTiming": [
      0,
      0.436364,
      0.0727273,
      0.509091,
      0.145455,
      0.581818,
      0.218182,
      0.654545,
      0.290909,
      0.727273,
      0.363636,
      0,
      0.436364,
      0.0727273,
      0.509091,
      0.145455,
      0.581818,
      0.218182,
      0.654545,
      0.290909,
      0.727273,
      0.363636,
      0,
      0.436364,
      0.0727273,
      0.509091,
      0.145455,
      0.581818,
      0.218182,
      0.654545,
      0.290909,
      0.727273,
      0.363636,
      0,
      0.436364,
      0.0727273,
      0.509091,
      0.145455,
      0.581818,
      0.218182,
      0.654545,
      0.290909,
      0.727273,
      0.363636,
      0,
      0.436364,
      0.0727273,
      0.509091,
      0.145455,
      0.581818,
      0.218182,
      0.654545,
      0.290909,
      0.727273,
      0.363636,
      0,
      0.436364,
      0.0727273,
      0.509091,
      0.145455
    ],
    "SoftwareVersions": "27\\LX\\MR Software release:DV26.0_R02_1810.b",
    "SpacingBetweenSlices": 2.4,
    "StationName": "MR01MR01",
    "TaskName": "func_mid",
    "TotalReadoutTime": 0.04824,
    "TriggerDelayTime": 787,
    "dataset": "AHRB",
    "modality": "bold",
    "run_id": 1,
    "session_id": "2",
    "subject_id": "99",
    "task_id": "mid"
  },
  "dummy_trs": 0,
  "dvars_nstd": 27.475672369802957,
  "dvars_std": 1.067219010788177,
  "dvars_vstd": 1.007744256798029,
  "efc": 0.4447154863221429,
  "fber": 10815.90234375,
  "fd_mean": 0.12469028884143464,
  "fd_num": 30,
  "fd_perc": 7.371007371007371,
  "fwhm_avg": 2.6109190679660323,
  "fwhm_x": 2.737383224559497,
  "fwhm_y": 2.5025374005580985,
  "fwhm_z": 2.5928365787805014,
  "gcor": 0.014158,
  "gsr_x": 0.005265275947749615,
  "gsr_y": 0.03234269842505455,
  "provenance": {
    "md5sum": "93af140214266e582341ab7b973897eb",
    "settings": {
      "fd_thres": 0.2,
      "testing": false
    },
    "software": "mriqc",
    "version": "23.1.0rc0"
  },
  "size_t": 407,
  "size_x": 90,
  "size_y": 90,
  "size_z": 60,
  "snr": 2.3796550749166148,
  "spacing_tr": 0.800000011920929,
  "spacing_x": 2.4000000953674316,
  "spacing_y": 2.4000000953674316,
  "spacing_z": 2.3999969959259033,
  "summary_bg_k": 69.91204991482816,
  "summary_bg_mad": 15.907920566863277,
  "summary_bg_mean": 42.97726058959961,
  "summary_bg_median": 10.926289558410645,
  "summary_bg_n": 328252.0,
  "summary_bg_p05": 0.0,
  "summary_bg_p95": 189.18464050292988,
  "summary_bg_stdv": 104.31365203857422,
  "summary_fg_k": 3.7234554154717605,
  "summary_fg_mad": 385.89735930144985,
  "summary_fg_mean": 1193.621337890625,
  "summary_fg_median": 1096.158447265625,
  "summary_fg_n": 86018.0,
  "summary_fg_p05": 649.7262817382813,
  "summary_fg_p95": 2074.3635498046865,
  "summary_fg_stdv": 460.6348571777344,
  "tsnr": 45.371549502946436
}