{
  "bids_meta": {
    "AcquisitionMatrixPE": 256,
    "AcquisitionNumber": 1,
    "AcquisitionTime": "15:51:48.000000",
    "BodyPartExamined": "HEAD",
    "CoilString": "RM:Nova32ch",
    "ConversionSoftware": "dcm2niix",
    "ConversionSoftwareVersion": "v1.0.20211006",
    "Dcm2bidsVersion": "2.1.6",
    "DeviceSerialNumber": "000000000000MR01",
    "EchoTime": 0.00292,
    "FlipAngle": 8,
    "ImageOrientationPatientDICOM": [
      0,
      1,
      0,
      0,
      0,
      -1
    ],
    "ImageType": [
      "ORIGINAL",
      "PRIMARY",
      "OTHER"
    ],
    "ImagingFrequency": 127.767,
    "InPlanePhaseEncodingDirectionDICOM": "ROW",
    "InstitutionName": "UOFMResearch",
    "InversionTime": 1.06,
    "MRAcquisitionType": "3D",
    "MagneticFieldStrength": 3,
    "Manufacturer": "GE",
    "ManufacturersModelName": "DISCOVERY MR750",
    "Modality": "MR",
    "ParallelReductionFactorInPlane": 2,
    "ParallelReductionOutOfPlane": 2,
    "PatientPosition": "HFS",
    "PercentPhaseFOV": 100,
    "PercentSampling": 100,
    "PixelBandwidth": 244.141,
    "ProtocolName": "AHRB 32ch MB 08/10/17",
    "ReconMatrixPE": 256,
    "RepetitionTime": 0.006952,
    "SAR": 0.20852,
    "ScanOptions": "EDR_GEMS\\PROMO_GEMS\\ACC_GEMS",
    "ScanningSequence": "RM",
    "SequenceVariant": "NONE",
    "SeriesDescription": "t1spgr_208sl",
    "SeriesNumber": 6,
    "SliceThickness": 1,
    "SoftwareVersions": "27\\LX\\MR Software release:DV25.1_R01_1617.b",
    "SpacingBetweenSlices": 1,
    "StationName": "MR01MR01",
    "dataset": "AHRB",
    "modality": "T1w",
    "session_id": "1",
    "subject_id": "91"
  },
  "cjv": 0.485043574670333,
  "cnr": 2.7411828006676586,
  "efc": 0.5047681335618719,
  "fber": 2921.927059409995,
  "fwhm_avg": 3.27351,
  "fwhm_x": 3.18343,
  "fwhm_y": 3.41672,
  "fwhm_z": 3.22038,
  "icvs_csf": 0.2158936055274125,
  "icvs_gm": 0.40467203889950515,
  "icvs_wm": 0.37943435557308236,
  "inu_med": 1.0069149732589722,
  "inu_range": 0.5992490053176875,
  "provenance": {
    "md5sum": "72065356541cefc4ce5e44329a5736b0",
    "settings": {
      "testing": false
    },
    "software": "mriqc",
    "version": "23.1.0rc0",
    "warnings": {
      "large_rot_frame": true,
      "small_air_mask": false
    }
  },
  "qi_1": 0.0,
  "qi_2": 0.0009861864017414609,
  "rpve_csf": 36.49828972490386,
  "rpve_gm": 19.07754831487988,
  "rpve_wm": 23.1577018556074,
  "size_x": 208,
  "size_y": 256,
  "size_z": 256,
  "snr_csf": 1.2501331075318294,
  "snr_gm": 7.754855880108478,
  "snr_total": 6.889837937893435,
  "snr_wm": 11.664524826039997,
  "snrd_csf": 5.185760557948573,
  "snrd_gm": 23.660394033522216,
  "snrd_total": 21.497636135571923,
  "snrd_wm": 35.64675381524497,
  "spacing_x": 1.0,
  "spacing_y": 1.0,
  "spacing_z": 1.0,
  "summary_bg_k": 10.454607008480917,
  "summary_bg_mad": 18.379763731302027,
  "summary_bg_mean": 17.06166532409725,
  "summary_bg_median": 12.396962247788906,
  "summary_bg_n": 2838479.0,
  "summary_bg_p05": 0.0,
  "summary_bg_p95": 54.131238296628,
  "summary_bg_stdv": 19.301757618538787,
  "summary_csf_k": 8.057246830829113,
  "summary_csf_mad": 95.60364014161551,
  "summary_csf_mean": 171.2388711800521,
  "summary_csf_median": 145.4858161173761,
  "summary_csf_n": 22324.0,
  "summary_csf_p05": 38.034659042954445,
  "summary_csf_p95": 399.2990143895149,
  "summary_csf_stdv": 116.37365389131497,
  "summary_gm_k": 0.111691190770137,
  "summary_gm_mad": 83.33442613250028,
  "summary_gm_mean": 663.6672525392378,
  "summary_gm_median": 663.7891775295138,
  "summary_gm_n": 11827.0,
  "summary_gm_p05": 521.7044128350914,
  "summary_gm_p95": 805.7181688763201,
  "summary_gm_stdv": 85.59296584601933,
  "summary_wm_k": 0.7150818006324831,
  "summary_wm_mad": 79.77394834161979,
  "summary_wm_mean": 1008.0730948092151,
  "summary_wm_median": 1000.0648916959763,
  "summary_wm_n": 149061.0,
  "summary_wm_p05": 882.2612975612283,
  "summary_wm_p95": 1163.302378885448,
  "summary_wm_stdv": 85.73530015630698,
  "tpm_overlap_csf": 0.1537221470965273,
  "tpm_overlap_gm": 0.45720533592418,
  "tpm_overlap_wm": 0.4973511072028069,
  "wm2max": 0.26984589545399706
}