{
  "bids_meta": {
    "AcquisitionMatrixPE": 256,
    "AcquisitionNumber": 1,
    "AcquisitionTime": "17:04:41.000000",
    "BodyPartExamined": "HEAD",
    "CoilString": "RM:Nova32ch",
    "ConversionSoftware": "dcm2niix",
    "ConversionSoftwareVersion": "v1.0.20211006",
    "Dcm2bidsVersion": "2.1.6",
    "DeviceSerialNumber": "000000000000MR01",
    "EchoTime": 0.00292,
    "FlipAngle": 8,
    "ImageOrientationPatientDICOM": [
      0,
      1,
      0,
      0,
      0,
      -1
    ],
    "ImageType": [
      "ORIGINAL",
      "PRIMARY",
      "OTHER"
    ],
    "ImagingFrequency": 127.767,
    "InPlanePhaseEncodingDirectionDICOM": "ROW",
    "InstitutionName": "UOFMResearch",
    "InversionTime": 1.06,
    "MRAcquisitionType": "3D",
    "MagneticFieldStrength": 3,
    "Manufacturer": "GE",
    "ManufacturersModelName": "DISCOVERY MR750",
    "Modality": "MR",
    "ParallelReductionFactorInPlane": 2,
    "ParallelReductionOutOfPlane": 2,
    "PatientPosition": "HFS",
    "PercentPhaseFOV": 100,
    "PercentSampling": 100,
    "PixelBandwidth": 244.141,
    "ProtocolName": "AHRB 32ch HB 06/06/18",
    "ReconMatrixPE": 256,
    "RepetitionTime": 0.006952,
    "SAR": 0.0967762,
    "ScanOptions": "EDR_GEMS\\PROMO_GEMS\\ACC_GEMS\\IR_GEMS",
    "ScanningSequence": "RM",
    "SequenceVariant": "NONE",
    "SeriesDescription": "t1spgr_208sl",
    "SeriesNumber": 6,
    "SliceThickness": 1,
    "SoftwareVersions": "27\\LX\\MR Software release:DV26.0_R02_1810.b",
    "SpacingBetweenSlices": 1,
    "StationName": "MR01MR01",
    "dataset": "AHRB",
    "modality": "T1w",
    "session_id": "2",
    "subject_id": "35"
  },
  "cjv": 0.39525684964620617,
  "cnr": 3.275762179581849,
  "efc": 0.501788170473478,
  "fber": 7588.028337663113,
  "fwhm_avg": 3.5753399999999993,
  "fwhm_x": 3.57793,
  "fwhm_y": 3.64736,
  "fwhm_z": 3.50073,
  "icvs_csf": 0.20552966300648673,
  "icvs_gm": 0.4271509729606371,
  "icvs_wm": 0.3673193640328762,
  "inu_med": 1.008714199066162,
  "inu_range": 0.6407940268516539,
  "provenance": {
    "md5sum": "a82837d84018b0555c29e2ae48a4e159",
    "settings": {
      "testing": false
    },
    "software": "mriqc",
    "version": "23.1.0rc0",
    "warnings": {
      "large_rot_frame": true,
      "small_air_mask": false
    }
  },
  "qi_1": 0.0,
  "qi_2": 0.0016172600254801533,
  "rpve_csf": 32.68364992610558,
  "rpve_gm": 16.34742656867739,
  "rpve_wm": 21.96940790113531,
  "size_x": 208,
  "size_y": 256,
  "size_z": 256,
  "snr_csf": 1.2464696618554314,
  "snr_gm": 8.20090232807365,
  "snr_total": 8.004927697044842,
  "snr_wm": 14.567411101205442,
  "snrd_csf": 8.308974544280703,
  "snrd_gm": 37.888818711732675,
  "snrd_total": 34.711471054407234,
  "snrd_wm": 57.93661990720831,
  "spacing_x": 1.0,
  "spacing_y": 1.0,
  "spacing_z": 1.0,
  "summary_bg_k": 3.7873933999843876,
  "summary_bg_mad": 11.308325681585675,
  "summary_bg_mean": 8.35390881728818,
  "summary_bg_median": 7.627349764108658,
  "summary_bg_n": 2827719.0,
  "summary_bg_p05": 0.0,
  "summary_bg_p95": 25.3790983222425,
  "summary_bg_stdv": 9.347499688132807,
  "summary_csf_k": 1.9247328471327343,
  "summary_csf_mad": 83.93739360081749,
  "summary_csf_mean": 173.56791946750997,
  "summary_csf_median": 143.42141610011458,
  "summary_csf_n": 19534.0,
  "summary_csf_p05": 41.995824594050646,
  "summary_csf_p95": 417.93336618170116,
  "summary_csf_stdv": 115.0591541620681,
  "summary_gm_k": 0.27253191538608545,
  "summary_gm_mad": 76.60044420026487,
  "summary_gm_mean": 653.6589110934191,
  "summary_gm_median": 653.9998413808644,
  "summary_gm_n": 20739.0,
  "summary_gm_p05": 521.5155000317842,
  "summary_gm_p95": 784.2549989596009,
  "summary_gm_stdv": 79.74538015909633,
  "summary_wm_k": 1.8139915197363488,
  "summary_wm_mad": 60.17644737700949,
  "summary_wm_mean": 1009.5082246827023,
  "summary_wm_median": 1000.0454360358417,
  "summary_wm_n": 173791.0,
  "summary_wm_p05": 916.0991877391934,
  "summary_wm_p95": 1133.6602595821023,
  "summary_wm_stdv": 68.6492988997394,
  "tpm_overlap_csf": 0.15033412443363434,
  "tpm_overlap_gm": 0.45829134368348623,
  "tpm_overlap_wm": 0.49889900816700994,
  "wm2max": 0.3749787205066222
}