{
  "aor": 0.0006563882063882064,
  "aqi": 0.007675315749385749,
  "bids_meta": {
    "AcquisitionMatrixPE": 90,
    "BodyPartExamined": "BRAIN",
    "DeviceSerialNumber": "000000000000MR01",
    "EchoTime": 0.03,
    "EffectiveEchoSpacing": 0.000536,
    "FlipAngle": 52,
    "ImageType": [
      "ORIGINAL",
      "PRIMARY",
      "OTHER"
    ],
    "ImagingFrequency": "1277672190",
    "InPlanePhaseEncodingDirectionDICOM": "COL",
    "InstitutionName": "UOFMResearch",
    "MagneticFieldStrength": 3,
    "Manufacturer": "GE",
    "ManufacturersModelName": "DISCOVERY_MR750",
    "Modality": "MR",
    "MultibandAccelerationFactor": 6,
    "PatientPosition": "HFS",
    "PhaseEncodingDirection": "j",
    "PulseSequenceType": "Multiband gradient echo EPI",
    "ReconMatrixPE": 90,
    "RepetitionTime": 0.8,
    "SeriesDescription": "func_mid",
    "SeriesNumber": 9,
    "SliceThickness": 2.4,
    "SliceTiming": [
      0.0,
      0.4,
      0.08,
      0.48,
      0.16,
      0.56,
      0.24,
      0.64,
      0.32,
      0.72,
      0.0,
      0.4,
      0.08,
      0.48,
      0.16,
      0.56,
      0.24,
      0.64,
      0.32,
      0.72,
      0.0,
      0.4,
      0.08,
      0.48,
      0.16,
      0.56,
      0.24,
      0.64,
      0.32,
      0.72,
      0.0,
      0.4,
      0.08,
      0.48,
      0.16,
      0.56,
      0.24,
      0.64,
      0.32,
      0.72,
      0.0,
      0.4,
      0.08,
      0.48,
      0.16,
      0.56,
      0.24,
      0.64,
      0.32,
      0.72,
      0.0,
      0.4,
      0.08,
      0.48,
      0.16,
      0.56,
      0.24,
      0.64,
      0.32,
      0.72
    ],
    "SpacingBetweenSlices": 2.4,
    "StationName": "MR01MR01",
    "TaskName": "func_mid",
    "TotalReadoutTime": 0.048,
    "dataset": "AHRB",
    "modality": "bold",
    "run_id": 2,
    "session_id": "1",
    "subject_id": "62",
    "task_id": "mid"
  },
  "dummy_trs": 0,
  "dvars_nstd": 40.05690739093596,
  "dvars_std": 1.0290268669211826,
  "dvars_vstd": 0.9994992118719206,
  "efc": 0.5239133886675933,
  "fber": 1043.4776611328125,
  "fd_mean": 0.07778032278623646,
  "fd_num": 13,
  "fd_perc": 3.194103194103194,
  "fwhm_avg": 2.691861004146165,
  "fwhm_x": 2.431574903377894,
  "fwhm_y": 2.8727582191801777,
  "fwhm_z": 2.771249889880423,
  "gcor": 0.0123523,
  "gsr_x": -0.001896912814117968,
  "gsr_y": 0.10240745544433594,
  "provenance": {
    "md5sum": "eec1403e5d807734f7c5c7d94c37c491",
    "settings": {
      "fd_thres": 0.2,
      "testing": false
    },
    "software": "mriqc",
    "version": "23.1.0rc0"
  },
  "size_t": 407,
  "size_x": 90,
  "size_y": 90,
  "size_z": 60,
  "snr": 2.9847161987076514,
  "spacing_tr": 0.800000011920929,
  "spacing_x": 2.4000000953674316,
  "spacing_y": 2.4000000953674316,
  "spacing_z": 2.4000000953674316,
  "summary_bg_k": 23.71451901559944,
  "summary_bg_mad": 144.8560575724422,
  "summary_bg_mean": 538.313720703125,
  "summary_bg_median": 171.94717407226562,
  "summary_bg_n": 327948.0,
  "summary_bg_p05": 65.25306701660156,
  "summary_bg_p95": 2548.654296875,
  "summary_bg_stdv": 1015.2049560546875,
  "summary_fg_k": 1.4712218567560171,
  "summary_fg_mad": 1711.7134882915038,
  "summary_fg_mean": 6018.17626953125,
  "summary_fg_median": 5675.57958984375,
  "summary_fg_n": 84641.0,
  "summary_fg_p05": 3554.99267578125,
  "summary_fg_p95": 9576.935546875,
  "summary_fg_stdv": 1901.5362548828125,
  "tsnr": 31.369093832210638
}