{
  "bids_meta": {
    "AcquisitionMatrixPE": 256,
    "AcquisitionNumber": 1,
    "AcquisitionTime": "16:43:0.000000",
    "BodyPartExamined": "HEAD",
    "CoilString": "RM:Nova32ch",
    "ConversionSoftware": "dcm2niix",
    "ConversionSoftwareVersion": "v1.0.20211006",
    "Dcm2bidsVersion": "2.1.6",
    "DeviceSerialNumber": "000000000000MR01",
    "EchoTime": 0.00292,
    "FlipAngle": 8,
    "ImageOrientationPatientDICOM": [
      0,
      1,
      0,
      0,
      0,
      -1
    ],
    "ImageType": [
      "ORIGINAL",
      "PRIMARY",
      "OTHER"
    ],
    "ImagingFrequency": 127.767,
    "InPlanePhaseEncodingDirectionDICOM": "ROW",
    "InstitutionName": "UOFMResearch",
    "InversionTime": 1.06,
    "MRAcquisitionType": "3D",
    "MagneticFieldStrength": 3,
    "Manufacturer": "GE",
    "ManufacturersModelName": "DISCOVERY MR750",
    "Modality": "MR",
    "ParallelReductionFactorInPlane": 2,
    "ParallelReductionOutOfPlane": 2,
    "PatientPosition": "HFS",
    "PercentPhaseFOV": 100,
    "PercentSampling": 100,
    "PixelBandwidth": 244.141,
    "ProtocolName": "AHRB 32ch MB 08/10/17",
    "ReconMatrixPE": 256,
    "RepetitionTime": 0.006952,
    "SAR": 0.211818,
    "ScanOptions": "EDR_GEMS\\PROMO_GEMS\\ACC_GEMS",
    "ScanningSequence": "RM",
    "SequenceVariant": "NONE",
    "SeriesDescription": "t1spgr_208sl",
    "SeriesNumber": 6,
    "SliceThickness": 1,
    "SoftwareVersions": "27\\LX\\MR Software release:DV25.1_R01_1617.b",
    "SpacingBetweenSlices": 1,
    "StationName": "MR01MR01",
    "dataset": "AHRB",
    "modality": "T1w",
    "session_id": "1",
    "subject_id": "62"
  },
  "cjv": 0.4168044530831146,
  "cnr": 3.1394085311641593,
  "efc": 0.5450699655939484,
  "fber": 2585.837695457735,
  "fwhm_avg": 3.4425866666666667,
  "fwhm_x": 3.35858,
  "fwhm_y": 3.61744,
  "fwhm_z": 3.35174,
  "icvs_csf": 0.17453045865642,
  "icvs_gm": 0.44422774744008514,
  "icvs_wm": 0.3812417939034949,
  "inu_med": 0.9940745234489441,
  "inu_range": 0.6727759778499602,
  "provenance": {
    "md5sum": "2e45ccc04e1dfd5ea4fdb5b39a8e5f60",
    "settings": {
      "testing": false
    },
    "software": "mriqc",
    "version": "23.1.0rc0",
    "warnings": {
      "large_rot_frame": true,
      "small_air_mask": false
    }
  },
  "qi_1": 0.0,
  "qi_2": 0.0010079013517527876,
  "rpve_csf": 32.833417330160835,
  "rpve_gm": 14.034547643744364,
  "rpve_wm": 18.732922038399824,
  "size_x": 208,
  "size_y": 256,
  "size_z": 256,
  "snr_csf": 1.1574286899501254,
  "snr_gm": 7.73083205765246,
  "snr_total": 7.332170130120062,
  "snr_wm": 13.108249642757599,
  "snrd_csf": 7.820062803764432,
  "snrd_gm": 34.41130638995857,
  "snrd_total": 31.92161251701322,
  "snrd_wm": 53.533468357316664,
  "spacing_x": 1.0,
  "spacing_y": 1.0,
  "spacing_z": 1.0,
  "summary_bg_k": 4.71173614656808,
  "summary_bg_mad": 12.238461891729571,
  "summary_bg_mean": 12.653136142370562,
  "summary_bg_median": 8.254717104136944,
  "summary_bg_n": 2837657.0,
  "summary_bg_p05": 0.0,
  "summary_bg_p95": 40.518868528306484,
  "summary_bg_stdv": 14.583740231396693,
  "summary_csf_k": 1.6698087447645387,
  "summary_csf_mad": 109.86642075375518,
  "summary_csf_mean": 176.50627546707904,
  "summary_csf_median": 146.08490783721209,
  "summary_csf_n": 13937.0,
  "summary_csf_p05": 29.669811762869358,
  "summary_csf_p95": 430.0943460315463,
  "summary_csf_stdv": 126.21051137698677,
  "summary_gm_k": 0.2126636350316251,
  "summary_gm_mad": 79.51503526226584,
  "summary_gm_mean": 644.291444500949,
  "summary_gm_median": 642.8301982581615,
  "summary_gm_n": 30213.0,
  "summary_gm_p05": 507.88680002093315,
  "summary_gm_p95": 784.150955080986,
  "summary_gm_stdv": 83.15011308894691,
  "summary_wm_k": 1.0843321272939752,
  "summary_wm_mad": 69.37459540911848,
  "summary_wm_mean": 1008.316031479323,
  "summary_wm_median": 1000.0471847131848,
  "summary_wm_n": 206574.0,
  "summary_wm_p05": 900.141522847116,
  "summary_wm_p95": 1147.4056774750352,
  "summary_wm_stdv": 76.29125103735316,
  "tpm_overlap_csf": 0.15265285205517193,
  "tpm_overlap_gm": 0.4520366123268149,
  "tpm_overlap_wm": 0.4997910599141021,
  "wm2max": 0.38162181621816216
}