{
  "bids_meta": {
    "AcquisitionMatrixPE": 256,
    "AcquisitionNumber": 1,
    "AcquisitionTime": "16:40:22.000000",
    "BodyPartExamined": "HEAD",
    "CoilString": "RM:Nova32ch",
    "ConversionSoftware": "dcm2niix",
    "ConversionSoftwareVersion": "v1.0.20211006",
    "Dcm2bidsVersion": "2.1.6",
    "DeviceSerialNumber": "000000000000MR01",
    "EchoTime": 0.00292,
    "FlipAngle": 8,
    "ImageOrientationPatientDICOM": [
      0,
      1,
      0,
      0,
      0,
      -1
    ],
    "ImageType": [
      "ORIGINAL",
      "PRIMARY",
      "OTHER"
    ],
    "ImagingFrequency": 127.767,
    "InPlanePhaseEncodingDirectionDICOM": "ROW",
    "InstitutionName": "UOFMResearch",
    "InversionTime": 1.06,
    "MRAcquisitionType": "3D",
    "MagneticFieldStrength": 3,
    "Manufacturer": "GE",
    "ManufacturersModelName": "DISCOVERY MR750",
    "Modality": "MR",
    "ParallelReductionFactorInPlane": 2,
    "ParallelReductionOutOfPlane": 2,
    "PatientPosition": "HFS",
    "PercentPhaseFOV": 100,
    "PercentSampling": 100,
    "PixelBandwidth": 244.141,
    "ProtocolName": "AHRB 32ch HB 06/06/18",
    "ReconMatrixPE": 256,
    "RepetitionTime": 0.006952,
    "SAR": 0.115968,
    "ScanOptions": "EDR_GEMS\\PROMO_GEMS\\ACC_GEMS\\IR_GEMS",
    "ScanningSequence": "RM",
    "SequenceVariant": "NONE",
    "SeriesDescription": "t1spgr_208sl",
    "SeriesNumber": 6,
    "SliceThickness": 1,
    "SoftwareVersions": "27\\LX\\MR Software release:DV26.0_R02_1810.b",
    "SpacingBetweenSlices": 1,
    "StationName": "MR01MR01",
    "dataset": "AHRB",
    "modality": "T1w",
    "session_id": "2",
    "subject_id": "02"
  },
  "cjv": 0.37269967964384726,
  "cnr": 3.4865837854279365,
  "efc": 0.483694624930187,
  "fber": 2805.7887970615243,
  "fwhm_avg": 3.5930233333333335,
  "fwhm_x": 3.51464,
  "fwhm_y": 3.71812,
  "fwhm_z": 3.54631,
  "icvs_csf": 0.21965757197413016,
  "icvs_gm": 0.43359676824924187,
  "icvs_wm": 0.34674565977662797,
  "inu_med": 0.9999659061431885,
  "inu_range": 0.4950367212295532,
  "provenance": {
    "md5sum": "9387f27a5c60b207d5b40061111fd782",
    "settings": {
      "testing": false
    },
    "software": "mriqc",
    "version": "23.1.0rc0",
    "warnings": {
      "large_rot_frame": true,
      "small_air_mask": false
    }
  },
  "qi_1": 0.0,
  "qi_2": 0.0011587412808320358,
  "rpve_csf": 33.54491684539403,
  "rpve_gm": 17.31522461857586,
  "rpve_wm": 24.64645065599337,
  "size_x": 208,
  "size_y": 256,
  "size_z": 256,
  "snr_csf": 1.3002742677957975,
  "snr_gm": 8.217664278873789,
  "snr_total": 8.23014864707981,
  "snr_wm": 15.172507394569847,
  "snrd_csf": 5.7528930431309755,
  "snrd_gm": 23.041031024975926,
  "snrd_total": 21.591936044835887,
  "snrd_wm": 35.98188406640076,
  "spacing_x": 1.0,
  "spacing_y": 1.0,
  "spacing_z": 1.0,
  "summary_bg_k": 3.725007358015299,
  "summary_bg_mad": 18.20846054929332,
  "summary_bg_mean": 12.859501725782135,
  "summary_bg_median": 12.28142000734806,
  "summary_bg_n": 3157555.0,
  "summary_bg_p05": 0.0,
  "summary_bg_p95": 40.17778830975294,
  "summary_bg_stdv": 14.991296092707397,
  "summary_csf_k": 0.34795173053590034,
  "summary_csf_mad": 117.6613379304335,
  "summary_csf_mean": 190.08138673478592,
  "summary_csf_median": 159.89239190518856,
  "summary_csf_n": 23321.0,
  "summary_csf_p05": 36.84426002204418,
  "summary_csf_p95": 425.28802996873856,
  "summary_csf_stdv": 122.96556791972456,
  "summary_gm_k": 0.1901815516018619,
  "summary_gm_mad": 76.21541344204205,
  "summary_gm_mean": 637.3816791331083,
  "summary_gm_median": 640.3883289545774,
  "summary_gm_n": 17543.0,
  "summary_gm_p05": 503.2516538344324,
  "summary_gm_p95": 759.1028740637003,
  "summary_gm_stdv": 77.92604504165831,
  "summary_wm_k": 1.61967279436944,
  "summary_wm_mad": 57.83353898275545,
  "summary_wm_mean": 1002.275421781321,
  "summary_wm_median": 1000.0584863126278,
  "summary_wm_n": 147721.0,
  "summary_wm_p05": 899.9941547289491,
  "summary_wm_p95": 1110.942164093256,
  "summary_wm_stdv": 65.91231596352652,
  "tpm_overlap_csf": 0.1506506149969854,
  "tpm_overlap_gm": 0.47555088992707645,
  "tpm_overlap_wm": 0.4937473431693076,
  "wm2max": 0.275618601976541
}