{
  "bids_meta": {
    "AcquisitionMatrixPE": 256,
    "AcquisitionNumber": 1,
    "AcquisitionTime": "17:15:9.000000",
    "BodyPartExamined": "HEAD",
    "CoilString": "RM:Nova32ch",
    "ConversionSoftware": "dcm2niix",
    "ConversionSoftwareVersion": "v1.0.20211006",
    "Dcm2bidsVersion": "2.1.6",
    "DeviceSerialNumber": "000000000000MR01",
    "EchoTime": 0.00292,
    "FlipAngle": 8,
    "ImageOrientationPatientDICOM": [
      0,
      1,
      0,
      0,
      0,
      -1
    ],
    "ImageType": [
      "ORIGINAL",
      "PRIMARY",
      "OTHER"
    ],
    "ImagingFrequency": 127.767,
    "InPlanePhaseEncodingDirectionDICOM": "ROW",
    "InstitutionName": "UOFMResearch",
    "InversionTime": 1.06,
    "MRAcquisitionType": "3D",
    "MagneticFieldStrength": 3,
    "Manufacturer": "GE",
    "ManufacturersModelName": "DISCOVERY MR750",
    "Modality": "MR",
    "ParallelReductionFactorInPlane": 2,
    "ParallelReductionOutOfPlane": 2,
    "PatientPosition": "HFS",
    "PercentPhaseFOV": 100,
    "PercentSampling": 100,
    "PixelBandwidth": 244.141,
    "ProtocolName": "AHRB 32ch HB 06/06/18",
    "ReconMatrixPE": 256,
    "RepetitionTime": 0.006952,
    "SAR": 0.126279,
    "ScanOptions": "EDR_GEMS\\PROMO_GEMS\\ACC_GEMS\\IR_GEMS",
    "ScanningSequence": "RM",
    "SequenceVariant": "NONE",
    "SeriesDescription": "t1spgr_208sl",
    "SeriesNumber": 6,
    "SliceThickness": 1,
    "SoftwareVersions": "27\\LX\\MR Software release:DV26.0_R02_1810.b",
    "SpacingBetweenSlices": 1,
    "StationName": "MR01MR01",
    "dataset": "AHRB",
    "modality": "T1w",
    "session_id": "1",
    "subject_id": "89"
  },
  "cjv": 0.41361186505743075,
  "cnr": 3.180042136894646,
  "efc": 0.5221552119842167,
  "fber": 2933.9422070483593,
  "fwhm_avg": 3.6362433333333333,
  "fwhm_x": 3.57549,
  "fwhm_y": 3.78288,
  "fwhm_z": 3.55036,
  "icvs_csf": 0.19901118020568956,
  "icvs_gm": 0.43060008886064094,
  "icvs_wm": 0.3703887309336695,
  "inu_med": 1.0449275970458984,
  "inu_range": 0.704522752761841,
  "provenance": {
    "md5sum": "b1a5accf8948e98c8e28383d7fca1040",
    "settings": {
      "testing": false
    },
    "software": "mriqc",
    "version": "23.1.0rc0",
    "warnings": {
      "large_rot_frame": true,
      "small_air_mask": false
    }
  },
  "qi_1": 0.0,
  "qi_2": 0.001087717475205237,
  "rpve_csf": 29.002371463672514,
  "rpve_gm": 13.58147033251775,
  "rpve_wm": 17.720807614516417,
  "size_x": 208,
  "size_y": 256,
  "size_z": 256,
  "snr_csf": 1.2994089254025063,
  "snr_gm": 8.229958511714557,
  "snr_total": 7.534267539684136,
  "snr_wm": 13.073435181935345,
  "snrd_csf": 4.664189099410591,
  "snrd_gm": 23.650031888260436,
  "snrd_total": 21.595276929731757,
  "snrd_wm": 36.47160980152425,
  "spacing_x": 1.0,
  "spacing_y": 1.0,
  "spacing_z": 1.0,
  "summary_bg_k": 3.7886231141899636,
  "summary_bg_mad": 17.964059344803886,
  "summary_bg_mean": 10.735933754583726,
  "summary_bg_median": 12.11657389998436,
  "summary_bg_n": 2229699.0,
  "summary_bg_p05": 0.0,
  "summary_bg_p95": 35.775778725743294,
  "summary_bg_stdv": 12.741059437162425,
  "summary_csf_k": 2.948151812206077,
  "summary_csf_mad": 77.90728894799159,
  "summary_csf_mean": 150.9857370143139,
  "summary_csf_median": 127.89362608641386,
  "summary_csf_n": 35782.0,
  "summary_csf_p05": 36.668578907847404,
  "summary_csf_p95": 355.5895582437515,
  "summary_csf_stdv": 98.42308795280162,
  "summary_gm_k": 0.21007237066317863,
  "summary_gm_mad": 76.4890737365597,
  "summary_gm_mean": 647.6901341979815,
  "summary_gm_median": 648.4917894154787,
  "summary_gm_n": 26754.0,
  "summary_gm_p05": 515.1233850695193,
  "summary_gm_p95": 776.3567183531818,
  "summary_gm_stdv": 78.79501079496163,
  "summary_wm_k": 1.4323912585264065,
  "summary_wm_mad": 68.92525927558964,
  "summary_wm_mean": 1007.4626948466366,
  "summary_wm_median": 1000.0637468397617,
  "summary_wm_n": 188636.0,
  "summary_wm_p05": 897.391725897789,
  "summary_wm_p95": 1142.656690210104,
  "summary_wm_stdv": 76.4956633159148,
  "tpm_overlap_csf": 0.1595119349366648,
  "tpm_overlap_gm": 0.43476525191567317,
  "tpm_overlap_wm": 0.45671042523484057,
  "wm2max": 0.2678886090738095
}