{
  "bids_meta": {
    "AcquisitionMatrixPE": 256,
    "AcquisitionNumber": 1,
    "AcquisitionTime": "14:31:24.000000",
    "BodyPartExamined": "HEAD",
    "CoilString": "RM:Nova32ch",
    "ConversionSoftware": "dcm2niix",
    "ConversionSoftwareVersion": "v1.0.20211006",
    "Dcm2bidsVersion": "2.1.6",
    "DeviceSerialNumber": "000000000000MR01",
    "EchoTime": 0.00292,
    "FlipAngle": 8,
    "ImageOrientationPatientDICOM": [
      0,
      1,
      0,
      0,
      0,
      -1
    ],
    "ImageType": [
      "ORIGINAL",
      "PRIMARY",
      "OTHER"
    ],
    "ImagingFrequency": 127.767,
    "InPlanePhaseEncodingDirectionDICOM": "ROW",
    "InstitutionName": "UOFMResearch",
    "InversionTime": 1.06,
    "MRAcquisitionType": "3D",
    "MagneticFieldStrength": 3,
    "Manufacturer": "GE",
    "ManufacturersModelName": "DISCOVERY MR750",
    "Modality": "MR",
    "ParallelReductionFactorInPlane": 2,
    "ParallelReductionOutOfPlane": 2,
    "PatientPosition": "HFS",
    "PercentPhaseFOV": 100,
    "PercentSampling": 100,
    "PixelBandwidth": 244.141,
    "ProtocolName": "AHRB 32ch HB 06/06/18",
    "ReconMatrixPE": 256,
    "RepetitionTime": 0.006952,
    "SAR": 0.109496,
    "ScanOptions": "EDR_GEMS\\PROMO_GEMS\\ACC_GEMS\\IR_GEMS",
    "ScanningSequence": "RM",
    "SequenceVariant": "NONE",
    "SeriesDescription": "t1spgr_208sl",
    "SeriesNumber": 6,
    "SliceThickness": 1,
    "SoftwareVersions": "27\\LX\\MR Software release:DV26.0_R02_1810.b",
    "SpacingBetweenSlices": 1,
    "StationName": "MR01MR01",
    "dataset": "AHRB",
    "modality": "T1w",
    "session_id": "2",
    "subject_id": "36"
  },
  "cjv": 0.4678761935004266,
  "cnr": 2.7245775887860115,
  "efc": 0.5344705547520288,
  "fber": 1043.08273756756,
  "fwhm_avg": 3.979393333333334,
  "fwhm_x": 3.78234,
  "fwhm_y": 4.22712,
  "fwhm_z": 3.92872,
  "icvs_csf": 0.21505497812985466,
  "icvs_gm": 0.4054361191420777,
  "icvs_wm": 0.37950890272806764,
  "inu_med": 0.9988002181053162,
  "inu_range": 0.7122390508651733,
  "provenance": {
    "md5sum": "99a40ed2077a0b161252832ee7ebc996",
    "settings": {
      "testing": false
    },
    "software": "mriqc",
    "version": "23.1.0rc0",
    "warnings": {
      "large_rot_frame": true,
      "small_air_mask": false
    }
  },
  "qi_1": 0.0,
  "qi_2": 0.001298029793061695,
  "rpve_csf": 30.405546117784873,
  "rpve_gm": 16.062011194510585,
  "rpve_wm": 20.177050235289386,
  "size_x": 208,
  "size_y": 256,
  "size_z": 256,
  "snr_csf": 1.5939960693770736,
  "snr_gm": 8.350698858257356,
  "snr_total": 7.001153671032782,
  "snr_wm": 11.058766085463914,
  "snrd_csf": 6.397142183331766,
  "snrd_gm": 26.142191994925447,
  "snrd_total": 23.978490073449205,
  "snrd_wm": 39.39613604209039,
  "spacing_x": 1.0,
  "spacing_y": 1.0,
  "spacing_z": 1.0,
  "summary_bg_k": 5.0389830773494335,
  "summary_bg_mad": 16.630531182629554,
  "summary_bg_mean": 20.59474093615708,
  "summary_bg_median": 11.217122822999954,
  "summary_bg_n": 2067070.0,
  "summary_bg_p05": 0.0,
  "summary_bg_p95": 77.10160285234451,
  "summary_bg_stdv": 27.501723333875173,
  "summary_csf_k": 2.635808650988392,
  "summary_csf_mad": 80.66763401229507,
  "summary_csf_mean": 183.42754775121634,
  "summary_csf_median": 162.39041604101658,
  "summary_csf_n": 28588.0,
  "summary_csf_p05": 59.911684457212694,
  "summary_csf_p95": 389.91105730086537,
  "summary_csf_stdv": 101.874514593167,
  "summary_gm_k": 0.11430508049579524,
  "summary_gm_mad": 76.84452339559863,
  "summary_gm_mean": 662.0093504014152,
  "summary_gm_median": 663.6153008043766,
  "summary_gm_n": 14294.0,
  "summary_gm_p05": 528.2362322509289,
  "summary_gm_p95": 791.2809857614337,
  "summary_gm_stdv": 79.46545535769718,
  "summary_wm_k": 0.9142784279741631,
  "summary_wm_mad": 80.57205624687766,
  "summary_wm_mean": 1014.4498972187786,
  "summary_wm_median": 1000.0645192712545,
  "summary_wm_n": 185537.0,
  "summary_wm_p05": 892.3414604365826,
  "summary_wm_p95": 1187.403363659978,
  "summary_wm_stdv": 90.43159214010382,
  "tpm_overlap_csf": 0.16236959920191035,
  "tpm_overlap_gm": 0.4407799457767727,
  "tpm_overlap_wm": 0.48465157280415083,
  "wm2max": 0.26363258804345685
}