{
  "aor": 0.0022900245700245704,
  "aqi": 0.018517565601965606,
  "bids_meta": {
    "AcquisitionMatrixPE": 90,
    "BodyPartExamined": "BRAIN",
    "DeviceSerialNumber": "000000000000MR01",
    "EchoTime": 0.03,
    "EffectiveEchoSpacing": 0.000536,
    "FlipAngle": 52,
    "ImageType": [
      "ORIGINAL",
      "PRIMARY",
      "OTHER"
    ],
    "ImagingFrequency": "1277671960",
    "InPlanePhaseEncodingDirectionDICOM": "COL",
    "InstitutionName": "UOFMResearch",
    "MagneticFieldStrength": 3,
    "Manufacturer": "GE",
    "ManufacturersModelName": "DISCOVERY_MR750",
    "Modality": "MR",
    "MultibandAccelerationFactor": 6,
    "PatientPosition": "HFS",
    "PhaseEncodingDirection": "j",
    "PulseSequenceType": "Multiband gradient echo EPI",
    "ReconMatrixPE": 90,
    "RepetitionTime": 0.8,
    "SeriesDescription": "func_mid",
    "SeriesNumber": 8,
    "SliceThickness": 2.4,
    "SliceTiming": [
      0.0,
      0.4,
      0.08,
      0.48,
      0.16,
      0.56,
      0.24,
      0.64,
      0.32,
      0.72,
      0.0,
      0.4,
      0.08,
      0.48,
      0.16,
      0.56,
      0.24,
      0.64,
      0.32,
      0.72,
      0.0,
      0.4,
      0.08,
      0.48,
      0.16,
      0.56,
      0.24,
      0.64,
      0.32,
      0.72,
      0.0,
      0.4,
      0.08,
      0.48,
      0.16,
      0.56,
      0.24,
      0.64,
      0.32,
      0.72,
      0.0,
      0.4,
      0.08,
      0.48,
      0.16,
      0.56,
      0.24,
      0.64,
      0.32,
      0.72,
      0.0,
      0.4,
      0.08,
      0.48,
      0.16,
      0.56,
      0.24,
      0.64,
      0.32,
      0.72
    ],
    "SpacingBetweenSlices": 2.4,
    "StationName": "MR01MR01",
    "TaskName": "func_mid",
    "TotalReadoutTime": 0.048,
    "dataset": "AHRB",
    "modality": "bold",
    "run_id": 1,
    "session_id": "1",
    "subject_id": "105",
    "task_id": "mid"
  },
  "dummy_trs": 0,
  "dvars_nstd": 38.9923166877586,
  "dvars_std": 0.9358766631527095,
  "dvars_vstd": 0.927860035073892,
  "efc": 0.4571818062103275,
  "fber": 2300.1650390625,
  "fd_mean": 0.26768814193719215,
  "fd_num": 162,
  "fd_perc": 39.8034398034398,
  "fwhm_avg": 2.777529056297578,
  "fwhm_x": 2.636374895239874,
  "fwhm_y": 2.9247623837803847,
  "fwhm_z": 2.771449889872476,
  "gcor": 0.0114978,
  "gsr_x": -0.024068724364042282,
  "gsr_y": 0.056291792541742325,
  "provenance": {
    "md5sum": "c85577780d6244599ee94f51b697ea60",
    "settings": {
      "fd_thres": 0.2,
      "testing": false
    },
    "software": "mriqc",
    "version": "23.1.0rc0"
  },
  "size_t": 407,
  "size_x": 90,
  "size_y": 90,
  "size_z": 60,
  "snr": 3.1276922321798803,
  "spacing_tr": 0.800000011920929,
  "spacing_x": 2.4000000953674316,
  "spacing_y": 2.4000000953674316,
  "spacing_z": 2.4000000953674316,
  "summary_bg_k": 24.12561704500592,
  "summary_bg_mad": 120.75741453894726,
  "summary_bg_mean": 386.4223327636719,
  "summary_bg_median": 149.2997589111328,
  "summary_bg_n": 349231.0,
  "summary_bg_p05": 60.144962310791016,
  "summary_bg_p95": 1572.5355834960938,
  "summary_bg_stdv": 668.328125,
  "summary_fg_k": 0.8390078830568091,
  "summary_fg_mad": 2164.633625544243,
  "summary_fg_mean": 7577.3818359375,
  "summary_fg_median": 7188.6953125,
  "summary_fg_n": 69016.0,
  "summary_fg_p05": 4567.1776123046875,
  "summary_fg_p95": 11886.243896484375,
  "summary_fg_stdv": 2298.3857421875,
  "tsnr": 22.864608563832007
}