{
  "bids_meta": {
    "AcquisitionMatrixPE": 256,
    "AcquisitionNumber": 1,
    "AcquisitionTime": "16:38:33.000000",
    "BodyPartExamined": "HEAD",
    "CoilString": "RM:Nova32ch",
    "ConversionSoftware": "dcm2niix",
    "ConversionSoftwareVersion": "v1.0.20211006",
    "Dcm2bidsVersion": "2.1.6",
    "DeviceSerialNumber": "000000000000MR01",
    "EchoTime": 0.00292,
    "FlipAngle": 8,
    "ImageOrientationPatientDICOM": [
      0,
      1,
      0,
      0,
      0,
      -1
    ],
    "ImageType": [
      "ORIGINAL",
      "PRIMARY",
      "OTHER"
    ],
    "ImagingFrequency": 127.767,
    "InPlanePhaseEncodingDirectionDICOM": "ROW",
    "InstitutionName": "UOFMResearch",
    "InversionTime": 1.06,
    "MRAcquisitionType": "3D",
    "MagneticFieldStrength": 3,
    "Manufacturer": "GE",
    "ManufacturersModelName": "DISCOVERY MR750",
    "Modality": "MR",
    "ParallelReductionFactorInPlane": 2,
    "ParallelReductionOutOfPlane": 2,
    "PatientPosition": "HFS",
    "PercentPhaseFOV": 100,
    "PercentSampling": 100,
    "PixelBandwidth": 244.141,
    "ProtocolName": "AHRB 32ch MB 08/10/17",
    "ReconMatrixPE": 256,
    "RepetitionTime": 0.006952,
    "SAR": 0.204663,
    "ScanOptions": "EDR_GEMS\\PROMO_GEMS\\ACC_GEMS",
    "ScanningSequence": "RM",
    "SequenceVariant": "NONE",
    "SeriesDescription": "t1spgr_208sl",
    "SeriesNumber": 6,
    "SliceThickness": 1,
    "SoftwareVersions": "27\\LX\\MR Software release:DV25.1_R01_1617.b",
    "SpacingBetweenSlices": 1,
    "StationName": "MR01MR01",
    "dataset": "AHRB",
    "modality": "T1w",
    "session_id": "1",
    "subject_id": "93"
  },
  "cjv": 0.4036234888711012,
  "cnr": 3.1324162102920368,
  "efc": 0.5235628250381231,
  "fber": 3649.3386317668055,
  "fwhm_avg": 3.9055933333333335,
  "fwhm_x": 3.81342,
  "fwhm_y": 4.17682,
  "fwhm_z": 3.72654,
  "icvs_csf": 0.2238517232868538,
  "icvs_gm": 0.4155438767086473,
  "icvs_wm": 0.36060440000449895,
  "inu_med": 0.9764291942119598,
  "inu_range": 0.7461594790220261,
  "provenance": {
    "md5sum": "49afd57cae58f23a4c521f194005716d",
    "settings": {
      "testing": false
    },
    "software": "mriqc",
    "version": "23.1.0rc0",
    "warnings": {
      "large_rot_frame": true,
      "small_air_mask": false
    }
  },
  "qi_1": 0.0,
  "qi_2": 0.0011011192719252779,
  "rpve_csf": 30.96252093658813,
  "rpve_gm": 16.87177015402605,
  "rpve_wm": 22.896678923162412,
  "size_x": 208,
  "size_y": 256,
  "size_z": 256,
  "snr_csf": 1.3250152772115777,
  "snr_gm": 8.124611755198352,
  "snr_total": 7.351015974835309,
  "snr_wm": 12.603420892095995,
  "snrd_csf": 6.4198065249222145,
  "snrd_gm": 30.256464777847686,
  "snrd_total": 27.84046832517855,
  "snrd_wm": 46.84513367276574,
  "spacing_x": 1.0,
  "spacing_y": 1.0,
  "spacing_z": 1.0,
  "summary_bg_k": 4.466405910572899,
  "summary_bg_mad": 13.985983785402993,
  "summary_bg_mean": 10.16703855851622,
  "summary_bg_median": 9.433402709662914,
  "summary_bg_n": 1966103.0,
  "summary_bg_p05": 0.0,
  "summary_bg_p95": 36.191041842103004,
  "summary_bg_stdv": 12.862832459507903,
  "summary_csf_k": 2.265293302501453,
  "summary_csf_mad": 81.80481082028166,
  "summary_csf_mean": 162.47518167339592,
  "summary_csf_median": 137.05132238566875,
  "summary_csf_n": 26592.0,
  "summary_csf_p05": 40.047464333474636,
  "summary_csf_p95": 372.8863901272416,
  "summary_csf_stdv": 103.43182285577953,
  "summary_gm_k": 0.20223275299069332,
  "summary_gm_mad": 76.35115676559622,
  "summary_gm_mean": 645.7169721116283,
  "summary_gm_median": 645.9211025163531,
  "summary_gm_n": 14112.0,
  "summary_gm_p05": 514.42006203942,
  "summary_gm_p95": 777.6594613004476,
  "summary_gm_stdv": 79.4989638946202,
  "summary_wm_k": 2.1930680352004144,
  "summary_wm_mad": 66.58735676446582,
  "summary_wm_mean": 1010.2419993364673,
  "summary_wm_median": 1000.0593463778496,
  "summary_wm_n": 168086.0,
  "summary_wm_p05": 901.0382827147841,
  "summary_wm_p95": 1155.1468601077795,
  "summary_wm_stdv": 79.34801036092722,
  "tpm_overlap_csf": 0.1638435225938201,
  "tpm_overlap_gm": 0.45460445920913856,
  "tpm_overlap_wm": 0.4987524463177907,
  "wm2max": 0.30045810235111675
}