{
  "bids_meta": {
    "AcquisitionMatrixPE": 256,
    "AcquisitionNumber": 1,
    "AcquisitionTime": "16:39:13.000000",
    "BodyPartExamined": "HEAD",
    "CoilString": "RM:Nova32ch",
    "ConversionSoftware": "dcm2niix",
    "ConversionSoftwareVersion": "v1.0.20211006",
    "Dcm2bidsVersion": "2.1.6",
    "DeviceSerialNumber": "000000000000MR01",
    "EchoTime": 0.00292,
    "FlipAngle": 8,
    "ImageOrientationPatientDICOM": [
      0,
      1,
      0,
      0,
      0,
      -1
    ],
    "ImageType": [
      "ORIGINAL",
      "PRIMARY",
      "OTHER"
    ],
    "ImagingFrequency": 127.767,
    "InPlanePhaseEncodingDirectionDICOM": "ROW",
    "InstitutionName": "UOFMResearch",
    "InversionTime": 1.06,
    "MRAcquisitionType": "3D",
    "MagneticFieldStrength": 3,
    "Manufacturer": "GE",
    "ManufacturersModelName": "DISCOVERY MR750",
    "Modality": "MR",
    "ParallelReductionFactorInPlane": 2,
    "ParallelReductionOutOfPlane": 2,
    "PatientPosition": "HFS",
    "PercentPhaseFOV": 100,
    "PercentSampling": 100,
    "PixelBandwidth": 244.141,
    "ProtocolName": "AHRB 32ch HB 06/06/18",
    "ReconMatrixPE": 256,
    "RepetitionTime": 0.006952,
    "SAR": 0.140518,
    "ScanOptions": "EDR_GEMS\\PROMO_GEMS\\ACC_GEMS\\IR_GEMS",
    "ScanningSequence": "RM",
    "SequenceVariant": "NONE",
    "SeriesDescription": "t1spgr_208sl",
    "SeriesNumber": 6,
    "SliceThickness": 1,
    "SoftwareVersions": "27\\LX\\MR Software release:DV26.0_R02_1810.b",
    "SpacingBetweenSlices": 1,
    "StationName": "MR01MR01",
    "dataset": "AHRB",
    "modality": "T1w",
    "session_id": "1",
    "subject_id": "103"
  },
  "cjv": 0.36554204774793553,
  "cnr": 3.596918356329159,
  "efc": 0.47381007756080773,
  "fber": 1677.536996627653,
  "fwhm_avg": 3.6489233333333337,
  "fwhm_x": 3.4961,
  "fwhm_y": 3.92279,
  "fwhm_z": 3.52788,
  "icvs_csf": 0.2083020400508629,
  "icvs_gm": 0.44497205812824187,
  "icvs_wm": 0.34672590182089524,
  "inu_med": 0.9792589545249939,
  "inu_range": 0.5664546370506285,
  "provenance": {
    "md5sum": "24acb5c65a40e93893802beac26c636f",
    "settings": {
      "testing": false
    },
    "software": "mriqc",
    "version": "23.1.0rc0",
    "warnings": {
      "large_rot_frame": true,
      "small_air_mask": false
    }
  },
  "qi_1": 0.0,
  "qi_2": 0.001200506596838405,
  "rpve_csf": 28.904173726733788,
  "rpve_gm": 14.277322311666058,
  "rpve_wm": 21.06622268444461,
  "size_x": 208,
  "size_y": 256,
  "size_z": 256,
  "snr_csf": 1.0209415819017198,
  "snr_gm": 7.492077130206895,
  "snr_total": 8.044097441613545,
  "snr_wm": 15.619273612732021,
  "snrd_csf": 4.802549079904282,
  "snrd_gm": 30.22733291993673,
  "snrd_total": 27.91709237686567,
  "snrd_wm": 48.72139513075601,
  "spacing_x": 1.0,
  "spacing_y": 1.0,
  "spacing_z": 1.0,
  "summary_bg_k": 3.019346811313646,
  "summary_bg_mad": 0.0,
  "summary_bg_mean": 10.758406471354224,
  "summary_bg_median": 0.0,
  "summary_bg_n": 3139159.0,
  "summary_bg_p05": 0.0,
  "summary_bg_p95": 36.04351791739464,
  "summary_bg_stdv": 13.447702100947737,
  "summary_csf_k": 3.407512344371667,
  "summary_csf_mad": 71.66136447686189,
  "summary_csf_mean": 127.69073241886608,
  "summary_csf_median": 98.57985199987888,
  "summary_csf_n": 20799.0,
  "summary_csf_p05": 24.499626234173775,
  "summary_csf_p95": 340.8437831446527,
  "summary_csf_stdv": 96.55545811529927,
  "summary_gm_k": -0.0972778780209036,
  "summary_gm_mad": 84.34370217637525,
  "summary_gm_mean": 616.6126985732013,
  "summary_gm_median": 620.4634155780077,
  "summary_gm_n": 28577.0,
  "summary_gm_p05": 476.28934390842915,
  "summary_gm_p95": 749.1072157025337,
  "summary_gm_stdv": 82.81449172334491,
  "summary_wm_k": 2.1305316387123847,
  "summary_wm_mad": 54.42323556490199,
  "summary_wm_mean": 1001.2361975556964,
  "summary_wm_median": 1000.083047837019,
  "summary_wm_n": 178857.0,
  "summary_wm_p05": 902.3336916416883,
  "summary_wm_p95": 1103.895023405552,
  "summary_wm_stdv": 64.02860189710394,
  "tpm_overlap_csf": 0.1495034129616087,
  "tpm_overlap_gm": 0.44926022869111976,
  "tpm_overlap_wm": 0.4801910917580601,
  "wm2max": 0.2012568105090751
}