{
  "bids_meta": {
    "AcquisitionMatrixPE": 256,
    "AcquisitionNumber": 1,
    "AcquisitionTime": "15:20:4.000000",
    "BodyPartExamined": "HEAD",
    "CoilString": "RM:Nova32ch",
    "ConversionSoftware": "dcm2niix",
    "ConversionSoftwareVersion": "v1.0.20211006",
    "Dcm2bidsVersion": "2.1.6",
    "DeviceSerialNumber": "000000000000MR01",
    "EchoTime": 0.00292,
    "FlipAngle": 8,
    "ImageOrientationPatientDICOM": [
      0,
      1,
      0,
      0,
      0,
      -1
    ],
    "ImageType": [
      "ORIGINAL",
      "PRIMARY",
      "OTHER"
    ],
    "ImagingFrequency": 127.767,
    "InPlanePhaseEncodingDirectionDICOM": "ROW",
    "InstitutionName": "UOFMResearch",
    "InversionTime": 1.06,
    "MRAcquisitionType": "3D",
    "MagneticFieldStrength": 3,
    "Manufacturer": "GE",
    "ManufacturersModelName": "DISCOVERY MR750",
    "Modality": "MR",
    "ParallelReductionFactorInPlane": 2,
    "ParallelReductionOutOfPlane": 2,
    "PatientPosition": "HFS",
    "PercentPhaseFOV": 100,
    "PercentSampling": 100,
    "PixelBandwidth": 244.141,
    "ProtocolName": "AHRB 32ch MB 08/10/17",
    "ReconMatrixPE": 256,
    "RepetitionTime": 0.006952,
    "SAR": 0.211818,
    "ScanOptions": "EDR_GEMS\\PROMO_GEMS\\ACC_GEMS",
    "ScanningSequence": "RM",
    "SequenceVariant": "NONE",
    "SeriesDescription": "t1spgr_208sl",
    "SeriesNumber": 6,
    "SliceThickness": 1,
    "SoftwareVersions": "27\\LX\\MR Software release:DV25.1_R01_1617.b",
    "SpacingBetweenSlices": 1,
    "StationName": "MR01MR01",
    "dataset": "AHRB",
    "modality": "T1w",
    "session_id": "1",
    "subject_id": "80"
  },
  "cjv": 0.4242674064604414,
  "cnr": 3.079212935436612,
  "efc": 0.5497003321011612,
  "fber": 3779.5531124961526,
  "fwhm_avg": 3.3984699999999997,
  "fwhm_x": 3.29982,
  "fwhm_y": 3.57748,
  "fwhm_z": 3.31811,
  "icvs_csf": 0.19581091242052273,
  "icvs_gm": 0.42587254758354315,
  "icvs_wm": 0.3783165399959342,
  "inu_med": 1.0031726956367493,
  "inu_range": 0.6034054398536681,
  "provenance": {
    "md5sum": "f5bd7f5cec3cbf17c341f605cd8cebe6",
    "settings": {
      "testing": false
    },
    "software": "mriqc",
    "version": "23.1.0rc0",
    "warnings": {
      "large_rot_frame": true,
      "small_air_mask": false
    }
  },
  "qi_1": 0.0,
  "qi_2": 0.0006896566052091412,
  "rpve_csf": 32.829907243709286,
  "rpve_gm": 15.65466891145294,
  "rpve_wm": 20.230242623185852,
  "size_x": 208,
  "size_y": 256,
  "size_z": 256,
  "snr_csf": 1.2476656680927127,
  "snr_gm": 7.858007198919345,
  "snr_total": 7.456659427996637,
  "snr_wm": 13.264305416977855,
  "snrd_csf": 6.675869886508077,
  "snrd_gm": 31.323403771891645,
  "snrd_total": 28.710915120307956,
  "snrd_wm": 48.13347170252415,
  "spacing_x": 1.0,
  "spacing_y": 1.0,
  "spacing_z": 1.0,
  "summary_bg_k": 16.85381849012339,
  "summary_bg_mad": 13.61082786415879,
  "summary_bg_mean": 13.573230909524202,
  "summary_bg_median": 9.18036388605833,
  "summary_bg_n": 2632680.0,
  "summary_bg_p05": 0.0,
  "summary_bg_p95": 46.011763907969,
  "summary_bg_stdv": 17.943344801306235,
  "summary_csf_k": 4.046350220232198,
  "summary_csf_mad": 92.2602224085494,
  "summary_csf_mean": 166.714065733129,
  "summary_csf_median": 138.69495858997107,
  "summary_csf_n": 25202.0,
  "summary_csf_p05": 35.89687196165323,
  "summary_csf_p95": 385.24544978141785,
  "summary_csf_stdv": 111.16135551680141,
  "summary_gm_k": -0.0005985582926384403,
  "summary_gm_mad": 81.01295147888526,
  "summary_gm_mean": 649.7095367272196,
  "summary_gm_median": 650.7613633722067,
  "summary_gm_n": 23808.0,
  "summary_gm_p05": 510.1616167064756,
  "summary_gm_p95": 785.6797291539607,
  "summary_gm_stdv": 82.81332402633521,
  "summary_wm_k": 1.3570344900250841,
  "summary_wm_mad": 67.15761772495115,
  "summary_wm_mean": 1009.074990078865,
  "summary_wm_median": 999.999996714294,
  "summary_wm_n": 181588.0,
  "summary_wm_p05": 902.7541062086821,
  "summary_wm_p95": 1146.940791130066,
  "summary_wm_stdv": 75.39009482883566,
  "tpm_overlap_csf": 0.1663021067708425,
  "tpm_overlap_gm": 0.4524548807701295,
  "tpm_overlap_wm": 0.47709080119424974,
  "wm2max": 0.3147939848062713
}