{
  "aor": 0.0016829729729729733,
  "aqi": 0.007730372186732186,
  "bids_meta": {
    "AcquisitionMatrixPE": 90,
    "AcquisitionNumber": 1,
    "AcquisitionTime": "09:11:52.000000",
    "BodyPartExamined": "BRAIN",
    "CoilString": "RM:Nova32ch",
    "ConversionSoftware": "dcm2niix",
    "ConversionSoftwareVersion": "v1.0.20211006",
    "Dcm2bidsVersion": "2.1.6",
    "DeviceSerialNumber": "000000000000MR01",
    "EchoTime": 0.03,
    "EffectiveEchoSpacing": 0.000568494,
    "FlipAngle": 52,
    "ImageOrientationPatientDICOM": [
      1,
      0,
      0,
      0,
      1,
      0
    ],
    "ImageType": [
      "ORIGINAL",
      "PRIMARY",
      "OTHER"
    ],
    "ImagingFrequency": 127.767,
    "InPlanePhaseEncodingDirectionDICOM": "COL",
    "InstitutionName": "UOFMResearch",
    "InternalPulseSequenceName": "EPI",
    "MRAcquisitionType": "2D",
    "MagneticFieldStrength": 3,
    "Manufacturer": "GE",
    "ManufacturersModelName": "DISCOVERY MR750",
    "Modality": "MR",
    "MultibandAccelerationFactor": 6,
    "PatientPosition": "HFS",
    "PercentPhaseFOV": 100,
    "PercentSampling": 100,
    "PhaseEncodingDirection": "j",
    "PhaseEncodingPolarityGE": "Flipped",
    "PixelBandwidth": 5555.56,
    "ProtocolName": "AHRB 32ch HB 06/06/18",
    "PulseSequenceName": "epi",
    "PulseSequenceType": "Multiband gradient echo EPI",
    "ReconMatrixPE": 90,
    "RepetitionTime": 0.8,
    "SAR": 0.112854,
    "ScanOptions": "SAT_GEMS\\EDR_GEMS\\MP_GEMS\\EPI_GEMS\\HYPERBAND_GEMS\\PFF\\FS",
    "ScanningSequence": "EP\\RM",
    "SequenceVariant": "NONE",
    "SeriesDescription": "func_mid",
    "SeriesNumber": 8,
    "SliceThickness": 2.4,
    "SliceTiming": [
      0,
      0.436364,
      0.0727273,
      0.509091,
      0.145455,
      0.581818,
      0.218182,
      0.654545,
      0.290909,
      0.727273,
      0.363636,
      0,
      0.436364,
      0.0727273,
      0.509091,
      0.145455,
      0.581818,
      0.218182,
      0.654545,
      0.290909,
      0.727273,
      0.363636,
      0,
      0.436364,
      0.0727273,
      0.509091,
      0.145455,
      0.581818,
      0.218182,
      0.654545,
      0.290909,
      0.727273,
      0.363636,
      0,
      0.436364,
      0.0727273,
      0.509091,
      0.145455,
      0.581818,
      0.218182,
      0.654545,
      0.290909,
      0.727273,
      0.363636,
      0,
      0.436364,
      0.0727273,
      0.509091,
      0.145455,
      0.581818,
      0.218182,
      0.654545,
      0.290909,
      0.727273,
      0.363636,
      0,
      0.436364,
      0.0727273,
      0.509091,
      0.145455
    ],
    "SoftwareVersions": "27\\LX\\MR Software release:DV26.0_R02_1810.b",
    "SpacingBetweenSlices": 2.4,
    "StationName": "MR01MR01",
    "TaskName": "func_mid",
    "TotalReadoutTime": 0.04824,
    "TriggerDelayTime": 787,
    "dataset": "AHRB",
    "modality": "bold",
    "run_id": 1,
    "session_id": "2",
    "subject_id": "44",
    "task_id": "mid"
  },
  "dummy_trs": 0,
  "dvars_nstd": 32.15990647199507,
  "dvars_std": 1.0807956500738911,
  "dvars_vstd": 1.00992505544335,
  "efc": 0.47406806126046214,
  "fber": 14033.568359375,
  "fd_mean": 0.17078424898691696,
  "fd_num": 114,
  "fd_perc": 28.00982800982801,
  "fwhm_avg": 2.5954709050389053,
  "fwhm_x": 2.685749893277888,
  "fwhm_y": 2.460662402222061,
  "fwhm_z": 2.640000419616766,
  "gcor": 0.0145442,
  "gsr_x": -0.00576616870239377,
  "gsr_y": 0.04667998477816582,
  "provenance": {
    "md5sum": "1f5142069f2c6ef5bd375ba66f2fa44e",
    "settings": {
      "fd_thres": 0.2,
      "testing": false
    },
    "software": "mriqc",
    "version": "23.1.0rc0"
  },
  "size_t": 407,
  "size_x": 90,
  "size_y": 90,
  "size_z": 60,
  "snr": 2.7100445133777034,
  "spacing_tr": 0.800000011920929,
  "spacing_x": 2.4000000953674316,
  "spacing_y": 2.4000000953674316,
  "spacing_z": 2.3999996185302734,
  "summary_bg_k": 33.39576701347803,
  "summary_bg_mad": 13.401703899886149,
  "summary_bg_mean": 51.040164947509766,
  "summary_bg_median": 9.216216087341309,
  "summary_bg_n": 319937.0,
  "summary_bg_p05": 0.009828009642660618,
  "summary_bg_p95": 283.5705017089844,
  "summary_bg_stdv": 117.71978759765625,
  "summary_fg_k": 2.2927178217143185,
  "summary_fg_mad": 347.7958215505552,
  "summary_fg_mean": 1152.008544921875,
  "summary_fg_median": 1077.891845703125,
  "summary_fg_n": 90387.0,
  "summary_fg_p05": 655.5206298828125,
  "summary_fg_p95": 1893.8832763671871,
  "summary_fg_stdv": 397.7373352050781,
  "tsnr": 37.30097520374693
}