{
  "bids_meta": {
    "AcquisitionMatrixPE": 256,
    "AcquisitionNumber": 1,
    "AcquisitionTime": "16:40:19.000000",
    "BodyPartExamined": "HEAD",
    "CoilString": "RM:Nova32ch",
    "ConversionSoftware": "dcm2niix",
    "ConversionSoftwareVersion": "v1.0.20211006",
    "Dcm2bidsVersion": "2.1.6",
    "DeviceSerialNumber": "000000000000MR01",
    "EchoTime": 0.00292,
    "FlipAngle": 8,
    "ImageOrientationPatientDICOM": [
      0,
      1,
      0,
      0,
      0,
      -1
    ],
    "ImageType": [
      "ORIGINAL",
      "PRIMARY",
      "OTHER"
    ],
    "ImagingFrequency": 127.767,
    "InPlanePhaseEncodingDirectionDICOM": "ROW",
    "InstitutionName": "UOFMResearch",
    "InversionTime": 1.06,
    "MRAcquisitionType": "3D",
    "MagneticFieldStrength": 3,
    "Manufacturer": "GE",
    "ManufacturersModelName": "DISCOVERY MR750",
    "Modality": "MR",
    "ParallelReductionFactorInPlane": 2,
    "ParallelReductionOutOfPlane": 2,
    "PatientPosition": "HFS",
    "PercentPhaseFOV": 100,
    "PercentSampling": 100,
    "PixelBandwidth": 244.141,
    "ProtocolName": "AHRB 32ch HB 06/06/18",
    "ReconMatrixPE": 256,
    "RepetitionTime": 0.006952,
    "SAR": 0.103611,
    "ScanOptions": "EDR_GEMS\\PROMO_GEMS\\ACC_GEMS\\IR_GEMS",
    "ScanningSequence": "RM",
    "SequenceVariant": "NONE",
    "SeriesDescription": "t1spgr_208sl",
    "SeriesNumber": 6,
    "SliceThickness": 1,
    "SoftwareVersions": "27\\LX\\MR Software release:DV26.0_R02_1810.b",
    "SpacingBetweenSlices": 1,
    "StationName": "MR01MR01",
    "dataset": "AHRB",
    "modality": "T1w",
    "session_id": "2",
    "subject_id": "73"
  },
  "cjv": 0.3829780521418188,
  "cnr": 3.308964566060448,
  "efc": 0.5256868455526669,
  "fber": 5489.044028027599,
  "fwhm_avg": 3.719053333333333,
  "fwhm_x": 3.66644,
  "fwhm_y": 3.81606,
  "fwhm_z": 3.67466,
  "icvs_csf": 0.19209020503940882,
  "icvs_gm": 0.41612708482865174,
  "icvs_wm": 0.39178271013193944,
  "inu_med": 0.9981203377246857,
  "inu_range": 0.7013527691364287,
  "provenance": {
    "md5sum": "dcbf41db00725e986964c70d626c9a0e",
    "settings": {
      "testing": false
    },
    "software": "mriqc",
    "version": "23.1.0rc0",
    "warnings": {
      "large_rot_frame": true,
      "small_air_mask": false
    }
  },
  "qi_1": 0.0,
  "qi_2": 0.0013401319807141547,
  "rpve_csf": 31.842672180839816,
  "rpve_gm": 15.427391453774774,
  "rpve_wm": 19.200113680820543,
  "size_x": 208,
  "size_y": 256,
  "size_z": 256,
  "snr_csf": 1.2476630553021888,
  "snr_gm": 8.876100884735974,
  "snr_total": 8.099003577654218,
  "snr_wm": 14.173246792924491,
  "snrd_csf": 9.590050750935927,
  "snrd_gm": 37.655579100499345,
  "snrd_total": 34.778862444669095,
  "snrd_wm": 57.090957482572016,
  "spacing_x": 1.0,
  "spacing_y": 1.0,
  "spacing_z": 1.0,
  "summary_bg_k": 3.5336613751105954,
  "summary_bg_mad": 11.476209398319583,
  "summary_bg_mean": 7.821150840565077,
  "summary_bg_median": 7.7405856102705,
  "summary_bg_n": 2119509.0,
  "summary_bg_p05": 0.0,
  "summary_bg_p95": 25.104601979255676,
  "summary_bg_stdv": 9.210005086108564,
  "summary_csf_k": 0.4651337690477497,
  "summary_csf_mad": 122.9039992995712,
  "summary_csf_mean": 204.83915916590942,
  "summary_csf_median": 167.99162824451923,
  "summary_csf_n": 20116.0,
  "summary_csf_p05": 41.9325304934755,
  "summary_csf_p95": 466.1741533158347,
  "summary_csf_stdv": 134.64168222850103,
  "summary_gm_k": 0.2522102212616195,
  "summary_gm_mad": 70.71826331937473,
  "summary_gm_mean": 658.631583095075,
  "summary_gm_median": 659.6234170049429,
  "summary_gm_n": 24519.0,
  "summary_gm_p05": 533.9958046004176,
  "summary_gm_p95": 780.54914666377,
  "summary_gm_stdv": 74.31303160730344,
  "summary_wm_k": 2.0303763070556764,
  "summary_wm_mad": 59.66853467572242,
  "summary_wm_mean": 1009.1463942539317,
  "summary_wm_median": 1000.0784307215363,
  "summary_wm_n": 210348.0,
  "summary_wm_p05": 912.5522819459438,
  "summary_wm_p95": 1138.2844947427511,
  "summary_wm_stdv": 70.56082971886184,
  "tpm_overlap_csf": 0.1464689572197489,
  "tpm_overlap_gm": 0.45679243508504824,
  "tpm_overlap_wm": 0.49163808852064506,
  "wm2max": 0.30829692210954
}