{
  "aor": 0.00027211302211302207,
  "aqi": 0.005730525798525798,
  "bids_meta": {
    "AcquisitionMatrixPE": 90,
    "BodyPartExamined": "BRAIN",
    "DeviceSerialNumber": "000000000000MR01",
    "EchoTime": 0.03,
    "EffectiveEchoSpacing": 0.000536,
    "FlipAngle": 52,
    "ImageType": [
      "ORIGINAL",
      "PRIMARY",
      "OTHER"
    ],
    "ImagingFrequency": "1277672070",
    "InPlanePhaseEncodingDirectionDICOM": "COL",
    "InstitutionName": "UOFMResearch",
    "MagneticFieldStrength": 3,
    "Manufacturer": "GE",
    "ManufacturersModelName": "DISCOVERY_MR750",
    "Modality": "MR",
    "MultibandAccelerationFactor": 6,
    "PatientPosition": "HFS",
    "PhaseEncodingDirection": "j",
    "PulseSequenceType": "Multiband gradient echo EPI",
    "ReconMatrixPE": 90,
    "RepetitionTime": 0.8,
    "SeriesDescription": "func_mid",
    "SeriesNumber": 9,
    "SliceThickness": 2.4,
    "SliceTiming": [
      0.0,
      0.4,
      0.08,
      0.48,
      0.16,
      0.56,
      0.24,
      0.64,
      0.32,
      0.72,
      0.0,
      0.4,
      0.08,
      0.48,
      0.16,
      0.56,
      0.24,
      0.64,
      0.32,
      0.72,
      0.0,
      0.4,
      0.08,
      0.48,
      0.16,
      0.56,
      0.24,
      0.64,
      0.32,
      0.72,
      0.0,
      0.4,
      0.08,
      0.48,
      0.16,
      0.56,
      0.24,
      0.64,
      0.32,
      0.72,
      0.0,
      0.4,
      0.08,
      0.48,
      0.16,
      0.56,
      0.24,
      0.64,
      0.32,
      0.72,
      0.0,
      0.4,
      0.08,
      0.48,
      0.16,
      0.56,
      0.24,
      0.64,
      0.32,
      0.72
    ],
    "SpacingBetweenSlices": 2.4,
    "StationName": "MR01MR01",
    "TaskName": "func_mid",
    "TotalReadoutTime": 0.048,
    "dataset": "AHRB",
    "modality": "bold",
    "run_id": 2,
    "session_id": "1",
    "subject_id": "15",
    "task_id": "mid"
  },
  "dummy_trs": 0,
  "dvars_nstd": 35.858434968546824,
  "dvars_std": 1.0146106632758622,
  "dvars_vstd": 0.9921764869211812,
  "efc": 0.5564521821826817,
  "fber": 588.0747680664062,
  "fd_mean": 0.09341047672598533,
  "fd_num": 14,
  "fd_perc": 3.43980343980344,
  "fwhm_avg": 2.7849998893340473,
  "fwhm_x": 2.5303290661204234,
  "fwhm_y": 2.9342248834043785,
  "fwhm_z": 2.89044571847734,
  "gcor": 0.0143776,
  "gsr_x": -0.026900654658675194,
  "gsr_y": 0.09950479865074158,
  "provenance": {
    "md5sum": "a7ac13fad83073ce82709362c5837e04",
    "settings": {
      "fd_thres": 0.2,
      "testing": false
    },
    "software": "mriqc",
    "version": "23.1.0rc0"
  },
  "size_t": 407,
  "size_x": 90,
  "size_y": 90,
  "size_z": 60,
  "snr": 2.6879326545182174,
  "spacing_tr": 0.800000011920929,
  "spacing_x": 2.4000000953674316,
  "spacing_y": 2.4000000953674316,
  "spacing_z": 2.4000000953674316,
  "summary_bg_k": 22.27718697119627,
  "summary_bg_mad": 201.57562560416923,
  "summary_bg_mean": 485.0453186035156,
  "summary_bg_median": 216.7764129638672,
  "summary_bg_n": 299202.0,
  "summary_bg_p05": 68.27027130126953,
  "summary_bg_p95": 1912.0774780273453,
  "summary_bg_stdv": 709.0313110351562,
  "summary_fg_k": 1.1613099205650448,
  "summary_fg_mad": 1908.89017230351,
  "summary_fg_mean": 5948.57666015625,
  "summary_fg_median": 5563.9013671875,
  "summary_fg_n": 107828.0,
  "summary_fg_p05": 3299.0223022460937,
  "summary_fg_p95": 9864.432128906246,
  "summary_fg_stdv": 2069.946044921875,
  "tsnr": 32.82235010433942
}