{
  "bids_meta": {
    "AcquisitionMatrixPE": 256,
    "AcquisitionNumber": 1,
    "AcquisitionTime": "16:35:4.000000",
    "BodyPartExamined": "HEAD",
    "CoilString": "RM:Nova32ch",
    "ConversionSoftware": "dcm2niix",
    "ConversionSoftwareVersion": "v1.0.20211006",
    "Dcm2bidsVersion": "2.1.6",
    "DeviceSerialNumber": "000000000000MR01",
    "EchoTime": 0.00292,
    "FlipAngle": 8,
    "ImageOrientationPatientDICOM": [
      0,
      1,
      0,
      0,
      0,
      -1
    ],
    "ImageType": [
      "ORIGINAL",
      "PRIMARY",
      "OTHER"
    ],
    "ImagingFrequency": 127.767,
    "InPlanePhaseEncodingDirectionDICOM": "ROW",
    "InstitutionName": "UOFMResearch",
    "InversionTime": 1.06,
    "MRAcquisitionType": "3D",
    "MagneticFieldStrength": 3,
    "Manufacturer": "GE",
    "ManufacturersModelName": "DISCOVERY MR750",
    "Modality": "MR",
    "ParallelReductionFactorInPlane": 2,
    "ParallelReductionOutOfPlane": 2,
    "PatientPosition": "HFS",
    "PercentPhaseFOV": 100,
    "PercentSampling": 100,
    "PixelBandwidth": 244.141,
    "ProtocolName": "AHRB 32ch MB 08/10/17",
    "ReconMatrixPE": 256,
    "RepetitionTime": 0.006952,
    "SAR": 0.209872,
    "ScanOptions": "EDR_GEMS\\PROMO_GEMS\\ACC_GEMS",
    "ScanningSequence": "RM",
    "SequenceVariant": "NONE",
    "SeriesDescription": "t1spgr_208sl",
    "SeriesNumber": 6,
    "SliceThickness": 1,
    "SoftwareVersions": "27\\LX\\MR Software release:DV25.1_R01_1617.b",
    "SpacingBetweenSlices": 1,
    "StationName": "MR01MR01",
    "dataset": "AHRB",
    "modality": "T1w",
    "session_id": "1",
    "subject_id": "43"
  },
  "cjv": 0.37358798697574513,
  "cnr": 3.479337930459489,
  "efc": 0.49845316460690997,
  "fber": 3058.9811549605806,
  "fwhm_avg": 3.4116199999999997,
  "fwhm_x": 3.33962,
  "fwhm_y": 3.57931,
  "fwhm_z": 3.31593,
  "icvs_csf": 0.21518965811741367,
  "icvs_gm": 0.43228039050681905,
  "icvs_wm": 0.3525299513757673,
  "inu_med": 0.9898954629898071,
  "inu_range": 0.4861659169197079,
  "provenance": {
    "md5sum": "352ceec86faa80735400d73b97e7501c",
    "settings": {
      "testing": false
    },
    "software": "mriqc",
    "version": "23.1.0rc0",
    "warnings": {
      "large_rot_frame": true,
      "small_air_mask": false
    }
  },
  "qi_1": 0.0,
  "qi_2": 0.0008351381023284089,
  "rpve_csf": 33.51505459794263,
  "rpve_gm": 17.18872629914276,
  "rpve_wm": 23.970794466878356,
  "size_x": 208,
  "size_y": 256,
  "size_z": 256,
  "snr_csf": 1.1112022302684368,
  "snr_gm": 8.30249134453811,
  "snr_total": 8.109877450672895,
  "snr_wm": 14.915938777212135,
  "snrd_csf": 5.190934887715521,
  "snrd_gm": 23.412660557636826,
  "snrd_total": 21.735406538997395,
  "snrd_wm": 36.60262417163984,
  "spacing_x": 1.0,
  "spacing_y": 1.0,
  "spacing_z": 1.0,
  "summary_bg_k": 137.25856468924002,
  "summary_bg_mad": 17.898618083885744,
  "summary_bg_mean": 11.637166404476602,
  "summary_bg_median": 12.072434440255165,
  "summary_bg_n": 2389420.0,
  "summary_bg_p05": 0.0,
  "summary_bg_p95": 39.852014765143394,
  "summary_bg_stdv": 17.22973073714157,
  "summary_csf_k": 1.3470387964031474,
  "summary_csf_mad": 111.62579020057775,
  "summary_csf_mean": 178.30701806209143,
  "summary_csf_median": 141.81865189224482,
  "summary_csf_n": 16912.0,
  "summary_csf_p05": 32.06334738433361,
  "summary_csf_p95": 431.3915692765265,
  "summary_csf_stdv": 127.62254711733793,
  "summary_gm_k": 0.09140906888076916,
  "summary_gm_mad": 75.732324903323,
  "summary_gm_mean": 637.6620563573955,
  "summary_gm_median": 639.6443086490035,
  "summary_gm_n": 21942.0,
  "summary_gm_p05": 508.01582991331816,
  "summary_gm_p95": 763.6106858488173,
  "summary_gm_stdv": 77.0406985255048,
  "summary_wm_k": 1.5601038340342868,
  "summary_wm_mad": 58.89222724375309,
  "summary_wm_mean": 1003.3547561209285,
  "summary_wm_median": 999.9999861344695,
  "summary_wm_n": 151630.0,
  "summary_wm_p05": 902.1223993822932,
  "summary_wm_p95": 1116.7001857236028,
  "summary_wm_stdv": 67.04215561385459,
  "tpm_overlap_csf": 0.1567802087625704,
  "tpm_overlap_gm": 0.47262121416602043,
  "tpm_overlap_wm": 0.48994275863230213,
  "wm2max": 0.2587498320569663
}