{
  "aor": 0.0004215724815724816,
  "aqi": 0.0041153967567567565,
  "bids_meta": {
    "AcquisitionMatrixPE": 90,
    "AcquisitionNumber": 1,
    "AcquisitionTime": "15:51:4.000000",
    "BodyPartExamined": "BRAIN",
    "CoilString": "RM:Nova32ch",
    "ConversionSoftware": "dcm2niix",
    "ConversionSoftwareVersion": "v1.0.20211006",
    "Dcm2bidsVersion": "2.1.6",
    "DeviceSerialNumber": "000000000000MR01",
    "EchoTime": 0.03,
    "EffectiveEchoSpacing": 0.000568494,
    "FlipAngle": 52,
    "ImageOrientationPatientDICOM": [
      1,
      0,
      0,
      0,
      1,
      0
    ],
    "ImageType": [
      "ORIGINAL",
      "PRIMARY",
      "OTHER"
    ],
    "ImagingFrequency": 127.767,
    "InPlanePhaseEncodingDirectionDICOM": "COL",
    "InstitutionName": "UOFMResearch",
    "InternalPulseSequenceName": "EPI",
    "MRAcquisitionType": "2D",
    "MagneticFieldStrength": 3,
    "Manufacturer": "GE",
    "ManufacturersModelName": "DISCOVERY MR750",
    "Modality": "MR",
    "MultibandAccelerationFactor": 6,
    "PatientPosition": "HFS",
    "PercentPhaseFOV": 100,
    "PercentSampling": 100,
    "PhaseEncodingDirection": "j",
    "PhaseEncodingPolarityGE": "Flipped",
    "PixelBandwidth": 5555.56,
    "ProtocolName": "AHRB 32ch HB 06/06/18",
    "PulseSequenceName": "epi",
    "PulseSequenceType": "Multiband gradient echo EPI",
    "ReconMatrixPE": 90,
    "RepetitionTime": 0.8,
    "SAR": 0.120168,
    "ScanOptions": "SAT_GEMS\\EDR_GEMS\\MP_GEMS\\EPI_GEMS\\HYPERBAND_GEMS\\PFF\\FS",
    "ScanningSequence": "EP\\RM",
    "SequenceVariant": "NONE",
    "SeriesDescription": "func_mid",
    "SeriesNumber": 8,
    "SliceThickness": 2.4,
    "SliceTiming": [
      0,
      0.436364,
      0.0727273,
      0.509091,
      0.145455,
      0.581818,
      0.218182,
      0.654545,
      0.290909,
      0.727273,
      0.363636,
      0,
      0.436364,
      0.0727273,
      0.509091,
      0.145455,
      0.581818,
      0.218182,
      0.654545,
      0.290909,
      0.727273,
      0.363636,
      0,
      0.436364,
      0.0727273,
      0.509091,
      0.145455,
      0.581818,
      0.218182,
      0.654545,
      0.290909,
      0.727273,
      0.363636,
      0,
      0.436364,
      0.0727273,
      0.509091,
      0.145455,
      0.581818,
      0.218182,
      0.654545,
      0.290909,
      0.727273,
      0.363636,
      0,
      0.436364,
      0.0727273,
      0.509091,
      0.145455,
      0.581818,
      0.218182,
      0.654545,
      0.290909,
      0.727273,
      0.363636,
      0,
      0.436364,
      0.0727273,
      0.509091,
      0.145455
    ],
    "SoftwareVersions": "27\\LX\\MR Software release:DV26.0_R02_1810.b",
    "SpacingBetweenSlices": 2.4,
    "StationName": "MR01MR01",
    "TaskName": "func_mid",
    "TotalReadoutTime": 0.04824,
    "TriggerDelayTime": 787,
    "dataset": "AHRB",
    "modality": "bold",
    "run_id": 1,
    "session_id": "2",
    "subject_id": "38",
    "task_id": "mid"
  },
  "dummy_trs": 0,
  "dvars_nstd": 28.52736473551726,
  "dvars_std": 1.047148057487684,
  "dvars_vstd": 0.992223939187192,
  "efc": 0.4322524293853848,
  "fber": 13079.53515625,
  "fd_mean": 0.0976360619824489,
  "fd_num": 7,
  "fd_perc": 1.71990171990172,
  "fwhm_avg": 2.3843097862857587,
  "fwhm_x": 2.447929069394705,
  "fwhm_y": 2.307087408324583,
  "fwhm_z": 2.397912881137988,
  "gcor": 0.0215253,
  "gsr_x": -0.0010562973329797387,
  "gsr_y": 0.022556457668542862,
  "provenance": {
    "md5sum": "52d3de70f13c94a16d3b37bde0e6d9da",
    "settings": {
      "fd_thres": 0.2,
      "testing": false
    },
    "software": "mriqc",
    "version": "23.1.0rc0"
  },
  "size_t": 407,
  "size_x": 90,
  "size_y": 90,
  "size_z": 60,
  "snr": 2.970302421922602,
  "spacing_tr": 0.800000011920929,
  "spacing_x": 2.4000000953674316,
  "spacing_y": 2.4000000953674316,
  "spacing_z": 2.3999996185302734,
  "summary_bg_k": 68.46206514375365,
  "summary_bg_mad": 12.971857787225014,
  "summary_bg_mean": 34.955955505371094,
  "summary_bg_median": 8.879606246948242,
  "summary_bg_n": 340112.0,
  "summary_bg_p05": 0.0,
  "summary_bg_p95": 159.32186889648438,
  "summary_bg_stdv": 82.27172088623047,
  "summary_fg_k": 2.0857127602318926,
  "summary_fg_mad": 307.9696185358362,
  "summary_fg_mean": 1052.83203125,
  "summary_fg_median": 991.9287109375,
  "summary_fg_n": 75087.0,
  "summary_fg_p05": 632.4066345214844,
  "summary_fg_p95": 1668.8022094726562,
  "summary_fg_stdv": 333.9465026855469,
  "tsnr": 45.09559918590821
}