{
  "bids_meta": {
    "AcquisitionMatrixPE": 256,
    "AcquisitionNumber": 1,
    "AcquisitionTime": "13:44:32.000000",
    "BodyPartExamined": "HEAD",
    "CoilString": "RM:Nova32ch",
    "ConversionSoftware": "dcm2niix",
    "ConversionSoftwareVersion": "v1.0.20211006",
    "Dcm2bidsVersion": "2.1.6",
    "DeviceSerialNumber": "000000000000MR01",
    "EchoTime": 0.00292,
    "FlipAngle": 8,
    "ImageOrientationPatientDICOM": [
      0,
      1,
      0,
      0,
      0,
      -1
    ],
    "ImageType": [
      "ORIGINAL",
      "PRIMARY",
      "OTHER"
    ],
    "ImagingFrequency": 127.767,
    "InPlanePhaseEncodingDirectionDICOM": "ROW",
    "InstitutionName": "UOFMResearch",
    "InversionTime": 1.06,
    "MRAcquisitionType": "3D",
    "MagneticFieldStrength": 3,
    "Manufacturer": "GE",
    "ManufacturersModelName": "DISCOVERY MR750",
    "Modality": "MR",
    "ParallelReductionFactorInPlane": 2,
    "ParallelReductionOutOfPlane": 2,
    "PatientPosition": "HFS",
    "PercentPhaseFOV": 100,
    "PercentSampling": 100,
    "PixelBandwidth": 244.141,
    "ProtocolName": "AHRB 32ch HB 06/06/18",
    "ReconMatrixPE": 256,
    "RepetitionTime": 0.006952,
    "SAR": 0.100981,
    "ScanOptions": "EDR_GEMS\\PROMO_GEMS\\ACC_GEMS\\IR_GEMS",
    "ScanningSequence": "RM",
    "SequenceVariant": "NONE",
    "SeriesDescription": "t1spgr_208sl",
    "SeriesNumber": 6,
    "SliceThickness": 1,
    "SoftwareVersions": "27\\LX\\MR Software release:DV26.0_R02_1810.b",
    "SpacingBetweenSlices": 1,
    "StationName": "MR01MR01",
    "dataset": "AHRB",
    "modality": "T1w",
    "session_id": "2",
    "subject_id": "91"
  },
  "cjv": 0.4189325922179532,
  "cnr": 3.1127189643292894,
  "efc": 0.5106840863839915,
  "fber": 4361.947975002029,
  "fwhm_avg": 3.3637199999999994,
  "fwhm_x": 3.26899,
  "fwhm_y": 3.5218,
  "fwhm_z": 3.30037,
  "icvs_csf": 0.2331888633679018,
  "icvs_gm": 0.4078949581338147,
  "icvs_wm": 0.3589161784982835,
  "inu_med": 1.0015064477920532,
  "inu_range": 0.44062445163726804,
  "provenance": {
    "md5sum": "1d441af1478d6f82df2b70b7ea817355",
    "settings": {
      "testing": false
    },
    "software": "mriqc",
    "version": "23.1.0rc0",
    "warnings": {
      "large_rot_frame": true,
      "small_air_mask": false
    }
  },
  "qi_1": 0.0,
  "qi_2": 0.0012210123371135648,
  "rpve_csf": 34.20285565913594,
  "rpve_gm": 19.323607654804,
  "rpve_wm": 25.36882609264835,
  "size_x": 208,
  "size_y": 256,
  "size_z": 256,
  "snr_csf": 1.134462768855886,
  "snr_gm": 8.168618324606541,
  "snr_total": 7.983601602279357,
  "snr_wm": 14.647723713375644,
  "snrd_csf": 5.203695865275385,
  "snrd_gm": 27.594527932560208,
  "snrd_total": 24.74543605970017,
  "snrd_wm": 41.43808438126493,
  "spacing_x": 1.0,
  "spacing_y": 1.0,
  "spacing_z": 1.0,
  "summary_bg_k": 2.635804245591298,
  "summary_bg_mad": 15.810809770103756,
  "summary_bg_mean": 12.947534313243919,
  "summary_bg_median": 10.66422913223505,
  "summary_bg_n": 2307991.0,
  "summary_bg_p05": 0.0,
  "summary_bg_p95": 41.79362178966403,
  "summary_bg_stdv": 14.59176270534705,
  "summary_csf_k": 3.411641532943256,
  "summary_csf_mad": 79.27991756152026,
  "summary_csf_mean": 156.10111042522598,
  "summary_csf_median": 125.58399354293942,
  "summary_csf_n": 23044.0,
  "summary_csf_p05": 34.53178957104683,
  "summary_csf_p95": 389.0336178461089,
  "summary_csf_stdv": 110.69668576784859,
  "summary_gm_k": 0.17916647280101206,
  "summary_gm_mad": 78.45173228784816,
  "summary_gm_mean": 662.6258755674086,
  "summary_gm_median": 665.9557182863355,
  "summary_gm_n": 14650.0,
  "summary_gm_p05": 524.9568354429678,
  "summary_gm_p95": 794.513000475429,
  "summary_gm_stdv": 81.52333265814917,
  "summary_wm_k": 1.1938492668336185,
  "summary_wm_mad": 61.51157896273699,
  "summary_wm_mean": 1005.7011021181391,
  "summary_wm_median": 1000.0507823862135,
  "summary_wm_n": 148747.0,
  "summary_wm_p05": 904.2758483700454,
  "summary_wm_p95": 1126.4472886249423,
  "summary_wm_stdv": 68.27323073306836,
  "tpm_overlap_csf": 0.1563322289059469,
  "tpm_overlap_gm": 0.4588267000748499,
  "tpm_overlap_wm": 0.505382458336126,
  "wm2max": 0.33205042961311076
}