{
    "Modality": "MR",
    "MagneticFieldStrength": 3,
    "ImagingFrequency": "1277672070",
    "Manufacturer": "GE",
    "ManufacturersModelName": "DISCOVERY_MR750",
    "InstitutionName": "UOFMResearch",
    "DeviceSerialNumber": "000000000000MR01",
    "StationName": "MR01MR01",
    "BodyPartExamined": "BRAIN",
    "PatientPosition": "HFS",
    "SeriesDescription": "func_mid",
    "ImageType": [
        "ORIGINAL",
        "PRIMARY",
        "OTHER"
    ],
    "SeriesNumber": 9,
    "SliceThickness": 2.4,
    "SpacingBetweenSlices": 2.4,
    "FlipAngle": 52,
    "AcquisitionMatrixPE": 90,
    "ReconMatrixPE": 90,
    "EffectiveEchoSpacing": 0.000536,
    "PhaseEncodingDirection": "j",
    "InPlanePhaseEncodingDirectionDICOM": "COL",
    "PulseSequenceType": "Multiband gradient echo EPI",
    "EchoTime": 0.03,
    "RepetitionTime": 0.8,
    "MultibandAccelerationFactor": 6,
    "TotalReadoutTime": 0.048,
    "TaskName": "func_mid",
    "SliceTiming": [
        0.0,
        0.4,
        0.08,
        0.48,
        0.16,
        0.56,
        0.24,
        0.64,
        0.32,
        0.72,
        0.0,
        0.4,
        0.08,
        0.48,
        0.16,
        0.56,
        0.24,
        0.64,
        0.32,
        0.72,
        0.0,
        0.4,
        0.08,
        0.48,
        0.16,
        0.56,
        0.24,
        0.64,
        0.32,
        0.72,
        0.0,
        0.4,
        0.08,
        0.48,
        0.16,
        0.56,
        0.24,
        0.64,
        0.32,
        0.72,
        0.0,
        0.4,
        0.08,
        0.48,
        0.16,
        0.56,
        0.24,
        0.64,
        0.32,
        0.72,
        0.0,
        0.4,
        0.08,
        0.48,
        0.16,
        0.56,
        0.24,
        0.64,
        0.32,
        0.72
    ]
}