{
  "bids_meta": {
    "AcquisitionMatrixPE": 256,
    "AcquisitionNumber": 1,
    "AcquisitionTime": "16:46:30.000000",
    "BodyPartExamined": "HEAD",
    "CoilString": "RM:Nova32ch",
    "ConversionSoftware": "dcm2niix",
    "ConversionSoftwareVersion": "v1.0.20211006",
    "Dcm2bidsVersion": "2.1.6",
    "DeviceSerialNumber": "000000000000MR01",
    "EchoTime": 0.00292,
    "FlipAngle": 8,
    "ImageOrientationPatientDICOM": [
      0,
      1,
      0,
      0,
      0,
      -1
    ],
    "ImageType": [
      "ORIGINAL",
      "PRIMARY",
      "OTHER"
    ],
    "ImagingFrequency": 127.767,
    "InPlanePhaseEncodingDirectionDICOM": "ROW",
    "InstitutionName": "UOFMResearch",
    "InversionTime": 1.06,
    "MRAcquisitionType": "3D",
    "MagneticFieldStrength": 3,
    "Manufacturer": "GE",
    "ManufacturersModelName": "DISCOVERY MR750",
    "Modality": "MR",
    "ParallelReductionFactorInPlane": 2,
    "ParallelReductionOutOfPlane": 2,
    "PatientPosition": "HFS",
    "PercentPhaseFOV": 100,
    "PercentSampling": 100,
    "PixelBandwidth": 244.141,
    "ProtocolName": "AHRB 32ch HB 06/06/18",
    "ReconMatrixPE": 256,
    "RepetitionTime": 0.006952,
    "SAR": 0.135443,
    "ScanOptions": "EDR_GEMS\\PROMO_GEMS\\ACC_GEMS\\IR_GEMS",
    "ScanningSequence": "RM",
    "SequenceVariant": "NONE",
    "SeriesDescription": "t1spgr_208sl",
    "SeriesNumber": 6,
    "SliceThickness": 1,
    "SoftwareVersions": "27\\LX\\MR Software release:DV26.0_R02_1810.b",
    "SpacingBetweenSlices": 1,
    "StationName": "MR01MR01",
    "dataset": "AHRB",
    "modality": "T1w",
    "session_id": "2",
    "subject_id": "75"
  },
  "cjv": 0.3922214172803145,
  "cnr": 3.042976764916447,
  "efc": 0.5417359083005224,
  "fber": 3234.8288197530865,
  "fwhm_avg": 3.6629066666666668,
  "fwhm_x": 3.55646,
  "fwhm_y": 3.79304,
  "fwhm_z": 3.63922,
  "icvs_csf": 0.19875993517826862,
  "icvs_gm": 0.41391532971550266,
  "icvs_wm": 0.3873247351062287,
  "inu_med": 1.0409897565841675,
  "inu_range": 0.7840881407260895,
  "provenance": {
    "md5sum": "8698ee9ded758d02c352848d466b15c8",
    "settings": {
      "testing": false
    },
    "software": "mriqc",
    "version": "23.1.0rc0",
    "warnings": {
      "large_rot_frame": true,
      "small_air_mask": false
    }
  },
  "qi_1": 0.0,
  "qi_2": 0.0008293494129172727,
  "rpve_csf": 26.6926861188417,
  "rpve_gm": 13.037461762574328,
  "rpve_wm": 16.092465382597116,
  "size_x": 208,
  "size_y": 256,
  "size_z": 256,
  "snr_csf": 1.3156213845151157,
  "snr_gm": 8.330450573273358,
  "snr_total": 7.061965547979182,
  "snr_wm": 11.539824686149071,
  "snrd_csf": 6.242941566890821,
  "snrd_gm": 27.450620925111647,
  "snrd_total": 25.443287533944765,
  "snrd_wm": 42.63630010983183,
  "spacing_x": 1.0,
  "spacing_y": 1.0,
  "spacing_z": 1.0,
  "summary_bg_k": 4.255025713144446,
  "summary_bg_mad": 15.365695390792725,
  "summary_bg_mean": 12.316685006484756,
  "summary_bg_median": 10.364004045724869,
  "summary_bg_n": 2608436.0,
  "summary_bg_p05": 0.0,
  "summary_bg_p95": 40.950455009937286,
  "summary_bg_stdv": 14.74584505037127,
  "summary_csf_k": 3.635091547504559,
  "summary_csf_mad": 84.88609770767201,
  "summary_csf_mean": 170.42978261103795,
  "summary_csf_median": 146.4231547191739,
  "summary_csf_n": 31783.0,
  "summary_csf_p05": 41.456016182899475,
  "summary_csf_p95": 400.39180995672916,
  "summary_csf_stdv": 111.29406449465537,
  "summary_gm_k": 0.23944471903552644,
  "summary_gm_mad": 74.2050655457795,
  "summary_gm_mean": 644.0571994821104,
  "summary_gm_median": 643.8321537673473,
  "summary_gm_n": 26242.0,
  "summary_gm_p05": 516.939459111169,
  "summary_gm_p95": 770.9776290100066,
  "summary_gm_stdv": 77.28512170852767,
  "summary_wm_k": 3.536457646403316,
  "summary_wm_mad": 65.49159194002509,
  "summary_wm_mean": 1014.780752064468,
  "summary_wm_median": 1000.0000001192093,
  "summary_wm_n": 232645.0,
  "summary_wm_p05": 906.7871588543057,
  "summary_wm_p95": 1179.9797776937485,
  "summary_wm_stdv": 86.65624289075154,
  "tpm_overlap_csf": 0.15932339506617377,
  "tpm_overlap_gm": 0.44252726581257434,
  "tpm_overlap_wm": 0.4798930641852027,
  "wm2max": 0.2772224559369311
}