{
  "bids_meta": {
    "AcquisitionMatrixPE": 256,
    "AcquisitionNumber": 1,
    "AcquisitionTime": "16:51:56.000000",
    "BodyPartExamined": "HEAD",
    "CoilString": "RM:Nova32ch",
    "ConversionSoftware": "dcm2niix",
    "ConversionSoftwareVersion": "v1.0.20211006",
    "Dcm2bidsVersion": "2.1.6",
    "DeviceSerialNumber": "000000000000MR01",
    "EchoTime": 0.00292,
    "FlipAngle": 8,
    "ImageOrientationPatientDICOM": [
      0,
      1,
      0,
      0,
      0,
      -1
    ],
    "ImageType": [
      "ORIGINAL",
      "PRIMARY",
      "OTHER"
    ],
    "ImagingFrequency": 127.767,
    "InPlanePhaseEncodingDirectionDICOM": "ROW",
    "InstitutionName": "UOFMResearch",
    "InversionTime": 1.06,
    "MRAcquisitionType": "3D",
    "MagneticFieldStrength": 3,
    "Manufacturer": "GE",
    "ManufacturersModelName": "DISCOVERY MR750",
    "Modality": "MR",
    "ParallelReductionFactorInPlane": 2,
    "ParallelReductionOutOfPlane": 2,
    "PatientPosition": "HFS",
    "PercentPhaseFOV": 100,
    "PercentSampling": 100,
    "PixelBandwidth": 244.141,
    "ProtocolName": "AHRB 32ch HB 06/06/18",
    "ReconMatrixPE": 256,
    "RepetitionTime": 0.006952,
    "SAR": 0.107442,
    "ScanOptions": "EDR_GEMS\\PROMO_GEMS\\ACC_GEMS\\IR_GEMS",
    "ScanningSequence": "RM",
    "SequenceVariant": "NONE",
    "SeriesDescription": "t1spgr_208sl",
    "SeriesNumber": 6,
    "SliceThickness": 1,
    "SoftwareVersions": "27\\LX\\MR Software release:DV26.0_R02_1810.b",
    "SpacingBetweenSlices": 1,
    "StationName": "MR01MR01",
    "dataset": "AHRB",
    "modality": "T1w",
    "session_id": "1",
    "subject_id": "20"
  },
  "cjv": 0.4192377059819212,
  "cnr": 2.9553463506079876,
  "efc": 0.49473723518984886,
  "fber": 7079.580643961926,
  "fwhm_avg": 3.8248866666666665,
  "fwhm_x": 3.81376,
  "fwhm_y": 3.99595,
  "fwhm_z": 3.66495,
  "icvs_csf": 0.20478398982678483,
  "icvs_gm": 0.4071605209812029,
  "icvs_wm": 0.38805548919201227,
  "inu_med": 1.0227808952331543,
  "inu_range": 0.8140511065721512,
  "provenance": {
    "md5sum": "3494634ed43a49fc061a92f5bee3b9bb",
    "settings": {
      "testing": false
    },
    "software": "mriqc",
    "version": "23.1.0rc0",
    "warnings": {
      "large_rot_frame": true,
      "small_air_mask": false
    }
  },
  "qi_1": 7.857205678579965e-06,
  "qi_2": 0.0015975756467399246,
  "rpve_csf": 30.732474876650702,
  "rpve_gm": 15.759276374901726,
  "rpve_wm": 19.34516886410895,
  "size_x": 208,
  "size_y": 256,
  "size_z": 256,
  "snr_csf": 1.202769296713295,
  "snr_gm": 8.094007589704352,
  "snr_total": 6.968276164419808,
  "snr_wm": 11.608051606841775,
  "snrd_csf": 7.430845230755446,
  "snrd_gm": 35.81054176132266,
  "snrd_total": 32.77147035020059,
  "snrd_wm": 55.073024058523664,
  "spacing_x": 1.0,
  "spacing_y": 1.0,
  "spacing_z": 1.0,
  "summary_bg_k": 4.780193045233971,
  "summary_bg_mad": 11.89642577918392,
  "summary_bg_mean": 10.038083686260789,
  "summary_bg_median": 8.024017252027988,
  "summary_bg_n": 3706577.0,
  "summary_bg_p05": 0.0,
  "summary_bg_p95": 32.259824462234974,
  "summary_bg_stdv": 11.47681443346761,
  "summary_csf_k": 11.670097242686959,
  "summary_csf_mad": 82.62755592208696,
  "summary_csf_mean": 161.3067256529481,
  "summary_csf_median": 134.93449419736862,
  "summary_csf_n": 24251.0,
  "summary_csf_p05": 36.13537020981312,
  "summary_csf_p95": 389.62881051003933,
  "summary_csf_stdv": 112.18420065893643,
  "summary_gm_k": 0.42767258955410936,
  "summary_gm_mad": 75.18217380178137,
  "summary_gm_mean": 651.6111791736423,
  "summary_gm_median": 650.2729083225131,
  "summary_gm_n": 21492.0,
  "summary_gm_p05": 521.2336104735732,
  "summary_gm_p95": 787.499978877604,
  "summary_gm_stdv": 80.33817273890058,
  "summary_wm_k": 1.927176368996176,
  "summary_wm_mad": 71.45948274162858,
  "summary_wm_mean": 1014.6537865699614,
  "summary_wm_median": 1000.0545583292842,
  "summary_wm_n": 209772.0,
  "summary_wm_p05": 902.5108928233385,
  "summary_wm_p95": 1180.7314093783498,
  "summary_wm_stdv": 86.15159619610469,
  "tpm_overlap_csf": 0.1670166922555175,
  "tpm_overlap_gm": 0.4510332670680522,
  "tpm_overlap_wm": 0.4989777117461359,
  "wm2max": 0.3816139081429005
}