{
  "aor": 0.001188968058968059,
  "aqi": 0.007899788476658476,
  "bids_meta": {
    "AcquisitionMatrixPE": 90,
    "BodyPartExamined": "BRAIN",
    "DeviceSerialNumber": "000000000000MR01",
    "EchoTime": 0.03,
    "EffectiveEchoSpacing": 0.000536,
    "FlipAngle": 52,
    "ImageType": [
      "ORIGINAL",
      "PRIMARY",
      "OTHER"
    ],
    "ImagingFrequency": "1277672360",
    "InPlanePhaseEncodingDirectionDICOM": "COL",
    "InstitutionName": "UOFMResearch",
    "MagneticFieldStrength": 3,
    "Manufacturer": "GE",
    "ManufacturersModelName": "DISCOVERY_MR750",
    "Modality": "MR",
    "MultibandAccelerationFactor": 6,
    "PatientPosition": "HFS",
    "PhaseEncodingDirection": "j",
    "PulseSequenceType": "Multiband gradient echo EPI",
    "ReconMatrixPE": 90,
    "RepetitionTime": 0.8,
    "SeriesDescription": "func_mid",
    "SeriesNumber": 9,
    "SliceThickness": 2.4,
    "SliceTiming": [
      0.0,
      0.4,
      0.08,
      0.48,
      0.16,
      0.56,
      0.24,
      0.64,
      0.32,
      0.72,
      0.0,
      0.4,
      0.08,
      0.48,
      0.16,
      0.56,
      0.24,
      0.64,
      0.32,
      0.72,
      0.0,
      0.4,
      0.08,
      0.48,
      0.16,
      0.56,
      0.24,
      0.64,
      0.32,
      0.72,
      0.0,
      0.4,
      0.08,
      0.48,
      0.16,
      0.56,
      0.24,
      0.64,
      0.32,
      0.72,
      0.0,
      0.4,
      0.08,
      0.48,
      0.16,
      0.56,
      0.24,
      0.64,
      0.32,
      0.72,
      0.0,
      0.4,
      0.08,
      0.48,
      0.16,
      0.56,
      0.24,
      0.64,
      0.32,
      0.72
    ],
    "SpacingBetweenSlices": 2.4,
    "StationName": "MR01MR01",
    "TaskName": "func_mid",
    "TotalReadoutTime": 0.048,
    "dataset": "AHRB",
    "modality": "bold",
    "run_id": 2,
    "session_id": "1",
    "subject_id": "42",
    "task_id": "mid"
  },
  "dummy_trs": 0,
  "dvars_nstd": 35.78978666758619,
  "dvars_std": 1.0408254731280793,
  "dvars_vstd": 1.0024832905418726,
  "efc": 0.4729975457376027,
  "fber": 1754.3736572265625,
  "fd_mean": 0.09026299724083438,
  "fd_num": 29,
  "fd_perc": 7.125307125307125,
  "fwhm_avg": 2.3878360162270327,
  "fwhm_x": 2.1483582479652465,
  "fwhm_y": 2.5891415637834245,
  "fwhm_z": 2.4260082369324274,
  "gcor": 0.0106914,
  "gsr_x": -0.010424483567476273,
  "gsr_y": 0.05717391520738602,
  "provenance": {
    "md5sum": "7b8072bdbf615339fef0e34d5cd83c86",
    "settings": {
      "fd_thres": 0.2,
      "testing": false
    },
    "software": "mriqc",
    "version": "23.1.0rc0"
  },
  "size_t": 407,
  "size_x": 90,
  "size_y": 90,
  "size_z": 60,
  "snr": 3.715862128459228,
  "spacing_tr": 0.800000011920929,
  "spacing_x": 2.4000000953674316,
  "spacing_y": 2.4000000953674316,
  "spacing_z": 2.4000000953674316,
  "summary_bg_k": 43.96067668309487,
  "summary_bg_mad": 153.422012687552,
  "summary_bg_mean": 455.7308654785156,
  "summary_bg_median": 195.3267822265625,
  "summary_bg_n": 344617.0,
  "summary_bg_p05": 82.36854553222656,
  "summary_bg_p95": 1693.0500976562505,
  "summary_bg_stdv": 734.0645751953125,
  "summary_fg_k": 0.6642370753472604,
  "summary_fg_mad": 2083.8792218453127,
  "summary_fg_mean": 8550.380859375,
  "summary_fg_median": 8317.009765625,
  "summary_fg_n": 68984.0,
  "summary_fg_p05": 5287.044995117188,
  "summary_fg_p95": 12528.4484375,
  "summary_fg_stdv": 2238.228759765625,
  "tsnr": 34.83690036064945
}