{
  "bids_meta": {
    "AcquisitionMatrixPE": 256,
    "AcquisitionNumber": 1,
    "AcquisitionTime": "17:06:40.000000",
    "BodyPartExamined": "HEAD",
    "CoilString": "RM:Nova32ch",
    "ConversionSoftware": "dcm2niix",
    "ConversionSoftwareVersion": "v1.0.20211006",
    "Dcm2bidsVersion": "2.1.6",
    "DeviceSerialNumber": "000000000000MR01",
    "EchoTime": 0.00292,
    "FlipAngle": 8,
    "ImageOrientationPatientDICOM": [
      0,
      1,
      0,
      0,
      0,
      -1
    ],
    "ImageType": [
      "ORIGINAL",
      "PRIMARY",
      "OTHER"
    ],
    "ImagingFrequency": 127.767,
    "InPlanePhaseEncodingDirectionDICOM": "ROW",
    "InstitutionName": "UOFMResearch",
    "InversionTime": 1.06,
    "MRAcquisitionType": "3D",
    "MagneticFieldStrength": 3,
    "Manufacturer": "GE",
    "ManufacturersModelName": "DISCOVERY MR750",
    "Modality": "MR",
    "ParallelReductionFactorInPlane": 2,
    "ParallelReductionOutOfPlane": 2,
    "PatientPosition": "HFS",
    "PercentPhaseFOV": 100,
    "PercentSampling": 100,
    "PixelBandwidth": 244.141,
    "ProtocolName": "AHRB 32ch HB 06/06/18",
    "ReconMatrixPE": 256,
    "RepetitionTime": 0.006952,
    "SAR": 0.138152,
    "ScanOptions": "EDR_GEMS\\PROMO_GEMS\\ACC_GEMS\\IR_GEMS",
    "ScanningSequence": "RM",
    "SequenceVariant": "NONE",
    "SeriesDescription": "t1spgr_208sl",
    "SeriesNumber": 6,
    "SliceThickness": 1,
    "SoftwareVersions": "27\\LX\\MR Software release:DV26.0_R02_1810.b",
    "SpacingBetweenSlices": 1,
    "StationName": "MR01MR01",
    "dataset": "AHRB",
    "modality": "T1w",
    "session_id": "2",
    "subject_id": "83"
  },
  "cjv": 0.470168290836014,
  "cnr": 2.738751355501296,
  "efc": 0.5061127961845551,
  "fber": 1679.2631607296753,
  "fwhm_avg": 3.54881,
  "fwhm_x": 3.54936,
  "fwhm_y": 3.64249,
  "fwhm_z": 3.45458,
  "icvs_csf": 0.22780215316693908,
  "icvs_gm": 0.4115971253357473,
  "icvs_wm": 0.3606007214973136,
  "inu_med": 1.0109775066375732,
  "inu_range": 0.6536849975585933,
  "provenance": {
    "md5sum": "518865c57b7379279482b154a59c8a22",
    "settings": {
      "testing": false
    },
    "software": "mriqc",
    "version": "23.1.0rc0",
    "warnings": {
      "large_rot_frame": true,
      "small_air_mask": false
    }
  },
  "qi_1": 0.0,
  "qi_2": 0.0008061301276499462,
  "rpve_csf": 27.209501301163016,
  "rpve_gm": 14.522323914178799,
  "rpve_wm": 18.880069902273497,
  "size_x": 208,
  "size_y": 256,
  "size_z": 256,
  "snr_csf": 1.292393203087564,
  "snr_gm": 6.75459446451021,
  "snr_total": 5.983330808923461,
  "snr_wm": 9.90300475917261,
  "snrd_csf": 4.189873056000306,
  "snrd_gm": 19.094831304394837,
  "snrd_total": 17.99508502503301,
  "snrd_wm": 30.700550714703883,
  "spacing_x": 1.0,
  "spacing_y": 1.0,
  "spacing_z": 1.0,
  "summary_bg_k": 4.278991296516486,
  "summary_bg_mad": 21.341156472888517,
  "summary_bg_mean": 16.371995866030847,
  "summary_bg_median": 14.394391298294067,
  "summary_bg_n": 2579784.0,
  "summary_bg_p05": 0.0,
  "summary_bg_p95": 53.326371908187866,
  "summary_bg_stdv": 19.41690927622838,
  "summary_csf_k": 1.6008252177964204,
  "summary_csf_mad": 92.88378983018836,
  "summary_csf_mean": 159.93287805721604,
  "summary_csf_median": 136.48567914962769,
  "summary_csf_n": 33075.0,
  "summary_csf_p05": 36.6945104598999,
  "summary_csf_p95": 375.8204028606415,
  "summary_csf_stdv": 105.60533398999303,
  "summary_gm_k": 0.01555287092522395,
  "summary_gm_mad": 90.28525523374857,
  "summary_gm_mean": 620.3411475402075,
  "summary_gm_median": 622.0167016983032,
  "summary_gm_n": 20486.0,
  "summary_gm_p05": 463.38006806373596,
  "summary_gm_p95": 769.7456683516502,
  "summary_gm_stdv": 92.08569415591262,
  "summary_wm_k": 1.7997771955513278,
  "summary_wm_mad": 87.4655687567607,
  "summary_wm_mean": 1010.7581654792763,
  "summary_wm_median": 1000.0745747089386,
  "summary_wm_n": 180511.0,
  "summary_wm_p05": 867.9146711826324,
  "summary_wm_p95": 1192.8699193000793,
  "summary_wm_stdv": 100.98670342028524,
  "tpm_overlap_csf": 0.15935674048258822,
  "tpm_overlap_gm": 0.4437776085587481,
  "tpm_overlap_wm": 0.4793169968246204,
  "wm2max": 0.22213939002369001
}