{
  "bids_meta": {
    "AcquisitionMatrixPE": 256,
    "AcquisitionNumber": 1,
    "AcquisitionTime": "11:53:34.000000",
    "BodyPartExamined": "HEAD",
    "CoilString": "RM:Nova32ch",
    "ConversionSoftware": "dcm2niix",
    "ConversionSoftwareVersion": "v1.0.20211006",
    "Dcm2bidsVersion": "2.1.6",
    "DeviceSerialNumber": "000000000000MR01",
    "EchoTime": 0.00292,
    "FlipAngle": 8,
    "ImageOrientationPatientDICOM": [
      0,
      1,
      0,
      0,
      0,
      -1
    ],
    "ImageType": [
      "ORIGINAL",
      "PRIMARY",
      "OTHER"
    ],
    "ImagingFrequency": 127.767,
    "InPlanePhaseEncodingDirectionDICOM": "ROW",
    "InstitutionName": "UOFMResearch",
    "InversionTime": 1.06,
    "MRAcquisitionType": "3D",
    "MagneticFieldStrength": 3,
    "Manufacturer": "GE",
    "ManufacturersModelName": "DISCOVERY MR750",
    "Modality": "MR",
    "ParallelReductionFactorInPlane": 2,
    "ParallelReductionOutOfPlane": 2,
    "PatientPosition": "HFS",
    "PercentPhaseFOV": 100,
    "PercentSampling": 100,
    "PixelBandwidth": 244.141,
    "ProtocolName": "AHRB 32ch HB 06/06/18",
    "ReconMatrixPE": 256,
    "RepetitionTime": 0.006952,
    "SAR": 0.0950677,
    "ScanOptions": "EDR_GEMS\\PROMO_GEMS\\ACC_GEMS\\IR_GEMS",
    "ScanningSequence": "RM",
    "SequenceVariant": "NONE",
    "SeriesDescription": "t1spgr_208sl",
    "SeriesNumber": 9,
    "SliceThickness": 1,
    "SoftwareVersions": "27\\LX\\MR Software release:DV26.0_R02_1810.b",
    "SpacingBetweenSlices": 1,
    "StationName": "MR01MR01",
    "dataset": "AHRB",
    "modality": "T1w",
    "session_id": "2",
    "subject_id": "105"
  },
  "cjv": 0.36604788155945467,
  "cnr": 3.3934383636343446,
  "efc": 0.4907074661304844,
  "fber": 3691.533454264924,
  "fwhm_avg": 3.4429499999999997,
  "fwhm_x": 3.41401,
  "fwhm_y": 3.50257,
  "fwhm_z": 3.41227,
  "icvs_csf": 0.22352496955058263,
  "icvs_gm": 0.4228295584718793,
  "icvs_wm": 0.35364547197753804,
  "inu_med": 1.0153131484985352,
  "inu_range": 0.5777201652526858,
  "provenance": {
    "md5sum": "850f268aa0f423c5740430bc2239c550",
    "settings": {
      "testing": false
    },
    "software": "mriqc",
    "version": "23.1.0rc0",
    "warnings": {
      "large_rot_frame": true,
      "small_air_mask": false
    }
  },
  "qi_1": 3.859104681776744e-05,
  "qi_2": 0.0013593558443468154,
  "rpve_csf": 32.568124356213126,
  "rpve_gm": 17.015247617678003,
  "rpve_wm": 23.02522063382854,
  "size_x": 208,
  "size_y": 256,
  "size_z": 256,
  "snr_csf": 1.2398356752811939,
  "snr_gm": 8.611338542242741,
  "snr_total": 7.752653105947346,
  "snr_wm": 13.4067851003181,
  "snrd_csf": 6.613177615792437,
  "snrd_gm": 30.477358799584053,
  "snrd_total": 28.251206881334507,
  "snrd_wm": 47.663084228627035,
  "spacing_x": 1.0,
  "spacing_y": 1.0,
  "spacing_z": 1.0,
  "summary_bg_k": 9.91517844722262,
  "summary_bg_mad": 13.745877174086207,
  "summary_bg_mean": 12.580472298649614,
  "summary_bg_median": 9.271453261375427,
  "summary_bg_n": 3148710.0,
  "summary_bg_p05": 0.0,
  "summary_bg_p95": 39.403676360845566,
  "summary_bg_stdv": 14.591974809101186,
  "summary_csf_k": 2.7898707584061597,
  "summary_csf_mad": 80.60082524805094,
  "summary_csf_mean": 167.17704217435423,
  "summary_csf_median": 138.75572665035725,
  "summary_csf_n": 33721.0,
  "summary_csf_p05": 44.776904955506325,
  "summary_csf_p95": 406.78501184284687,
  "summary_csf_stdv": 111.91295104118754,
  "summary_gm_k": 0.2596645477261914,
  "summary_gm_mad": 71.15053469086668,
  "summary_gm_mean": 639.5450849246579,
  "summary_gm_median": 639.4668814763427,
  "summary_gm_n": 23183.0,
  "summary_gm_p05": 515.9353025108576,
  "summary_gm_p95": 761.4707778021693,
  "summary_gm_stdv": 74.25710723959611,
  "summary_wm_k": 2.2830505220777066,
  "summary_wm_mad": 60.841126810302015,
  "summary_wm_mean": 1008.8208652889485,
  "summary_wm_median": 1000.0526631474495,
  "summary_wm_n": 150941.0,
  "summary_wm_p05": 905.547054335475,
  "summary_wm_p95": 1146.1834094375372,
  "summary_wm_stdv": 74.59277842763352,
  "tpm_overlap_csf": 0.15085041085881004,
  "tpm_overlap_gm": 0.4511960146070191,
  "tpm_overlap_wm": 0.4824647843210109,
  "wm2max": 0.329164696985681
}