{
  "aor": 0.0009735626535626536,
  "aqi": 0.006270834692874692,
  "bids_meta": {
    "AcquisitionMatrixPE": 90,
    "AcquisitionNumber": 1,
    "AcquisitionTime": "16:06:29.000000",
    "BodyPartExamined": "BRAIN",
    "CoilString": "RM:Nova32ch",
    "ConversionSoftware": "dcm2niix",
    "ConversionSoftwareVersion": "v1.0.20211006",
    "Dcm2bidsVersion": "2.1.6",
    "DeviceSerialNumber": "000000000000MR01",
    "EchoTime": 0.03,
    "EffectiveEchoSpacing": 0.000568494,
    "FlipAngle": 52,
    "ImageOrientationPatientDICOM": [
      1,
      0,
      0,
      0,
      1,
      0
    ],
    "ImageType": [
      "ORIGINAL",
      "PRIMARY",
      "OTHER"
    ],
    "ImagingFrequency": 127.767,
    "InPlanePhaseEncodingDirectionDICOM": "COL",
    "InstitutionName": "UOFMResearch",
    "InternalPulseSequenceName": "EPI",
    "MRAcquisitionType": "2D",
    "MagneticFieldStrength": 3,
    "Manufacturer": "GE",
    "ManufacturersModelName": "DISCOVERY MR750",
    "Modality": "MR",
    "MultibandAccelerationFactor": 6,
    "PatientPosition": "HFS",
    "PercentPhaseFOV": 100,
    "PercentSampling": 100,
    "PhaseEncodingDirection": "j",
    "PhaseEncodingPolarityGE": "Flipped",
    "PixelBandwidth": 5555.56,
    "ProtocolName": "AHRB 32ch HB 06/06/18",
    "PulseSequenceName": "epi",
    "PulseSequenceType": "Multiband gradient echo EPI",
    "ReconMatrixPE": 90,
    "RepetitionTime": 0.8,
    "SAR": 0.109877,
    "ScanOptions": "SAT_GEMS\\EDR_GEMS\\MP_GEMS\\EPI_GEMS\\HYPERBAND_GEMS\\PFF\\FS",
    "ScanningSequence": "EP\\RM",
    "SequenceVariant": "NONE",
    "SeriesDescription": "func_mid",
    "SeriesNumber": 9,
    "SliceThickness": 2.4,
    "SliceTiming": [
      0,
      0.436364,
      0.0727273,
      0.509091,
      0.145455,
      0.581818,
      0.218182,
      0.654545,
      0.290909,
      0.727273,
      0.363636,
      0,
      0.436364,
      0.0727273,
      0.509091,
      0.145455,
      0.581818,
      0.218182,
      0.654545,
      0.290909,
      0.727273,
      0.363636,
      0,
      0.436364,
      0.0727273,
      0.509091,
      0.145455,
      0.581818,
      0.218182,
      0.654545,
      0.290909,
      0.727273,
      0.363636,
      0,
      0.436364,
      0.0727273,
      0.509091,
      0.145455,
      0.581818,
      0.218182,
      0.654545,
      0.290909,
      0.727273,
      0.363636,
      0,
      0.436364,
      0.0727273,
      0.509091,
      0.145455,
      0.581818,
      0.218182,
      0.654545,
      0.290909,
      0.727273,
      0.363636,
      0,
      0.436364,
      0.0727273,
      0.509091,
      0.145455
    ],
    "SoftwareVersions": "27\\LX\\MR Software release:DV26.0_R02_1810.b",
    "SpacingBetweenSlices": 2.4,
    "StationName": "MR01MR01",
    "TaskName": "func_mid",
    "TotalReadoutTime": 0.04824,
    "TriggerDelayTime": 787,
    "dataset": "AHRB",
    "modality": "bold",
    "run_id": 2,
    "session_id": "2",
    "subject_id": "64",
    "task_id": "mid"
  },
  "dummy_trs": 0,
  "dvars_nstd": 30.035083808275854,
  "dvars_std": 1.087724251945813,
  "dvars_vstd": 1.0070640573645322,
  "efc": 0.4444951568643576,
  "fber": 9785.236328125,
  "fd_mean": 0.10664382562524555,
  "fd_num": 39,
  "fd_perc": 9.582309582309582,
  "fwhm_avg": 2.590232713874044,
  "fwhm_x": 2.591966563671169,
  "fwhm_y": 2.5443040655651066,
  "fwhm_z": 2.634427512385857,
  "gcor": 0.021246,
  "gsr_x": 0.0021698656491935253,
  "gsr_y": 0.021122213453054428,
  "provenance": {
    "md5sum": "ef48c5fbee8bd394a8c50e4b51051c28",
    "settings": {
      "fd_thres": 0.2,
      "testing": false
    },
    "software": "mriqc",
    "version": "23.1.0rc0"
  },
  "size_t": 407,
  "size_x": 90,
  "size_y": 90,
  "size_z": 60,
  "snr": 2.75654765958141,
  "spacing_tr": 0.800000011920929,
  "spacing_x": 2.4000000953674316,
  "spacing_y": 2.4000000953674316,
  "spacing_z": 2.3999977111816406,
  "summary_bg_k": 210.3319869585241,
  "summary_bg_mad": 15.572786525216916,
  "summary_bg_mean": 42.79076385498047,
  "summary_bg_median": 10.678132057189941,
  "summary_bg_n": 334945.0,
  "summary_bg_p05": 0.0024570024106651545,
  "summary_bg_p95": 189.63783874511714,
  "summary_bg_stdv": 112.61001586914062,
  "summary_fg_k": 3.0873112772415476,
  "summary_fg_mad": 322.15455823694435,
  "summary_fg_mean": 1095.3363037109375,
  "summary_fg_median": 1021.6719970703125,
  "summary_fg_n": 80686.0,
  "summary_fg_p05": 633.408447265625,
  "summary_fg_p95": 1779.3224487304688,
  "summary_fg_stdv": 370.63232421875,
  "tsnr": 44.245449976297095
}