{
  "aor": 0.001133980343980344,
  "aqi": 0.007063651277641278,
  "bids_meta": {
    "AcquisitionMatrixPE": 90,
    "BodyPartExamined": "BRAIN",
    "DeviceSerialNumber": "000000000000MR01",
    "EchoTime": 0.03,
    "EffectiveEchoSpacing": 0.000536,
    "FlipAngle": 52,
    "ImageType": [
      "ORIGINAL",
      "PRIMARY",
      "OTHER"
    ],
    "ImagingFrequency": "1277672390",
    "InPlanePhaseEncodingDirectionDICOM": "COL",
    "InstitutionName": "UOFMResearch",
    "MagneticFieldStrength": 3,
    "Manufacturer": "GE",
    "ManufacturersModelName": "DISCOVERY_MR750",
    "Modality": "MR",
    "MultibandAccelerationFactor": 6,
    "PatientPosition": "HFS",
    "PhaseEncodingDirection": "j",
    "PulseSequenceType": "Multiband gradient echo EPI",
    "ReconMatrixPE": 90,
    "RepetitionTime": 0.8,
    "SeriesDescription": "func_mid",
    "SeriesNumber": 8,
    "SliceThickness": 2.4,
    "SliceTiming": [
      0.0,
      0.4,
      0.08,
      0.48,
      0.16,
      0.56,
      0.24,
      0.64,
      0.32,
      0.72,
      0.0,
      0.4,
      0.08,
      0.48,
      0.16,
      0.56,
      0.24,
      0.64,
      0.32,
      0.72,
      0.0,
      0.4,
      0.08,
      0.48,
      0.16,
      0.56,
      0.24,
      0.64,
      0.32,
      0.72,
      0.0,
      0.4,
      0.08,
      0.48,
      0.16,
      0.56,
      0.24,
      0.64,
      0.32,
      0.72,
      0.0,
      0.4,
      0.08,
      0.48,
      0.16,
      0.56,
      0.24,
      0.64,
      0.32,
      0.72,
      0.0,
      0.4,
      0.08,
      0.48,
      0.16,
      0.56,
      0.24,
      0.64,
      0.32,
      0.72
    ],
    "SpacingBetweenSlices": 2.4,
    "StationName": "MR01MR01",
    "TaskName": "func_mid",
    "TotalReadoutTime": 0.048,
    "dataset": "AHRB",
    "modality": "bold",
    "run_id": 1,
    "session_id": "1",
    "subject_id": "18",
    "task_id": "mid"
  },
  "dummy_trs": 0,
  "dvars_nstd": 32.333406584556634,
  "dvars_std": 1.0238238766256167,
  "dvars_vstd": 0.9867461224630546,
  "efc": 0.4668054802596295,
  "fber": 2680.495849609375,
  "fd_mean": 0.11741071779722434,
  "fd_num": 40,
  "fd_perc": 9.828009828009828,
  "fwhm_avg": 2.6909151708504164,
  "fwhm_x": 2.5030665672037378,
  "fwhm_y": 2.8570373864715344,
  "fwhm_z": 2.712641558875976,
  "gcor": 0.0146072,
  "gsr_x": -0.015402290970087051,
  "gsr_y": 0.05456647276878357,
  "provenance": {
    "md5sum": "5bbd11c78ca7093a77d367a1deca4c09",
    "settings": {
      "fd_thres": 0.2,
      "testing": false
    },
    "software": "mriqc",
    "version": "23.1.0rc0"
  },
  "size_t": 407,
  "size_x": 90,
  "size_y": 90,
  "size_z": 60,
  "snr": 3.4194192722834766,
  "spacing_tr": 0.800000011920929,
  "spacing_x": 2.4000000953674316,
  "spacing_y": 2.4000000953674316,
  "spacing_z": 2.4000000953674316,
  "summary_bg_k": 33.799142633598684,
  "summary_bg_mad": 105.34125622303281,
  "summary_bg_mean": 373.3564758300781,
  "summary_bg_median": 143.79360961914062,
  "summary_bg_n": 340990.0,
  "summary_bg_p05": 66.36117553710938,
  "summary_bg_p95": 1425.9626586914057,
  "summary_bg_stdv": 636.7161865234375,
  "summary_fg_k": 0.10427720268908791,
  "summary_fg_mad": 2207.1903902010154,
  "summary_fg_mean": 7799.17138671875,
  "summary_fg_median": 7523.51953125,
  "summary_fg_n": 75282.0,
  "summary_fg_p05": 4679.368139648437,
  "summary_fg_p95": 11748.316650390623,
  "summary_fg_stdv": 2200.218505859375,
  "tsnr": 34.43506603012793
}