{
  "bids_meta": {
    "AcquisitionMatrixPE": 256,
    "AcquisitionNumber": 1,
    "AcquisitionTime": "17:12:37.000000",
    "BodyPartExamined": "HEAD",
    "CoilString": "RM:Nova32ch",
    "ConversionSoftware": "dcm2niix",
    "ConversionSoftwareVersion": "v1.0.20211006",
    "Dcm2bidsVersion": "2.1.6",
    "DeviceSerialNumber": "000000000000MR01",
    "EchoTime": 0.00292,
    "FlipAngle": 8,
    "ImageOrientationPatientDICOM": [
      0,
      1,
      0,
      0,
      0,
      -1
    ],
    "ImageType": [
      "ORIGINAL",
      "PRIMARY",
      "OTHER"
    ],
    "ImagingFrequency": 127.767,
    "InPlanePhaseEncodingDirectionDICOM": "ROW",
    "InstitutionName": "UOFMResearch",
    "InversionTime": 1.06,
    "MRAcquisitionType": "3D",
    "MagneticFieldStrength": 3,
    "Manufacturer": "GE",
    "ManufacturersModelName": "DISCOVERY MR750",
    "Modality": "MR",
    "ParallelReductionFactorInPlane": 2,
    "ParallelReductionOutOfPlane": 2,
    "PatientPosition": "HFS",
    "PercentPhaseFOV": 100,
    "PercentSampling": 100,
    "PixelBandwidth": 244.141,
    "ProtocolName": "AHRB 32ch HB 06/06/18",
    "ReconMatrixPE": 256,
    "RepetitionTime": 0.006952,
    "SAR": 0.163497,
    "ScanOptions": "EDR_GEMS\\PROMO_GEMS\\ACC_GEMS\\IR_GEMS",
    "ScanningSequence": "RM",
    "SequenceVariant": "NONE",
    "SeriesDescription": "t1spgr_208sl",
    "SeriesNumber": 6,
    "SliceThickness": 1,
    "SoftwareVersions": "27\\LX\\MR Software release:DV26.0_R02_1810.b",
    "SpacingBetweenSlices": 1,
    "StationName": "MR01MR01",
    "dataset": "AHRB",
    "modality": "T1w",
    "session_id": "1",
    "subject_id": "85"
  },
  "cjv": 0.4440894757062234,
  "cnr": 2.8332530792257233,
  "efc": 0.4847921094426041,
  "fber": 1330.9582778604436,
  "fwhm_avg": 3.852233333333333,
  "fwhm_x": 3.78477,
  "fwhm_y": 4.02328,
  "fwhm_z": 3.74865,
  "icvs_csf": 0.19451163744409466,
  "icvs_gm": 0.4152411395834032,
  "icvs_wm": 0.39024722297250214,
  "inu_med": 1.011740803718567,
  "inu_range": 0.7775545120239258,
  "provenance": {
    "md5sum": "e060ae4644a0ac76d5ecec97b7b205ad",
    "settings": {
      "testing": false
    },
    "software": "mriqc",
    "version": "23.1.0rc0",
    "warnings": {
      "large_rot_frame": true,
      "small_air_mask": false
    }
  },
  "qi_1": 0.0,
  "qi_2": 0.0008296660439351329,
  "rpve_csf": 28.146650506831204,
  "rpve_gm": 13.895275911093478,
  "rpve_wm": 17.36666983065805,
  "size_x": 208,
  "size_y": 256,
  "size_z": 256,
  "snr_csf": 1.2765316738343586,
  "snr_gm": 7.666141114144581,
  "snr_total": 6.91005801382127,
  "snr_wm": 11.787501253484868,
  "snrd_csf": 5.358882352747483,
  "snrd_gm": 22.253130995609563,
  "snrd_total": 20.535255420673064,
  "snrd_wm": 33.993752913662135,
  "spacing_x": 1.0,
  "spacing_y": 1.0,
  "spacing_z": 1.0,
  "summary_bg_k": 4.108918418499796,
  "summary_bg_mad": 0.0,
  "summary_bg_mean": 14.150714948185266,
  "summary_bg_median": 0.0,
  "summary_bg_n": 2517744.0,
  "summary_bg_p05": 0.0,
  "summary_bg_p95": 50.020127184689045,
  "summary_bg_stdv": 19.2741976978213,
  "summary_csf_k": 1.4097088703163694,
  "summary_csf_mad": 104.82367394889643,
  "summary_csf_mean": 187.77167348198404,
  "summary_csf_median": 157.65901254490018,
  "summary_csf_n": 15902.0,
  "summary_csf_p05": 35.1247975602746,
  "summary_csf_p95": 432.2564270533619,
  "summary_csf_stdv": 123.50187503485789,
  "summary_gm_k": 0.18306783797183845,
  "summary_gm_mad": 82.6652176052507,
  "summary_gm_mean": 653.8647365299431,
  "summary_gm_median": 654.6899946406484,
  "summary_gm_n": 18712.0,
  "summary_gm_p05": 512.1779220178723,
  "summary_gm_p95": 793.3675263263286,
  "summary_gm_stdv": 85.3979193449663,
  "summary_wm_k": 2.594620918186309,
  "summary_wm_mad": 70.72800206658634,
  "summary_wm_mean": 1011.2091962837661,
  "summary_wm_median": 1000.1006113365293,
  "summary_wm_n": 234831.0,
  "summary_wm_p05": 896.6384569182992,
  "summary_wm_p95": 1165.760831348598,
  "summary_wm_stdv": 84.84397671928915,
  "tpm_overlap_csf": 0.16886165548268706,
  "tpm_overlap_gm": 0.44344235856122216,
  "tpm_overlap_wm": 0.4942026191406721,
  "wm2max": 0.15893859663153181
}