{
  "bids_meta": {
    "AcquisitionMatrixPE": 256,
    "AcquisitionNumber": 1,
    "AcquisitionTime": "15:48:30.000000",
    "BodyPartExamined": "HEAD",
    "CoilString": "RM:Nova32ch",
    "ConversionSoftware": "dcm2niix",
    "ConversionSoftwareVersion": "v1.0.20211006",
    "Dcm2bidsVersion": "2.1.6",
    "DeviceSerialNumber": "000000000000MR01",
    "EchoTime": 0.00292,
    "FlipAngle": 8,
    "ImageOrientationPatientDICOM": [
      0,
      1,
      0,
      0,
      0,
      -1
    ],
    "ImageType": [
      "ORIGINAL",
      "PRIMARY",
      "OTHER"
    ],
    "ImagingFrequency": 127.768,
    "InPlanePhaseEncodingDirectionDICOM": "ROW",
    "InstitutionName": "UOFMResearch",
    "InversionTime": 1.06,
    "MRAcquisitionType": "3D",
    "MagneticFieldStrength": 3,
    "Manufacturer": "GE",
    "ManufacturersModelName": "DISCOVERY MR750",
    "Modality": "MR",
    "ParallelReductionFactorInPlane": 2,
    "ParallelReductionOutOfPlane": 2,
    "PatientPosition": "HFS",
    "PercentPhaseFOV": 100,
    "PercentSampling": 100,
    "PixelBandwidth": 244.141,
    "ProtocolName": "AHRB 32ch HB 06/06/18",
    "ReconMatrixPE": 256,
    "RepetitionTime": 0.006952,
    "SAR": 0.0939409,
    "ScanOptions": "EDR_GEMS\\PROMO_GEMS\\ACC_GEMS\\IR_GEMS",
    "ScanningSequence": "RM",
    "SequenceVariant": "NONE",
    "SeriesDescription": "t1spgr_208sl",
    "SeriesNumber": 6,
    "SliceThickness": 1,
    "SoftwareVersions": "27\\LX\\MR Software release:DV26.0_R02_1810.b",
    "SpacingBetweenSlices": 1,
    "StationName": "MR01MR01",
    "dataset": "AHRB",
    "modality": "T1w",
    "session_id": "2",
    "subject_id": "86"
  },
  "cjv": 0.419003694699988,
  "cnr": 3.0014280097845973,
  "efc": 0.5003214214355336,
  "fber": 1582.4432504896263,
  "fwhm_avg": 3.6846666666666668,
  "fwhm_x": 3.68087,
  "fwhm_y": 3.82585,
  "fwhm_z": 3.54728,
  "icvs_csf": 0.2010224492101166,
  "icvs_gm": 0.42372186618798247,
  "icvs_wm": 0.37525568460190095,
  "inu_med": 1.0105648636817932,
  "inu_range": 0.6762771725654599,
  "provenance": {
    "md5sum": "57ab0b8e84a0d3efbfc4165a554eb971",
    "settings": {
      "testing": false
    },
    "software": "mriqc",
    "version": "23.1.0rc0",
    "warnings": {
      "large_rot_frame": true,
      "small_air_mask": false
    }
  },
  "qi_1": 0.0,
  "qi_2": 0.001223207411362418,
  "rpve_csf": 32.464276224604845,
  "rpve_gm": 15.595097251580729,
  "rpve_wm": 19.631146720951374,
  "size_x": 208,
  "size_y": 256,
  "size_z": 256,
  "snr_csf": 1.3430455162345105,
  "snr_gm": 7.779666733405611,
  "snr_total": 6.514753360612001,
  "snr_wm": 10.421547832195882,
  "snrd_csf": 8.087546066689926,
  "snrd_gm": 29.018333501005323,
  "snrd_total": 27.969089188362243,
  "snrd_wm": 46.80138799739148,
  "spacing_x": 1.0,
  "spacing_y": 1.0,
  "spacing_z": 1.0,
  "summary_bg_k": 6.248030847256617,
  "summary_bg_mad": 13.998225634350309,
  "summary_bg_mean": 16.726318259166835,
  "summary_bg_median": 9.441659711301327,
  "summary_bg_n": 3519233.0,
  "summary_bg_p05": 0.0,
  "summary_bg_p95": 60.43827852234244,
  "summary_bg_stdv": 21.62281306247408,
  "summary_csf_k": 21.77209675351458,
  "summary_csf_mad": 113.80038987925528,
  "summary_csf_mean": 200.32777103889384,
  "summary_csf_median": 172.80568545684218,
  "summary_csf_n": 31471.0,
  "summary_csf_p05": 45.31413842923939,
  "summary_csf_p95": 432.0724954921752,
  "summary_csf_stdv": 128.66499152206742,
  "summary_gm_k": 0.13783424406069944,
  "summary_gm_mad": 77.98394219136514,
  "summary_gm_mean": 620.6447668770784,
  "summary_gm_median": 620.0314619671553,
  "summary_gm_n": 24214.0,
  "summary_gm_p05": 489.38978094328195,
  "summary_gm_p95": 753.5260395519435,
  "summary_gm_stdv": 79.69732893724331,
  "summary_wm_k": 2.03046661507466,
  "summary_wm_mad": 81.2242721993166,
  "summary_wm_mean": 1012.4480987360838,
  "summary_wm_median": 999.999983496964,
  "summary_wm_n": 171852.0,
  "summary_wm_p05": 880.3473453037441,
  "summary_wm_p95": 1190.7564787752926,
  "summary_wm_stdv": 95.95475548489841,
  "tpm_overlap_csf": 0.14479401746818377,
  "tpm_overlap_gm": 0.46866626006646034,
  "tpm_overlap_wm": 0.48664197315207436,
  "wm2max": 0.3411522745146845
}