{
  "aor": 0.0005876904176904176,
  "aqi": 0.004686391375921376,
  "bids_meta": {
    "AcquisitionMatrixPE": 90,
    "BodyPartExamined": "BRAIN",
    "DeviceSerialNumber": "000000000000MR01",
    "EchoTime": 0.03,
    "EffectiveEchoSpacing": 0.000536,
    "FlipAngle": 52,
    "ImageType": [
      "ORIGINAL",
      "PRIMARY",
      "OTHER"
    ],
    "ImagingFrequency": "1277673890",
    "InPlanePhaseEncodingDirectionDICOM": "COL",
    "InstitutionName": "UOFMResearch",
    "MagneticFieldStrength": 3,
    "Manufacturer": "GE",
    "ManufacturersModelName": "DISCOVERY_MR750",
    "Modality": "MR",
    "MultibandAccelerationFactor": 6,
    "PatientPosition": "HFS",
    "PhaseEncodingDirection": "j",
    "PulseSequenceType": "Multiband gradient echo EPI",
    "ReconMatrixPE": 90,
    "RepetitionTime": 0.8,
    "SeriesDescription": "func_mid",
    "SeriesNumber": 9,
    "SliceThickness": 2.4,
    "SliceTiming": [
      0.0,
      0.4,
      0.08,
      0.48,
      0.16,
      0.56,
      0.24,
      0.64,
      0.32,
      0.72,
      0.0,
      0.4,
      0.08,
      0.48,
      0.16,
      0.56,
      0.24,
      0.64,
      0.32,
      0.72,
      0.0,
      0.4,
      0.08,
      0.48,
      0.16,
      0.56,
      0.24,
      0.64,
      0.32,
      0.72,
      0.0,
      0.4,
      0.08,
      0.48,
      0.16,
      0.56,
      0.24,
      0.64,
      0.32,
      0.72,
      0.0,
      0.4,
      0.08,
      0.48,
      0.16,
      0.56,
      0.24,
      0.64,
      0.32,
      0.72,
      0.0,
      0.4,
      0.08,
      0.48,
      0.16,
      0.56,
      0.24,
      0.64,
      0.32,
      0.72
    ],
    "SpacingBetweenSlices": 2.4,
    "StationName": "MR01MR01",
    "TaskName": "func_mid",
    "TotalReadoutTime": 0.048,
    "dataset": "AHRB",
    "modality": "bold",
    "run_id": 2,
    "session_id": "1",
    "subject_id": "73",
    "task_id": "mid"
  },
  "dummy_trs": 0,
  "dvars_nstd": 31.694914136551702,
  "dvars_std": 1.063577267118227,
  "dvars_vstd": 0.9936368308128081,
  "efc": 0.4693666831652422,
  "fber": 2088.45654296875,
  "fd_mean": 0.08687551614466743,
  "fd_num": 12,
  "fd_perc": 2.9484029484029484,
  "fwhm_avg": 3.013937380236889,
  "fwhm_x": 2.771333223210445,
  "fwhm_y": 3.2303623716369323,
  "fwhm_z": 3.040116545863289,
  "gcor": 0.0144539,
  "gsr_x": -0.01539403386414051,
  "gsr_y": 0.056923869997262955,
  "provenance": {
    "md5sum": "308151bb4c946b2fa718edee2a1e7ef6",
    "settings": {
      "fd_thres": 0.2,
      "testing": false
    },
    "software": "mriqc",
    "version": "23.1.0rc0"
  },
  "size_t": 407,
  "size_x": 90,
  "size_y": 90,
  "size_z": 60,
  "snr": 2.855737813818407,
  "spacing_tr": 0.800000011920929,
  "spacing_x": 2.4000000953674316,
  "spacing_y": 2.4000000953674316,
  "spacing_z": 2.4000000953674316,
  "summary_bg_k": 28.15399757696732,
  "summary_bg_mad": 125.87183341174304,
  "summary_bg_mean": 385.08135986328125,
  "summary_bg_median": 151.13267517089844,
  "summary_bg_n": 339111.0,
  "summary_bg_p05": 58.99262619018555,
  "summary_bg_p95": 1560.7542724609375,
  "summary_bg_stdv": 641.0899658203125,
  "summary_fg_k": 0.3887937860914352,
  "summary_fg_mad": 2442.8546459644135,
  "summary_fg_mean": 7482.79541015625,
  "summary_fg_median": 7101.6005859375,
  "summary_fg_n": 76410.0,
  "summary_fg_p05": 4190.50302734375,
  "summary_fg_p95": 12168.541015625004,
  "summary_fg_stdv": 2486.766845703125,
  "tsnr": 39.71004579169676
}