{
  "aor": 0.0008737592137592139,
  "aqi": 0.00502310425061425,
  "bids_meta": {
    "AcquisitionMatrixPE": 90,
    "BodyPartExamined": "BRAIN",
    "DeviceSerialNumber": "000000000000MR01",
    "EchoTime": 0.03,
    "EffectiveEchoSpacing": 0.000536,
    "FlipAngle": 52,
    "ImageType": [
      "ORIGINAL",
      "PRIMARY",
      "OTHER"
    ],
    "ImagingFrequency": "1277673890",
    "InPlanePhaseEncodingDirectionDICOM": "COL",
    "InstitutionName": "UOFMResearch",
    "MagneticFieldStrength": 3,
    "Manufacturer": "GE",
    "ManufacturersModelName": "DISCOVERY_MR750",
    "Modality": "MR",
    "MultibandAccelerationFactor": 6,
    "PatientPosition": "HFS",
    "PhaseEncodingDirection": "j",
    "PulseSequenceType": "Multiband gradient echo EPI",
    "ReconMatrixPE": 90,
    "RepetitionTime": 0.8,
    "SeriesDescription": "func_mid",
    "SeriesNumber": 8,
    "SliceThickness": 2.4,
    "SliceTiming": [
      0.0,
      0.4,
      0.08,
      0.48,
      0.16,
      0.56,
      0.24,
      0.64,
      0.32,
      0.72,
      0.0,
      0.4,
      0.08,
      0.48,
      0.16,
      0.56,
      0.24,
      0.64,
      0.32,
      0.72,
      0.0,
      0.4,
      0.08,
      0.48,
      0.16,
      0.56,
      0.24,
      0.64,
      0.32,
      0.72,
      0.0,
      0.4,
      0.08,
      0.48,
      0.16,
      0.56,
      0.24,
      0.64,
      0.32,
      0.72,
      0.0,
      0.4,
      0.08,
      0.48,
      0.16,
      0.56,
      0.24,
      0.64,
      0.32,
      0.72,
      0.0,
      0.4,
      0.08,
      0.48,
      0.16,
      0.56,
      0.24,
      0.64,
      0.32,
      0.72
    ],
    "SpacingBetweenSlices": 2.4,
    "StationName": "MR01MR01",
    "TaskName": "func_mid",
    "TotalReadoutTime": 0.048,
    "dataset": "AHRB",
    "modality": "bold",
    "run_id": 1,
    "session_id": "1",
    "subject_id": "73",
    "task_id": "mid"
  },
  "dummy_trs": 0,
  "dvars_nstd": 32.66393272497538,
  "dvars_std": 1.0688469873399025,
  "dvars_vstd": 0.9936908227586212,
  "efc": 0.47099275628668347,
  "fber": 1864.576171875,
  "fd_mean": 0.09025797982248167,
  "fd_num": 16,
  "fd_perc": 3.9312039312039313,
  "fwhm_avg": 3.0124068247421523,
  "fwhm_x": 2.7828957227509927,
  "fwhm_y": 3.208654039166211,
  "fwhm_z": 3.045670712309253,
  "gcor": 0.0210587,
  "gsr_x": -0.016239887103438377,
  "gsr_y": 0.05570913851261139,
  "provenance": {
    "md5sum": "c52fd7f3c02619bbf7311158aa915e4a",
    "settings": {
      "fd_thres": 0.2,
      "testing": false
    },
    "software": "mriqc",
    "version": "23.1.0rc0"
  },
  "size_t": 407,
  "size_x": 90,
  "size_y": 90,
  "size_z": 60,
  "snr": 2.858349252933955,
  "spacing_tr": 0.800000011920929,
  "spacing_x": 2.4000000953674316,
  "spacing_y": 2.4000000953674316,
  "spacing_z": 2.4000000953674316,
  "summary_bg_k": 28.26210057119955,
  "summary_bg_mad": 139.0549714459492,
  "summary_bg_mean": 396.5290832519531,
  "summary_bg_median": 162.58230590820312,
  "summary_bg_n": 339227.0,
  "summary_bg_p05": 60.356266021728516,
  "summary_bg_p95": 1598.449084472658,
  "summary_bg_stdv": 651.2904663085938,
  "summary_fg_k": 0.33584053353383725,
  "summary_fg_mad": 2472.3680583399732,
  "summary_fg_mean": 7576.75732421875,
  "summary_fg_median": 7183.9775390625,
  "summary_fg_n": 76345.0,
  "summary_fg_p05": 4237.92958984375,
  "summary_fg_p95": 12314.3328125,
  "summary_fg_stdv": 2513.314453125,
  "tsnr": 38.267731064232066
}