{
  "bids_meta": {
    "AcquisitionMatrixPE": 256,
    "AcquisitionNumber": 1,
    "AcquisitionTime": "09:03:53.000000",
    "BodyPartExamined": "HEAD",
    "CoilString": "RM:Nova32ch",
    "ConversionSoftware": "dcm2niix",
    "ConversionSoftwareVersion": "v1.0.20211006",
    "Dcm2bidsVersion": "2.1.6",
    "DeviceSerialNumber": "000000000000MR01",
    "EchoTime": 0.00292,
    "FlipAngle": 8,
    "ImageOrientationPatientDICOM": [
      0,
      1,
      0,
      0,
      0,
      -1
    ],
    "ImageType": [
      "ORIGINAL",
      "PRIMARY",
      "OTHER"
    ],
    "ImagingFrequency": 127.767,
    "InPlanePhaseEncodingDirectionDICOM": "ROW",
    "InstitutionName": "UOFMResearch",
    "InversionTime": 1.06,
    "MRAcquisitionType": "3D",
    "MagneticFieldStrength": 3,
    "Manufacturer": "GE",
    "ManufacturersModelName": "DISCOVERY MR750",
    "Modality": "MR",
    "ParallelReductionFactorInPlane": 2,
    "ParallelReductionOutOfPlane": 2,
    "PatientPosition": "HFS",
    "PercentPhaseFOV": 100,
    "PercentSampling": 100,
    "PixelBandwidth": 244.141,
    "ProtocolName": "AHRB 32ch HB 06/06/18",
    "ReconMatrixPE": 256,
    "RepetitionTime": 0.006952,
    "SAR": 0.108735,
    "ScanOptions": "EDR_GEMS\\PROMO_GEMS\\ACC_GEMS\\IR_GEMS",
    "ScanningSequence": "RM",
    "SequenceVariant": "NONE",
    "SeriesDescription": "t1spgr_208sl",
    "SeriesNumber": 6,
    "SliceThickness": 1,
    "SoftwareVersions": "27\\LX\\MR Software release:DV26.0_R02_1810.b",
    "SpacingBetweenSlices": 1,
    "StationName": "MR01MR01",
    "dataset": "AHRB",
    "modality": "T1w",
    "session_id": "2",
    "subject_id": "44"
  },
  "cjv": 0.4592959499763262,
  "cnr": 2.7806650156393684,
  "efc": 0.5527622492991591,
  "fber": 4986.242844444445,
  "fwhm_avg": 3.79626,
  "fwhm_x": 3.73192,
  "fwhm_y": 3.8954,
  "fwhm_z": 3.76146,
  "icvs_csf": 0.18620934205704795,
  "icvs_gm": 0.42280650019031646,
  "icvs_wm": 0.3909841577526356,
  "inu_med": 1.0191398859024048,
  "inu_range": 0.8152706623077393,
  "provenance": {
    "md5sum": "3b1306cd4d2746680617b3aec746d09c",
    "settings": {
      "testing": false
    },
    "software": "mriqc",
    "version": "23.1.0rc0",
    "warnings": {
      "large_rot_frame": true,
      "small_air_mask": false
    }
  },
  "qi_1": 0.0,
  "qi_2": 0.0010243315385776058,
  "rpve_csf": 28.90611100202334,
  "rpve_gm": 13.393174654409098,
  "rpve_wm": 16.758599333605837,
  "size_x": 208,
  "size_y": 256,
  "size_z": 256,
  "snr_csf": 1.3242979967038806,
  "snr_gm": 8.286491991170472,
  "snr_total": 7.054822183311977,
  "snr_wm": 11.553676562061579,
  "snrd_csf": 9.243181077905636,
  "snrd_gm": 39.28561712597291,
  "snrd_total": 35.76547070638929,
  "snrd_wm": 58.767613915289296,
  "spacing_x": 1.0,
  "spacing_y": 1.0,
  "spacing_z": 1.0,
  "summary_bg_k": 4.44687952005135,
  "summary_bg_mad": 11.14897710190892,
  "summary_bg_mean": 11.969332659777306,
  "summary_bg_median": 7.519870780408382,
  "summary_bg_n": 2672138.0,
  "summary_bg_p05": 0.0,
  "summary_bg_p95": 41.3592892922461,
  "summary_bg_stdv": 14.635246696375086,
  "summary_csf_k": 1.887896074666041,
  "summary_csf_mad": 97.37714177616651,
  "summary_csf_mean": 185.961323375465,
  "summary_csf_median": 157.29856284335256,
  "summary_csf_n": 21677.0,
  "summary_csf_p05": 44.64328349381685,
  "summary_csf_p95": 425.957845003158,
  "summary_csf_stdv": 118.77608737350829,
  "summary_gm_k": 0.17721270664195687,
  "summary_gm_mad": 77.26664510500169,
  "summary_gm_mean": 669.1632071106754,
  "summary_gm_median": 668.5545876733959,
  "summary_gm_n": 27518.0,
  "summary_gm_p05": 536.2833922343328,
  "summary_gm_p95": 804.1502323150635,
  "summary_gm_stdv": 80.67858397601512,
  "summary_wm_k": 1.9076695778811885,
  "summary_wm_mad": 75.00862442613406,
  "summary_wm_mean": 1014.4863513686369,
  "summary_wm_median": 1000.0952196754515,
  "summary_wm_n": 227010.0,
  "summary_wm_p05": 901.9085524603724,
  "summary_wm_p95": 1178.0758068708697,
  "summary_wm_stdv": 86.56058628135122,
  "tpm_overlap_csf": 0.16287396651356095,
  "tpm_overlap_gm": 0.4474399757056527,
  "tpm_overlap_wm": 0.4910309827818402,
  "wm2max": 0.36374179923488376
}