{
  "bids_meta": {
    "AcquisitionMatrixPE": 256,
    "AcquisitionNumber": 1,
    "AcquisitionTime": "14:23:55.000000",
    "BodyPartExamined": "HEAD",
    "CoilString": "RM:Nova32ch",
    "ConversionSoftware": "dcm2niix",
    "ConversionSoftwareVersion": "v1.0.20211006",
    "Dcm2bidsVersion": "2.1.6",
    "DeviceSerialNumber": "000000000000MR01",
    "EchoTime": 0.00292,
    "FlipAngle": 8,
    "ImageOrientationPatientDICOM": [
      0,
      1,
      0,
      0,
      0,
      -1
    ],
    "ImageType": [
      "ORIGINAL",
      "PRIMARY",
      "OTHER"
    ],
    "ImagingFrequency": 127.767,
    "InPlanePhaseEncodingDirectionDICOM": "ROW",
    "InstitutionName": "UOFMResearch",
    "InversionTime": 1.06,
    "MRAcquisitionType": "3D",
    "MagneticFieldStrength": 3,
    "Manufacturer": "GE",
    "ManufacturersModelName": "DISCOVERY MR750",
    "Modality": "MR",
    "ParallelReductionFactorInPlane": 2,
    "ParallelReductionOutOfPlane": 2,
    "PatientPosition": "HFS",
    "PercentPhaseFOV": 100,
    "PercentSampling": 100,
    "PixelBandwidth": 244.141,
    "ProtocolName": "AHRB 32ch HB 06/06/18",
    "ReconMatrixPE": 256,
    "RepetitionTime": 0.006952,
    "SAR": 0.140665,
    "ScanOptions": "EDR_GEMS\\PROMO_GEMS\\ACC_GEMS\\IR_GEMS",
    "ScanningSequence": "RM",
    "SequenceVariant": "NONE",
    "SeriesDescription": "t1spgr_208sl",
    "SeriesNumber": 6,
    "SliceThickness": 1,
    "SoftwareVersions": "27\\LX\\MR Software release:DV26.0_R02_1810.b",
    "SpacingBetweenSlices": 1,
    "StationName": "MR01MR01",
    "dataset": "AHRB",
    "modality": "T1w",
    "session_id": "2",
    "subject_id": "84"
  },
  "cjv": 0.4209134834151719,
  "cnr": 2.9989683766278326,
  "efc": 0.5146677704783789,
  "fber": 2582.357468756199,
  "fwhm_avg": 3.62857,
  "fwhm_x": 3.57584,
  "fwhm_y": 3.76833,
  "fwhm_z": 3.54154,
  "icvs_csf": 0.18244042738622396,
  "icvs_gm": 0.43809511189434347,
  "icvs_wm": 0.3794644607194326,
  "inu_med": 1.0476321578025818,
  "inu_range": 0.6735965758562088,
  "provenance": {
    "md5sum": "2b25a4712e089f8d2bbfed4e35127acd",
    "settings": {
      "testing": false
    },
    "software": "mriqc",
    "version": "23.1.0rc0",
    "warnings": {
      "large_rot_frame": true,
      "small_air_mask": false
    }
  },
  "qi_1": 0.0,
  "qi_2": 0.000691039361880316,
  "rpve_csf": 32.3376512132853,
  "rpve_gm": 14.652853579389262,
  "rpve_wm": 19.188958186667723,
  "size_x": 208,
  "size_y": 256,
  "size_z": 256,
  "snr_csf": 1.2033800450171437,
  "snr_gm": 7.669280529299304,
  "snr_total": 6.879897786831279,
  "snr_wm": 11.767032786177388,
  "snrd_csf": 4.5097294696555625,
  "snrd_gm": 21.538629549922703,
  "snrd_total": 19.90913416857646,
  "snrd_wm": 33.679043486151116,
  "spacing_x": 1.0,
  "spacing_y": 1.0,
  "spacing_z": 1.0,
  "summary_bg_k": 6.863669862638922,
  "summary_bg_mad": 19.453804088920485,
  "summary_bg_mean": 13.218491262192472,
  "summary_bg_median": 13.121391460299492,
  "summary_bg_n": 2462968.0,
  "summary_bg_p05": 0.0,
  "summary_bg_p95": 43.48804026842117,
  "summary_bg_stdv": 16.50663689932928,
  "summary_csf_k": 3.2004971641820186,
  "summary_csf_mad": 85.59673799125014,
  "summary_csf_mean": 162.87108349608988,
  "summary_csf_median": 133.91317227482796,
  "summary_csf_n": 19063.0,
  "summary_csf_p05": 37.3397311270237,
  "summary_csf_p95": 397.76560969650745,
  "summary_csf_stdv": 111.27794614737397,
  "summary_gm_k": 0.15451939201817888,
  "summary_gm_mad": 80.4831666307339,
  "summary_gm_mean": 642.2955508157402,
  "summary_gm_median": 639.5741094648838,
  "summary_gm_n": 29882.0,
  "summary_gm_p05": 507.53542168438435,
  "summary_gm_p95": 784.2843124270439,
  "summary_gm_stdv": 83.39288219674617,
  "summary_wm_k": 2.464978218459004,
  "summary_wm_mad": 71.25650526284589,
  "summary_wm_mean": 1012.5250121431108,
  "summary_wm_median": 1000.0749674141407,
  "summary_wm_n": 207639.0,
  "summary_wm_p05": 899.4526397585869,
  "summary_wm_p95": 1170.2781594991684,
  "summary_wm_stdv": 84.98935775721007,
  "tpm_overlap_csf": 0.15318153644218052,
  "tpm_overlap_gm": 0.45249976959217925,
  "tpm_overlap_wm": 0.48863128424467706,
  "wm2max": 0.21515679442508712
}