{
  "bids_meta": {
    "AcquisitionMatrixPE": 256,
    "AcquisitionNumber": 1,
    "AcquisitionTime": "16:09:3.000000",
    "BodyPartExamined": "HEAD",
    "CoilString": "RM:Nova32ch",
    "ConversionSoftware": "dcm2niix",
    "ConversionSoftwareVersion": "v1.0.20211006",
    "Dcm2bidsVersion": "2.1.6",
    "DeviceSerialNumber": "000000000000MR01",
    "EchoTime": 0.00292,
    "FlipAngle": 8,
    "ImageOrientationPatientDICOM": [
      0,
      1,
      0,
      0,
      0,
      -1
    ],
    "ImageType": [
      "ORIGINAL",
      "PRIMARY",
      "OTHER"
    ],
    "ImagingFrequency": 127.767,
    "InPlanePhaseEncodingDirectionDICOM": "ROW",
    "InstitutionName": "UOFMResearch",
    "InversionTime": 1.06,
    "MRAcquisitionType": "3D",
    "MagneticFieldStrength": 3,
    "Manufacturer": "GE",
    "ManufacturersModelName": "DISCOVERY MR750",
    "Modality": "MR",
    "ParallelReductionFactorInPlane": 2,
    "ParallelReductionOutOfPlane": 2,
    "PatientPosition": "HFS",
    "PercentPhaseFOV": 100,
    "PercentSampling": 100,
    "PixelBandwidth": 244.141,
    "ProtocolName": "AHRB 32ch MB 08/10/17",
    "ReconMatrixPE": 256,
    "RepetitionTime": 0.006952,
    "SAR": 0.207355,
    "ScanOptions": "EDR_GEMS\\PROMO_GEMS\\ACC_GEMS",
    "ScanningSequence": "RM",
    "SequenceVariant": "NONE",
    "SeriesDescription": "t1spgr_208sl",
    "SeriesNumber": 6,
    "SliceThickness": 1,
    "SoftwareVersions": "27\\LX\\MR Software release:DV25.1_R01_1617.b",
    "SpacingBetweenSlices": 1,
    "StationName": "MR01MR01",
    "dataset": "AHRB",
    "modality": "T1w",
    "session_id": "1",
    "subject_id": "106"
  },
  "cjv": 0.49191180976101656,
  "cnr": 2.6305423978849776,
  "efc": 0.5536769348984613,
  "fber": 1793.6494368508193,
  "fwhm_avg": 3.8131566666666665,
  "fwhm_x": 3.76859,
  "fwhm_y": 3.86148,
  "fwhm_z": 3.8094,
  "icvs_csf": 0.2077600908412152,
  "icvs_gm": 0.39308274747480343,
  "icvs_wm": 0.39915716168398135,
  "inu_med": 1.0289291143417358,
  "inu_range": 0.7570859432220457,
  "provenance": {
    "md5sum": "5b81f9299fac5f29d20ba688222ebc28",
    "settings": {
      "testing": false
    },
    "software": "mriqc",
    "version": "23.1.0rc0",
    "warnings": {
      "large_rot_frame": true,
      "small_air_mask": false
    }
  },
  "qi_1": 0.0,
  "qi_2": 0.0008569666711692662,
  "rpve_csf": 24.382855546946793,
  "rpve_gm": 12.877068702992739,
  "rpve_wm": 15.15176324181554,
  "size_x": 208,
  "size_y": 256,
  "size_z": 256,
  "snr_csf": 1.4393356900482137,
  "snr_gm": 7.361772756602537,
  "snr_total": 6.399879746245898,
  "snr_wm": 10.398530792086945,
  "snrd_csf": 7.87649826153693,
  "snrd_gm": 33.300985835385454,
  "snrd_total": 30.755374828302365,
  "snrd_wm": 51.088640387984704,
  "spacing_x": 1.0,
  "spacing_y": 1.0,
  "spacing_z": 1.0,
  "summary_bg_k": 4.005973967024642,
  "summary_bg_mad": 12.824777147731748,
  "summary_bg_mean": 17.60781307415706,
  "summary_bg_median": 8.650180734694004,
  "summary_bg_n": 2920215.0,
  "summary_bg_p05": 0.0,
  "summary_bg_p95": 58.64529311656952,
  "summary_bg_stdv": 20.764247677096225,
  "summary_csf_k": 2.051217375325991,
  "summary_csf_mad": 90.57046008285133,
  "summary_csf_mean": 176.36825673174565,
  "summary_csf_median": 154.1882498189807,
  "summary_csf_n": 38921.0,
  "summary_csf_p05": 44.7659070789814,
  "summary_csf_p95": 389.79571491479874,
  "summary_csf_stdv": 107.12321669471011,
  "summary_gm_k": 0.07340510387692056,
  "summary_gm_mad": 87.02009804760355,
  "summary_gm_mean": 651.1149580807725,
  "summary_gm_median": 651.8913040682673,
  "summary_gm_n": 20287.0,
  "summary_gm_p05": 503.2548086643219,
  "summary_gm_p95": 798.797763325274,
  "summary_gm_stdv": 88.5486768877139,
  "summary_wm_k": 1.6034835255178228,
  "summary_wm_mad": 84.26675606108488,
  "summary_wm_mean": 1012.7516973969381,
  "summary_wm_median": 1000.0977319478989,
  "summary_wm_n": 272787.0,
  "summary_wm_p05": 880.5102050676942,
  "summary_wm_p95": 1191.2813875079155,
  "summary_wm_stdv": 96.17665407080516,
  "tpm_overlap_csf": 0.16337807746315017,
  "tpm_overlap_gm": 0.44498307354868555,
  "tpm_overlap_wm": 0.4972388819885773,
  "wm2max": 0.3751609395790593
}