{
  "bids_meta": {
    "AcquisitionMatrixPE": 256,
    "AcquisitionNumber": 1,
    "AcquisitionTime": "13:37:34.000000",
    "BodyPartExamined": "HEAD",
    "CoilString": "RM:Nova32ch",
    "ConversionSoftware": "dcm2niix",
    "ConversionSoftwareVersion": "v1.0.20211006",
    "Dcm2bidsVersion": "2.1.6",
    "DeviceSerialNumber": "000000000000MR01",
    "EchoTime": 0.00292,
    "FlipAngle": 8,
    "ImageOrientationPatientDICOM": [
      0,
      1,
      0,
      0,
      0,
      -1
    ],
    "ImageType": [
      "ORIGINAL",
      "PRIMARY",
      "OTHER"
    ],
    "ImagingFrequency": 127.767,
    "InPlanePhaseEncodingDirectionDICOM": "ROW",
    "InstitutionName": "UOFMResearch",
    "InversionTime": 1.06,
    "MRAcquisitionType": "3D",
    "MagneticFieldStrength": 3,
    "Manufacturer": "GE",
    "ManufacturersModelName": "DISCOVERY MR750",
    "Modality": "MR",
    "ParallelReductionFactorInPlane": 2,
    "ParallelReductionOutOfPlane": 2,
    "PatientPosition": "HFS",
    "PercentPhaseFOV": 100,
    "PercentSampling": 100,
    "PixelBandwidth": 244.141,
    "ProtocolName": "AHRB 32ch HB 06/06/18",
    "ReconMatrixPE": 256,
    "RepetitionTime": 0.006952,
    "SAR": 0.101004,
    "ScanOptions": "EDR_GEMS\\PROMO_GEMS\\ACC_GEMS\\IR_GEMS",
    "ScanningSequence": "RM",
    "SequenceVariant": "NONE",
    "SeriesDescription": "t1spgr_208sl",
    "SeriesNumber": 6,
    "SliceThickness": 1,
    "SoftwareVersions": "27\\LX\\MR Software release:DV26.0_R02_1810.b",
    "SpacingBetweenSlices": 1,
    "StationName": "MR01MR01",
    "dataset": "AHRB",
    "modality": "T1w",
    "session_id": "2",
    "subject_id": "54"
  },
  "cjv": 0.4246375999147012,
  "cnr": 3.0438029850658417,
  "efc": 0.5451622770819142,
  "fber": 6206.087261204165,
  "fwhm_avg": 3.59899,
  "fwhm_x": 3.49544,
  "fwhm_y": 3.84438,
  "fwhm_z": 3.45715,
  "icvs_csf": 0.17995495713979529,
  "icvs_gm": 0.4309767462161733,
  "icvs_wm": 0.3890682966440314,
  "inu_med": 1.0208179354667664,
  "inu_range": 0.7094138890504836,
  "provenance": {
    "md5sum": "2e1991f6445fe022b065e0254cb94826",
    "settings": {
      "testing": false
    },
    "software": "mriqc",
    "version": "23.1.0rc0",
    "warnings": {
      "large_rot_frame": true,
      "small_air_mask": false
    }
  },
  "qi_1": 0.0,
  "qi_2": 0.0011161210389935955,
  "rpve_csf": 33.99530468152347,
  "rpve_gm": 15.27320431775756,
  "rpve_wm": 19.500079912571326,
  "size_x": 208,
  "size_y": 256,
  "size_z": 256,
  "snr_csf": 1.1204901607215385,
  "snr_gm": 8.379283392539653,
  "snr_total": 7.4716170752072655,
  "snr_wm": 12.915077672360606,
  "snrd_csf": 9.4666888791416,
  "snrd_gm": 41.51358816275961,
  "snrd_total": 37.91007735840761,
  "snrd_wm": 62.749955033321626,
  "spacing_x": 1.0,
  "spacing_y": 1.0,
  "spacing_z": 1.0,
  "summary_bg_k": 7.2696724859201876,
  "summary_bg_mad": 10.440860388762763,
  "summary_bg_mean": 10.130036290622673,
  "summary_bg_median": 7.042253315448761,
  "summary_bg_n": 2446678.0,
  "summary_bg_p05": 0.0,
  "summary_bg_p95": 32.06296509504318,
  "summary_bg_stdv": 11.565448442612135,
  "summary_csf_k": 1.460387377955386,
  "summary_csf_mad": 113.43687728261662,
  "summary_csf_mean": 188.96210201953042,
  "summary_csf_median": 150.86992102861404,
  "summary_csf_n": 15273.0,
  "summary_csf_p05": 36.41259214282036,
  "summary_csf_p95": 453.03229828476896,
  "summary_csf_stdv": 134.6419514696766,
  "summary_gm_k": 0.056398557304718544,
  "summary_gm_mad": 78.06078561245572,
  "summary_gm_mean": 662.5282482546492,
  "summary_gm_median": 661.5989864766598,
  "summary_gm_n": 27307.0,
  "summary_gm_p05": 532.655328270793,
  "summary_gm_p95": 793.2642684638498,
  "summary_gm_stdv": 78.95506587871299,
  "summary_wm_k": 1.8033512285513709,
  "summary_wm_mad": 65.6545867975729,
  "summary_wm_mean": 1011.6746179609925,
  "summary_wm_median": 1000.0413958132267,
  "summary_wm_n": 194076.0,
  "summary_wm_p05": 908.0260712429881,
  "summary_wm_p95": 1157.787870079279,
  "summary_wm_stdv": 77.43188579756809,
  "tpm_overlap_csf": 0.16724137070410883,
  "tpm_overlap_gm": 0.4509742130796219,
  "tpm_overlap_wm": 0.48950197881881846,
  "wm2max": 0.45637084943628514
}