{
  "bids_meta": {
    "AcquisitionMatrixPE": 256,
    "AcquisitionNumber": 1,
    "AcquisitionTime": "16:22:9.000000",
    "BodyPartExamined": "HEAD",
    "CoilString": "RM:Nova32ch",
    "ConversionSoftware": "dcm2niix",
    "ConversionSoftwareVersion": "v1.0.20211006",
    "Dcm2bidsVersion": "2.1.6",
    "DeviceSerialNumber": "000000000000MR01",
    "EchoTime": 0.00292,
    "FlipAngle": 8,
    "ImageOrientationPatientDICOM": [
      0,
      1,
      0,
      0,
      0,
      -1
    ],
    "ImageType": [
      "ORIGINAL",
      "PRIMARY",
      "OTHER"
    ],
    "ImagingFrequency": 127.767,
    "InPlanePhaseEncodingDirectionDICOM": "ROW",
    "InstitutionName": "UOFMResearch",
    "InversionTime": 1.06,
    "MRAcquisitionType": "3D",
    "MagneticFieldStrength": 3,
    "Manufacturer": "GE",
    "ManufacturersModelName": "DISCOVERY MR750",
    "Modality": "MR",
    "ParallelReductionFactorInPlane": 2,
    "ParallelReductionOutOfPlane": 2,
    "PatientPosition": "HFS",
    "PercentPhaseFOV": 100,
    "PercentSampling": 100,
    "PixelBandwidth": 244.141,
    "ProtocolName": "AHRB 32ch MB 08/10/17",
    "ReconMatrixPE": 256,
    "RepetitionTime": 0.006952,
    "SAR": 0.204915,
    "ScanOptions": "EDR_GEMS\\PROMO_GEMS\\ACC_GEMS",
    "ScanningSequence": "RM",
    "SequenceVariant": "NONE",
    "SeriesDescription": "t1spgr_208sl",
    "SeriesNumber": 6,
    "SliceThickness": 1,
    "SoftwareVersions": "27\\LX\\MR Software release:DV25.1_R01_1617.b",
    "SpacingBetweenSlices": 1,
    "StationName": "MR01MR01",
    "dataset": "AHRB",
    "modality": "T1w",
    "session_id": "1",
    "subject_id": "92"
  },
  "cjv": 0.38027706524018506,
  "cnr": 3.380038238040218,
  "efc": 0.5316086724923069,
  "fber": 3395.2202503429357,
  "fwhm_avg": 4.066769999999999,
  "fwhm_x": 4.05973,
  "fwhm_y": 4.1079,
  "fwhm_z": 4.03268,
  "icvs_csf": 0.19550016272001017,
  "icvs_gm": 0.42522056532902053,
  "icvs_wm": 0.37927927195096933,
  "inu_med": 0.9827219247817993,
  "inu_range": 0.8108012914657592,
  "provenance": {
    "md5sum": "1748e2456ba88f9ee93d935fa95c06a9",
    "settings": {
      "testing": false
    },
    "software": "mriqc",
    "version": "23.1.0rc0",
    "warnings": {
      "large_rot_frame": true,
      "small_air_mask": false
    }
  },
  "qi_1": 0.0,
  "qi_2": 0.0008047589304750805,
  "rpve_csf": 30.849712904820148,
  "rpve_gm": 15.042979929884792,
  "rpve_wm": 19.732236759688973,
  "size_x": 208,
  "size_y": 256,
  "size_z": 256,
  "snr_csf": 1.2814670169885807,
  "snr_gm": 8.287849136560535,
  "snr_total": 7.980409511867301,
  "snr_wm": 14.37191238205279,
  "snrd_csf": 7.824271211257578,
  "snrd_gm": 32.97329354955048,
  "snrd_total": 30.67746698178941,
  "snrd_wm": 51.234836184560166,
  "spacing_x": 1.0,
  "spacing_y": 1.0,
  "spacing_z": 1.0,
  "summary_bg_k": 8.04562569062169,
  "summary_bg_mad": 12.787668053090284,
  "summary_bg_mean": 12.462862889592005,
  "summary_bg_median": 8.62515103071928,
  "summary_bg_n": 2015020.0,
  "summary_bg_p05": 0.0,
  "summary_bg_p95": 41.22822192683816,
  "summary_bg_stdv": 15.777063109270903,
  "summary_csf_k": 1.4143323574370914,
  "summary_csf_mad": 100.2979430964048,
  "summary_csf_mean": 181.0610220278787,
  "summary_csf_median": 152.72267425060272,
  "summary_csf_n": 20018.0,
  "summary_csf_p05": 36.68564238399267,
  "summary_csf_p95": 419.88097732644513,
  "summary_csf_stdv": 119.1750217092294,
  "summary_gm_k": 0.1523693159038837,
  "summary_gm_mad": 76.04399935571023,
  "summary_gm_mean": 643.2771792007,
  "summary_gm_median": 643.6087699122727,
  "summary_gm_n": 23167.0,
  "summary_gm_p05": 514.6512618016452,
  "summary_gm_p95": 769.3462216380984,
  "summary_gm_stdv": 77.65523581822458,
  "summary_wm_k": 2.128860107624079,
  "summary_wm_mad": 59.50528200704679,
  "summary_wm_mean": 1007.2280969190673,
  "summary_wm_median": 1000.0575115084648,
  "summary_wm_n": 190872.0,
  "summary_wm_p05": 908.5159085690975,
  "summary_wm_p95": 1129.0897709280252,
  "summary_wm_stdv": 69.58398195125764,
  "tpm_overlap_csf": 0.16669018682463257,
  "tpm_overlap_gm": 0.4654057108939509,
  "tpm_overlap_wm": 0.5001905430091949,
  "wm2max": 0.289503549601989
}