{
  "aor": 0.0015478132678132678,
  "aqi": 0.0070444422113022116,
  "bids_meta": {
    "AcquisitionMatrixPE": 90,
    "AcquisitionNumber": 1,
    "AcquisitionTime": "17:00:45.000000",
    "BodyPartExamined": "BRAIN",
    "CoilString": "RM:Nova32ch",
    "ConversionSoftware": "dcm2niix",
    "ConversionSoftwareVersion": "v1.0.20211006",
    "Dcm2bidsVersion": "2.1.6",
    "DeviceSerialNumber": "000000000000MR01",
    "EchoTime": 0.03,
    "EffectiveEchoSpacing": 0.000568494,
    "FlipAngle": 52,
    "ImageOrientationPatientDICOM": [
      1,
      0,
      0,
      0,
      1,
      0
    ],
    "ImageType": [
      "ORIGINAL",
      "PRIMARY",
      "OTHER"
    ],
    "ImagingFrequency": 127.767,
    "InPlanePhaseEncodingDirectionDICOM": "COL",
    "InstitutionName": "UOFMResearch",
    "InternalPulseSequenceName": "EPI",
    "MRAcquisitionType": "2D",
    "MagneticFieldStrength": 3,
    "Manufacturer": "GE",
    "ManufacturersModelName": "DISCOVERY MR750",
    "Modality": "MR",
    "MultibandAccelerationFactor": 6,
    "PatientPosition": "HFS",
    "PercentPhaseFOV": 100,
    "PercentSampling": 100,
    "PhaseEncodingDirection": "j",
    "PhaseEncodingPolarityGE": "Flipped",
    "PixelBandwidth": 5555.56,
    "ProtocolName": "AHRB 32ch HB 06/06/18",
    "PulseSequenceName": "epi",
    "PulseSequenceType": "Multiband gradient echo EPI",
    "ReconMatrixPE": 90,
    "RepetitionTime": 0.8,
    "SAR": 0.126868,
    "ScanOptions": "SAT_GEMS\\EDR_GEMS\\MP_GEMS\\EPI_GEMS\\HYPERBAND_GEMS\\PFF\\FS",
    "ScanningSequence": "EP\\RM",
    "SequenceVariant": "NONE",
    "SeriesDescription": "func_mid",
    "SeriesNumber": 9,
    "SliceThickness": 2.4,
    "SliceTiming": [
      0,
      0.436364,
      0.0727273,
      0.509091,
      0.145455,
      0.581818,
      0.218182,
      0.654545,
      0.290909,
      0.727273,
      0.363636,
      0,
      0.436364,
      0.0727273,
      0.509091,
      0.145455,
      0.581818,
      0.218182,
      0.654545,
      0.290909,
      0.727273,
      0.363636,
      0,
      0.436364,
      0.0727273,
      0.509091,
      0.145455,
      0.581818,
      0.218182,
      0.654545,
      0.290909,
      0.727273,
      0.363636,
      0,
      0.436364,
      0.0727273,
      0.509091,
      0.145455,
      0.581818,
      0.218182,
      0.654545,
      0.290909,
      0.727273,
      0.363636,
      0,
      0.436364,
      0.0727273,
      0.509091,
      0.145455,
      0.581818,
      0.218182,
      0.654545,
      0.290909,
      0.727273,
      0.363636,
      0,
      0.436364,
      0.0727273,
      0.509091,
      0.145455
    ],
    "SoftwareVersions": "27\\LX\\MR Software release:DV26.0_R02_1810.b",
    "SpacingBetweenSlices": 2.4,
    "StationName": "MR01MR01",
    "TaskName": "func_mid",
    "TotalReadoutTime": 0.04824,
    "TriggerDelayTime": 787,
    "dataset": "AHRB",
    "modality": "bold",
    "run_id": 2,
    "session_id": "2",
    "subject_id": "108",
    "task_id": "mid"
  },
  "dummy_trs": 0,
  "dvars_nstd": 32.33556099603447,
  "dvars_std": 1.052833070985222,
  "dvars_vstd": 0.991512331921183,
  "efc": 0.4324216214404893,
  "fber": 15623.9384765625,
  "fd_mean": 0.14796292952172793,
  "fd_num": 67,
  "fd_perc": 16.461916461916463,
  "fwhm_avg": 2.6193591054025944,
  "fwhm_x": 2.67282072712498,
  "fwhm_y": 2.5393623990948044,
  "fwhm_z": 2.6458941899879993,
  "gcor": 0.00850958,
  "gsr_x": 0.0001318492868449539,
  "gsr_y": 0.02909480407834053,
  "provenance": {
    "md5sum": "fba1d173be56bc679b9e9207825baf8c",
    "settings": {
      "fd_thres": 0.2,
      "testing": false
    },
    "software": "mriqc",
    "version": "23.1.0rc0"
  },
  "size_t": 407,
  "size_x": 90,
  "size_y": 90,
  "size_z": 60,
  "snr": 2.619812712993352,
  "spacing_tr": 0.800000011920929,
  "spacing_x": 2.4000000953674316,
  "spacing_y": 2.4000000953674316,
  "spacing_z": 2.3999977111816406,
  "summary_bg_k": 54.47507140983427,
  "summary_bg_mad": 12.327089800181776,
  "summary_bg_mean": 44.8550910949707,
  "summary_bg_median": 8.43488883972168,
  "summary_bg_n": 341777.0,
  "summary_bg_p05": 0.0,
  "summary_bg_p95": 243.7832916259767,
  "summary_bg_stdv": 110.83987426757812,
  "summary_fg_k": 3.0635807828447614,
  "summary_fg_mad": 330.2797323824288,
  "summary_fg_mean": 1118.3231201171875,
  "summary_fg_median": 1033.95947265625,
  "summary_fg_n": 72322.0,
  "summary_fg_p05": 641.8158569335938,
  "summary_fg_p95": 1869.3152832031249,
  "summary_fg_stdv": 394.66650390625,
  "tsnr": 38.21539244824089
}