{
  "aor": 0.0010699017199017199,
  "aqi": 0.01113283742014742,
  "bids_meta": {
    "AcquisitionMatrixPE": 90,
    "AcquisitionNumber": 1,
    "AcquisitionTime": "10:39:36.000000",
    "BodyPartExamined": "BRAIN",
    "CoilString": "RM:Nova32ch",
    "ConversionSoftware": "dcm2niix",
    "ConversionSoftwareVersion": "v1.0.20211006",
    "Dcm2bidsVersion": "2.1.6",
    "DeviceSerialNumber": "000000000000MR01",
    "EchoTime": 0.03,
    "EffectiveEchoSpacing": 0.000568494,
    "FlipAngle": 52,
    "ImageOrientationPatientDICOM": [
      1,
      0,
      0,
      0,
      1,
      0
    ],
    "ImageType": [
      "ORIGINAL",
      "PRIMARY",
      "OTHER"
    ],
    "ImagingFrequency": 127.767,
    "InPlanePhaseEncodingDirectionDICOM": "COL",
    "InstitutionName": "UOFMResearch",
    "InternalPulseSequenceName": "EPI",
    "MRAcquisitionType": "2D",
    "MagneticFieldStrength": 3,
    "Manufacturer": "GE",
    "ManufacturersModelName": "DISCOVERY MR750",
    "Modality": "MR",
    "MultibandAccelerationFactor": 6,
    "PatientPosition": "HFS",
    "PercentPhaseFOV": 100,
    "PercentSampling": 100,
    "PhaseEncodingDirection": "j",
    "PhaseEncodingPolarityGE": "Flipped",
    "PixelBandwidth": 5555.56,
    "ProtocolName": "AHRB 32ch HB 06/06/18",
    "PulseSequenceName": "epi",
    "PulseSequenceType": "Multiband gradient echo EPI",
    "ReconMatrixPE": 90,
    "RepetitionTime": 0.8,
    "SAR": 0.131313,
    "ScanOptions": "SAT_GEMS\\EDR_GEMS\\MP_GEMS\\EPI_GEMS\\HYPERBAND_GEMS\\PFF\\FS",
    "ScanningSequence": "EP\\RM",
    "SequenceVariant": "NONE",
    "SeriesDescription": "func_mid",
    "SeriesNumber": 8,
    "SliceThickness": 2.4,
    "SliceTiming": [
      0,
      0.436364,
      0.0727273,
      0.509091,
      0.145455,
      0.581818,
      0.218182,
      0.654545,
      0.290909,
      0.727273,
      0.363636,
      0,
      0.436364,
      0.0727273,
      0.509091,
      0.145455,
      0.581818,
      0.218182,
      0.654545,
      0.290909,
      0.727273,
      0.363636,
      0,
      0.436364,
      0.0727273,
      0.509091,
      0.145455,
      0.581818,
      0.218182,
      0.654545,
      0.290909,
      0.727273,
      0.363636,
      0,
      0.436364,
      0.0727273,
      0.509091,
      0.145455,
      0.581818,
      0.218182,
      0.654545,
      0.290909,
      0.727273,
      0.363636,
      0,
      0.436364,
      0.0727273,
      0.509091,
      0.145455,
      0.581818,
      0.218182,
      0.654545,
      0.290909,
      0.727273,
      0.363636,
      0,
      0.436364,
      0.0727273,
      0.509091,
      0.145455
    ],
    "SoftwareVersions": "27\\LX\\MR Software release:DV26.0_R02_1810.b",
    "SpacingBetweenSlices": 2.4,
    "StationName": "MR01MR01",
    "TaskName": "func_mid",
    "TotalReadoutTime": 0.04824,
    "TriggerDelayTime": 787,
    "dataset": "AHRB",
    "modality": "bold",
    "run_id": 1,
    "session_id": "2",
    "subject_id": "90",
    "task_id": "mid"
  },
  "dummy_trs": 0,
  "dvars_nstd": 31.485476484359612,
  "dvars_std": 1.0084328931773403,
  "dvars_vstd": 0.9485800398522156,
  "efc": 0.44520720240388406,
  "fber": 6447.923828125,
  "fd_mean": 0.18060244082467927,
  "fd_num": 122,
  "fd_perc": 29.975429975429975,
  "fwhm_avg": 2.5844094425313435,
  "fwhm_x": 2.586108230570625,
  "fwhm_y": 2.4945749008744995,
  "fwhm_z": 2.672545196148905,
  "gcor": 0.0189787,
  "gsr_x": -0.0012301427777856588,
  "gsr_y": 0.01759735494852066,
  "provenance": {
    "md5sum": "7b8211e7eea15d6577979118fa42fc43",
    "settings": {
      "fd_thres": 0.2,
      "testing": false
    },
    "software": "mriqc",
    "version": "23.1.0rc0"
  },
  "size_t": 407,
  "size_x": 90,
  "size_y": 90,
  "size_z": 60,
  "snr": 2.8452929368160005,
  "spacing_tr": 0.800000011920929,
  "spacing_x": 2.4000000953674316,
  "spacing_y": 2.4000000953674316,
  "spacing_z": 2.40000057220459,
  "summary_bg_k": 85.45261726354836,
  "summary_bg_mad": 18.170073227096726,
  "summary_bg_mean": 42.164581298828125,
  "summary_bg_median": 12.695331573486328,
  "summary_bg_n": 337956.0,
  "summary_bg_p05": 0.051597051322460175,
  "summary_bg_p95": 173.07738876342773,
  "summary_bg_stdv": 97.92097473144531,
  "summary_fg_k": 2.656461672534209,
  "summary_fg_mad": 308.4322982931128,
  "summary_fg_mean": 1052.6864013671875,
  "summary_fg_median": 987.5503540039062,
  "summary_fg_n": 76353.0,
  "summary_fg_p05": 614.0353759765625,
  "summary_fg_p95": 1687.1060791015625,
  "summary_fg_stdv": 347.0798645019531,
  "tsnr": 31.929511246737093
}