{
  "bids_meta": {
    "AcquisitionMatrixPE": 256,
    "AcquisitionNumber": 1,
    "AcquisitionTime": "16:15:26.000000",
    "BodyPartExamined": "HEAD",
    "CoilString": "RM:Nova32ch",
    "ConversionSoftware": "dcm2niix",
    "ConversionSoftwareVersion": "v1.0.20211006",
    "Dcm2bidsVersion": "2.1.6",
    "DeviceSerialNumber": "000000000000MR01",
    "EchoTime": 0.00292,
    "FlipAngle": 8,
    "ImageOrientationPatientDICOM": [
      0,
      1,
      0,
      0,
      0,
      -1
    ],
    "ImageType": [
      "ORIGINAL",
      "PRIMARY",
      "OTHER"
    ],
    "ImagingFrequency": 127.767,
    "InPlanePhaseEncodingDirectionDICOM": "ROW",
    "InstitutionName": "UOFMResearch",
    "InversionTime": 1.06,
    "MRAcquisitionType": "3D",
    "MagneticFieldStrength": 3,
    "Manufacturer": "GE",
    "ManufacturersModelName": "DISCOVERY MR750",
    "Modality": "MR",
    "ParallelReductionFactorInPlane": 2,
    "ParallelReductionOutOfPlane": 2,
    "PatientPosition": "HFS",
    "PercentPhaseFOV": 100,
    "PercentSampling": 100,
    "PixelBandwidth": 244.141,
    "ProtocolName": "AHRB 32ch MB 08/10/17",
    "ReconMatrixPE": 256,
    "RepetitionTime": 0.006952,
    "SAR": 0.217665,
    "ScanOptions": "EDR_GEMS\\PROMO_GEMS\\ACC_GEMS",
    "ScanningSequence": "RM",
    "SequenceVariant": "NONE",
    "SeriesDescription": "t1spgr_208sl",
    "SeriesNumber": 6,
    "SliceThickness": 1,
    "SoftwareVersions": "27\\LX\\MR Software release:DV25.1_R01_1617.b",
    "SpacingBetweenSlices": 1,
    "StationName": "MR01MR01",
    "dataset": "AHRB",
    "modality": "T1w",
    "session_id": "1",
    "subject_id": "98"
  },
  "cjv": 0.38136299840173,
  "cnr": 3.3950220706989866,
  "efc": 0.5036486521238362,
  "fber": 4357.113995264292,
  "fwhm_avg": 3.45469,
  "fwhm_x": 3.36226,
  "fwhm_y": 3.61733,
  "fwhm_z": 3.38448,
  "icvs_csf": 0.20085982407407918,
  "icvs_gm": 0.4384925909815381,
  "icvs_wm": 0.3606475849443827,
  "inu_med": 0.9929530322551727,
  "inu_range": 0.5549821883440017,
  "provenance": {
    "md5sum": "7b66df58364bb5b20eb86253e8f978fb",
    "settings": {
      "testing": false
    },
    "software": "mriqc",
    "version": "23.1.0rc0",
    "warnings": {
      "large_rot_frame": true,
      "small_air_mask": false
    }
  },
  "qi_1": 0.0,
  "qi_2": 0.000996299807521293,
  "rpve_csf": 30.372447516090286,
  "rpve_gm": 14.487313254593458,
  "rpve_wm": 19.737590275399178,
  "size_x": 208,
  "size_y": 256,
  "size_z": 256,
  "snr_csf": 1.1024809882057443,
  "snr_gm": 7.853910658631828,
  "snr_total": 7.335460026715481,
  "snr_wm": 13.049988433308869,
  "snrd_csf": 5.76818701182558,
  "snrd_gm": 29.43586017693951,
  "snrd_total": 27.513131172997646,
  "snrd_wm": 47.33534633022785,
  "spacing_x": 1.0,
  "spacing_y": 1.0,
  "spacing_z": 1.0,
  "summary_bg_k": 75.00216057995213,
  "summary_bg_mad": 13.841581673099146,
  "summary_bg_mean": 12.49934283107554,
  "summary_bg_median": 9.336004965007305,
  "summary_bg_n": 3529043.0,
  "summary_bg_p05": 0.0,
  "summary_bg_p95": 37.708351761102676,
  "summary_bg_stdv": 16.280455563429946,
  "summary_csf_k": 1.7399685448022053,
  "summary_csf_mad": 80.58501330167722,
  "summary_csf_mean": 152.42724685538045,
  "summary_csf_median": 121.86902090907097,
  "summary_csf_n": 26370.0,
  "summary_csf_p05": 28.37234679609537,
  "summary_csf_p95": 388.35731287486846,
  "summary_csf_stdv": 110.53860469217557,
  "summary_gm_k": 0.14292185628145182,
  "summary_gm_mad": 77.85045692235764,
  "summary_gm_mean": 621.8631507629005,
  "summary_gm_median": 621.9145551323891,
  "summary_gm_n": 24049.0,
  "summary_gm_p05": 492.7133547142148,
  "summary_gm_p95": 751.9172857329248,
  "summary_gm_stdv": 79.18368974063951,
  "summary_wm_k": 1.4321620436762563,
  "summary_wm_mad": 66.37207212027542,
  "summary_wm_mean": 1004.0395401860085,
  "summary_wm_median": 1000.0910684466362,
  "summary_wm_n": 173805.0,
  "summary_wm_p05": 887.7402184531093,
  "summary_wm_p95": 1135.2582037448883,
  "summary_wm_stdv": 76.63517837614921,
  "tpm_overlap_csf": 0.14771816056219644,
  "tpm_overlap_gm": 0.45214678617894605,
  "tpm_overlap_wm": 0.47156131058258477,
  "wm2max": 0.3763496143958869
}