{
  "aor": 0.0017605651105651106,
  "aqi": 0.008847497911547911,
  "bids_meta": {
    "AcquisitionMatrixPE": 90,
    "AcquisitionNumber": 1,
    "AcquisitionTime": "17:09:8.000000",
    "BodyPartExamined": "BRAIN",
    "CoilString": "RM:Nova32ch",
    "ConversionSoftware": "dcm2niix",
    "ConversionSoftwareVersion": "v1.0.20211006",
    "Dcm2bidsVersion": "2.1.6",
    "DeviceSerialNumber": "000000000000MR01",
    "EchoTime": 0.03,
    "EffectiveEchoSpacing": 0.000568494,
    "FlipAngle": 52,
    "ImageOrientationPatientDICOM": [
      1,
      0,
      0,
      0,
      1,
      0
    ],
    "ImageType": [
      "ORIGINAL",
      "PRIMARY",
      "OTHER"
    ],
    "ImagingFrequency": 127.767,
    "InPlanePhaseEncodingDirectionDICOM": "COL",
    "InstitutionName": "UOFMResearch",
    "InternalPulseSequenceName": "EPI",
    "MRAcquisitionType": "2D",
    "MagneticFieldStrength": 3,
    "Manufacturer": "GE",
    "ManufacturersModelName": "DISCOVERY MR750",
    "Modality": "MR",
    "MultibandAccelerationFactor": 6,
    "PatientPosition": "HFS",
    "PercentPhaseFOV": 100,
    "PercentSampling": 100,
    "PhaseEncodingDirection": "j",
    "PhaseEncodingPolarityGE": "Flipped",
    "PixelBandwidth": 5555.56,
    "ProtocolName": "AHRB 32ch HB 06/06/18",
    "PulseSequenceName": "epi",
    "PulseSequenceType": "Multiband gradient echo EPI",
    "ReconMatrixPE": 90,
    "RepetitionTime": 0.8,
    "SAR": 0.104457,
    "ScanOptions": "SAT_GEMS\\EDR_GEMS\\MP_GEMS\\EPI_GEMS\\HYPERBAND_GEMS\\PFF\\FS",
    "ScanningSequence": "EP\\RM",
    "SequenceVariant": "NONE",
    "SeriesDescription": "func_mid",
    "SeriesNumber": 8,
    "SliceThickness": 2.4,
    "SliceTiming": [
      0,
      0.436364,
      0.0727273,
      0.509091,
      0.145455,
      0.581818,
      0.218182,
      0.654545,
      0.290909,
      0.727273,
      0.363636,
      0,
      0.436364,
      0.0727273,
      0.509091,
      0.145455,
      0.581818,
      0.218182,
      0.654545,
      0.290909,
      0.727273,
      0.363636,
      0,
      0.436364,
      0.0727273,
      0.509091,
      0.145455,
      0.581818,
      0.218182,
      0.654545,
      0.290909,
      0.727273,
      0.363636,
      0,
      0.436364,
      0.0727273,
      0.509091,
      0.145455,
      0.581818,
      0.218182,
      0.654545,
      0.290909,
      0.727273,
      0.363636,
      0,
      0.436364,
      0.0727273,
      0.509091,
      0.145455,
      0.581818,
      0.218182,
      0.654545,
      0.290909,
      0.727273,
      0.363636,
      0,
      0.436364,
      0.0727273,
      0.509091,
      0.145455
    ],
    "SoftwareVersions": "27\\LX\\MR Software release:DV26.0_R02_1810.b",
    "SpacingBetweenSlices": 2.4,
    "StationName": "MR01MR01",
    "TaskName": "func_mid",
    "TotalReadoutTime": 0.04824,
    "TriggerDelayTime": 787,
    "dataset": "AHRB",
    "modality": "bold",
    "run_id": 1,
    "session_id": "1",
    "subject_id": "96",
    "task_id": "mid"
  },
  "dummy_trs": 0,
  "dvars_nstd": 31.176917869950735,
  "dvars_std": 1.0342234178571428,
  "dvars_vstd": 0.9935499316009857,
  "efc": 0.4261033706770301,
  "fber": 10581.69140625,
  "fd_mean": 0.12708714724123005,
  "fd_num": 63,
  "fd_perc": 15.47911547911548,
  "fwhm_avg": 2.3689494123137718,
  "fwhm_x": 2.3783332388268614,
  "fwhm_y": 2.244383244149556,
  "fwhm_z": 2.4841317539648986,
  "gcor": 0.00962057,
  "gsr_x": 0.003915773238986731,
  "gsr_y": 0.020243221893906593,
  "provenance": {
    "md5sum": "1890777af84608785861df7a0a81335f",
    "settings": {
      "fd_thres": 0.2,
      "testing": false
    },
    "software": "mriqc",
    "version": "23.1.0rc0"
  },
  "size_t": 407,
  "size_x": 90,
  "size_y": 90,
  "size_z": 60,
  "snr": 3.168685657446472,
  "spacing_tr": 0.800000011920929,
  "spacing_x": 2.4000000953674316,
  "spacing_y": 2.4000000953674316,
  "spacing_z": 2.4000015258789062,
  "summary_bg_k": 291.97130601707914,
  "summary_bg_mad": 12.29794833059504,
  "summary_bg_mean": 29.590160369873047,
  "summary_bg_median": 8.425061225891113,
  "summary_bg_n": 344578.0,
  "summary_bg_p05": 0.0,
  "summary_bg_p95": 119.60233535766594,
  "summary_bg_stdv": 82.74564361572266,
  "summary_fg_k": 2.510541328200185,
  "summary_fg_mad": 223.01508165990782,
  "summary_fg_mean": 886.80810546875,
  "summary_fg_median": 835.9557495117188,
  "summary_fg_n": 71564.0,
  "summary_fg_p05": 554.9695526123047,
  "summary_fg_p95": 1383.9844970703125,
  "summary_fg_stdv": 263.81597900390625,
  "tsnr": 38.74630175670609
}