{
  "bids_meta": {
    "AcquisitionMatrixPE": 256,
    "AcquisitionNumber": 1,
    "AcquisitionTime": "12:23:36.000000",
    "BodyPartExamined": "HEAD",
    "CoilString": "RM:Nova32ch",
    "ConversionSoftware": "dcm2niix",
    "ConversionSoftwareVersion": "v1.0.20211006",
    "Dcm2bidsVersion": "2.1.6",
    "DeviceSerialNumber": "000000000000MR01",
    "EchoTime": 0.00292,
    "FlipAngle": 8,
    "ImageOrientationPatientDICOM": [
      0,
      1,
      0,
      0,
      0,
      -1
    ],
    "ImageType": [
      "ORIGINAL",
      "PRIMARY",
      "OTHER"
    ],
    "ImagingFrequency": 127.767,
    "InPlanePhaseEncodingDirectionDICOM": "ROW",
    "InstitutionName": "UOFMResearch",
    "InversionTime": 1.06,
    "MRAcquisitionType": "3D",
    "MagneticFieldStrength": 3,
    "Manufacturer": "GE",
    "ManufacturersModelName": "DISCOVERY MR750",
    "Modality": "MR",
    "ParallelReductionFactorInPlane": 2,
    "ParallelReductionOutOfPlane": 2,
    "PatientPosition": "HFS",
    "PercentPhaseFOV": 100,
    "PercentSampling": 100,
    "PixelBandwidth": 244.141,
    "ProtocolName": "AHRB 32ch HB 06/06/18",
    "ReconMatrixPE": 256,
    "RepetitionTime": 0.006952,
    "SAR": 0.0958766,
    "ScanOptions": "EDR_GEMS\\PROMO_GEMS\\ACC_GEMS\\IR_GEMS",
    "ScanningSequence": "RM",
    "SequenceVariant": "NONE",
    "SeriesDescription": "t1spgr_208sl",
    "SeriesNumber": 6,
    "SliceThickness": 1,
    "SoftwareVersions": "27\\LX\\MR Software release:DV26.0_R02_1810.b",
    "SpacingBetweenSlices": 1,
    "StationName": "MR01MR01",
    "dataset": "AHRB",
    "modality": "T1w",
    "session_id": "2",
    "subject_id": "92"
  },
  "cjv": 0.384885762182078,
  "cnr": 3.360595959012152,
  "efc": 0.5049527537969399,
  "fber": 3660.505278712457,
  "fwhm_avg": 3.998096666666667,
  "fwhm_x": 4.00022,
  "fwhm_y": 4.06752,
  "fwhm_z": 3.92655,
  "icvs_csf": 0.195097706710626,
  "icvs_gm": 0.4240630838664292,
  "icvs_wm": 0.38083920942294475,
  "inu_med": 0.9848738610744476,
  "inu_range": 0.7455230444669723,
  "provenance": {
    "md5sum": "3b62ed74cf0880f493cb37cd4039f6a0",
    "settings": {
      "testing": false
    },
    "software": "mriqc",
    "version": "23.1.0rc0",
    "warnings": {
      "large_rot_frame": true,
      "small_air_mask": false
    }
  },
  "qi_1": 0.0,
  "qi_2": 0.001107945572857681,
  "rpve_csf": 31.03824096159178,
  "rpve_gm": 15.101391384721689,
  "rpve_wm": 19.65898889693494,
  "size_x": 208,
  "size_y": 256,
  "size_z": 256,
  "snr_csf": 1.2473249507960371,
  "snr_gm": 8.381958597530359,
  "snr_total": 8.123888037429275,
  "snr_wm": 14.742380563961431,
  "snrd_csf": 6.621227789216826,
  "snrd_gm": 29.92879128875868,
  "snrd_total": 27.557275732898656,
  "snrd_wm": 46.12180812072046,
  "spacing_x": 1.0,
  "spacing_y": 1.0,
  "spacing_z": 1.0,
  "summary_bg_k": 7.014654538314897,
  "summary_bg_mad": 14.205202014834194,
  "summary_bg_mean": 14.134190771440725,
  "summary_bg_median": 9.581263158470392,
  "summary_bg_n": 3307663.0,
  "summary_bg_p05": 0.0,
  "summary_bg_p95": 49.07228961586952,
  "summary_bg_stdv": 17.90017531704756,
  "summary_csf_k": 2.134126576047885,
  "summary_csf_mad": 92.82235179005413,
  "summary_csf_mean": 172.91284132202352,
  "summary_csf_median": 143.56686383485794,
  "summary_csf_n": 22468.0,
  "summary_csf_p05": 40.928215931169696,
  "summary_csf_p95": 407.4267400968813,
  "summary_csf_stdv": 115.09724774530459,
  "summary_gm_k": 0.11289647362091149,
  "summary_gm_mad": 75.91139701048961,
  "summary_gm_mean": 649.2682741827294,
  "summary_gm_median": 648.9404745586216,
  "summary_gm_n": 23888.0,
  "summary_gm_p05": 521.6135983048007,
  "summary_gm_p95": 777.7881862344219,
  "summary_gm_stdv": 77.41948184129687,
  "summary_wm_k": 1.7404522934525577,
  "summary_wm_mad": 59.225921627985954,
  "summary_wm_mean": 1006.6706537258282,
  "summary_wm_median": 1000.0506789796054,
  "summary_wm_n": 196242.0,
  "summary_wm_p05": 908.9526372030377,
  "summary_wm_p95": 1127.1418257430196,
  "summary_wm_stdv": 67.83491489952078,
  "tpm_overlap_csf": 0.16274090673218608,
  "tpm_overlap_gm": 0.46328538326113033,
  "tpm_overlap_wm": 0.4976671516429225,
  "wm2max": 0.32204717982205533
}