{
  "aor": 0.001321283950617284,
  "aqi": 0.006728189999999999,
  "bids_meta": {
    "AcquisitionMatrixPE": 90,
    "AcquisitionNumber": 1,
    "AcquisitionTime": "16:08:48.000000",
    "BodyPartExamined": "BRAIN",
    "CoilString": "RM:Nova32ch",
    "ConversionSoftware": "dcm2niix",
    "ConversionSoftwareVersion": "v1.0.20211006",
    "Dcm2bidsVersion": "2.1.6",
    "DeviceSerialNumber": "000000000000MR01",
    "EchoTime": 0.03,
    "EffectiveEchoSpacing": 0.000568494,
    "FlipAngle": 52,
    "ImageOrientationPatientDICOM": [
      1,
      0,
      0,
      0,
      1,
      0
    ],
    "ImageType": [
      "ORIGINAL",
      "PRIMARY",
      "OTHER"
    ],
    "ImagingFrequency": 127.767,
    "InPlanePhaseEncodingDirectionDICOM": "COL",
    "InstitutionName": "UOFMResearch",
    "InternalPulseSequenceName": "EPI",
    "MRAcquisitionType": "2D",
    "MagneticFieldStrength": 3,
    "Manufacturer": "GE",
    "ManufacturersModelName": "DISCOVERY MR750",
    "Modality": "MR",
    "MultibandAccelerationFactor": 6,
    "PatientPosition": "HFS",
    "PercentPhaseFOV": 100,
    "PercentSampling": 100,
    "PhaseEncodingDirection": "j",
    "PhaseEncodingPolarityGE": "Flipped",
    "PixelBandwidth": 5555.56,
    "ProtocolName": "AHRB 32ch HB 06/06/18",
    "PulseSequenceName": "epi",
    "PulseSequenceType": "Multiband gradient echo EPI",
    "ReconMatrixPE": 90,
    "RepetitionTime": 0.8,
    "SAR": 0.141431,
    "ScanOptions": "SAT_GEMS\\EDR_GEMS\\MP_GEMS\\EPI_GEMS\\HYPERBAND_GEMS\\PFF\\FS",
    "ScanningSequence": "EP\\RM",
    "SequenceVariant": "NONE",
    "SeriesDescription": "func_mid",
    "SeriesNumber": 8,
    "SliceThickness": 2.4,
    "SliceTiming": [
      0,
      0.436364,
      0.0727273,
      0.509091,
      0.145455,
      0.581818,
      0.218182,
      0.654545,
      0.290909,
      0.727273,
      0.363636,
      0,
      0.436364,
      0.0727273,
      0.509091,
      0.145455,
      0.581818,
      0.218182,
      0.654545,
      0.290909,
      0.727273,
      0.363636,
      0,
      0.436364,
      0.0727273,
      0.509091,
      0.145455,
      0.581818,
      0.218182,
      0.654545,
      0.290909,
      0.727273,
      0.363636,
      0,
      0.436364,
      0.0727273,
      0.509091,
      0.145455,
      0.581818,
      0.218182,
      0.654545,
      0.290909,
      0.727273,
      0.363636,
      0,
      0.436364,
      0.0727273,
      0.509091,
      0.145455,
      0.581818,
      0.218182,
      0.654545,
      0.290909,
      0.727273,
      0.363636,
      0,
      0.436364,
      0.0727273,
      0.509091,
      0.145455
    ],
    "SoftwareVersions": "27\\LX\\MR Software release:DV26.0_R02_1810.b",
    "SpacingBetweenSlices": 2.4,
    "StationName": "MR01MR01",
    "TaskName": "func_mid",
    "TotalReadoutTime": 0.04824,
    "TriggerDelayTime": 787,
    "dataset": "AHRB",
    "modality": "bold",
    "run_id": 1,
    "session_id": "2",
    "subject_id": "100",
    "task_id": "mid"
  },
  "dummy_trs": 2,
  "dvars_nstd": 31.540319867970297,
  "dvars_std": 1.0630324187376228,
  "dvars_vstd": 1.0016224834900986,
  "efc": 0.47329319053322777,
  "fber": 2550.886962890625,
  "fd_mean": 0.10201332238247521,
  "fd_num": 9,
  "fd_perc": 2.2222222222222223,
  "fwhm_avg": 2.643817423114817,
  "fwhm_x": 2.6243332290517,
  "fwhm_y": 2.6527040612576775,
  "fwhm_z": 2.6544149790350726,
  "gcor": 0.0161599,
  "gsr_x": 0.016085265204310417,
  "gsr_y": 0.03488367795944214,
  "provenance": {
    "md5sum": "10c40005142ccf523f565c4a8471775f",
    "settings": {
      "fd_thres": 0.2,
      "testing": false
    },
    "software": "mriqc",
    "version": "23.1.0rc0"
  },
  "size_t": 405,
  "size_x": 90,
  "size_y": 90,
  "size_z": 60,
  "snr": 2.7019644976113173,
  "spacing_tr": 0.800000011920929,
  "spacing_x": 2.4000000953674316,
  "spacing_y": 2.4000000953674316,
  "spacing_z": 2.4000015258789062,
  "summary_bg_k": 131.64638176578148,
  "summary_bg_mad": 28.268284856344856,
  "summary_bg_mean": 62.34613037109375,
  "summary_bg_median": 20.229631423950195,
  "summary_bg_n": 330631.0,
  "summary_bg_p05": 0.034567903727293015,
  "summary_bg_p95": 268.71730041503906,
  "summary_bg_stdv": 128.80091857910156,
  "summary_fg_k": 2.9667129641748993,
  "summary_fg_mad": 344.05167180733696,
  "summary_fg_mean": 1104.6910400390625,
  "summary_fg_median": 1032.7259521484375,
  "summary_fg_n": 75877.0,
  "summary_fg_p05": 636.6553588867188,
  "summary_fg_p95": 1811.6154296875,
  "summary_fg_stdv": 382.2104797363281,
  "tsnr": 39.19006924505811
}