{
  "aor": 0.0006201719901719903,
  "aqi": 0.005857943071253071,
  "bids_meta": {
    "AcquisitionMatrixPE": 90,
    "BodyPartExamined": "BRAIN",
    "DeviceSerialNumber": "000000000000MR01",
    "EchoTime": 0.03,
    "EffectiveEchoSpacing": 0.000536,
    "FlipAngle": 52,
    "ImageType": [
      "ORIGINAL",
      "PRIMARY",
      "OTHER"
    ],
    "ImagingFrequency": "1277674450",
    "InPlanePhaseEncodingDirectionDICOM": "COL",
    "InstitutionName": "UOFMResearch",
    "MagneticFieldStrength": 3,
    "Manufacturer": "GE",
    "ManufacturersModelName": "DISCOVERY_MR750",
    "Modality": "MR",
    "MultibandAccelerationFactor": 6,
    "PatientPosition": "HFS",
    "PhaseEncodingDirection": "j",
    "PulseSequenceType": "Multiband gradient echo EPI",
    "ReconMatrixPE": 90,
    "RepetitionTime": 0.8,
    "SeriesDescription": "func_mid",
    "SeriesNumber": 8,
    "SliceThickness": 2.4,
    "SliceTiming": [
      0.0,
      0.4,
      0.08,
      0.48,
      0.16,
      0.56,
      0.24,
      0.64,
      0.32,
      0.72,
      0.0,
      0.4,
      0.08,
      0.48,
      0.16,
      0.56,
      0.24,
      0.64,
      0.32,
      0.72,
      0.0,
      0.4,
      0.08,
      0.48,
      0.16,
      0.56,
      0.24,
      0.64,
      0.32,
      0.72,
      0.0,
      0.4,
      0.08,
      0.48,
      0.16,
      0.56,
      0.24,
      0.64,
      0.32,
      0.72,
      0.0,
      0.4,
      0.08,
      0.48,
      0.16,
      0.56,
      0.24,
      0.64,
      0.32,
      0.72,
      0.0,
      0.4,
      0.08,
      0.48,
      0.16,
      0.56,
      0.24,
      0.64,
      0.32,
      0.72
    ],
    "SpacingBetweenSlices": 2.4,
    "StationName": "MR01MR01",
    "TaskName": "func_mid",
    "TotalReadoutTime": 0.048,
    "dataset": "AHRB",
    "modality": "bold",
    "run_id": 1,
    "session_id": "1",
    "subject_id": "35",
    "task_id": "mid"
  },
  "dummy_trs": 0,
  "dvars_nstd": 29.628049375985245,
  "dvars_std": 0.9761218823645316,
  "dvars_vstd": 0.9637967582512306,
  "efc": 0.45307428527469307,
  "fber": 2758.944091796875,
  "fd_mean": 0.10577634224007,
  "fd_num": 39,
  "fd_perc": 9.582309582309582,
  "fwhm_avg": 2.805738777398847,
  "fwhm_x": 2.640954061724581,
  "fwhm_y": 3.0072748805016327,
  "fwhm_z": 2.768987389970327,
  "gcor": 0.0154354,
  "gsr_x": -0.00987061858177185,
  "gsr_y": 0.0533621720969677,
  "provenance": {
    "md5sum": "5c059f487e3c1a40e3c4825341507359",
    "settings": {
      "fd_thres": 0.2,
      "testing": false
    },
    "software": "mriqc",
    "version": "23.1.0rc0"
  },
  "size_t": 407,
  "size_x": 90,
  "size_y": 90,
  "size_z": 60,
  "snr": 2.8792231867542037,
  "spacing_tr": 0.800000011920929,
  "spacing_x": 2.4000000953674316,
  "spacing_y": 2.4000000953674316,
  "spacing_z": 2.4000000953674316,
  "summary_bg_k": 36.48936786603907,
  "summary_bg_mad": 88.99984585045921,
  "summary_bg_mean": 318.8370361328125,
  "summary_bg_median": 115.89189147949219,
  "summary_bg_n": 346134.0,
  "summary_bg_p05": 51.24570083618164,
  "summary_bg_p95": 1293.9104431152336,
  "summary_bg_stdv": 569.349365234375,
  "summary_fg_k": 1.9307870828404452,
  "summary_fg_mad": 1924.3394955189046,
  "summary_fg_mean": 6471.3486328125,
  "summary_fg_median": 6132.6337890625,
  "summary_fg_n": 71232.0,
  "summary_fg_p05": 3643.4555419921876,
  "summary_fg_p95": 10368.888671874996,
  "summary_fg_stdv": 2129.9462890625,
  "tsnr": 35.75633724918589
}