{
  "bids_meta": {
    "AcquisitionMatrixPE": 256,
    "AcquisitionNumber": 1,
    "AcquisitionTime": "14:24:8.000000",
    "BodyPartExamined": "HEAD",
    "CoilString": "RM:Nova32ch",
    "ConversionSoftware": "dcm2niix",
    "ConversionSoftwareVersion": "v1.0.20211006",
    "Dcm2bidsVersion": "2.1.6",
    "DeviceSerialNumber": "000000000000MR01",
    "EchoTime": 0.00292,
    "FlipAngle": 8,
    "ImageOrientationPatientDICOM": [
      0,
      1,
      0,
      0,
      0,
      -1
    ],
    "ImageType": [
      "ORIGINAL",
      "PRIMARY",
      "OTHER"
    ],
    "ImagingFrequency": 127.767,
    "InPlanePhaseEncodingDirectionDICOM": "ROW",
    "InstitutionName": "UOFMResearch",
    "InversionTime": 1.06,
    "MRAcquisitionType": "3D",
    "MagneticFieldStrength": 3,
    "Manufacturer": "GE",
    "ManufacturersModelName": "DISCOVERY MR750",
    "Modality": "MR",
    "ParallelReductionFactorInPlane": 2,
    "ParallelReductionOutOfPlane": 2,
    "PatientPosition": "HFS",
    "PercentPhaseFOV": 100,
    "PercentSampling": 100,
    "PixelBandwidth": 244.141,
    "ProtocolName": "AHRB 32ch HB 06/06/18",
    "ReconMatrixPE": 256,
    "RepetitionTime": 0.006952,
    "SAR": 0.143284,
    "ScanOptions": "EDR_GEMS\\PROMO_GEMS\\ACC_GEMS\\IR_GEMS",
    "ScanningSequence": "RM",
    "SequenceVariant": "NONE",
    "SeriesDescription": "t1spgr_208sl",
    "SeriesNumber": 7,
    "SliceThickness": 1,
    "SoftwareVersions": "27\\LX\\MR Software release:DV26.0_R02_1810.b",
    "SpacingBetweenSlices": 1,
    "StationName": "MR01MR01",
    "dataset": "AHRB",
    "modality": "T1w",
    "session_id": "2",
    "subject_id": "103"
  },
  "cjv": 0.3637921775094196,
  "cnr": 3.5460029066356173,
  "efc": 0.4956336036955456,
  "fber": 2065.8892850440984,
  "fwhm_avg": 3.7883333333333336,
  "fwhm_x": 3.63706,
  "fwhm_y": 3.99628,
  "fwhm_z": 3.73166,
  "icvs_csf": 0.1918822027019045,
  "icvs_gm": 0.44410626594768476,
  "icvs_wm": 0.36401153135041076,
  "inu_med": 0.9975972771644592,
  "inu_range": 0.6282874286174774,
  "provenance": {
    "md5sum": "61d6f437b361db9741e984e06d9a1093",
    "settings": {
      "testing": false
    },
    "software": "mriqc",
    "version": "23.1.0rc0",
    "warnings": {
      "large_rot_frame": true,
      "small_air_mask": false
    }
  },
  "qi_1": 0.0,
  "qi_2": 0.0009698311062739821,
  "rpve_csf": 31.45037383220944,
  "rpve_gm": 14.403351088863218,
  "rpve_wm": 19.7408286870012,
  "size_x": 208,
  "size_y": 256,
  "size_z": 256,
  "snr_csf": 1.111845950004959,
  "snr_gm": 8.050590474930122,
  "snr_total": 7.777355653978358,
  "snr_wm": 14.169630536999993,
  "snrd_csf": 4.782153714711899,
  "snrd_gm": 27.111963873346106,
  "snrd_total": 25.093486946077793,
  "snrd_wm": 43.38634325017537,
  "spacing_x": 1.0,
  "spacing_y": 1.0,
  "spacing_z": 1.0,
  "summary_bg_k": 2.6270447495951865,
  "summary_bg_mad": 15.100060636804503,
  "summary_bg_mean": 11.13273383609437,
  "summary_bg_median": 10.184836126863956,
  "summary_bg_n": 2384852.0,
  "summary_bg_p05": 0.0,
  "summary_bg_p95": 34.85477252304554,
  "summary_bg_stdv": 13.57981494478967,
  "summary_csf_k": 3.626023858776345,
  "summary_csf_mad": 68.34175591916706,
  "summary_csf_mean": 134.78103839783918,
  "summary_csf_median": 110.22255986183882,
  "summary_csf_n": 20441.0,
  "summary_csf_p05": 22.85929886251688,
  "summary_csf_p95": 349.9811466112733,
  "summary_csf_stdv": 99.13231568969061,
  "summary_gm_k": 0.01778660733183024,
  "summary_gm_mad": 77.73734920428986,
  "summary_gm_mean": 625.3036061858597,
  "summary_gm_median": 624.8962788060308,
  "summary_gm_n": 32203.0,
  "summary_gm_p05": 496.8087619453669,
  "summary_gm_p95": 751.6333618395029,
  "summary_gm_stdv": 77.61996815292233,
  "summary_wm_k": 2.804135033150521,
  "summary_wm_mad": 58.722458032017514,
  "summary_wm_mean": 1003.6549239514442,
  "summary_wm_median": 1000.0000211969018,
  "summary_wm_n": 187174.0,
  "summary_wm_p05": 898.6797625422478,
  "summary_wm_p95": 1119.3512119576335,
  "summary_wm_stdv": 70.57328328151392,
  "tpm_overlap_csf": 0.1528777482427771,
  "tpm_overlap_gm": 0.46173626218670993,
  "tpm_overlap_wm": 0.4850790043776285,
  "wm2max": 0.23721745977772607
}