{
  "bids_meta": {
    "AcquisitionMatrixPE": 256,
    "AcquisitionNumber": 1,
    "AcquisitionTime": "16:23:54.000000",
    "BodyPartExamined": "HEAD",
    "CoilString": "RM:Nova32ch",
    "ConversionSoftware": "dcm2niix",
    "ConversionSoftwareVersion": "v1.0.20211006",
    "Dcm2bidsVersion": "2.1.6",
    "DeviceSerialNumber": "000000000000MR01",
    "EchoTime": 0.00292,
    "FlipAngle": 8,
    "ImageOrientationPatientDICOM": [
      0,
      1,
      0,
      0,
      0,
      -1
    ],
    "ImageType": [
      "ORIGINAL",
      "PRIMARY",
      "OTHER"
    ],
    "ImagingFrequency": 127.767,
    "InPlanePhaseEncodingDirectionDICOM": "ROW",
    "InstitutionName": "UOFMResearch",
    "InversionTime": 1.06,
    "MRAcquisitionType": "3D",
    "MagneticFieldStrength": 3,
    "Manufacturer": "GE",
    "ManufacturersModelName": "DISCOVERY MR750",
    "Modality": "MR",
    "ParallelReductionFactorInPlane": 2,
    "ParallelReductionOutOfPlane": 2,
    "PatientPosition": "HFS",
    "PercentPhaseFOV": 100,
    "PercentSampling": 100,
    "PixelBandwidth": 244.141,
    "ProtocolName": "AHRB 32ch HB 06/06/18",
    "ReconMatrixPE": 256,
    "RepetitionTime": 0.006952,
    "SAR": 0.126463,
    "ScanOptions": "EDR_GEMS\\PROMO_GEMS\\ACC_GEMS\\IR_GEMS",
    "ScanningSequence": "RM",
    "SequenceVariant": "NONE",
    "SeriesDescription": "t1spgr_208sl",
    "SeriesNumber": 6,
    "SliceThickness": 1,
    "SoftwareVersions": "27\\LX\\MR Software release:DV26.0_R02_1810.b",
    "SpacingBetweenSlices": 1,
    "StationName": "MR01MR01",
    "dataset": "AHRB",
    "modality": "T1w",
    "session_id": "1",
    "subject_id": "48"
  },
  "cjv": 0.4277671974704688,
  "cnr": 3.0054390012169923,
  "efc": 0.5521727422724093,
  "fber": 2359.048064170442,
  "fwhm_avg": 3.6405766666666666,
  "fwhm_x": 3.54735,
  "fwhm_y": 3.79455,
  "fwhm_z": 3.57983,
  "icvs_csf": 0.19238695536338002,
  "icvs_gm": 0.42857360884524615,
  "icvs_wm": 0.37903943579137384,
  "inu_med": 1.031804084777832,
  "inu_range": 0.7535113990306854,
  "provenance": {
    "md5sum": "5d3bb9eaa3d2e429060c3dfbcbaa5a16",
    "settings": {
      "testing": false
    },
    "software": "mriqc",
    "version": "23.1.0rc0",
    "warnings": {
      "large_rot_frame": true,
      "small_air_mask": false
    }
  },
  "qi_1": 0.0,
  "qi_2": 0.0008692502523120737,
  "rpve_csf": 29.91141281064919,
  "rpve_gm": 14.253145816344901,
  "rpve_wm": 18.79676015366509,
  "size_x": 208,
  "size_y": 256,
  "size_z": 256,
  "snr_csf": 1.19238145819818,
  "snr_gm": 8.016906970743873,
  "snr_total": 7.221135225031314,
  "snr_wm": 12.454117246151887,
  "snrd_csf": 6.995556868216578,
  "snrd_gm": 34.93083429498748,
  "snrd_total": 31.796228276264298,
  "snrd_wm": 53.46229366558884,
  "spacing_x": 1.0,
  "spacing_y": 1.0,
  "spacing_z": 1.0,
  "summary_bg_k": 5.853307398693605,
  "summary_bg_mad": 12.254810172072649,
  "summary_bg_mean": 11.952154044045425,
  "summary_bg_median": 8.265743851661682,
  "summary_bg_n": 2311902.0,
  "summary_bg_p05": 0.0,
  "summary_bg_p95": 40.08885768055916,
  "summary_bg_stdv": 14.583585255445506,
  "summary_csf_k": 3.74507557904254,
  "summary_csf_mad": 77.43508177478405,
  "summary_csf_mean": 158.33608122829227,
  "summary_csf_median": 130.857057351619,
  "summary_csf_n": 20554.0,
  "summary_csf_p05": 32.889911394752566,
  "summary_csf_p95": 385.46004929747426,
  "summary_csf_stdv": 109.74162099118583,
  "summary_gm_k": 0.2195843521891514,
  "summary_gm_mad": 78.73715535556677,
  "summary_gm_mean": 652.9092336877552,
  "summary_gm_median": 653.407051473856,
  "summary_gm_n": 22516.0,
  "summary_gm_p05": 517.3322433158755,
  "summary_gm_p95": 787.5187454670668,
  "summary_gm_stdv": 81.50182406488965,
  "summary_wm_k": 1.462422447775463,
  "summary_wm_mad": 69.54604772651228,
  "summary_wm_mean": 1011.7519280398401,
  "summary_wm_median": 1000.0516842529178,
  "summary_wm_n": 212060.0,
  "summary_wm_p05": 902.4125850051641,
  "summary_wm_p95": 1162.1635855436325,
  "summary_wm_stdv": 80.29869211437017,
  "tpm_overlap_csf": 0.1651909182774993,
  "tpm_overlap_gm": 0.45504480390574936,
  "tpm_overlap_wm": 0.4998300677931167,
  "wm2max": 0.3398286637174356
}