{
  "bids_meta": {
    "AcquisitionMatrixPE": 256,
    "AcquisitionNumber": 1,
    "AcquisitionTime": "16:22:16.000000",
    "BodyPartExamined": "HEAD",
    "CoilString": "RM:Nova32ch",
    "ConversionSoftware": "dcm2niix",
    "ConversionSoftwareVersion": "v1.0.20211006",
    "Dcm2bidsVersion": "2.1.6",
    "DeviceSerialNumber": "000000000000MR01",
    "EchoTime": 0.00292,
    "FlipAngle": 8,
    "ImageOrientationPatientDICOM": [
      0,
      1,
      0,
      0,
      0,
      -1
    ],
    "ImageType": [
      "ORIGINAL",
      "PRIMARY",
      "OTHER"
    ],
    "ImagingFrequency": 127.767,
    "InPlanePhaseEncodingDirectionDICOM": "ROW",
    "InstitutionName": "UOFMResearch",
    "InversionTime": 1.06,
    "MRAcquisitionType": "3D",
    "MagneticFieldStrength": 3,
    "Manufacturer": "GE",
    "ManufacturersModelName": "DISCOVERY MR750",
    "Modality": "MR",
    "ParallelReductionFactorInPlane": 2,
    "ParallelReductionOutOfPlane": 2,
    "PatientPosition": "HFS",
    "PercentPhaseFOV": 100,
    "PercentSampling": 100,
    "PixelBandwidth": 244.141,
    "ProtocolName": "AHRB 32ch HB 06/06/18",
    "ReconMatrixPE": 256,
    "RepetitionTime": 0.006952,
    "SAR": 0.129626,
    "ScanOptions": "EDR_GEMS\\PROMO_GEMS\\ACC_GEMS\\IR_GEMS",
    "ScanningSequence": "RM",
    "SequenceVariant": "NONE",
    "SeriesDescription": "t1spgr_208sl",
    "SeriesNumber": 6,
    "SliceThickness": 1,
    "SoftwareVersions": "27\\LX\\MR Software release:DV26.0_R02_1810.b",
    "SpacingBetweenSlices": 1,
    "StationName": "MR01MR01",
    "dataset": "AHRB",
    "modality": "T1w",
    "session_id": "2",
    "subject_id": "98"
  },
  "cjv": 0.39092584618248505,
  "cnr": 3.278348084195428,
  "efc": 0.5109675125328855,
  "fber": 4447.04826596173,
  "fwhm_avg": 3.4710099999999997,
  "fwhm_x": 3.35785,
  "fwhm_y": 3.65137,
  "fwhm_z": 3.40381,
  "icvs_csf": 0.19791727027623562,
  "icvs_gm": 0.4385697317987706,
  "icvs_wm": 0.36351299792499375,
  "inu_med": 0.9927629828453064,
  "inu_range": 0.5741548061370848,
  "provenance": {
    "md5sum": "0c6ee64388e6b362cab380d907cc2564",
    "settings": {
      "testing": false
    },
    "software": "mriqc",
    "version": "23.1.0rc0",
    "warnings": {
      "large_rot_frame": true,
      "small_air_mask": false
    }
  },
  "qi_1": 0.0,
  "qi_2": 0.0013268584800287745,
  "rpve_csf": 30.617956792019807,
  "rpve_gm": 14.455634062871694,
  "rpve_wm": 19.446275983099675,
  "size_x": 208,
  "size_y": 256,
  "size_z": 256,
  "snr_csf": 1.1432251303562806,
  "snr_gm": 7.90764039853758,
  "snr_total": 7.098027502199194,
  "snr_wm": 12.243216977703721,
  "snrd_csf": 5.930242872338416,
  "snrd_gm": 29.7688299293177,
  "snrd_total": 27.78402142518071,
  "snrd_wm": 47.65299147388602,
  "spacing_x": 1.0,
  "spacing_y": 1.0,
  "spacing_z": 1.0,
  "summary_bg_k": 30.159090797585954,
  "summary_bg_mad": 13.748698280712935,
  "summary_bg_mean": 11.489343602018266,
  "summary_bg_median": 9.273356068879366,
  "summary_bg_n": 3157604.0,
  "summary_bg_p05": 0.0,
  "summary_bg_p95": 36.77047157660127,
  "summary_bg_stdv": 13.906082278870857,
  "summary_csf_k": 2.577649479398918,
  "summary_csf_mad": 80.95315629464557,
  "summary_csf_mean": 152.90532459828876,
  "summary_csf_median": 124.4521293323487,
  "summary_csf_n": 27252.0,
  "summary_csf_p05": 28.9273346029222,
  "summary_csf_p95": 385.4209781065583,
  "summary_csf_stdv": 108.85856394260199,
  "summary_gm_k": 0.2309923009330337,
  "summary_gm_mad": 76.54126057770037,
  "summary_gm_mean": 625.2578914242705,
  "summary_gm_median": 624.7289280034602,
  "summary_gm_n": 26154.0,
  "summary_gm_p05": 495.99306180048734,
  "summary_gm_p95": 756.0184273328631,
  "summary_gm_stdv": 79.00169369461088,
  "summary_wm_k": 1.4738005268008916,
  "summary_wm_mad": 70.17992256722125,
  "summary_wm_mean": 1007.0924934443153,
  "summary_wm_median": 1000.046100243926,
  "summary_wm_n": 178085.0,
  "summary_wm_p05": 887.3448355421424,
  "summary_wm_p95": 1152.1568214334548,
  "summary_wm_stdv": 81.68141545508092,
  "tpm_overlap_csf": 0.1502811700461318,
  "tpm_overlap_gm": 0.450214660440734,
  "tpm_overlap_wm": 0.47259148096670067,
  "wm2max": 0.3707644151001488
}