{
  "bids_meta": {
    "AcquisitionMatrixPE": 256,
    "AcquisitionNumber": 1,
    "AcquisitionTime": "16:29:54.000000",
    "BodyPartExamined": "HEAD",
    "CoilString": "RM:Nova32ch",
    "ConversionSoftware": "dcm2niix",
    "ConversionSoftwareVersion": "v1.0.20211006",
    "Dcm2bidsVersion": "2.1.6",
    "DeviceSerialNumber": "000000000000MR01",
    "EchoTime": 0.00292,
    "FlipAngle": 8,
    "ImageOrientationPatientDICOM": [
      0,
      1,
      0,
      0,
      0,
      -1
    ],
    "ImageType": [
      "ORIGINAL",
      "PRIMARY",
      "OTHER"
    ],
    "ImagingFrequency": 127.767,
    "InPlanePhaseEncodingDirectionDICOM": "ROW",
    "InstitutionName": "UOFMResearch",
    "InversionTime": 1.06,
    "MRAcquisitionType": "3D",
    "MagneticFieldStrength": 3,
    "Manufacturer": "GE",
    "ManufacturersModelName": "DISCOVERY MR750",
    "Modality": "MR",
    "ParallelReductionFactorInPlane": 2,
    "ParallelReductionOutOfPlane": 2,
    "PatientPosition": "HFS",
    "PercentPhaseFOV": 100,
    "PercentSampling": 100,
    "PixelBandwidth": 244.141,
    "ProtocolName": "AHRB 32ch HB 06/06/18",
    "ReconMatrixPE": 256,
    "RepetitionTime": 0.006952,
    "SAR": 0.0960476,
    "ScanOptions": "EDR_GEMS\\PROMO_GEMS\\ACC_GEMS\\IR_GEMS",
    "ScanningSequence": "RM",
    "SequenceVariant": "NONE",
    "SeriesDescription": "t1spgr_208sl",
    "SeriesNumber": 7,
    "SliceThickness": 1,
    "SoftwareVersions": "27\\LX\\MR Software release:DV26.0_R02_1810.b",
    "SpacingBetweenSlices": 1,
    "StationName": "MR01MR01",
    "dataset": "AHRB",
    "modality": "T1w",
    "session_id": "1",
    "subject_id": "28"
  },
  "cjv": 0.42181468490274937,
  "cnr": 2.893150018657791,
  "efc": 0.5137001912176069,
  "fber": 2175.3528411376046,
  "fwhm_avg": 3.6237899999999996,
  "fwhm_x": 3.63009,
  "fwhm_y": 3.71986,
  "fwhm_z": 3.52142,
  "icvs_csf": 0.21028349493097503,
  "icvs_gm": 0.4206673164277733,
  "icvs_wm": 0.3690491886412517,
  "inu_med": 1.0255248546600342,
  "inu_range": 0.7274933248758315,
  "provenance": {
    "md5sum": "d556f09ab75af7cee942189dbfe32c3c",
    "settings": {
      "testing": false
    },
    "software": "mriqc",
    "version": "23.1.0rc0",
    "warnings": {
      "large_rot_frame": true,
      "small_air_mask": false
    }
  },
  "qi_1": 0.001427568885277388,
  "qi_2": 0.0010197458777490378,
  "rpve_csf": 31.15301984727209,
  "rpve_gm": 15.662202604230275,
  "rpve_wm": 20.598744579592346,
  "size_x": 208,
  "size_y": 256,
  "size_z": 256,
  "snr_csf": 1.4466675247116036,
  "snr_gm": 8.44661346337917,
  "snr_total": 7.178974389504916,
  "snr_wm": 11.643642180423972,
  "snrd_csf": 6.700233941124676,
  "snrd_gm": 29.99589726217468,
  "snrd_total": 27.529959613100758,
  "snrd_wm": 45.89374763600292,
  "spacing_x": 1.0,
  "spacing_y": 1.0,
  "spacing_z": 1.0,
  "summary_bg_k": 9.162200377160719,
  "summary_bg_mad": 14.275841369109083,
  "summary_bg_mean": 20.643266140338923,
  "summary_bg_median": 9.628908678889275,
  "summary_bg_n": 3018477.0,
  "summary_bg_p05": 0.0,
  "summary_bg_p95": 86.66017811000347,
  "summary_bg_stdv": 31.191536785712362,
  "summary_csf_k": 1.7593066605328858,
  "summary_csf_mad": 87.41947804679158,
  "summary_csf_mean": 167.81133477315285,
  "summary_csf_median": 146.00238496810198,
  "summary_csf_n": 30231.0,
  "summary_csf_p05": 46.08893367648125,
  "summary_csf_p95": 370.30727169290185,
  "summary_csf_stdv": 100.92157850709708,
  "summary_gm_k": 0.1531673137672489,
  "summary_gm_mad": 74.58726108579465,
  "summary_gm_mean": 651.1088272107065,
  "summary_gm_median": 653.629795320332,
  "summary_gm_n": 16138.0,
  "summary_gm_p05": 520.6020943220705,
  "summary_gm_p95": 777.7318225432188,
  "summary_gm_stdv": 77.38125422412375,
  "summary_wm_k": 2.463845947984632,
  "summary_wm_mad": 71.53960955755788,
  "summary_wm_mean": 1012.6191775013245,
  "summary_wm_median": 1000.0541277900338,
  "summary_wm_n": 163592.0,
  "summary_wm_p05": 898.7342066913843,
  "summary_wm_p95": 1171.4270642772317,
  "summary_wm_stdv": 85.88816589684465,
  "tpm_overlap_csf": 0.16362321172164696,
  "tpm_overlap_gm": 0.44404612700897195,
  "tpm_overlap_wm": 0.48299375550940143,
  "wm2max": 0.3467244321911514
}