{
  "aor": 0.000862113022113022,
  "aqi": 0.004527704127764128,
  "bids_meta": {
    "AcquisitionMatrixPE": 90,
    "BodyPartExamined": "BRAIN",
    "DeviceSerialNumber": "000000000000MR01",
    "EchoTime": 0.03,
    "EffectiveEchoSpacing": 0.000536,
    "FlipAngle": 52,
    "ImageType": [
      "ORIGINAL",
      "PRIMARY",
      "OTHER"
    ],
    "ImagingFrequency": "1277674000",
    "InPlanePhaseEncodingDirectionDICOM": "COL",
    "InstitutionName": "UOFMResearch",
    "MagneticFieldStrength": 3,
    "Manufacturer": "GE",
    "ManufacturersModelName": "DISCOVERY_MR750",
    "Modality": "MR",
    "MultibandAccelerationFactor": 6,
    "PatientPosition": "HFS",
    "PhaseEncodingDirection": "j",
    "PulseSequenceType": "Multiband gradient echo EPI",
    "ReconMatrixPE": 90,
    "RepetitionTime": 0.8,
    "SeriesDescription": "func_mid",
    "SeriesNumber": 9,
    "SliceThickness": 2.4,
    "SliceTiming": [
      0.0,
      0.4,
      0.08,
      0.48,
      0.16,
      0.56,
      0.24,
      0.64,
      0.32,
      0.72,
      0.0,
      0.4,
      0.08,
      0.48,
      0.16,
      0.56,
      0.24,
      0.64,
      0.32,
      0.72,
      0.0,
      0.4,
      0.08,
      0.48,
      0.16,
      0.56,
      0.24,
      0.64,
      0.32,
      0.72,
      0.0,
      0.4,
      0.08,
      0.48,
      0.16,
      0.56,
      0.24,
      0.64,
      0.32,
      0.72,
      0.0,
      0.4,
      0.08,
      0.48,
      0.16,
      0.56,
      0.24,
      0.64,
      0.32,
      0.72,
      0.0,
      0.4,
      0.08,
      0.48,
      0.16,
      0.56,
      0.24,
      0.64,
      0.32,
      0.72
    ],
    "SpacingBetweenSlices": 2.4,
    "StationName": "MR01MR01",
    "TaskName": "func_mid",
    "TotalReadoutTime": 0.048,
    "dataset": "AHRB",
    "modality": "bold",
    "run_id": 2,
    "session_id": "1",
    "subject_id": "99",
    "task_id": "mid"
  },
  "dummy_trs": 0,
  "dvars_nstd": 32.975849273571434,
  "dvars_std": 1.0388964520443362,
  "dvars_vstd": 1.0026082811576353,
  "efc": 0.49322201406086424,
  "fber": 1225.2646484375,
  "fd_mean": 0.09791706359775444,
  "fd_num": 7,
  "fd_perc": 1.71990171990172,
  "fwhm_avg": 2.9223054394335706,
  "fwhm_x": 2.7822498894433223,
  "fwhm_y": 3.0666457114757812,
  "fwhm_z": 2.918020717381608,
  "gcor": 0.00737913,
  "gsr_x": -0.0110468165948987,
  "gsr_y": 0.08638209104537964,
  "provenance": {
    "md5sum": "55f218d4eaa315c76b4bd7e22ac23e59",
    "settings": {
      "fd_thres": 0.2,
      "testing": false
    },
    "software": "mriqc",
    "version": "23.1.0rc0"
  },
  "size_t": 407,
  "size_x": 90,
  "size_y": 90,
  "size_z": 60,
  "snr": 2.3116629492168137,
  "spacing_tr": 0.800000011920929,
  "spacing_x": 2.4000000953674316,
  "spacing_y": 2.4000000953674316,
  "spacing_z": 2.4000000953674316,
  "summary_bg_k": 35.780000712552514,
  "summary_bg_mad": 144.23861582516327,
  "summary_bg_mean": 405.0700378417969,
  "summary_bg_median": 162.80589294433594,
  "summary_bg_n": 323157.0,
  "summary_bg_p05": 56.50859832763672,
  "summary_bg_p95": 1584.6412597656254,
  "summary_bg_stdv": 698.3370971679688,
  "summary_fg_k": 2.000317299276314,
  "summary_fg_mad": 2181.1174402490146,
  "summary_fg_mean": 6386.94384765625,
  "summary_fg_median": 5849.1416015625,
  "summary_fg_n": 89380.0,
  "summary_fg_p05": 3312.566357421875,
  "summary_fg_p95": 11270.100976562504,
  "summary_fg_stdv": 2530.26025390625,
  "tsnr": 36.30845786666032
}