{
  "bids_meta": {
    "AcquisitionMatrixPE": 256,
    "AcquisitionNumber": 1,
    "AcquisitionTime": "15:03:38.000000",
    "BodyPartExamined": "HEAD",
    "CoilString": "RM:Nova32ch",
    "ConversionSoftware": "dcm2niix",
    "ConversionSoftwareVersion": "v1.0.20211006",
    "Dcm2bidsVersion": "2.1.6",
    "DeviceSerialNumber": "000000000000MR01",
    "EchoTime": 0.00292,
    "FlipAngle": 8,
    "ImageOrientationPatientDICOM": [
      0,
      1,
      0,
      0,
      0,
      -1
    ],
    "ImageType": [
      "ORIGINAL",
      "PRIMARY",
      "OTHER"
    ],
    "ImagingFrequency": 127.767,
    "InPlanePhaseEncodingDirectionDICOM": "ROW",
    "InstitutionName": "UOFMResearch",
    "InversionTime": 1.06,
    "MRAcquisitionType": "3D",
    "MagneticFieldStrength": 3,
    "Manufacturer": "GE",
    "ManufacturersModelName": "DISCOVERY MR750",
    "Modality": "MR",
    "ParallelReductionFactorInPlane": 2,
    "ParallelReductionOutOfPlane": 2,
    "PatientPosition": "HFS",
    "PercentPhaseFOV": 100,
    "PercentSampling": 100,
    "PixelBandwidth": 244.141,
    "ProtocolName": "AHRB 32ch HB 06/06/18",
    "ReconMatrixPE": 256,
    "RepetitionTime": 0.006952,
    "SAR": 0.118757,
    "ScanOptions": "EDR_GEMS\\PROMO_GEMS\\ACC_GEMS\\IR_GEMS",
    "ScanningSequence": "RM",
    "SequenceVariant": "NONE",
    "SeriesDescription": "t1spgr_208sl",
    "SeriesNumber": 7,
    "SliceThickness": 1,
    "SoftwareVersions": "27\\LX\\MR Software release:DV26.0_R02_1810.b",
    "SpacingBetweenSlices": 1,
    "StationName": "MR01MR01",
    "dataset": "AHRB",
    "modality": "T1w",
    "session_id": "2",
    "subject_id": "45"
  },
  "cjv": 0.42735191573524905,
  "cnr": 2.8430586781246396,
  "efc": 0.4971075803798713,
  "fber": 2710.872285510858,
  "fwhm_avg": 3.6282866666666664,
  "fwhm_x": 3.56825,
  "fwhm_y": 3.73937,
  "fwhm_z": 3.57724,
  "icvs_csf": 0.23594515940043062,
  "icvs_gm": 0.40127409987364027,
  "icvs_wm": 0.3627807407259291,
  "inu_med": 1.0439574718475342,
  "inu_range": 0.6695311307907101,
  "provenance": {
    "md5sum": "c0bc30ddec01ebf32e6b1901bd630388",
    "settings": {
      "testing": false
    },
    "software": "mriqc",
    "version": "23.1.0rc0",
    "warnings": {
      "large_rot_frame": true,
      "small_air_mask": false
    }
  },
  "qi_1": 0.0,
  "qi_2": 0.0009703159204478199,
  "rpve_csf": 26.787568392422276,
  "rpve_gm": 15.082648461685842,
  "rpve_wm": 19.136305422758,
  "size_x": 208,
  "size_y": 256,
  "size_z": 256,
  "snr_csf": 1.0490048966020407,
  "snr_gm": 7.773553733588515,
  "snr_total": 5.992654051023046,
  "snr_wm": 9.155403522878585,
  "snrd_csf": 3.8001919663110972,
  "snrd_gm": 22.52374760394336,
  "snrd_total": 20.99516048226611,
  "snrd_wm": 36.66154187654388,
  "spacing_x": 1.0,
  "spacing_y": 1.0,
  "spacing_z": 1.0,
  "summary_bg_k": 4.472354334208308,
  "summary_bg_mad": 17.871050826051135,
  "summary_bg_mean": 12.204499054990153,
  "summary_bg_median": 12.053840607404709,
  "summary_bg_n": 2416930.0,
  "summary_bg_p05": 0.0,
  "summary_bg_p95": 39.71070822328329,
  "summary_bg_stdv": 14.898982616119865,
  "summary_csf_k": 3.409532059273076,
  "summary_csf_mad": 65.4279027464872,
  "summary_csf_mean": 133.9530048072181,
  "summary_csf_median": 103.6630292236805,
  "summary_csf_n": 38429.0,
  "summary_csf_p05": 31.005156673491,
  "summary_csf_p95": 346.8157805874944,
  "summary_csf_stdv": 98.81906251368126,
  "summary_gm_k": 0.39124764368195697,
  "summary_gm_mad": 74.06557731241192,
  "summary_gm_mean": 615.1397005716412,
  "summary_gm_median": 614.4110420718789,
  "summary_gm_n": 21111.0,
  "summary_gm_p05": 485.4349475726485,
  "summary_gm_p95": 748.5435017198324,
  "summary_gm_stdv": 79.03675860987003,
  "summary_wm_k": 1.789214826231376,
  "summary_wm_mad": 90.74522475005965,
  "summary_wm_mean": 1015.8116818654784,
  "summary_wm_median": 1000.0669757276773,
  "summary_wm_n": 183492.0,
  "summary_wm_p05": 868.2113526389003,
  "summary_wm_p95": 1224.0675136819482,
  "summary_wm_stdv": 109.2321324918063,
  "tpm_overlap_csf": 0.16703198753046042,
  "tpm_overlap_gm": 0.44541307943780556,
  "tpm_overlap_wm": 0.4927555597910805,
  "wm2max": 0.2585347275119452
}