{
  "bids_meta": {
    "AcquisitionMatrixPE": 256,
    "AcquisitionNumber": 1,
    "AcquisitionTime": "16:45:30.000000",
    "BodyPartExamined": "HEAD",
    "CoilString": "RM:Nova32ch",
    "ConversionSoftware": "dcm2niix",
    "ConversionSoftwareVersion": "v1.0.20211006",
    "Dcm2bidsVersion": "2.1.6",
    "DeviceSerialNumber": "000000000000MR01",
    "EchoTime": 0.00292,
    "FlipAngle": 8,
    "ImageOrientationPatientDICOM": [
      0,
      1,
      0,
      0,
      0,
      -1
    ],
    "ImageType": [
      "ORIGINAL",
      "PRIMARY",
      "OTHER"
    ],
    "ImagingFrequency": 127.767,
    "InPlanePhaseEncodingDirectionDICOM": "ROW",
    "InstitutionName": "UOFMResearch",
    "InversionTime": 1.06,
    "MRAcquisitionType": "3D",
    "MagneticFieldStrength": 3,
    "Manufacturer": "GE",
    "ManufacturersModelName": "DISCOVERY MR750",
    "Modality": "MR",
    "ParallelReductionFactorInPlane": 2,
    "ParallelReductionOutOfPlane": 2,
    "PatientPosition": "HFS",
    "PercentPhaseFOV": 100,
    "PercentSampling": 100,
    "PixelBandwidth": 244.141,
    "ProtocolName": "AHRB 32ch HB 06/06/18",
    "ReconMatrixPE": 256,
    "RepetitionTime": 0.006952,
    "SAR": 0.150039,
    "ScanOptions": "EDR_GEMS\\PROMO_GEMS\\ACC_GEMS\\IR_GEMS",
    "ScanningSequence": "RM",
    "SequenceVariant": "NONE",
    "SeriesDescription": "t1spgr_208sl",
    "SeriesNumber": 6,
    "SliceThickness": 1,
    "SoftwareVersions": "27\\LX\\MR Software release:DV26.0_R02_1810.b",
    "SpacingBetweenSlices": 1,
    "StationName": "MR01MR01",
    "dataset": "AHRB",
    "modality": "T1w",
    "session_id": "2",
    "subject_id": "47"
  },
  "cjv": 0.36245898164130697,
  "cnr": 3.506411486965819,
  "efc": 0.4725260083798472,
  "fber": 1631.5955073320492,
  "fwhm_avg": 3.7587766666666664,
  "fwhm_x": 3.68477,
  "fwhm_y": 3.97763,
  "fwhm_z": 3.61393,
  "icvs_csf": 0.20445842225559552,
  "icvs_gm": 0.4453800768024872,
  "icvs_wm": 0.3501615009419173,
  "inu_med": 0.983282595872879,
  "inu_range": 0.5401433408260345,
  "provenance": {
    "md5sum": "864152f3b0ead743fa69e67fcd6fe3e9",
    "settings": {
      "testing": false
    },
    "software": "mriqc",
    "version": "23.1.0rc0",
    "warnings": {
      "large_rot_frame": true,
      "small_air_mask": false
    }
  },
  "qi_1": 0.0,
  "qi_2": 0.0007973582900511076,
  "rpve_csf": 30.224456661128272,
  "rpve_gm": 14.42254278252098,
  "rpve_wm": 20.539225616283407,
  "size_x": 208,
  "size_y": 256,
  "size_z": 256,
  "snr_csf": 1.1328202669874314,
  "snr_gm": 8.054430962768524,
  "snr_total": 7.494068841787179,
  "snr_wm": 13.29495529560558,
  "snrd_csf": 3.3311163926519463,
  "snrd_gm": 18.649719667704435,
  "snrd_total": 17.405649667999725,
  "snrd_wm": 30.2361129436428,
  "spacing_x": 1.0,
  "spacing_y": 1.0,
  "spacing_z": 1.0,
  "summary_bg_k": 76.33767446990011,
  "summary_bg_mad": 21.66734905231623,
  "summary_bg_mean": 14.918409274266086,
  "summary_bg_median": 14.61440484970808,
  "summary_bg_n": 2558966.0,
  "summary_bg_p05": 0.0,
  "summary_bg_p95": 48.71468283236027,
  "summary_bg_stdv": 20.52978829497837,
  "summary_csf_k": 2.2415333657132237,
  "summary_csf_mad": 69.33551696741193,
  "summary_csf_mean": 136.89271938315426,
  "summary_csf_median": 110.17012886703014,
  "summary_csf_n": 27143.0,
  "summary_csf_p05": 22.333808436989784,
  "summary_csf_p95": 341.07023092582807,
  "summary_csf_stdv": 97.25117268801387,
  "summary_gm_k": 0.143661738338821,
  "summary_gm_mad": 74.44678905154807,
  "summary_gm_mean": 614.1532323985588,
  "summary_gm_median": 616.8028303235769,
  "summary_gm_n": 28624.0,
  "summary_gm_p05": 483.099762365222,
  "summary_gm_p95": 735.4305775869636,
  "summary_gm_stdv": 76.57798035089363,
  "summary_wm_k": 1.5861214870786906,
  "summary_wm_mad": 64.44647410432519,
  "summary_wm_mean": 1001.9493190055498,
  "summary_wm_median": 1000.0000200495124,
  "summary_wm_n": 177980.0,
  "summary_wm_p05": 883.2346725836396,
  "summary_wm_p95": 1126.1335757523775,
  "summary_wm_stdv": 75.21628982623399,
  "tpm_overlap_csf": 0.16167879143544153,
  "tpm_overlap_gm": 0.45769701331392304,
  "tpm_overlap_wm": 0.4724039532360034,
  "wm2max": 0.21602499757147944
}