{
  "aor": 0.002096240786240786,
  "aqi": 0.006336372923832923,
  "bids_meta": {
    "AcquisitionMatrixPE": 90,
    "AcquisitionNumber": 1,
    "AcquisitionTime": "15:33:20.000000",
    "BodyPartExamined": "BRAIN",
    "CoilString": "RM:Nova32ch",
    "ConversionSoftware": "dcm2niix",
    "ConversionSoftwareVersion": "v1.0.20211006",
    "Dcm2bidsVersion": "2.1.6",
    "DeviceSerialNumber": "000000000000MR01",
    "EchoTime": 0.03,
    "EffectiveEchoSpacing": 0.000568494,
    "FlipAngle": 52,
    "ImageOrientationPatientDICOM": [
      1,
      0,
      0,
      0,
      1,
      0
    ],
    "ImageType": [
      "ORIGINAL",
      "PRIMARY",
      "OTHER"
    ],
    "ImagingFrequency": 127.767,
    "InPlanePhaseEncodingDirectionDICOM": "COL",
    "InstitutionName": "UOFMResearch",
    "InternalPulseSequenceName": "EPI",
    "MRAcquisitionType": "2D",
    "MagneticFieldStrength": 3,
    "Manufacturer": "GE",
    "ManufacturersModelName": "DISCOVERY MR750",
    "Modality": "MR",
    "MultibandAccelerationFactor": 6,
    "PatientPosition": "HFS",
    "PercentPhaseFOV": 100,
    "PercentSampling": 100,
    "PhaseEncodingDirection": "j",
    "PhaseEncodingPolarityGE": "Flipped",
    "PixelBandwidth": 5555.56,
    "ProtocolName": "AHRB 32ch HB 06/06/18",
    "PulseSequenceName": "epi",
    "PulseSequenceType": "Multiband gradient echo EPI",
    "ReconMatrixPE": 90,
    "RepetitionTime": 0.8,
    "SAR": 0.134817,
    "ScanOptions": "SAT_GEMS\\EDR_GEMS\\MP_GEMS\\EPI_GEMS\\HYPERBAND_GEMS\\PFF\\FS",
    "ScanningSequence": "EP\\RM",
    "SequenceVariant": "NONE",
    "SeriesDescription": "func_mid",
    "SeriesNumber": 10,
    "SliceThickness": 2.4,
    "SliceTiming": [
      0,
      0.436364,
      0.0727273,
      0.509091,
      0.145455,
      0.581818,
      0.218182,
      0.654545,
      0.290909,
      0.727273,
      0.363636,
      0,
      0.436364,
      0.0727273,
      0.509091,
      0.145455,
      0.581818,
      0.218182,
      0.654545,
      0.290909,
      0.727273,
      0.363636,
      0,
      0.436364,
      0.0727273,
      0.509091,
      0.145455,
      0.581818,
      0.218182,
      0.654545,
      0.290909,
      0.727273,
      0.363636,
      0,
      0.436364,
      0.0727273,
      0.509091,
      0.145455,
      0.581818,
      0.218182,
      0.654545,
      0.290909,
      0.727273,
      0.363636,
      0,
      0.436364,
      0.0727273,
      0.509091,
      0.145455,
      0.581818,
      0.218182,
      0.654545,
      0.290909,
      0.727273,
      0.363636,
      0,
      0.436364,
      0.0727273,
      0.509091,
      0.145455
    ],
    "SoftwareVersions": "27\\LX\\MR Software release:DV26.0_R02_1810.b",
    "SpacingBetweenSlices": 2.4,
    "StationName": "MR01MR01",
    "TaskName": "func_mid",
    "TotalReadoutTime": 0.04824,
    "TriggerDelayTime": 787,
    "dataset": "AHRB",
    "modality": "bold",
    "run_id": 2,
    "session_id": "2",
    "subject_id": "15",
    "task_id": "mid"
  },
  "dummy_trs": 0,
  "dvars_nstd": 34.283027578423635,
  "dvars_std": 1.045482876083744,
  "dvars_vstd": 1.0179331400492608,
  "efc": 0.4934461948711527,
  "fber": 6679.08447265625,
  "fd_mean": 0.10580658194222488,
  "fd_num": 11,
  "fd_perc": 2.7027027027027026,
  "fwhm_avg": 2.5676493683374897,
  "fwhm_x": 2.5412373990202983,
  "fwhm_y": 2.4959790674853695,
  "fwhm_z": 2.6657316385068013,
  "gcor": 0.00728132,
  "gsr_x": 0.0019231840269640088,
  "gsr_y": 0.049700114876031876,
  "provenance": {
    "md5sum": "c61cb1720a32bc8f9bc89885c8fc0ccf",
    "settings": {
      "fd_thres": 0.2,
      "testing": false
    },
    "software": "mriqc",
    "version": "23.1.0rc0"
  },
  "size_t": 407,
  "size_x": 90,
  "size_y": 90,
  "size_z": 60,
  "snr": 2.633226013404679,
  "spacing_tr": 0.800000011920929,
  "spacing_x": 2.4000000953674316,
  "spacing_y": 2.4000000953674316,
  "spacing_z": 2.4000015258789062,
  "summary_bg_k": 59.25175984178458,
  "summary_bg_mad": 16.600044688830128,
  "summary_bg_mean": 41.80146026611328,
  "summary_bg_median": 11.584766387939453,
  "summary_bg_n": 305380.0,
  "summary_bg_p05": 0.009828009642660618,
  "summary_bg_p95": 195.95858993530265,
  "summary_bg_stdv": 90.10398864746094,
  "summary_fg_k": 2.4306573893112535,
  "summary_fg_mad": 305.5289896030167,
  "summary_fg_mean": 1013.4021606445312,
  "summary_fg_median": 939.9410400390625,
  "summary_fg_n": 103208.0,
  "summary_fg_p05": 572.9427490234375,
  "summary_fg_p95": 1684.2792114257809,
  "summary_fg_stdv": 356.95245361328125,
  "tsnr": 35.26087945327163
}