{
  "bids_meta": {
    "AcquisitionMatrixPE": 256,
    "AcquisitionNumber": 1,
    "AcquisitionTime": "16:52:45.000000",
    "BodyPartExamined": "HEAD",
    "CoilString": "RM:Nova32ch",
    "ConversionSoftware": "dcm2niix",
    "ConversionSoftwareVersion": "v1.0.20211006",
    "Dcm2bidsVersion": "2.1.6",
    "DeviceSerialNumber": "000000000000MR01",
    "EchoTime": 0.00292,
    "FlipAngle": 8,
    "ImageOrientationPatientDICOM": [
      0,
      1,
      0,
      0,
      0,
      -1
    ],
    "ImageType": [
      "ORIGINAL",
      "PRIMARY",
      "OTHER"
    ],
    "ImagingFrequency": 127.767,
    "InPlanePhaseEncodingDirectionDICOM": "ROW",
    "InstitutionName": "UOFMResearch",
    "InversionTime": 1.06,
    "MRAcquisitionType": "3D",
    "MagneticFieldStrength": 3,
    "Manufacturer": "GE",
    "ManufacturersModelName": "DISCOVERY MR750",
    "Modality": "MR",
    "ParallelReductionFactorInPlane": 2,
    "ParallelReductionOutOfPlane": 2,
    "PatientPosition": "HFS",
    "PercentPhaseFOV": 100,
    "PercentSampling": 100,
    "PixelBandwidth": 244.141,
    "ProtocolName": "AHRB 32ch HB 06/06/18",
    "ReconMatrixPE": 256,
    "RepetitionTime": 0.006952,
    "SAR": 0.0974605,
    "ScanOptions": "EDR_GEMS\\PROMO_GEMS\\ACC_GEMS\\IR_GEMS",
    "ScanningSequence": "RM",
    "SequenceVariant": "NONE",
    "SeriesDescription": "t1spgr_208sl",
    "SeriesNumber": 6,
    "SliceThickness": 1,
    "SoftwareVersions": "27\\LX\\MR Software release:DV26.0_R02_1810.b",
    "SpacingBetweenSlices": 1,
    "StationName": "MR01MR01",
    "dataset": "AHRB",
    "modality": "T1w",
    "session_id": "1",
    "subject_id": "36"
  },
  "cjv": 0.40643530341771594,
  "cnr": 3.101559453487153,
  "efc": 0.5074106823342619,
  "fber": 3543.5731144837537,
  "fwhm_avg": 3.6345333333333336,
  "fwhm_x": 3.52815,
  "fwhm_y": 3.81201,
  "fwhm_z": 3.56344,
  "icvs_csf": 0.2073267527777477,
  "icvs_gm": 0.42498736677004073,
  "icvs_wm": 0.36768588045221157,
  "inu_med": 1.0414657592773438,
  "inu_range": 0.6986315786838531,
  "provenance": {
    "md5sum": "993a3429eae80d2d1e71db2bcc596fed",
    "settings": {
      "testing": false
    },
    "software": "mriqc",
    "version": "23.1.0rc0",
    "warnings": {
      "large_rot_frame": true,
      "small_air_mask": false
    }
  },
  "qi_1": 0.0,
  "qi_2": 0.0011706154806531192,
  "rpve_csf": 30.569892909846608,
  "rpve_gm": 15.547918306848013,
  "rpve_wm": 20.988397325390668,
  "size_x": 208,
  "size_y": 256,
  "size_z": 256,
  "snr_csf": 1.3536529779934392,
  "snr_gm": 8.257948006172217,
  "snr_total": 7.820724836842302,
  "snr_wm": 13.85057352636125,
  "snrd_csf": 5.300110953798141,
  "snrd_gm": 25.503836011168712,
  "snrd_total": 23.09334058440618,
  "snrd_wm": 38.4760747882517,
  "spacing_x": 1.0,
  "spacing_y": 1.0,
  "spacing_z": 1.0,
  "summary_bg_k": 4.26508574550593,
  "summary_bg_mad": 17.02821031379365,
  "summary_bg_mean": 10.50695753502596,
  "summary_bg_median": 11.48535332083702,
  "summary_bg_n": 2425054.0,
  "summary_bg_p05": 0.0,
  "summary_bg_p95": 34.90773116052151,
  "summary_bg_stdv": 12.697095993883247,
  "summary_csf_k": 3.6603400497418024,
  "summary_csf_mad": 74.04401563413643,
  "summary_csf_mean": 162.48991998255184,
  "summary_csf_median": 137.75971539318562,
  "summary_csf_n": 22248.0,
  "summary_csf_p05": 44.005679577589035,
  "summary_csf_p95": 377.7035868905483,
  "summary_csf_stdv": 101.76656912494826,
  "summary_gm_k": 0.3491401549871189,
  "summary_gm_mad": 74.952824611558,
  "summary_gm_mean": 661.5361372625129,
  "summary_gm_median": 662.8920075371861,
  "summary_gm_n": 17700.0,
  "summary_gm_p05": 525.4839504338801,
  "summary_gm_p95": 792.8152276448905,
  "summary_gm_stdv": 80.27094394567706,
  "summary_wm_k": 1.5751033860425938,
  "summary_wm_mad": 62.086002773326285,
  "summary_wm_mean": 1009.0845282942904,
  "summary_wm_median": 1000.0645568519831,
  "summary_wm_n": 179637.0,
  "summary_wm_p05": 908.697925940156,
  "summary_wm_p95": 1142.6636065095663,
  "summary_wm_stdv": 72.20363628799159,
  "tpm_overlap_csf": 0.1628966948798448,
  "tpm_overlap_gm": 0.4483071243254747,
  "tpm_overlap_wm": 0.4872568891454372,
  "wm2max": 0.28257315611899647
}