{
  "bids_meta": {
    "AcquisitionMatrixPE": 256,
    "AcquisitionNumber": 1,
    "AcquisitionTime": "16:40:22.000000",
    "BodyPartExamined": "HEAD",
    "CoilString": "RM:Nova32ch",
    "ConversionSoftware": "dcm2niix",
    "ConversionSoftwareVersion": "v1.0.20211006",
    "Dcm2bidsVersion": "2.1.6",
    "DeviceSerialNumber": "000000000000MR01",
    "EchoTime": 0.00292,
    "FlipAngle": 8,
    "ImageOrientationPatientDICOM": [
      0,
      1,
      0,
      0,
      0,
      -1
    ],
    "ImageType": [
      "ORIGINAL",
      "PRIMARY",
      "OTHER"
    ],
    "ImagingFrequency": 127.767,
    "InPlanePhaseEncodingDirectionDICOM": "ROW",
    "InstitutionName": "UOFMResearch",
    "InversionTime": 1.06,
    "MRAcquisitionType": "3D",
    "MagneticFieldStrength": 3,
    "Manufacturer": "GE",
    "ManufacturersModelName": "DISCOVERY MR750",
    "Modality": "MR",
    "ParallelReductionFactorInPlane": 2,
    "ParallelReductionOutOfPlane": 2,
    "PatientPosition": "HFS",
    "PercentPhaseFOV": 100,
    "PercentSampling": 100,
    "PixelBandwidth": 244.141,
    "ProtocolName": "AHRB 32ch MB 08/10/17",
    "ReconMatrixPE": 256,
    "RepetitionTime": 0.006952,
    "SAR": 0.214851,
    "ScanOptions": "EDR_GEMS\\PROMO_GEMS\\ACC_GEMS",
    "ScanningSequence": "RM",
    "SequenceVariant": "NONE",
    "SeriesDescription": "t1spgr_208sl",
    "SeriesNumber": 6,
    "SliceThickness": 1,
    "SoftwareVersions": "27\\LX\\MR Software release:DV25.1_R01_1617.b",
    "SpacingBetweenSlices": 1,
    "StationName": "MR01MR01",
    "dataset": "AHRB",
    "modality": "T1w",
    "session_id": "1",
    "subject_id": "32"
  },
  "cjv": 0.3918759662080448,
  "cnr": 3.333766924629899,
  "efc": 0.45140234530073353,
  "fber": 2188.9030612244896,
  "fwhm_avg": 3.56664,
  "fwhm_x": 3.48637,
  "fwhm_y": 3.7435,
  "fwhm_z": 3.47005,
  "icvs_csf": 0.1954253882114634,
  "icvs_gm": 0.4492905051181009,
  "icvs_wm": 0.35528410667043564,
  "inu_med": 1.0064947605133057,
  "inu_range": 0.5762502551078796,
  "provenance": {
    "md5sum": "d4d2de8d013fedba11d42d8f0b5a2194",
    "settings": {
      "testing": false
    },
    "software": "mriqc",
    "version": "23.1.0rc0",
    "warnings": {
      "large_rot_frame": true,
      "small_air_mask": false
    }
  },
  "qi_1": 0.0,
  "qi_2": 0.0012070816603800161,
  "rpve_csf": 30.79196808317278,
  "rpve_gm": 14.065293633243739,
  "rpve_wm": 19.558729181658183,
  "size_x": 208,
  "size_y": 256,
  "size_z": 256,
  "snr_csf": 1.2603070751482015,
  "snr_gm": 8.032775369471274,
  "snr_total": 7.4180279681944254,
  "snr_wm": 12.961001459963802,
  "snrd_csf": 4.271533605543482,
  "snrd_gm": 20.47156444999383,
  "snrd_total": 19.072658625883168,
  "snrd_wm": 32.47487782211219,
  "spacing_x": 1.0,
  "spacing_y": 1.0,
  "spacing_z": 1.0,
  "summary_bg_k": 3.3105934246650923,
  "summary_bg_mad": 20.1750893648868,
  "summary_bg_mean": 11.306746433409575,
  "summary_bg_median": 13.607890985906124,
  "summary_bg_n": 4140933.0,
  "summary_bg_p05": 0.0,
  "summary_bg_p95": 34.271725445985794,
  "summary_bg_stdv": 13.4662506614463,
  "summary_csf_k": 1.8766331822095363,
  "summary_csf_mad": 87.31864074326668,
  "summary_csf_mean": 155.68532009461362,
  "summary_csf_median": 131.54294619709253,
  "summary_csf_n": 23000.0,
  "summary_csf_p05": 34.19972602277994,
  "summary_csf_p95": 370.58103124052286,
  "summary_csf_stdv": 104.37145766342363,
  "summary_gm_k": 0.09330190038888508,
  "summary_gm_mad": 77.07097630395911,
  "summary_gm_mean": 628.7530595050556,
  "summary_gm_median": 630.4269495904446,
  "summary_gm_n": 29470.0,
  "summary_gm_p05": 495.46043081991377,
  "summary_gm_p95": 753.9059603884816,
  "summary_gm_stdv": 78.48050324122234,
  "summary_wm_k": 1.6604018132429772,
  "summary_wm_mad": 67.78403040583662,
  "summary_wm_mean": 1005.1044542830805,
  "summary_wm_median": 1000.0719883292913,
  "summary_wm_n": 166046.0,
  "summary_wm_p05": 889.7688719779253,
  "summary_wm_p95": 1136.870892420411,
  "summary_wm_stdv": 77.15985373378841,
  "tpm_overlap_csf": 0.16223206629017323,
  "tpm_overlap_gm": 0.46662890863309886,
  "tpm_overlap_wm": 0.47239868463636875,
  "wm2max": 0.22842389159321141
}