{
  "bids_meta": {
    "AcquisitionMatrixPE": 256,
    "AcquisitionNumber": 1,
    "AcquisitionTime": "15:43:35.000000",
    "BodyPartExamined": "HEAD",
    "CoilString": "RM:Nova32ch",
    "ConversionSoftware": "dcm2niix",
    "ConversionSoftwareVersion": "v1.0.20211006",
    "Dcm2bidsVersion": "2.1.6",
    "DeviceSerialNumber": "000000000000MR01",
    "EchoTime": 0.00292,
    "FlipAngle": 8,
    "ImageOrientationPatientDICOM": [
      0,
      1,
      0,
      0,
      0,
      -1
    ],
    "ImageType": [
      "ORIGINAL",
      "PRIMARY",
      "OTHER"
    ],
    "ImagingFrequency": 127.767,
    "InPlanePhaseEncodingDirectionDICOM": "ROW",
    "InstitutionName": "UOFMResearch",
    "InversionTime": 1.06,
    "MRAcquisitionType": "3D",
    "MagneticFieldStrength": 3,
    "Manufacturer": "GE",
    "ManufacturersModelName": "DISCOVERY MR750",
    "Modality": "MR",
    "ParallelReductionFactorInPlane": 2,
    "ParallelReductionOutOfPlane": 2,
    "PatientPosition": "HFS",
    "PercentPhaseFOV": 100,
    "PercentSampling": 100,
    "PixelBandwidth": 244.141,
    "ProtocolName": "AHRB 32ch MB 08/10/17",
    "ReconMatrixPE": 256,
    "RepetitionTime": 0.006952,
    "SAR": 0.207826,
    "ScanOptions": "EDR_GEMS\\PROMO_GEMS\\ACC_GEMS",
    "ScanningSequence": "RM",
    "SequenceVariant": "NONE",
    "SeriesDescription": "t1spgr_208sl",
    "SeriesNumber": 6,
    "SliceThickness": 1,
    "SoftwareVersions": "27\\LX\\MR Software release:DV25.1_R01_1617.b",
    "SpacingBetweenSlices": 1,
    "StationName": "MR01MR01",
    "dataset": "AHRB",
    "modality": "T1w",
    "session_id": "1",
    "subject_id": "99"
  },
  "cjv": 0.3734049371371811,
  "cnr": 3.3661234399908473,
  "efc": 0.5045170340295917,
  "fber": 1615.3606347946836,
  "fwhm_avg": 3.922003333333333,
  "fwhm_x": 3.90628,
  "fwhm_y": 4.0399,
  "fwhm_z": 3.81983,
  "icvs_csf": 0.2577483995467688,
  "icvs_gm": 0.38704675139851563,
  "icvs_wm": 0.35520484905471555,
  "inu_med": 1.0323814153671265,
  "inu_range": 0.6446771919727325,
  "provenance": {
    "md5sum": "938107de21acdb5e8aca3375e1c925c2",
    "settings": {
      "testing": false
    },
    "software": "mriqc",
    "version": "23.1.0rc0",
    "warnings": {
      "large_rot_frame": true,
      "small_air_mask": false
    }
  },
  "qi_1": 0.0,
  "qi_2": 0.0009466336042842231,
  "rpve_csf": 24.21982386492617,
  "rpve_gm": 15.08869025077253,
  "rpve_wm": 19.24619775779593,
  "size_x": 208,
  "size_y": 256,
  "size_z": 256,
  "snr_csf": 1.5856612125066079,
  "snr_gm": 8.319033827075506,
  "snr_total": 7.718963643820277,
  "snr_wm": 13.252195891878713,
  "snrd_csf": 5.85383105921659,
  "snrd_gm": 28.931048012258586,
  "snrd_total": 26.79453729907139,
  "snrd_wm": 45.59873282573899,
  "spacing_x": 1.0,
  "spacing_y": 1.0,
  "spacing_z": 1.0,
  "summary_bg_k": 245.8276439891081,
  "summary_bg_mad": 14.36812855686545,
  "summary_bg_mean": 14.563283422359317,
  "summary_bg_median": 9.691155441105366,
  "summary_bg_n": 3119836.0,
  "summary_bg_p05": 0.0,
  "summary_bg_p95": 46.44902279600501,
  "summary_bg_stdv": 16.778063599159417,
  "summary_csf_k": 4.231623171499596,
  "summary_csf_mad": 59.43180448521618,
  "summary_csf_mean": 142.22388853075995,
  "summary_csf_median": 128.38333697989583,
  "summary_csf_n": 73442.0,
  "summary_csf_p05": 43.561254255473614,
  "summary_csf_p95": 304.3414370343089,
  "summary_csf_stdv": 80.96462341297791,
  "summary_gm_k": 0.22792643304681937,
  "summary_gm_mad": 74.0176319596099,
  "summary_gm_mean": 634.9464256846011,
  "summary_gm_median": 634.5014826301485,
  "summary_gm_n": 18680.0,
  "summary_gm_p05": 511.0322466921061,
  "summary_gm_p95": 759.5345186507329,
  "summary_gm_stdv": 76.26901298242471,
  "summary_wm_k": 2.367869094365653,
  "summary_wm_mad": 62.47958933061189,
  "summary_wm_mean": 1008.9887546881628,
  "summary_wm_median": 1000.0489291548729,
  "summary_wm_n": 206360.0,
  "summary_wm_p05": 905.3888553008437,
  "summary_wm_p95": 1145.5141512304544,
  "summary_wm_stdv": 75.4627017471161,
  "tpm_overlap_csf": 0.14757496468944992,
  "tpm_overlap_gm": 0.4296671356517459,
  "tpm_overlap_wm": 0.48760784905941373,
  "wm2max": 0.34082157465956153
}