{
  "bids_meta": {
    "AcquisitionMatrixPE": 256,
    "AcquisitionNumber": 1,
    "AcquisitionTime": "16:22:5.000000",
    "BodyPartExamined": "HEAD",
    "CoilString": "RM:Nova32ch",
    "ConversionSoftware": "dcm2niix",
    "ConversionSoftwareVersion": "v1.0.20211006",
    "Dcm2bidsVersion": "2.1.6",
    "DeviceSerialNumber": "000000000000MR01",
    "EchoTime": 0.00292,
    "FlipAngle": 8,
    "ImageOrientationPatientDICOM": [
      0,
      1,
      0,
      0,
      0,
      -1
    ],
    "ImageType": [
      "ORIGINAL",
      "PRIMARY",
      "OTHER"
    ],
    "ImagingFrequency": 127.767,
    "InPlanePhaseEncodingDirectionDICOM": "ROW",
    "InstitutionName": "UOFMResearch",
    "InversionTime": 1.06,
    "MRAcquisitionType": "3D",
    "MagneticFieldStrength": 3,
    "Manufacturer": "GE",
    "ManufacturersModelName": "DISCOVERY MR750",
    "Modality": "MR",
    "ParallelReductionFactorInPlane": 2,
    "ParallelReductionOutOfPlane": 2,
    "PatientPosition": "HFS",
    "PercentPhaseFOV": 100,
    "PercentSampling": 100,
    "PixelBandwidth": 244.141,
    "ProtocolName": "AHRB 32ch MB 08/10/17",
    "ReconMatrixPE": 256,
    "RepetitionTime": 0.006952,
    "SAR": 0.221956,
    "ScanOptions": "EDR_GEMS\\PROMO_GEMS\\ACC_GEMS",
    "ScanningSequence": "RM",
    "SequenceVariant": "NONE",
    "SeriesDescription": "t1spgr_208sl",
    "SeriesNumber": 7,
    "SliceThickness": 1,
    "SoftwareVersions": "27\\LX\\MR Software release:DV25.1_R01_1617.b",
    "SpacingBetweenSlices": 1,
    "StationName": "MR01MR01",
    "dataset": "AHRB",
    "modality": "T1w",
    "session_id": "1",
    "subject_id": "65"
  },
  "cjv": 0.4233265769466071,
  "cnr": 2.9836029013440317,
  "efc": 0.5071059648373142,
  "fber": 1961.1244668718462,
  "fwhm_avg": 3.828533333333333,
  "fwhm_x": 3.77558,
  "fwhm_y": 4.04054,
  "fwhm_z": 3.66948,
  "icvs_csf": 0.20959156494569717,
  "icvs_gm": 0.4143509274132765,
  "icvs_wm": 0.37605750764102636,
  "inu_med": 0.9970576167106628,
  "inu_range": 0.8047598898410793,
  "provenance": {
    "md5sum": "23a0caac5265d7d944e06ccc8f70f5b1",
    "settings": {
      "testing": false
    },
    "software": "mriqc",
    "version": "23.1.0rc0",
    "warnings": {
      "large_rot_frame": true,
      "small_air_mask": false
    }
  },
  "qi_1": 0.00031650659106046065,
  "qi_2": 0.0009217167450172565,
  "rpve_csf": 29.86035212198669,
  "rpve_gm": 15.390144213464723,
  "rpve_wm": 19.66330698421085,
  "size_x": 208,
  "size_y": 256,
  "size_z": 256,
  "snr_csf": 1.275373216060748,
  "snr_gm": 8.173435493868896,
  "snr_total": 7.530163002627913,
  "snr_wm": 13.141680297954098,
  "snrd_csf": 4.746314603183971,
  "snrd_gm": 20.313149832908337,
  "snrd_total": 18.5912275690248,
  "snrd_wm": 30.714218270982094,
  "spacing_x": 1.0,
  "spacing_y": 1.0,
  "spacing_z": 1.0,
  "summary_bg_k": 44.590011225161,
  "summary_bg_mad": 21.33162783634721,
  "summary_bg_mean": 19.488241396012786,
  "summary_bg_median": 14.387964330613613,
  "summary_bg_n": 3070006.0,
  "summary_bg_p05": 0.0,
  "summary_bg_p95": 64.78235716372728,
  "summary_bg_stdv": 23.347519621568775,
  "summary_csf_k": 1.637321093187679,
  "summary_csf_mad": 92.79799520685056,
  "summary_csf_mean": 185.01543483484014,
  "summary_csf_median": 154.54280468821526,
  "summary_csf_n": 27366.0,
  "summary_csf_p05": 47.783379001542926,
  "summary_csf_p95": 441.27959637343884,
  "summary_csf_stdv": 121.17235887374456,
  "summary_gm_k": 0.2895663234322674,
  "summary_gm_mad": 76.880486110693,
  "summary_gm_mean": 662.2368325956005,
  "summary_gm_median": 661.4081470966339,
  "summary_gm_n": 23718.0,
  "summary_gm_p05": 528.7759479880333,
  "summary_gm_p95": 797.9842552095652,
  "summary_gm_stdv": 80.91997597303633,
  "summary_wm_k": 1.6376117747771453,
  "summary_wm_mad": 66.48537812952887,
  "summary_wm_mean": 1009.512414145735,
  "summary_wm_median": 1000.0730740055442,
  "summary_wm_n": 197872.0,
  "summary_wm_p05": 904.1046215668321,
  "summary_wm_p95": 1149.0651919469237,
  "summary_wm_stdv": 76.09913833372778,
  "tpm_overlap_csf": 0.16131581020429178,
  "tpm_overlap_gm": 0.4510582287702291,
  "tpm_overlap_wm": 0.49919102398710663,
  "wm2max": 0.22952495893258237
}