{
  "aor": 0.0009290394088669952,
  "aqi": 0.007688750911330049,
  "bids_meta": {
    "AcquisitionMatrixPE": 90,
    "BodyPartExamined": "BRAIN",
    "DeviceSerialNumber": "000000000000MR01",
    "EchoTime": 0.03,
    "EffectiveEchoSpacing": 0.000536,
    "FlipAngle": 52,
    "ImageType": [
      "ORIGINAL",
      "PRIMARY",
      "OTHER"
    ],
    "ImagingFrequency": "1277673990",
    "InPlanePhaseEncodingDirectionDICOM": "COL",
    "InstitutionName": "UOFMResearch",
    "MagneticFieldStrength": 3,
    "Manufacturer": "GE",
    "ManufacturersModelName": "DISCOVERY_MR750",
    "Modality": "MR",
    "MultibandAccelerationFactor": 6,
    "PatientPosition": "HFS",
    "PhaseEncodingDirection": "j",
    "PulseSequenceType": "Multiband gradient echo EPI",
    "ReconMatrixPE": 90,
    "RepetitionTime": 0.8,
    "SeriesDescription": "func_mid",
    "SeriesNumber": 9,
    "SliceThickness": 2.4,
    "SliceTiming": [
      0.0,
      0.4,
      0.08,
      0.48,
      0.16,
      0.56,
      0.24,
      0.64,
      0.32,
      0.72,
      0.0,
      0.4,
      0.08,
      0.48,
      0.16,
      0.56,
      0.24,
      0.64,
      0.32,
      0.72,
      0.0,
      0.4,
      0.08,
      0.48,
      0.16,
      0.56,
      0.24,
      0.64,
      0.32,
      0.72,
      0.0,
      0.4,
      0.08,
      0.48,
      0.16,
      0.56,
      0.24,
      0.64,
      0.32,
      0.72,
      0.0,
      0.4,
      0.08,
      0.48,
      0.16,
      0.56,
      0.24,
      0.64,
      0.32,
      0.72,
      0.0,
      0.4,
      0.08,
      0.48,
      0.16,
      0.56,
      0.24,
      0.64,
      0.32,
      0.72
    ],
    "SpacingBetweenSlices": 2.4,
    "StationName": "MR01MR01",
    "TaskName": "func_mid",
    "TotalReadoutTime": 0.048,
    "dataset": "AHRB",
    "modality": "bold",
    "run_id": 2,
    "session_id": "1",
    "subject_id": "108",
    "task_id": "mid"
  },
  "dummy_trs": 1,
  "dvars_nstd": 31.72688966451851,
  "dvars_std": 0.9799360014567896,
  "dvars_vstd": 0.9736364385679008,
  "efc": 0.4904937587404266,
  "fber": 1089.4617919921875,
  "fd_mean": 0.10347165865892703,
  "fd_num": 23,
  "fd_perc": 5.665024630541872,
  "fwhm_avg": 2.8468248868773425,
  "fwhm_x": 2.6329582287089734,
  "fwhm_y": 3.081962377533818,
  "fwhm_z": 2.825554054389236,
  "gcor": 0.00476925,
  "gsr_x": -0.015719830989837646,
  "gsr_y": 0.07473234087228775,
  "provenance": {
    "md5sum": "77df02d0187fa5b662595b02e8ad28d4",
    "settings": {
      "fd_thres": 0.2,
      "testing": false
    },
    "software": "mriqc",
    "version": "23.1.0rc0"
  },
  "size_t": 406,
  "size_x": 90,
  "size_y": 90,
  "size_z": 60,
  "snr": 2.640610433852215,
  "spacing_tr": 0.800000011920929,
  "spacing_x": 2.4000000953674316,
  "spacing_y": 2.4000000953674316,
  "spacing_z": 2.4000000953674316,
  "summary_bg_k": 23.934724021184152,
  "summary_bg_mad": 159.76133843780426,
  "summary_bg_mean": 469.9717712402344,
  "summary_bg_median": 179.6859588623047,
  "summary_bg_n": 339322.0,
  "summary_bg_p05": 62.0592357635498,
  "summary_bg_p95": 2060.862036132813,
  "summary_bg_stdv": 795.3421630859375,
  "summary_fg_k": 0.9042497398679181,
  "summary_fg_mad": 2170.8257339797838,
  "summary_fg_mean": 6589.2421875,
  "summary_fg_median": 6159.4111328125,
  "summary_fg_n": 74035.0,
  "summary_fg_p05": 3583.3974609375,
  "summary_fg_p95": 10987.622265625001,
  "summary_fg_stdv": 2332.55517578125,
  "tsnr": 33.261676609516144
}