{
  "bids_meta": {
    "AcquisitionMatrixPE": 256,
    "AcquisitionNumber": 1,
    "AcquisitionTime": "13:24:19.000000",
    "BodyPartExamined": "HEAD",
    "CoilString": "RM:Nova32ch",
    "ConversionSoftware": "dcm2niix",
    "ConversionSoftwareVersion": "v1.0.20211006",
    "Dcm2bidsVersion": "2.1.6",
    "DeviceSerialNumber": "000000000000MR01",
    "EchoTime": 0.00292,
    "FlipAngle": 8,
    "ImageOrientationPatientDICOM": [
      0,
      1,
      0,
      0,
      0,
      -1
    ],
    "ImageType": [
      "ORIGINAL",
      "PRIMARY",
      "OTHER"
    ],
    "ImagingFrequency": 127.767,
    "InPlanePhaseEncodingDirectionDICOM": "ROW",
    "InstitutionName": "UOFMResearch",
    "InversionTime": 1.06,
    "MRAcquisitionType": "3D",
    "MagneticFieldStrength": 3,
    "Manufacturer": "GE",
    "ManufacturersModelName": "DISCOVERY MR750",
    "Modality": "MR",
    "ParallelReductionFactorInPlane": 2,
    "ParallelReductionOutOfPlane": 2,
    "PatientPosition": "HFS",
    "PercentPhaseFOV": 100,
    "PercentSampling": 100,
    "PixelBandwidth": 244.141,
    "ProtocolName": "AHRB 32ch HB 06/06/18",
    "ReconMatrixPE": 256,
    "RepetitionTime": 0.006952,
    "SAR": 0.116956,
    "ScanOptions": "EDR_GEMS\\PROMO_GEMS\\ACC_GEMS\\IR_GEMS",
    "ScanningSequence": "RM",
    "SequenceVariant": "NONE",
    "SeriesDescription": "t1spgr_208sl",
    "SeriesNumber": 6,
    "SliceThickness": 1,
    "SoftwareVersions": "27\\LX\\MR Software release:DV26.0_R02_1810.b",
    "SpacingBetweenSlices": 1,
    "StationName": "MR01MR01",
    "dataset": "AHRB",
    "modality": "T1w",
    "session_id": "2",
    "subject_id": "20"
  },
  "cjv": 0.42592880133538835,
  "cnr": 2.852954111966581,
  "efc": 0.547516597490928,
  "fber": 3927.460723726826,
  "fwhm_avg": 3.8516033333333333,
  "fwhm_x": 3.7995,
  "fwhm_y": 4.01032,
  "fwhm_z": 3.74499,
  "icvs_csf": 0.215444855394531,
  "icvs_gm": 0.3925527198845261,
  "icvs_wm": 0.3920024247209429,
  "inu_med": 1.0422871708869934,
  "inu_range": 0.7165471792221069,
  "provenance": {
    "md5sum": "68788bd0631cc79eb6ab6077680bfc16",
    "settings": {
      "testing": false
    },
    "software": "mriqc",
    "version": "23.1.0rc0",
    "warnings": {
      "large_rot_frame": true,
      "small_air_mask": false
    }
  },
  "qi_1": 0.0,
  "qi_2": 0.000954887931953391,
  "rpve_csf": 29.792056680838343,
  "rpve_gm": 16.136235815384026,
  "rpve_wm": 19.14558130461702,
  "size_x": 208,
  "size_y": 256,
  "size_z": 256,
  "snr_csf": 1.2476847778065319,
  "snr_gm": 7.932442494750336,
  "snr_total": 6.698023518031732,
  "snr_wm": 10.91394328153833,
  "snrd_csf": 6.776418065535944,
  "snrd_gm": 32.744308301838075,
  "snrd_total": 30.025979461804,
  "snrd_wm": 50.55721201803798,
  "spacing_x": 1.0,
  "spacing_y": 1.0,
  "spacing_z": 1.0,
  "summary_bg_k": 3.9933888521191356,
  "summary_bg_mad": 12.958995807476157,
  "summary_bg_mean": 12.127005025097988,
  "summary_bg_median": 8.740709844976664,
  "summary_bg_n": 1980516.0,
  "summary_bg_p05": 0.0,
  "summary_bg_p95": 38.46959123387933,
  "summary_bg_stdv": 13.794288878653429,
  "summary_csf_k": 2.3192342619567174,
  "summary_csf_mad": 80.62512960459718,
  "summary_csf_mean": 161.18035974192114,
  "summary_csf_median": 134.0416641496122,
  "summary_csf_n": 27370.0,
  "summary_csf_p05": 36.11431013792753,
  "summary_csf_p95": 384.2013033086434,
  "summary_csf_stdv": 107.43035245333853,
  "summary_gm_k": 0.3736950843181397,
  "summary_gm_mad": 75.81400541260004,
  "summary_gm_mean": 649.7159095313324,
  "summary_gm_median": 647.7023013867438,
  "summary_gm_n": 16873.0,
  "summary_gm_p05": 514.215436784178,
  "summary_gm_p95": 787.9723755456507,
  "summary_gm_stdv": 81.64989636885595,
  "summary_wm_k": 2.062547657581306,
  "summary_wm_mad": 74.2620298667945,
  "summary_wm_mean": 1016.2181164901017,
  "summary_wm_median": 1000.0523533411324,
  "summary_wm_n": 210248.0,
  "summary_wm_p05": 898.8276057951152,
  "summary_wm_p95": 1195.3653467124325,
  "summary_wm_stdv": 91.63049039860287,
  "tpm_overlap_csf": 0.1734852474681079,
  "tpm_overlap_gm": 0.4482100208637275,
  "tpm_overlap_wm": 0.5021117721052518,
  "wm2max": 0.3333783694527976
}