{
    "Modality": "MR",
    "MagneticFieldStrength": 3,
    "ImagingFrequency": 127.767,
    "Manufacturer": "GE",
    "ManufacturersModelName": "DISCOVERY MR750",
    "InstitutionName": "UOFMResearch",
    "DeviceSerialNumber": "000000000000MR01",
    "StationName": "MR01MR01",
    "BodyPartExamined": "HEAD",
    "PatientPosition": "HFS",
    "SoftwareVersions": "27\\LX\\MR Software release:DV25.1_R01_1617.b",
    "MRAcquisitionType": "2D",
    "SeriesDescription": "FM_mid",
    "ProtocolName": "AHRB 32ch MB 08/10/17",
    "ScanningSequence": "EP\\RM",
    "SequenceVariant": "NONE",
    "ScanOptions": "SAT_GEMS\\MP_GEMS\\EPI_GEMS\\FS",
    "ImageType": [
        "ORIGINAL",
        "PRIMARY",
        "OTHER"
    ],
    "SeriesNumber": 1007,
    "AcquisitionTime": "16:34:2.000000",
    "AcquisitionNumber": 1,
    "TriggerDelayTime": 7277,
    "SliceThickness": 2.4,
    "SpacingBetweenSlices": 2.4,
    "SAR": 0.522955,
    "EchoTime": 0.08,
    "RepetitionTime": 7.4,
    "FlipAngle": 90,
    "PhaseEncodingPolarityGE": "Unflipped",
    "CoilString": "RM:Nova32ch",
    "PercentPhaseFOV": 100,
    "PercentSampling": 100,
    "AcquisitionMatrixPE": 90,
    "ReconMatrixPE": 128,
    "EffectiveEchoSpacing": 0.000375622,
    "TotalReadoutTime": 0.047704,
    "PixelBandwidth": 3906.25,
    "PhaseEncodingDirection": "j-",
    "SliceTiming": [
        0.123,
        -0.001,
        -0.001,
        -0.001,
        -0.001,
        -0.001,
        -0.001,
        -0.001,
        -0.001,
        -0.001,
        -0.001,
        -0.001,
        -0.001,
        -0.001,
        -0.001,
        -0.001,
        -0.001,
        -0.001,
        -0.001,
        -0.001,
        -0.001,
        -0.001,
        -0.001,
        -0.001,
        -0.001,
        -0.001,
        -0.001,
        -0.001,
        -0.001,
        -0.001,
        -0.001,
        -0.001,
        -0.001,
        -0.001,
        -0.001,
        -0.001,
        -0.001,
        -0.001,
        -0.001,
        -0.001,
        -0.001,
        -0.001,
        -0.001,
        -0.001,
        -0.001,
        -0.001,
        -0.001,
        -0.001,
        -0.001,
        -0.001,
        -0.001,
        -0.001,
        -0.001,
        -0.001,
        -0.001,
        -0.001,
        -0.001,
        -0.001,
        -0.001,
        -0.001
    ],
    "ImageOrientationPatientDICOM": [
        1,
        0,
        0,
        0,
        1,
        0
    ],
    "InPlanePhaseEncodingDirectionDICOM": "COL",
    "ConversionSoftware": "dcm2niix",
    "ConversionSoftwareVersion": "v1.0.20211006",
    "Dcm2bidsVersion": "2.1.6",
    "IntendedFor": [
        "ses-1/func/sub-105_ses-1_task-mid_run-01_bold.nii.gz",
        "ses-1/func/sub-105_ses-1_task-mid_run-02_bold.nii.gz"
    ]
}