{
  "aor": 0.00038786240786240785,
  "aqi": 0.005492340565110564,
  "bids_meta": {
    "AcquisitionMatrixPE": 90,
    "AcquisitionNumber": 1,
    "AcquisitionTime": "16:47:13.000000",
    "BodyPartExamined": "BRAIN",
    "CoilString": "RM:Nova32ch",
    "ConversionSoftware": "dcm2niix",
    "ConversionSoftwareVersion": "v1.0.20211006",
    "Dcm2bidsVersion": "2.1.6",
    "DeviceSerialNumber": "000000000000MR01",
    "EchoTime": 0.03,
    "EffectiveEchoSpacing": 0.000568494,
    "FlipAngle": 52,
    "ImageOrientationPatientDICOM": [
      1,
      0,
      0,
      0,
      1,
      0
    ],
    "ImageType": [
      "ORIGINAL",
      "PRIMARY",
      "OTHER"
    ],
    "ImagingFrequency": 127.767,
    "InPlanePhaseEncodingDirectionDICOM": "COL",
    "InstitutionName": "UOFMResearch",
    "InternalPulseSequenceName": "EPI",
    "MRAcquisitionType": "2D",
    "MagneticFieldStrength": 3,
    "Manufacturer": "GE",
    "ManufacturersModelName": "DISCOVERY MR750",
    "Modality": "MR",
    "MultibandAccelerationFactor": 6,
    "PatientPosition": "HFS",
    "PercentPhaseFOV": 100,
    "PercentSampling": 100,
    "PhaseEncodingDirection": "j",
    "PhaseEncodingPolarityGE": "Flipped",
    "PixelBandwidth": 5555.56,
    "ProtocolName": "AHRB 32ch HB 06/06/18",
    "PulseSequenceName": "epi",
    "PulseSequenceType": "Multiband gradient echo EPI",
    "ReconMatrixPE": 90,
    "RepetitionTime": 0.8,
    "SAR": 0.152117,
    "ScanOptions": "SAT_GEMS\\EDR_GEMS\\MP_GEMS\\EPI_GEMS\\HYPERBAND_GEMS\\PFF\\FS",
    "ScanningSequence": "EP\\RM",
    "SequenceVariant": "NONE",
    "SeriesDescription": "func_mid",
    "SeriesNumber": 8,
    "SliceThickness": 2.4,
    "SliceTiming": [
      0,
      0.436364,
      0.0727273,
      0.509091,
      0.145455,
      0.581818,
      0.218182,
      0.654545,
      0.290909,
      0.727273,
      0.363636,
      0,
      0.436364,
      0.0727273,
      0.509091,
      0.145455,
      0.581818,
      0.218182,
      0.654545,
      0.290909,
      0.727273,
      0.363636,
      0,
      0.436364,
      0.0727273,
      0.509091,
      0.145455,
      0.581818,
      0.218182,
      0.654545,
      0.290909,
      0.727273,
      0.363636,
      0,
      0.436364,
      0.0727273,
      0.509091,
      0.145455,
      0.581818,
      0.218182,
      0.654545,
      0.290909,
      0.727273,
      0.363636,
      0,
      0.436364,
      0.0727273,
      0.509091,
      0.145455,
      0.581818,
      0.218182,
      0.654545,
      0.290909,
      0.727273,
      0.363636,
      0,
      0.436364,
      0.0727273,
      0.509091,
      0.145455
    ],
    "SoftwareVersions": "27\\LX\\MR Software release:DV26.0_R02_1810.b",
    "SpacingBetweenSlices": 2.4,
    "StationName": "MR01MR01",
    "TaskName": "func_mid",
    "TotalReadoutTime": 0.04824,
    "TriggerDelayTime": 787,
    "dataset": "AHRB",
    "modality": "bold",
    "run_id": 1,
    "session_id": "1",
    "subject_id": "103",
    "task_id": "mid"
  },
  "dummy_trs": 0,
  "dvars_nstd": 32.09083876147784,
  "dvars_std": 1.0473808195566505,
  "dvars_vstd": 0.9933543011576359,
  "efc": 0.4602718212110279,
  "fber": 5123.19189453125,
  "fd_mean": 0.1133417269137153,
  "fd_num": 15,
  "fd_perc": 3.6855036855036856,
  "fwhm_avg": 2.3777494284969185,
  "fwhm_x": 2.354270739783019,
  "fwhm_y": 2.378058238837789,
  "fwhm_z": 2.4009193068699473,
  "gcor": 0.00810368,
  "gsr_x": -0.0006155287846922874,
  "gsr_y": 0.03162325546145439,
  "provenance": {
    "md5sum": "239c71bda108d9eb8b26224f61ddc769",
    "settings": {
      "fd_thres": 0.2,
      "testing": false
    },
    "software": "mriqc",
    "version": "23.1.0rc0"
  },
  "size_t": 407,
  "size_x": 90,
  "size_y": 90,
  "size_z": 60,
  "snr": 3.3597163669334345,
  "spacing_tr": 0.800000011920929,
  "spacing_x": 2.4000000953674316,
  "spacing_y": 2.4000000953674316,
  "spacing_z": 2.4000015258789062,
  "summary_bg_k": 198.2342766086751,
  "summary_bg_mad": 17.794868879104264,
  "summary_bg_mean": 39.921348571777344,
  "summary_bg_median": 12.36117935180664,
  "summary_bg_n": 334461.0,
  "summary_bg_p05": 0.0024570024106651545,
  "summary_bg_p95": 149.94593811035156,
  "summary_bg_stdv": 101.26248931884766,
  "summary_fg_k": 2.0185836696645056,
  "summary_fg_mad": 234.72287936696796,
  "summary_fg_mean": 905.8212280273438,
  "summary_fg_median": 863.73583984375,
  "summary_fg_n": 80882.0,
  "summary_fg_p05": 568.5664733886719,
  "summary_fg_p95": 1378.3857116699216,
  "summary_fg_stdv": 257.0843505859375,
  "tsnr": 41.84911438333802
}