{
  "bids_meta": {
    "AcquisitionMatrixPE": 256,
    "AcquisitionNumber": 1,
    "AcquisitionTime": "15:21:41.000000",
    "BodyPartExamined": "HEAD",
    "CoilString": "RM:Nova32ch",
    "ConversionSoftware": "dcm2niix",
    "ConversionSoftwareVersion": "v1.0.20211006",
    "Dcm2bidsVersion": "2.1.6",
    "DeviceSerialNumber": "000000000000MR01",
    "EchoTime": 0.00292,
    "FlipAngle": 8,
    "ImageOrientationPatientDICOM": [
      0,
      1,
      0,
      0,
      0,
      -1
    ],
    "ImageType": [
      "ORIGINAL",
      "PRIMARY",
      "OTHER"
    ],
    "ImagingFrequency": 127.767,
    "InPlanePhaseEncodingDirectionDICOM": "ROW",
    "InstitutionName": "UOFMResearch",
    "InversionTime": 1.06,
    "MRAcquisitionType": "3D",
    "MagneticFieldStrength": 3,
    "Manufacturer": "GE",
    "ManufacturersModelName": "DISCOVERY MR750",
    "Modality": "MR",
    "ParallelReductionFactorInPlane": 2,
    "ParallelReductionOutOfPlane": 2,
    "PatientPosition": "HFS",
    "PercentPhaseFOV": 100,
    "PercentSampling": 100,
    "PixelBandwidth": 244.141,
    "ProtocolName": "AHRB 32ch HB 06/06/18",
    "ReconMatrixPE": 256,
    "RepetitionTime": 0.006952,
    "SAR": 0.104058,
    "ScanOptions": "EDR_GEMS\\PROMO_GEMS\\ACC_GEMS\\IR_GEMS",
    "ScanningSequence": "RM",
    "SequenceVariant": "NONE",
    "SeriesDescription": "t1spgr_208sl",
    "SeriesNumber": 6,
    "SliceThickness": 1,
    "SoftwareVersions": "27\\LX\\MR Software release:DV26.0_R02_1810.b",
    "SpacingBetweenSlices": 1,
    "StationName": "MR01MR01",
    "dataset": "AHRB",
    "modality": "T1w",
    "session_id": "2",
    "subject_id": "12"
  },
  "cjv": 0.40159204346877203,
  "cnr": 3.194785912511754,
  "efc": 0.5034747296690661,
  "fber": 4468.520678431724,
  "fwhm_avg": 3.6805866666666667,
  "fwhm_x": 3.56618,
  "fwhm_y": 3.84063,
  "fwhm_z": 3.63495,
  "icvs_csf": 0.20415751288011016,
  "icvs_gm": 0.4165881506928993,
  "icvs_wm": 0.3792543364269906,
  "inu_med": 1.030553162097931,
  "inu_range": 0.6700755417346951,
  "provenance": {
    "md5sum": "3a9b306bd4be320a2ae20375aad32fb4",
    "settings": {
      "testing": false
    },
    "software": "mriqc",
    "version": "23.1.0rc0",
    "warnings": {
      "large_rot_frame": true,
      "small_air_mask": false
    }
  },
  "qi_1": 0.0,
  "qi_2": 0.0013881817289170542,
  "rpve_csf": 28.214631586181905,
  "rpve_gm": 14.116075316028734,
  "rpve_wm": 17.994304361118125,
  "size_x": 208,
  "size_y": 256,
  "size_z": 256,
  "snr_csf": 1.1662674963584332,
  "snr_gm": 8.191822782617125,
  "snr_total": 7.772288656915127,
  "snr_wm": 13.958775691769826,
  "snrd_csf": 5.857516010809426,
  "snrd_gm": 27.92853357610056,
  "snrd_total": 25.475056475081697,
  "snrd_wm": 42.639119838335105,
  "spacing_x": 1.0,
  "spacing_y": 1.0,
  "spacing_z": 1.0,
  "summary_bg_k": 2.7207700274994426,
  "summary_bg_mad": 15.365604944119651,
  "summary_bg_mean": 10.207234780979858,
  "summary_bg_median": 10.363943040370941,
  "summary_bg_n": 2945395.0,
  "summary_bg_p05": 0.0,
  "summary_bg_p95": 31.995661363005638,
  "summary_bg_stdv": 11.684553542977238,
  "summary_csf_k": 7.012846998243505,
  "summary_csf_mad": 82.99213368073927,
  "summary_csf_mean": 169.64043237223774,
  "summary_csf_median": 137.38250076770782,
  "summary_csf_n": 34225.0,
  "summary_csf_p05": 38.14172060787678,
  "summary_csf_p95": 411.12315909564495,
  "summary_csf_stdv": 117.79501197885844,
  "summary_gm_k": 0.13690817461171134,
  "summary_gm_mad": 78.6147229699145,
  "summary_gm_mean": 656.0902121737906,
  "summary_gm_median": 655.0373534411192,
  "summary_gm_n": 24013.0,
  "summary_gm_p05": 526.9703503131866,
  "summary_gm_p95": 792.022168022394,
  "summary_gm_stdv": 79.96067925998682,
  "summary_wm_k": 2.0721469496284373,
  "summary_wm_mad": 59.9437262645598,
  "summary_wm_mean": 1010.2842256864772,
  "summary_wm_median": 1000.060247913003,
  "summary_wm_n": 215478.0,
  "summary_wm_p05": 913.5333746224642,
  "summary_wm_p95": 1143.167019546032,
  "summary_wm_stdv": 71.64367057904995,
  "tpm_overlap_csf": 0.14237371102361543,
  "tpm_overlap_gm": 0.4383049122032497,
  "tpm_overlap_wm": 0.4711427701912302,
  "wm2max": 0.29178460294298625
}