{
  "bids_meta": {
    "AcquisitionMatrixPE": 256,
    "AcquisitionNumber": 1,
    "AcquisitionTime": "17:02:2.000000",
    "BodyPartExamined": "HEAD",
    "CoilString": "RM:Nova32ch",
    "ConversionSoftware": "dcm2niix",
    "ConversionSoftwareVersion": "v1.0.20211006",
    "Dcm2bidsVersion": "2.1.6",
    "DeviceSerialNumber": "000000000000MR01",
    "EchoTime": 0.00292,
    "FlipAngle": 8,
    "ImageOrientationPatientDICOM": [
      0,
      1,
      0,
      0,
      0,
      -1
    ],
    "ImageType": [
      "ORIGINAL",
      "PRIMARY",
      "OTHER"
    ],
    "ImagingFrequency": 127.767,
    "InPlanePhaseEncodingDirectionDICOM": "ROW",
    "InstitutionName": "UOFMResearch",
    "InversionTime": 1.06,
    "MRAcquisitionType": "3D",
    "MagneticFieldStrength": 3,
    "Manufacturer": "GE",
    "ManufacturersModelName": "DISCOVERY MR750",
    "Modality": "MR",
    "ParallelReductionFactorInPlane": 2,
    "ParallelReductionOutOfPlane": 2,
    "PatientPosition": "HFS",
    "PercentPhaseFOV": 100,
    "PercentSampling": 100,
    "PixelBandwidth": 244.141,
    "ProtocolName": "AHRB 32ch HB 06/06/18",
    "ReconMatrixPE": 256,
    "RepetitionTime": 0.006952,
    "SAR": 0.109414,
    "ScanOptions": "EDR_GEMS\\PROMO_GEMS\\ACC_GEMS\\IR_GEMS",
    "ScanningSequence": "RM",
    "SequenceVariant": "NONE",
    "SeriesDescription": "t1spgr_208sl",
    "SeriesNumber": 6,
    "SliceThickness": 1,
    "SoftwareVersions": "27\\LX\\MR Software release:DV26.0_R02_1810.b",
    "SpacingBetweenSlices": 1,
    "StationName": "MR01MR01",
    "dataset": "AHRB",
    "modality": "T1w",
    "session_id": "1",
    "subject_id": "44"
  },
  "cjv": 0.4253585559801658,
  "cnr": 3.0805790817382026,
  "efc": 0.5502706056275205,
  "fber": 5005.881198766334,
  "fwhm_avg": 3.7144166666666667,
  "fwhm_x": 3.64848,
  "fwhm_y": 3.84384,
  "fwhm_z": 3.65093,
  "icvs_csf": 0.16939436484668025,
  "icvs_gm": 0.4492361990982271,
  "icvs_wm": 0.3813694360550926,
  "inu_med": 1.0072637796401978,
  "inu_range": 0.7856723070144653,
  "provenance": {
    "md5sum": "f37e23fd4fbddfb437c601286177102f",
    "settings": {
      "testing": false
    },
    "software": "mriqc",
    "version": "23.1.0rc0",
    "warnings": {
      "large_rot_frame": true,
      "small_air_mask": false
    }
  },
  "qi_1": 0.0,
  "qi_2": 0.001225625708562891,
  "rpve_csf": 30.688957678048602,
  "rpve_gm": 12.84716191007714,
  "rpve_wm": 17.15540476290095,
  "size_x": 208,
  "size_y": 256,
  "size_z": 256,
  "snr_csf": 1.1896037461886129,
  "snr_gm": 8.131724181086147,
  "snr_total": 7.401971962999589,
  "snr_wm": 12.884587961724009,
  "snrd_csf": 8.771932662889872,
  "snrd_gm": 38.21447087700533,
  "snrd_total": 35.13947009178377,
  "snrd_wm": 58.43200673545611,
  "spacing_x": 1.0,
  "spacing_y": 1.0,
  "spacing_z": 1.0,
  "summary_bg_k": 2.4472601332645567,
  "summary_bg_mad": 11.212480972555477,
  "summary_bg_mean": 9.705588625137553,
  "summary_bg_median": 7.562703490257263,
  "summary_bg_n": 2606382.0,
  "summary_bg_p05": 0.0,
  "summary_bg_p95": 31.208118200302124,
  "summary_bg_stdv": 11.107774214604966,
  "summary_csf_k": 1.8472605770364252,
  "summary_csf_mad": 107.1927373990193,
  "summary_csf_mean": 182.1665690643827,
  "summary_csf_median": 150.1292373239994,
  "summary_csf_n": 16482.0,
  "summary_csf_p05": 35.32452642917633,
  "summary_csf_p95": 427.8168712705373,
  "summary_csf_stdv": 126.19721768421226,
  "summary_gm_k": 0.16599587707771324,
  "summary_gm_mad": 77.84868118286936,
  "summary_gm_mean": 655.1297095027718,
  "summary_gm_median": 654.0302562713623,
  "summary_gm_n": 36098.0,
  "summary_gm_p05": 524.4112622737885,
  "summary_gm_p95": 791.2598189711571,
  "summary_gm_stdv": 80.4283547438975,
  "summary_wm_k": 1.6781420516020535,
  "summary_wm_mad": 69.33287284928292,
  "summary_wm_mean": 1009.7761724324391,
  "summary_wm_median": 1000.0478735566139,
  "summary_wm_n": 218637.0,
  "summary_wm_p05": 902.8814932703972,
  "summary_wm_p95": 1150.5360999703407,
  "summary_wm_stdv": 77.61564355179243,
  "tpm_overlap_csf": 0.16335704097115414,
  "tpm_overlap_gm": 0.458449240109811,
  "tpm_overlap_wm": 0.4892326510622791,
  "wm2max": 0.37591362885539764
}