{
  "aor": 0.0006174692874692876,
  "aqi": 0.004923004987714989,
  "bids_meta": {
    "AcquisitionMatrixPE": 90,
    "BodyPartExamined": "BRAIN",
    "DeviceSerialNumber": "000000000000MR01",
    "EchoTime": 0.03,
    "EffectiveEchoSpacing": 0.000536,
    "FlipAngle": 52,
    "ImageType": [
      "ORIGINAL",
      "PRIMARY",
      "OTHER"
    ],
    "ImagingFrequency": "1277673620",
    "InPlanePhaseEncodingDirectionDICOM": "COL",
    "InstitutionName": "UOFMResearch",
    "MagneticFieldStrength": 3,
    "Manufacturer": "GE",
    "ManufacturersModelName": "DISCOVERY_MR750",
    "Modality": "MR",
    "MultibandAccelerationFactor": 6,
    "PatientPosition": "HFS",
    "PhaseEncodingDirection": "j",
    "PulseSequenceType": "Multiband gradient echo EPI",
    "ReconMatrixPE": 90,
    "RepetitionTime": 0.8,
    "SeriesDescription": "func_mid",
    "SeriesNumber": 9,
    "SliceThickness": 2.4,
    "SliceTiming": [
      0.0,
      0.4,
      0.08,
      0.48,
      0.16,
      0.56,
      0.24,
      0.64,
      0.32,
      0.72,
      0.0,
      0.4,
      0.08,
      0.48,
      0.16,
      0.56,
      0.24,
      0.64,
      0.32,
      0.72,
      0.0,
      0.4,
      0.08,
      0.48,
      0.16,
      0.56,
      0.24,
      0.64,
      0.32,
      0.72,
      0.0,
      0.4,
      0.08,
      0.48,
      0.16,
      0.56,
      0.24,
      0.64,
      0.32,
      0.72,
      0.0,
      0.4,
      0.08,
      0.48,
      0.16,
      0.56,
      0.24,
      0.64,
      0.32,
      0.72,
      0.0,
      0.4,
      0.08,
      0.48,
      0.16,
      0.56,
      0.24,
      0.64,
      0.32,
      0.72
    ],
    "SpacingBetweenSlices": 2.4,
    "StationName": "MR01MR01",
    "TaskName": "func_mid",
    "TotalReadoutTime": 0.048,
    "dataset": "AHRB",
    "modality": "bold",
    "run_id": 2,
    "session_id": "1",
    "subject_id": "106",
    "task_id": "mid"
  },
  "dummy_trs": 0,
  "dvars_nstd": 39.19196834443346,
  "dvars_std": 1.0616540429802954,
  "dvars_vstd": 0.990709153522167,
  "efc": 0.5431970036689353,
  "fber": 980.9447021484375,
  "fd_mean": 0.06373747969176086,
  "fd_num": 6,
  "fd_perc": 1.4742014742014742,
  "fwhm_avg": 2.9125359953773287,
  "fwhm_x": 2.598062396762276,
  "fwhm_y": 3.1061332099066887,
  "fwhm_z": 3.0334123794630217,
  "gcor": 0.00522621,
  "gsr_x": -0.023343311622738838,
  "gsr_y": 0.10421033948659897,
  "provenance": {
    "md5sum": "a8fffff9db9a69a433b0d959018a2d44",
    "settings": {
      "fd_thres": 0.2,
      "testing": false
    },
    "software": "mriqc",
    "version": "23.1.0rc0"
  },
  "size_t": 407,
  "size_x": 90,
  "size_y": 90,
  "size_z": 60,
  "snr": 2.511664730220249,
  "spacing_tr": 0.800000011920929,
  "spacing_x": 2.4000000953674316,
  "spacing_y": 2.4000000953674316,
  "spacing_z": 2.4000000953674316,
  "summary_bg_k": 16.899206883022867,
  "summary_bg_mad": 141.10948719877078,
  "summary_bg_mean": 480.40191650390625,
  "summary_bg_median": 178.47665405273438,
  "summary_bg_n": 300207.0,
  "summary_bg_p05": 72.78697662353515,
  "summary_bg_p95": 2134.5033691406265,
  "summary_bg_stdv": 794.2623291015625,
  "summary_fg_k": 1.1282663367239145,
  "summary_fg_mad": 2162.3369675666017,
  "summary_fg_mean": 6263.22509765625,
  "summary_fg_median": 5814.81298828125,
  "summary_fg_n": 107419.0,
  "summary_fg_p05": 3319.0616455078125,
  "summary_fg_p95": 10619.176074218745,
  "summary_fg_stdv": 2315.1123046875,
  "tsnr": 34.477385338395834
}