{
  "bids_meta": {
    "AcquisitionMatrixPE": 256,
    "AcquisitionNumber": 1,
    "AcquisitionTime": "16:13:29.000000",
    "BodyPartExamined": "HEAD",
    "CoilString": "RM:Nova32ch",
    "ConversionSoftware": "dcm2niix",
    "ConversionSoftwareVersion": "v1.0.20211006",
    "Dcm2bidsVersion": "2.1.6",
    "DeviceSerialNumber": "000000000000MR01",
    "EchoTime": 0.00292,
    "FlipAngle": 8,
    "ImageOrientationPatientDICOM": [
      0,
      1,
      0,
      0,
      0,
      -1
    ],
    "ImageType": [
      "ORIGINAL",
      "PRIMARY",
      "OTHER"
    ],
    "ImagingFrequency": 127.768,
    "InPlanePhaseEncodingDirectionDICOM": "ROW",
    "InstitutionName": "UOFMResearch",
    "InversionTime": 1.06,
    "MRAcquisitionType": "3D",
    "MagneticFieldStrength": 3,
    "Manufacturer": "GE",
    "ManufacturersModelName": "DISCOVERY MR750",
    "Modality": "MR",
    "ParallelReductionFactorInPlane": 2,
    "ParallelReductionOutOfPlane": 2,
    "PatientPosition": "HFS",
    "PercentPhaseFOV": 100,
    "PercentSampling": 100,
    "PixelBandwidth": 244.141,
    "ProtocolName": "AHRB 32ch MB 08/10/17",
    "ReconMatrixPE": 256,
    "RepetitionTime": 0.006952,
    "SAR": 0.223553,
    "ScanOptions": "EDR_GEMS\\PROMO_GEMS\\ACC_GEMS",
    "ScanningSequence": "RM",
    "SequenceVariant": "NONE",
    "SeriesDescription": "t1spgr_208sl",
    "SeriesNumber": 6,
    "SliceThickness": 1,
    "SoftwareVersions": "27\\LX\\MR Software release:DV25.1_R01_1617.b",
    "SpacingBetweenSlices": 1,
    "StationName": "MR01MR01",
    "dataset": "AHRB",
    "modality": "T1w",
    "session_id": "1",
    "subject_id": "47"
  },
  "cjv": 0.3461797873755378,
  "cnr": 3.715974469373898,
  "efc": 0.46257579964922285,
  "fber": 1978.9017447199262,
  "fwhm_avg": 3.6394566666666663,
  "fwhm_x": 3.57338,
  "fwhm_y": 3.85181,
  "fwhm_z": 3.49318,
  "icvs_csf": 0.19272897352340781,
  "icvs_gm": 0.462026353070703,
  "icvs_wm": 0.3452446734058892,
  "inu_med": 0.9523974061012268,
  "inu_range": 0.5518046438694001,
  "provenance": {
    "md5sum": "69e82e043fbc5943d6d163c51d49f681",
    "settings": {
      "testing": false
    },
    "software": "mriqc",
    "version": "23.1.0rc0",
    "warnings": {
      "large_rot_frame": true,
      "small_air_mask": false
    }
  },
  "qi_1": 0.0,
  "qi_2": 0.0009794999848383213,
  "rpve_csf": 30.80751505671419,
  "rpve_gm": 13.922798229528667,
  "rpve_wm": 20.81822595836938,
  "size_x": 208,
  "size_y": 256,
  "size_z": 256,
  "snr_csf": 1.1356048776060834,
  "snr_gm": 8.195347528874862,
  "snr_total": 8.213974330117132,
  "snr_wm": 15.31097058387045,
  "snrd_csf": 5.864667580463414,
  "snrd_gm": 32.358560597469186,
  "snrd_total": 30.020696035666514,
  "snrd_wm": 51.83885992906695,
  "spacing_x": 1.0,
  "spacing_y": 1.0,
  "spacing_z": 1.0,
  "summary_bg_k": 4.51426404885915,
  "summary_bg_mad": 0.0,
  "summary_bg_mean": 9.882149760918729,
  "summary_bg_median": 0.0,
  "summary_bg_n": 3328933.0,
  "summary_bg_p05": 0.0,
  "summary_bg_p95": 33.989414893090725,
  "summary_bg_stdv": 12.637940122270386,
  "summary_csf_k": 2.0858191582067978,
  "summary_csf_mad": 71.23651167670153,
  "summary_csf_mean": 139.67237894715947,
  "summary_csf_median": 113.1326510310173,
  "summary_csf_n": 21712.0,
  "summary_csf_p05": 24.809791892766953,
  "summary_csf_p95": 348.53209147490566,
  "summary_csf_stdv": 99.6209578961226,
  "summary_gm_k": 0.2001820703000936,
  "summary_gm_mad": 74.54698640178059,
  "summary_gm_mean": 621.9328893559157,
  "summary_gm_median": 624.2143640220165,
  "summary_gm_n": 39005.0,
  "summary_gm_p05": 492.3916697651148,
  "summary_gm_p95": 742.3089734315872,
  "summary_gm_stdv": 76.16594171864627,
  "summary_wm_k": 1.5863466787556755,
  "summary_wm_mad": 55.54240927632666,
  "summary_wm_mean": 998.6509706156731,
  "summary_wm_median": 1000.0000118911266,
  "summary_wm_n": 180060.0,
  "summary_wm_p05": 888.5213469862938,
  "summary_wm_p95": 1100.8104662820697,
  "summary_wm_stdv": 65.31246530435754,
  "tpm_overlap_csf": 0.15583512031868454,
  "tpm_overlap_gm": 0.4598329689632326,
  "tpm_overlap_wm": 0.47947994182219233,
  "wm2max": 0.19513926992221542
}