{
  "bids_meta": {
    "AcquisitionMatrixPE": 256,
    "AcquisitionNumber": 1,
    "AcquisitionTime": "17:03:51.000000",
    "BodyPartExamined": "HEAD",
    "CoilString": "RM:Nova32ch",
    "ConversionSoftware": "dcm2niix",
    "ConversionSoftwareVersion": "v1.0.20211006",
    "Dcm2bidsVersion": "2.1.6",
    "DeviceSerialNumber": "000000000000MR01",
    "EchoTime": 0.00292,
    "FlipAngle": 8,
    "ImageOrientationPatientDICOM": [
      0,
      1,
      0,
      0,
      0,
      -1
    ],
    "ImageType": [
      "ORIGINAL",
      "PRIMARY",
      "OTHER"
    ],
    "ImagingFrequency": 127.767,
    "InPlanePhaseEncodingDirectionDICOM": "ROW",
    "InstitutionName": "UOFMResearch",
    "InversionTime": 1.06,
    "MRAcquisitionType": "3D",
    "MagneticFieldStrength": 3,
    "Manufacturer": "GE",
    "ManufacturersModelName": "DISCOVERY MR750",
    "Modality": "MR",
    "ParallelReductionFactorInPlane": 2,
    "ParallelReductionOutOfPlane": 2,
    "PatientPosition": "HFS",
    "PercentPhaseFOV": 100,
    "PercentSampling": 100,
    "PixelBandwidth": 244.141,
    "ProtocolName": "AHRB 32ch HB 06/06/18",
    "ReconMatrixPE": 256,
    "RepetitionTime": 0.006952,
    "SAR": 0.104069,
    "ScanOptions": "EDR_GEMS\\PROMO_GEMS\\ACC_GEMS\\IR_GEMS",
    "ScanningSequence": "RM",
    "SequenceVariant": "NONE",
    "SeriesDescription": "t1spgr_208sl",
    "SeriesNumber": 6,
    "SliceThickness": 1,
    "SoftwareVersions": "27\\LX\\MR Software release:DV26.0_R02_1810.b",
    "SpacingBetweenSlices": 1,
    "StationName": "MR01MR01",
    "dataset": "AHRB",
    "modality": "T1w",
    "session_id": "2",
    "subject_id": "60"
  },
  "cjv": 0.3871350885650087,
  "cnr": 3.309904011361431,
  "efc": 0.5279047605836182,
  "fber": 3878.339508310249,
  "fwhm_avg": 3.60185,
  "fwhm_x": 3.51819,
  "fwhm_y": 3.75051,
  "fwhm_z": 3.53685,
  "icvs_csf": 0.20355790705543153,
  "icvs_gm": 0.4243640378259747,
  "icvs_wm": 0.37207805511859376,
  "inu_med": 0.9955123066902161,
  "inu_range": 0.7422129154205321,
  "provenance": {
    "md5sum": "a7f1713e3806251da2c6873e5ca06eee",
    "settings": {
      "testing": false
    },
    "software": "mriqc",
    "version": "23.1.0rc0",
    "warnings": {
      "large_rot_frame": true,
      "small_air_mask": false
    }
  },
  "qi_1": 0.0,
  "qi_2": 0.0010637753588271413,
  "rpve_csf": 29.774117564336944,
  "rpve_gm": 14.815045152402424,
  "rpve_wm": 19.463956137136122,
  "size_x": 208,
  "size_y": 256,
  "size_z": 256,
  "snr_csf": 1.2156081827775362,
  "snr_gm": 8.591891794679665,
  "snr_total": 8.289114944372313,
  "snr_wm": 15.059844855659742,
  "snrd_csf": 7.387970101783917,
  "snrd_gm": 33.27816683133028,
  "snrd_total": 30.36156816458896,
  "snrd_wm": 50.418567560652676,
  "spacing_x": 1.0,
  "spacing_y": 1.0,
  "spacing_z": 1.0,
  "summary_bg_k": 2.938551477211176,
  "summary_bg_mad": 12.99528293428501,
  "summary_bg_mean": 13.30756097176478,
  "summary_bg_median": 8.7651851400733,
  "summary_bg_n": 2366517.0,
  "summary_bg_p05": 0.0,
  "summary_bg_p95": 44.38976801931858,
  "summary_bg_stdv": 15.463685131624388,
  "summary_csf_k": 1.210243330123908,
  "summary_csf_mad": 98.6805549132695,
  "summary_csf_mean": 179.153923479256,
  "summary_csf_median": 146.54774453490973,
  "summary_csf_n": 25694.0,
  "summary_csf_p05": 38.579629214480526,
  "summary_csf_p95": 422.8304808214307,
  "summary_csf_stdv": 120.55273631269911,
  "summary_gm_k": 0.44506791565949166,
  "summary_gm_mad": 71.8920330750504,
  "summary_gm_mean": 659.2030517331901,
  "summary_gm_median": 660.1055803149939,
  "summary_gm_n": 22852.0,
  "summary_gm_p05": 531.5495315939188,
  "summary_gm_p95": 783.2513056937605,
  "summary_gm_stdv": 76.82721720337223,
  "summary_wm_k": 1.2300936047861022,
  "summary_wm_mad": 59.732704013731095,
  "summary_wm_mean": 1007.0506076412407,
  "summary_wm_median": 1000.1024986431003,
  "summary_wm_n": 198516.0,
  "summary_wm_p05": 912.1943552792072,
  "summary_wm_p95": 1126.813245229423,
  "summary_wm_stdv": 66.4083852973586,
  "tpm_overlap_csf": 0.15239529154873638,
  "tpm_overlap_gm": 0.44572379827623665,
  "tpm_overlap_wm": 0.4697891426253179,
  "wm2max": 0.3453579962828569
}