{
  "bids_meta": {
    "AcquisitionMatrixPE": 256,
    "AcquisitionNumber": 1,
    "AcquisitionTime": "16:58:41.000000",
    "BodyPartExamined": "HEAD",
    "CoilString": "RM:Nova32ch",
    "ConversionSoftware": "dcm2niix",
    "ConversionSoftwareVersion": "v1.0.20211006",
    "Dcm2bidsVersion": "2.1.6",
    "DeviceSerialNumber": "000000000000MR01",
    "EchoTime": 0.00292,
    "FlipAngle": 8,
    "ImageOrientationPatientDICOM": [
      0,
      1,
      0,
      0,
      0,
      -1
    ],
    "ImageType": [
      "ORIGINAL",
      "PRIMARY",
      "OTHER"
    ],
    "ImagingFrequency": 127.767,
    "InPlanePhaseEncodingDirectionDICOM": "ROW",
    "InstitutionName": "UOFMResearch",
    "InversionTime": 1.06,
    "MRAcquisitionType": "3D",
    "MagneticFieldStrength": 3,
    "Manufacturer": "GE",
    "ManufacturersModelName": "DISCOVERY MR750",
    "Modality": "MR",
    "ParallelReductionFactorInPlane": 2,
    "ParallelReductionOutOfPlane": 2,
    "PatientPosition": "HFS",
    "PercentPhaseFOV": 100,
    "PercentSampling": 100,
    "PixelBandwidth": 244.141,
    "ProtocolName": "AHRB 32ch HB 06/06/18",
    "ReconMatrixPE": 256,
    "RepetitionTime": 0.006952,
    "SAR": 0.124376,
    "ScanOptions": "EDR_GEMS\\PROMO_GEMS\\ACC_GEMS\\IR_GEMS",
    "ScanningSequence": "RM",
    "SequenceVariant": "NONE",
    "SeriesDescription": "t1spgr_208sl",
    "SeriesNumber": 6,
    "SliceThickness": 1,
    "SoftwareVersions": "27\\LX\\MR Software release:DV26.0_R02_1810.b",
    "SpacingBetweenSlices": 1,
    "StationName": "MR01MR01",
    "dataset": "AHRB",
    "modality": "T1w",
    "session_id": "2",
    "subject_id": "32"
  },
  "cjv": 0.4308640192129742,
  "cnr": 2.9554257920875058,
  "efc": 0.4735350619708527,
  "fber": 2943.331070483286,
  "fwhm_avg": 3.7362866666666665,
  "fwhm_x": 3.67253,
  "fwhm_y": 3.8668,
  "fwhm_z": 3.66953,
  "icvs_csf": 0.20140138605120744,
  "icvs_gm": 0.42998080901773716,
  "icvs_wm": 0.3686178049310554,
  "inu_med": 1.0352757573127747,
  "inu_range": 0.6417245566844941,
  "provenance": {
    "md5sum": "db9510d9c9033b0989ffcdfd63e301b9",
    "settings": {
      "testing": false
    },
    "software": "mriqc",
    "version": "23.1.0rc0",
    "warnings": {
      "large_rot_frame": true,
      "small_air_mask": false
    }
  },
  "qi_1": 0.0,
  "qi_2": 0.0010933311576317825,
  "rpve_csf": 30.168734071559737,
  "rpve_gm": 14.344213150022494,
  "rpve_wm": 18.57458734955059,
  "size_x": 208,
  "size_y": 256,
  "size_z": 256,
  "snr_csf": 1.416604486603181,
  "snr_gm": 8.191207910611588,
  "snr_total": 7.032782306544003,
  "snr_wm": 11.490534522417237,
  "snrd_csf": 5.041480885539564,
  "snrd_gm": 23.457448164141507,
  "snrd_total": 21.589489110933624,
  "snrd_wm": 36.26953828311979,
  "spacing_x": 1.0,
  "spacing_y": 1.0,
  "spacing_z": 1.0,
  "summary_bg_k": 12.53206501927475,
  "summary_bg_mad": 18.064242666302313,
  "summary_bg_mean": 15.849186750103991,
  "summary_bg_median": 12.184146523475647,
  "summary_bg_n": 4103371.0,
  "summary_bg_p05": 0.0,
  "summary_bg_p95": 57.39009924978018,
  "summary_bg_stdv": 21.872754447600002,
  "summary_csf_k": 2.2406865591071563,
  "summary_csf_mad": 79.64688811960565,
  "summary_csf_mean": 160.5795485392754,
  "summary_csf_median": 139.0100353360176,
  "summary_csf_n": 35023.0,
  "summary_csf_p05": 42.36760041117668,
  "summary_csf_p95": 363.37832444161177,
  "summary_csf_stdv": 98.12763695367128,
  "summary_gm_k": 0.09354500922508935,
  "summary_gm_mad": 77.1835823014735,
  "summary_gm_mean": 646.104672628492,
  "summary_gm_median": 646.7981873229146,
  "summary_gm_n": 24972.0,
  "summary_gm_p05": 515.1263311430812,
  "summary_gm_p95": 776.0782124664632,
  "summary_gm_stdv": 78.96091074517722,
  "summary_wm_k": 1.8935827256528919,
  "summary_wm_mad": 75.02818971060789,
  "summary_wm_mean": 1012.4702348027809,
  "summary_wm_median": 1000.0692083984613,
  "summary_wm_n": 173357.0,
  "summary_wm_p05": 895.1194008439779,
  "summary_wm_p95": 1173.9009806737304,
  "summary_wm_stdv": 87.03392536022164,
  "tpm_overlap_csf": 0.16360751850566224,
  "tpm_overlap_gm": 0.4614003646679238,
  "tpm_overlap_wm": 0.47324397238716054,
  "wm2max": 0.24638314918000756
}