{
  "bids_meta": {
    "AcquisitionMatrixPE": 256,
    "AcquisitionNumber": 1,
    "AcquisitionTime": "17:17:50.000000",
    "BodyPartExamined": "HEAD",
    "CoilString": "RM:Nova32ch",
    "ConversionSoftware": "dcm2niix",
    "ConversionSoftwareVersion": "v1.0.20211006",
    "Dcm2bidsVersion": "2.1.6",
    "DeviceSerialNumber": "000000000000MR01",
    "EchoTime": 0.00292,
    "FlipAngle": 8,
    "ImageOrientationPatientDICOM": [
      0,
      1,
      0,
      0,
      0,
      -1
    ],
    "ImageType": [
      "ORIGINAL",
      "PRIMARY",
      "OTHER"
    ],
    "ImagingFrequency": 127.767,
    "InPlanePhaseEncodingDirectionDICOM": "ROW",
    "InstitutionName": "UOFMResearch",
    "InversionTime": 1.06,
    "MRAcquisitionType": "3D",
    "MagneticFieldStrength": 3,
    "Manufacturer": "GE",
    "ManufacturersModelName": "DISCOVERY MR750",
    "Modality": "MR",
    "ParallelReductionFactorInPlane": 2,
    "ParallelReductionOutOfPlane": 2,
    "PatientPosition": "HFS",
    "PercentPhaseFOV": 100,
    "PercentSampling": 100,
    "PixelBandwidth": 244.141,
    "ProtocolName": "AHRB 32ch HB 06/06/18",
    "ReconMatrixPE": 256,
    "RepetitionTime": 0.006952,
    "SAR": 0.127669,
    "ScanOptions": "EDR_GEMS\\PROMO_GEMS\\ACC_GEMS\\IR_GEMS",
    "ScanningSequence": "RM",
    "SequenceVariant": "NONE",
    "SeriesDescription": "t1spgr_208sl",
    "SeriesNumber": 6,
    "SliceThickness": 1,
    "SoftwareVersions": "27\\LX\\MR Software release:DV26.0_R02_1810.b",
    "SpacingBetweenSlices": 1,
    "StationName": "MR01MR01",
    "dataset": "AHRB",
    "modality": "T1w",
    "session_id": "2",
    "subject_id": "09"
  },
  "cjv": 0.45301124781577534,
  "cnr": 2.8271374208601685,
  "efc": 0.5411715066069,
  "fber": 4662.570665717338,
  "fwhm_avg": 3.7852333333333337,
  "fwhm_x": 3.72183,
  "fwhm_y": 3.8989,
  "fwhm_z": 3.73497,
  "icvs_csf": 0.19192851170282338,
  "icvs_gm": 0.41213059038508254,
  "icvs_wm": 0.3959408979120941,
  "inu_med": 1.0313223600387573,
  "inu_range": 0.7690104126930235,
  "provenance": {
    "md5sum": "b5c411d266aa4447a3f167493793cd86",
    "settings": {
      "testing": false
    },
    "software": "mriqc",
    "version": "23.1.0rc0",
    "warnings": {
      "large_rot_frame": true,
      "small_air_mask": false
    }
  },
  "qi_1": 0.0,
  "qi_2": 0.0010328281442975931,
  "rpve_csf": 27.52228574216685,
  "rpve_gm": 13.228768033549416,
  "rpve_wm": 16.30342009594054,
  "size_x": 208,
  "size_y": 256,
  "size_z": 256,
  "snr_csf": 1.212072088006943,
  "snr_gm": 7.60751757580913,
  "snr_total": 6.715411255316799,
  "snr_wm": 11.326644102134328,
  "snrd_csf": 6.61524524915304,
  "snrd_gm": 32.712322774299025,
  "snrd_total": 29.866077765331408,
  "snrd_wm": 50.27066527254216,
  "spacing_x": 1.0,
  "spacing_y": 1.0,
  "spacing_z": 1.0,
  "summary_bg_k": 2.6951957500504626,
  "summary_bg_mad": 13.032854590533088,
  "summary_bg_mean": 11.020126399639288,
  "summary_bg_median": 8.79052683711052,
  "summary_bg_n": 2502277.0,
  "summary_bg_p05": 0.0,
  "summary_bg_p95": 35.05868938565254,
  "summary_bg_stdv": 12.340620919621701,
  "summary_csf_k": 2.281552780979979,
  "summary_csf_mad": 82.95028627621647,
  "summary_csf_mean": 159.2387133185379,
  "summary_csf_median": 131.59935764968395,
  "summary_csf_n": 25080.0,
  "summary_csf_p05": 34.541599571704865,
  "summary_csf_p95": 388.90324907004833,
  "summary_csf_stdv": 108.57170570461787,
  "summary_gm_k": 0.09551252510340902,
  "summary_gm_mad": 83.48693322994431,
  "summary_gm_mean": 652.087452747902,
  "summary_gm_median": 650.7575308531523,
  "summary_gm_n": 21679.0,
  "summary_gm_p05": 511.59832012355326,
  "summary_gm_p95": 794.3585430845618,
  "summary_gm_stdv": 85.53940431388651,
  "summary_wm_k": 2.3882537412724245,
  "summary_wm_mad": 74.74725426923389,
  "summary_wm_mean": 1013.1749984086986,
  "summary_wm_median": 1000.0517001748085,
  "summary_wm_n": 239511.0,
  "summary_wm_p05": 896.5820284038782,
  "summary_wm_p95": 1175.7588189542294,
  "summary_wm_stdv": 88.29178382054626,
  "tpm_overlap_csf": 0.1530166662262993,
  "tpm_overlap_gm": 0.4319417082917874,
  "tpm_overlap_wm": 0.4787738628539608,
  "wm2max": 0.31918796732660526
}