{
  "bids_meta": {
    "AcquisitionMatrixPE": 256,
    "AcquisitionNumber": 1,
    "AcquisitionTime": "16:42:18.000000",
    "BodyPartExamined": "HEAD",
    "CoilString": "RM:Nova32ch",
    "ConversionSoftware": "dcm2niix",
    "ConversionSoftwareVersion": "v1.0.20211006",
    "Dcm2bidsVersion": "2.1.6",
    "DeviceSerialNumber": "000000000000MR01",
    "EchoTime": 0.00292,
    "FlipAngle": 8,
    "ImageOrientationPatientDICOM": [
      0,
      1,
      0,
      0,
      0,
      -1
    ],
    "ImageType": [
      "ORIGINAL",
      "PRIMARY",
      "OTHER"
    ],
    "ImagingFrequency": 127.767,
    "InPlanePhaseEncodingDirectionDICOM": "ROW",
    "InstitutionName": "UOFMResearch",
    "InversionTime": 1.06,
    "MRAcquisitionType": "3D",
    "MagneticFieldStrength": 3,
    "Manufacturer": "GE",
    "ManufacturersModelName": "DISCOVERY MR750",
    "Modality": "MR",
    "ParallelReductionFactorInPlane": 2,
    "ParallelReductionOutOfPlane": 2,
    "PatientPosition": "HFS",
    "PercentPhaseFOV": 100,
    "PercentSampling": 100,
    "PixelBandwidth": 244.141,
    "ProtocolName": "AHRB 32ch HB 06/06/18",
    "ReconMatrixPE": 256,
    "RepetitionTime": 0.006952,
    "SAR": 0.103983,
    "ScanOptions": "EDR_GEMS\\PROMO_GEMS\\ACC_GEMS\\IR_GEMS",
    "ScanningSequence": "RM",
    "SequenceVariant": "NONE",
    "SeriesDescription": "t1spgr_208sl",
    "SeriesNumber": 6,
    "SliceThickness": 1,
    "SoftwareVersions": "27\\LX\\MR Software release:DV26.0_R02_1810.b",
    "SpacingBetweenSlices": 1,
    "StationName": "MR01MR01",
    "dataset": "AHRB",
    "modality": "T1w",
    "session_id": "1",
    "subject_id": "78"
  },
  "cjv": 0.39361370187235384,
  "cnr": 3.0896221800830395,
  "efc": 0.5093295068645787,
  "fber": 2994.825625,
  "fwhm_avg": 3.50374,
  "fwhm_x": 3.48858,
  "fwhm_y": 3.66692,
  "fwhm_z": 3.35572,
  "icvs_csf": 0.20797705699847743,
  "icvs_gm": 0.4210001390743047,
  "icvs_wm": 0.37102280392721787,
  "inu_med": 1.0261194109916687,
  "inu_range": 0.7746887356042857,
  "provenance": {
    "md5sum": "abc17860941de3ad1ab5e9b6013260f2",
    "settings": {
      "testing": false
    },
    "software": "mriqc",
    "version": "23.1.0rc0",
    "warnings": {
      "large_rot_frame": true,
      "small_air_mask": false
    }
  },
  "qi_1": 0.0,
  "qi_2": 0.0009438878109926667,
  "rpve_csf": 27.34082795551284,
  "rpve_gm": 13.731713494908641,
  "rpve_wm": 18.12920709383837,
  "size_x": 208,
  "size_y": 256,
  "size_z": 256,
  "snr_csf": 1.348221509216856,
  "snr_gm": 7.937454680932747,
  "snr_total": 6.917407125939438,
  "snr_wm": 11.466545187668713,
  "snrd_csf": 5.175972058017904,
  "snrd_gm": 23.419787699359095,
  "snrd_total": 21.87104452074099,
  "snrd_wm": 37.017373804845974,
  "spacing_x": 1.0,
  "spacing_y": 1.0,
  "spacing_z": 1.0,
  "summary_bg_k": 3.7396744557253934,
  "summary_bg_mad": 17.699314366037463,
  "summary_bg_mean": 11.421090080445731,
  "summary_bg_median": 11.93800612539053,
  "summary_bg_n": 2490199.0,
  "summary_bg_p05": 0.0,
  "summary_bg_p95": 37.000837698578835,
  "summary_bg_stdv": 13.294914975835464,
  "summary_csf_k": 2.922896485074019,
  "summary_csf_mad": 86.21946705794858,
  "summary_csf_mean": 161.48237455297578,
  "summary_csf_median": 139.83524134010077,
  "summary_csf_n": 22465.0,
  "summary_csf_p05": 39.039374417066576,
  "summary_csf_p95": 371.3208595305681,
  "summary_csf_stdv": 103.71599033124782,
  "summary_gm_k": 0.41118613371041857,
  "summary_gm_mad": 73.9024003353845,
  "summary_gm_mean": 632.1048895672861,
  "summary_gm_median": 632.7143246456981,
  "summary_gm_n": 19937.0,
  "summary_gm_p05": 499.79056053608656,
  "summary_gm_p95": 763.8927662223577,
  "summary_gm_stdv": 79.71049688318355,
  "summary_wm_k": 2.348663855543921,
  "summary_wm_mad": 70.69375270177537,
  "summary_wm_mean": 1012.0375787947434,
  "summary_wm_median": 1000.0698113813996,
  "summary_wm_n": 194839.0,
  "summary_wm_p05": 895.4900852069259,
  "summary_wm_p95": 1175.3700065910816,
  "summary_wm_stdv": 87.21609068903336,
  "tpm_overlap_csf": 0.16310749714630052,
  "tpm_overlap_gm": 0.44456258494308853,
  "tpm_overlap_wm": 0.47924543255904667,
  "wm2max": 0.254599816675689
}