{
  "aor": 0.0009389434889434889,
  "aqi": 0.009319198574938575,
  "bids_meta": {
    "AcquisitionMatrixPE": 90,
    "BodyPartExamined": "BRAIN",
    "DeviceSerialNumber": "000000000000MR01",
    "EchoTime": 0.03,
    "EffectiveEchoSpacing": 0.000536,
    "FlipAngle": 52,
    "ImageType": [
      "ORIGINAL",
      "PRIMARY",
      "OTHER"
    ],
    "ImagingFrequency": "1277673550",
    "InPlanePhaseEncodingDirectionDICOM": "COL",
    "InstitutionName": "UOFMResearch",
    "MagneticFieldStrength": 3,
    "Manufacturer": "GE",
    "ManufacturersModelName": "DISCOVERY_MR750",
    "Modality": "MR",
    "MultibandAccelerationFactor": 6,
    "PatientPosition": "HFS",
    "PhaseEncodingDirection": "j",
    "PulseSequenceType": "Multiband gradient echo EPI",
    "ReconMatrixPE": 90,
    "RepetitionTime": 0.8,
    "SeriesDescription": "func_mid",
    "SeriesNumber": 8,
    "SliceThickness": 2.4,
    "SliceTiming": [
      0.0,
      0.4,
      0.08,
      0.48,
      0.16,
      0.56,
      0.24,
      0.64,
      0.32,
      0.72,
      0.0,
      0.4,
      0.08,
      0.48,
      0.16,
      0.56,
      0.24,
      0.64,
      0.32,
      0.72,
      0.0,
      0.4,
      0.08,
      0.48,
      0.16,
      0.56,
      0.24,
      0.64,
      0.32,
      0.72,
      0.0,
      0.4,
      0.08,
      0.48,
      0.16,
      0.56,
      0.24,
      0.64,
      0.32,
      0.72,
      0.0,
      0.4,
      0.08,
      0.48,
      0.16,
      0.56,
      0.24,
      0.64,
      0.32,
      0.72,
      0.0,
      0.4,
      0.08,
      0.48,
      0.16,
      0.56,
      0.24,
      0.64,
      0.32,
      0.72
    ],
    "SpacingBetweenSlices": 2.4,
    "StationName": "MR01MR01",
    "TaskName": "func_mid",
    "TotalReadoutTime": 0.048,
    "dataset": "AHRB",
    "modality": "bold",
    "run_id": 1,
    "session_id": "1",
    "subject_id": "22",
    "task_id": "mid"
  },
  "dummy_trs": 0,
  "dvars_nstd": 35.594437106059104,
  "dvars_std": 1.0291717244827587,
  "dvars_vstd": 0.9956462582758618,
  "efc": 0.509728803907423,
  "fber": 1045.9046630859375,
  "fd_mean": 0.10613057932938007,
  "fd_num": 26,
  "fd_perc": 6.388206388206388,
  "fwhm_avg": 2.55454712071364,
  "fwhm_x": 2.311712408140802,
  "fwhm_y": 2.723716558435895,
  "fwhm_z": 2.6282123955642227,
  "gcor": 0.0112207,
  "gsr_x": -0.010813118889927864,
  "gsr_y": 0.07759908586740494,
  "provenance": {
    "md5sum": "f19de5d44af228f92274a16e7dcf8e84",
    "settings": {
      "fd_thres": 0.2,
      "testing": false
    },
    "software": "mriqc",
    "version": "23.1.0rc0"
  },
  "size_t": 407,
  "size_x": 90,
  "size_y": 90,
  "size_z": 60,
  "snr": 3.47995250363695,
  "spacing_tr": 0.800000011920929,
  "spacing_x": 2.4000000953674316,
  "spacing_y": 2.4000000953674316,
  "spacing_z": 2.4000000953674316,
  "summary_bg_k": 32.34522466108101,
  "summary_bg_mad": 224.7654237047076,
  "summary_bg_mean": 607.4393920898438,
  "summary_bg_median": 260.4840393066406,
  "summary_bg_n": 331053.0,
  "summary_bg_p05": 95.22604370117188,
  "summary_bg_p95": 2398.2417968749924,
  "summary_bg_stdv": 1010.0242309570312,
  "summary_fg_k": 0.49698729780178175,
  "summary_fg_mad": 2451.497608799735,
  "summary_fg_mean": 9080.2216796875,
  "summary_fg_median": 8789.6474609375,
  "summary_fg_n": 81728.0,
  "summary_fg_p05": 5480.003076171875,
  "summary_fg_p95": 13568.278369140622,
  "summary_fg_stdv": 2525.77978515625,
  "tsnr": 31.727837480022572
}