{
  "bids_meta": {
    "AcquisitionMatrixPE": 256,
    "AcquisitionNumber": 1,
    "AcquisitionTime": "16:53:39.000000",
    "BodyPartExamined": "HEAD",
    "CoilString": "RM:Nova32ch",
    "ConversionSoftware": "dcm2niix",
    "ConversionSoftwareVersion": "v1.0.20211006",
    "Dcm2bidsVersion": "2.1.6",
    "DeviceSerialNumber": "000000000000MR01",
    "EchoTime": 0.00292,
    "FlipAngle": 8,
    "ImageOrientationPatientDICOM": [
      0,
      1,
      0,
      0,
      0,
      -1
    ],
    "ImageType": [
      "ORIGINAL",
      "PRIMARY",
      "OTHER"
    ],
    "ImagingFrequency": 127.767,
    "InPlanePhaseEncodingDirectionDICOM": "ROW",
    "InstitutionName": "UOFMResearch",
    "InversionTime": 1.06,
    "MRAcquisitionType": "3D",
    "MagneticFieldStrength": 3,
    "Manufacturer": "GE",
    "ManufacturersModelName": "DISCOVERY MR750",
    "Modality": "MR",
    "ParallelReductionFactorInPlane": 2,
    "ParallelReductionOutOfPlane": 2,
    "PatientPosition": "HFS",
    "PercentPhaseFOV": 100,
    "PercentSampling": 100,
    "PixelBandwidth": 244.141,
    "ProtocolName": "AHRB 32ch MB 08/10/17",
    "ReconMatrixPE": 256,
    "RepetitionTime": 0.006952,
    "SAR": 0.206157,
    "ScanOptions": "EDR_GEMS\\PROMO_GEMS\\ACC_GEMS",
    "ScanningSequence": "RM",
    "SequenceVariant": "NONE",
    "SeriesDescription": "t1spgr_208sl",
    "SeriesNumber": 6,
    "SliceThickness": 1,
    "SoftwareVersions": "27\\LX\\MR Software release:DV25.1_R01_1617.b",
    "SpacingBetweenSlices": 1,
    "StationName": "MR01MR01",
    "dataset": "AHRB",
    "modality": "T1w",
    "session_id": "1",
    "subject_id": "45"
  },
  "cjv": 0.42787336449369745,
  "cnr": 3.0129289627304,
  "efc": 0.4982814543424111,
  "fber": 2330.9750483055886,
  "fwhm_avg": 3.5831933333333335,
  "fwhm_x": 3.51265,
  "fwhm_y": 3.70548,
  "fwhm_z": 3.53145,
  "icvs_csf": 0.22782073731334265,
  "icvs_gm": 0.41796463470166495,
  "icvs_wm": 0.3542146279849924,
  "inu_med": 1.0170700550079346,
  "inu_range": 0.7367794632911684,
  "provenance": {
    "md5sum": "8a7dbdc4900a6b04df0bfb9e47df0cf8",
    "settings": {
      "testing": false
    },
    "software": "mriqc",
    "version": "23.1.0rc0",
    "warnings": {
      "large_rot_frame": true,
      "small_air_mask": false
    }
  },
  "qi_1": 0.0,
  "qi_2": 0.0009369240785189175,
  "rpve_csf": 27.187598834455798,
  "rpve_gm": 14.577069220620826,
  "rpve_wm": 19.56990296454657,
  "size_x": 208,
  "size_y": 256,
  "size_z": 256,
  "snr_csf": 1.1495092829899045,
  "snr_gm": 7.413696090794667,
  "snr_total": 6.509657059993992,
  "snr_wm": 10.965765806197405,
  "snrd_csf": 4.2983143804998685,
  "snrd_gm": 23.384342556034465,
  "snrd_total": 21.746776934436664,
  "snrd_wm": 37.55767386677565,
  "spacing_x": 1.0,
  "spacing_y": 1.0,
  "spacing_z": 1.0,
  "summary_bg_k": 4.815981867046242,
  "summary_bg_mad": 17.444575044956707,
  "summary_bg_mean": 14.534384572392455,
  "summary_bg_median": 11.766187064349651,
  "summary_bg_n": 2901820.0,
  "summary_bg_p05": 0.0,
  "summary_bg_p95": 49.45573814213276,
  "summary_bg_stdv": 17.866124478827587,
  "summary_csf_k": 3.0226177771075866,
  "summary_csf_mad": 75.74863602409009,
  "summary_csf_mean": 140.75370708950027,
  "summary_csf_median": 114.45291053503752,
  "summary_csf_n": 36178.0,
  "summary_csf_p05": 31.208710074424744,
  "summary_csf_p95": 347.7097039874644,
  "summary_csf_stdv": 99.56538012793897,
  "summary_gm_k": 0.19174507521035933,
  "summary_gm_mad": 81.81225836591996,
  "summary_gm_mean": 621.517895566041,
  "summary_gm_median": 622.6641026139259,
  "summary_gm_n": 19103.0,
  "summary_gm_p05": 479.5256055407226,
  "summary_gm_p95": 758.2521053142844,
  "summary_gm_stdv": 83.9861517423383,
  "summary_wm_k": 1.5569316767468298,
  "summary_wm_mad": 79.66666892188786,
  "summary_wm_mean": 1009.5236882526319,
  "summary_wm_median": 1000.06297968328,
  "summary_wm_n": 174831.0,
  "summary_wm_p05": 879.6325944364071,
  "summary_wm_p95": 1173.2839047536254,
  "summary_wm_stdv": 91.19838388570847,
  "tpm_overlap_csf": 0.1654329986454603,
  "tpm_overlap_gm": 0.45289780301981825,
  "tpm_overlap_wm": 0.49462379524434097,
  "wm2max": 0.2679568833873177
}