{
  "aor": 0.005430987654320987,
  "aqi": 0.018253902666666665,
  "bids_meta": {
    "AcquisitionMatrixPE": 90,
    "BodyPartExamined": "BRAIN",
    "DeviceSerialNumber": "000000000000MR01",
    "EchoTime": 0.03,
    "EffectiveEchoSpacing": 0.000536,
    "FlipAngle": 52,
    "ImageType": [
      "ORIGINAL",
      "PRIMARY",
      "OTHER"
    ],
    "ImagingFrequency": "1277671780",
    "InPlanePhaseEncodingDirectionDICOM": "COL",
    "InstitutionName": "UOFMResearch",
    "MagneticFieldStrength": 3,
    "Manufacturer": "GE",
    "ManufacturersModelName": "DISCOVERY_MR750",
    "Modality": "MR",
    "MultibandAccelerationFactor": 6,
    "PatientPosition": "HFS",
    "PhaseEncodingDirection": "j",
    "PulseSequenceType": "Multiband gradient echo EPI",
    "ReconMatrixPE": 90,
    "RepetitionTime": 0.8,
    "SeriesDescription": "func_mid",
    "SeriesNumber": 8,
    "SliceThickness": 2.4,
    "SliceTiming": [
      0.0,
      0.4,
      0.08,
      0.48,
      0.16,
      0.56,
      0.24,
      0.64,
      0.32,
      0.72,
      0.0,
      0.4,
      0.08,
      0.48,
      0.16,
      0.56,
      0.24,
      0.64,
      0.32,
      0.72,
      0.0,
      0.4,
      0.08,
      0.48,
      0.16,
      0.56,
      0.24,
      0.64,
      0.32,
      0.72,
      0.0,
      0.4,
      0.08,
      0.48,
      0.16,
      0.56,
      0.24,
      0.64,
      0.32,
      0.72,
      0.0,
      0.4,
      0.08,
      0.48,
      0.16,
      0.56,
      0.24,
      0.64,
      0.32,
      0.72,
      0.0,
      0.4,
      0.08,
      0.48,
      0.16,
      0.56,
      0.24,
      0.64,
      0.32,
      0.72
    ],
    "SpacingBetweenSlices": 2.4,
    "StationName": "MR01MR01",
    "TaskName": "func_mid",
    "TotalReadoutTime": 0.048,
    "dataset": "AHRB",
    "modality": "bold",
    "run_id": 2,
    "session_id": "1",
    "subject_id": "98",
    "task_id": "mid"
  },
  "dummy_trs": 2,
  "dvars_nstd": 45.63780732658411,
  "dvars_std": 1.0268651575742573,
  "dvars_vstd": 1.0317252081188122,
  "efc": 0.5455745719475571,
  "fber": 553.8583984375,
  "fd_mean": 0.18310555202475573,
  "fd_num": 73,
  "fd_perc": 18.02469135802469,
  "fwhm_avg": 2.422327681523124,
  "fwhm_x": 2.1101749161491825,
  "fwhm_y": 2.6353123952820936,
  "fwhm_z": 2.521495733138095,
  "gcor": 0.00593086,
  "gsr_x": 0.0026570616755634546,
  "gsr_y": 0.06701570004224777,
  "provenance": {
    "md5sum": "b07b711810ca5fac1b21af2c8cdc4c10",
    "settings": {
      "fd_thres": 0.2,
      "testing": false
    },
    "software": "mriqc",
    "version": "23.1.0rc0"
  },
  "size_t": 405,
  "size_x": 90,
  "size_y": 90,
  "size_z": 60,
  "snr": 3.5055463882121334,
  "spacing_tr": 0.800000011920929,
  "spacing_x": 2.4000000953674316,
  "spacing_y": 2.4000000953674316,
  "spacing_z": 2.4000000953674316,
  "summary_bg_k": 17.683683297936813,
  "summary_bg_mad": 299.0646620437076,
  "summary_bg_mean": 729.9987182617188,
  "summary_bg_median": 338.43951416015625,
  "summary_bg_n": 320258.0,
  "summary_bg_p05": 110.56506652832032,
  "summary_bg_p95": 2968.963793945306,
  "summary_bg_stdv": 1066.343505859375,
  "summary_fg_k": 0.37086227485150713,
  "summary_fg_mad": 2233.606119523359,
  "summary_fg_mean": 8474.3994140625,
  "summary_fg_median": 8172.15234375,
  "summary_fg_n": 84336.0,
  "summary_fg_p05": 5149.5352783203125,
  "summary_fg_p95": 12693.475830078125,
  "summary_fg_stdv": 2331.192626953125,
  "tsnr": 22.812991665676236
}