{
  "bids_meta": {
    "AcquisitionMatrixPE": 256,
    "AcquisitionNumber": 1,
    "AcquisitionTime": "15:57:55.000000",
    "BodyPartExamined": "HEAD",
    "CoilString": "RM:Nova32ch",
    "ConversionSoftware": "dcm2niix",
    "ConversionSoftwareVersion": "v1.0.20211006",
    "Dcm2bidsVersion": "2.1.6",
    "DeviceSerialNumber": "000000000000MR01",
    "EchoTime": 0.00292,
    "FlipAngle": 8,
    "ImageOrientationPatientDICOM": [
      0,
      1,
      0,
      0,
      0,
      -1
    ],
    "ImageType": [
      "ORIGINAL",
      "PRIMARY",
      "OTHER"
    ],
    "ImagingFrequency": 127.767,
    "InPlanePhaseEncodingDirectionDICOM": "ROW",
    "InstitutionName": "UOFMResearch",
    "InversionTime": 1.06,
    "MRAcquisitionType": "3D",
    "MagneticFieldStrength": 3,
    "Manufacturer": "GE",
    "ManufacturersModelName": "DISCOVERY MR750",
    "Modality": "MR",
    "ParallelReductionFactorInPlane": 2,
    "ParallelReductionOutOfPlane": 2,
    "PatientPosition": "HFS",
    "PercentPhaseFOV": 100,
    "PercentSampling": 100,
    "PixelBandwidth": 244.141,
    "ProtocolName": "AHRB 32ch HB 06/06/18",
    "ReconMatrixPE": 256,
    "RepetitionTime": 0.006952,
    "SAR": 0.103337,
    "ScanOptions": "EDR_GEMS\\PROMO_GEMS\\ACC_GEMS\\IR_GEMS",
    "ScanningSequence": "RM",
    "SequenceVariant": "NONE",
    "SeriesDescription": "t1spgr_208sl",
    "SeriesNumber": 6,
    "SliceThickness": 1,
    "SoftwareVersions": "27\\LX\\MR Software release:DV26.0_R02_1810.b",
    "SpacingBetweenSlices": 1,
    "StationName": "MR01MR01",
    "dataset": "AHRB",
    "modality": "T1w",
    "session_id": "2",
    "subject_id": "28"
  },
  "cjv": 0.38040859262951926,
  "cnr": 3.3652356911451196,
  "efc": 0.5383498229483923,
  "fber": 4713.9946460440215,
  "fwhm_avg": 3.7338500000000003,
  "fwhm_x": 3.73413,
  "fwhm_y": 3.84488,
  "fwhm_z": 3.62254,
  "icvs_csf": 0.19998320372898945,
  "icvs_gm": 0.4378574911368707,
  "icvs_wm": 0.36215930513413985,
  "inu_med": 0.9720603823661804,
  "inu_range": 0.7220431268215179,
  "provenance": {
    "md5sum": "7c08022f7aa68abee8f4f961fb9952b7",
    "settings": {
      "testing": false
    },
    "software": "mriqc",
    "version": "23.1.0rc0",
    "warnings": {
      "large_rot_frame": true,
      "small_air_mask": false
    }
  },
  "qi_1": 0.0,
  "qi_2": 0.0009443156763848305,
  "rpve_csf": 32.10753742656813,
  "rpve_gm": 15.295371269281647,
  "rpve_wm": 20.893495988882083,
  "size_x": 208,
  "size_y": 256,
  "size_z": 256,
  "snr_csf": 1.123471625359365,
  "snr_gm": 8.445263356796291,
  "snr_total": 7.595097725200998,
  "snr_wm": 13.21655819344734,
  "snrd_csf": 7.348764052761277,
  "snrd_gm": 35.449131843940364,
  "snrd_total": 32.817536903560516,
  "snrd_wm": 55.65471481397989,
  "spacing_x": 1.0,
  "spacing_y": 1.0,
  "spacing_z": 1.0,
  "summary_bg_k": 12.176452947494958,
  "summary_bg_mad": 11.77204024578825,
  "summary_bg_mean": 11.031609160793181,
  "summary_bg_median": 7.940120484679937,
  "summary_bg_n": 1967389.0,
  "summary_bg_p05": 0.0,
  "summary_bg_p95": 39.29601029679179,
  "summary_bg_stdv": 15.032123267791434,
  "summary_csf_k": 1.1025018822060817,
  "summary_csf_mad": 95.1510768911165,
  "summary_csf_mean": 165.35833361132308,
  "summary_csf_median": 132.0487553216517,
  "summary_csf_n": 23572.0,
  "summary_csf_p05": 29.939817368984222,
  "summary_csf_p95": 407.09301169048996,
  "summary_csf_stdv": 117.53385786081196,
  "summary_gm_k": 0.18631972892481308,
  "summary_gm_mad": 73.48152510109864,
  "summary_gm_mean": 637.3297281050172,
  "summary_gm_median": 636.9797293283045,
  "summary_gm_n": 24272.0,
  "summary_gm_p05": 512.7471881525591,
  "summary_gm_p95": 762.1731768047438,
  "summary_gm_stdv": 75.42294190057525,
  "summary_wm_k": 1.96432535511354,
  "summary_wm_mad": 64.63374962974186,
  "summary_wm_mean": 1007.7909236805386,
  "summary_wm_median": 1000.0505889430642,
  "summary_wm_n": 167941.0,
  "summary_wm_p05": 899.4588714651763,
  "summary_wm_p95": 1141.7589812874794,
  "summary_wm_stdv": 75.66626627859732,
  "tpm_overlap_csf": 0.1610737465134987,
  "tpm_overlap_gm": 0.4619489765469183,
  "tpm_overlap_wm": 0.4883386215965722,
  "wm2max": 0.3723496403419576
}