{
  "bids_meta": {
    "AcquisitionMatrixPE": 256,
    "AcquisitionNumber": 1,
    "AcquisitionTime": "16:47:57.000000",
    "BodyPartExamined": "HEAD",
    "CoilString": "RM:Nova32ch",
    "ConversionSoftware": "dcm2niix",
    "ConversionSoftwareVersion": "v1.0.20211006",
    "Dcm2bidsVersion": "2.1.6",
    "DeviceSerialNumber": "000000000000MR01",
    "EchoTime": 0.00292,
    "FlipAngle": 8,
    "ImageOrientationPatientDICOM": [
      0,
      1,
      0,
      0,
      0,
      -1
    ],
    "ImageType": [
      "ORIGINAL",
      "PRIMARY",
      "OTHER"
    ],
    "ImagingFrequency": 127.767,
    "InPlanePhaseEncodingDirectionDICOM": "ROW",
    "InstitutionName": "UOFMResearch",
    "InversionTime": 1.06,
    "MRAcquisitionType": "3D",
    "MagneticFieldStrength": 3,
    "Manufacturer": "GE",
    "ManufacturersModelName": "DISCOVERY MR750",
    "Modality": "MR",
    "ParallelReductionFactorInPlane": 2,
    "ParallelReductionOutOfPlane": 2,
    "PatientPosition": "HFS",
    "PercentPhaseFOV": 100,
    "PercentSampling": 100,
    "PixelBandwidth": 244.141,
    "ProtocolName": "AHRB 32ch HB 06/06/18",
    "ReconMatrixPE": 256,
    "RepetitionTime": 0.006952,
    "SAR": 0.111095,
    "ScanOptions": "EDR_GEMS\\PROMO_GEMS\\ACC_GEMS\\IR_GEMS",
    "ScanningSequence": "RM",
    "SequenceVariant": "NONE",
    "SeriesDescription": "t1spgr_208sl",
    "SeriesNumber": 6,
    "SliceThickness": 1,
    "SoftwareVersions": "27\\LX\\MR Software release:DV26.0_R02_1810.b",
    "SpacingBetweenSlices": 1,
    "StationName": "MR01MR01",
    "dataset": "AHRB",
    "modality": "T1w",
    "session_id": "2",
    "subject_id": "97"
  },
  "cjv": 0.4185347213423036,
  "cnr": 3.071535023921198,
  "efc": 0.527256856989388,
  "fber": 4937.990017361111,
  "fwhm_avg": 3.9194933333333335,
  "fwhm_x": 3.80751,
  "fwhm_y": 4.14674,
  "fwhm_z": 3.80423,
  "icvs_csf": 0.18304776998386113,
  "icvs_gm": 0.4192152380126875,
  "icvs_wm": 0.39773699200345136,
  "inu_med": 1.012506127357483,
  "inu_range": 0.7544876843690872,
  "provenance": {
    "md5sum": "44fbc69faa4dad831d10788ea6191084",
    "settings": {
      "testing": false
    },
    "software": "mriqc",
    "version": "23.1.0rc0",
    "warnings": {
      "large_rot_frame": true,
      "small_air_mask": false
    }
  },
  "qi_1": 0.0,
  "qi_2": 0.0011121506468079964,
  "rpve_csf": 31.32824485719438,
  "rpve_gm": 14.39876415074151,
  "rpve_wm": 17.57180818265253,
  "size_x": 208,
  "size_y": 256,
  "size_z": 256,
  "snr_csf": 1.0341749622537362,
  "snr_gm": 8.220800291798767,
  "snr_total": 7.222150757337417,
  "snr_wm": 12.411477017959749,
  "snrd_csf": 5.879640374689264,
  "snrd_gm": 31.838954442780192,
  "snrd_total": 28.873141150330834,
  "snrd_wm": 48.90082863352304,
  "spacing_x": 1.0,
  "spacing_y": 1.0,
  "spacing_z": 1.0,
  "summary_bg_k": 3.4242216918677686,
  "summary_bg_mad": 13.397957918586755,
  "summary_bg_mean": 10.234251946108749,
  "summary_bg_median": 9.036785289645195,
  "summary_bg_n": 2495485.0,
  "summary_bg_p05": 0.0,
  "summary_bg_p95": 33.595578253269196,
  "summary_bg_stdv": 11.81369807001513,
  "summary_csf_k": 2.178802397008819,
  "summary_csf_mad": 86.06217674762786,
  "summary_csf_mean": 153.2023606822123,
  "summary_csf_median": 120.24240191280842,
  "summary_csf_n": 19262.0,
  "summary_csf_p05": 27.216670989990234,
  "summary_csf_p95": 396.50224397331476,
  "summary_csf_stdv": 116.26589796440055,
  "summary_gm_k": 0.21913975424420373,
  "summary_gm_mad": 76.21073710160819,
  "summary_gm_mean": 650.4380650669815,
  "summary_gm_median": 651.1269588992,
  "summary_gm_n": 20997.0,
  "summary_gm_p05": 518.1692685082555,
  "summary_gm_p95": 779.6087826937437,
  "summary_gm_stdv": 79.20292798333513,
  "summary_wm_k": 1.8830628575264337,
  "summary_wm_mad": 69.82700421098744,
  "summary_wm_mean": 1012.0853604359105,
  "summary_wm_median": 1000.0531862005591,
  "summary_wm_n": 226648.0,
  "summary_wm_p05": 903.8911592066288,
  "summary_wm_p95": 1161.7053277641535,
  "summary_wm_stdv": 80.57469538634791,
  "tpm_overlap_csf": 0.13830685178272437,
  "tpm_overlap_gm": 0.44866904313174966,
  "tpm_overlap_wm": 0.48839124132974315,
  "wm2max": 0.32434945009423827
}