{
  "bids_meta": {
    "AcquisitionMatrixPE": 256,
    "AcquisitionNumber": 1,
    "AcquisitionTime": "13:43:11.000000",
    "BodyPartExamined": "HEAD",
    "CoilString": "RM:Nova32ch",
    "ConversionSoftware": "dcm2niix",
    "ConversionSoftwareVersion": "v1.0.20211006",
    "Dcm2bidsVersion": "2.1.6",
    "DeviceSerialNumber": "000000000000MR01",
    "EchoTime": 0.00292,
    "FlipAngle": 8,
    "ImageOrientationPatientDICOM": [
      0,
      1,
      0,
      0,
      0,
      -1
    ],
    "ImageType": [
      "ORIGINAL",
      "PRIMARY",
      "OTHER"
    ],
    "ImagingFrequency": 127.767,
    "InPlanePhaseEncodingDirectionDICOM": "ROW",
    "InstitutionName": "UOFMResearch",
    "InversionTime": 1.06,
    "MRAcquisitionType": "3D",
    "MagneticFieldStrength": 3,
    "Manufacturer": "GE",
    "ManufacturersModelName": "DISCOVERY MR750",
    "Modality": "MR",
    "ParallelReductionFactorInPlane": 2,
    "ParallelReductionOutOfPlane": 2,
    "PatientPosition": "HFS",
    "PercentPhaseFOV": 100,
    "PercentSampling": 100,
    "PixelBandwidth": 244.141,
    "ProtocolName": "AHRB 32ch HB 06/06/18",
    "ReconMatrixPE": 256,
    "RepetitionTime": 0.006952,
    "SAR": 0.139091,
    "ScanOptions": "EDR_GEMS\\PROMO_GEMS\\ACC_GEMS\\IR_GEMS",
    "ScanningSequence": "RM",
    "SequenceVariant": "NONE",
    "SeriesDescription": "t1spgr_208sl",
    "SeriesNumber": 6,
    "SliceThickness": 1,
    "SoftwareVersions": "27\\LX\\MR Software release:DV26.0_R02_1810.b",
    "SpacingBetweenSlices": 1,
    "StationName": "MR01MR01",
    "dataset": "AHRB",
    "modality": "T1w",
    "session_id": "2",
    "subject_id": "24"
  },
  "cjv": 0.43882810762490737,
  "cnr": 2.635426373156737,
  "efc": 0.5070673260429738,
  "fber": 336.26390625,
  "fwhm_avg": 3.80623,
  "fwhm_x": 3.70488,
  "fwhm_y": 3.89977,
  "fwhm_z": 3.81404,
  "icvs_csf": 0.22422782546698636,
  "icvs_gm": 0.3977282930780087,
  "icvs_wm": 0.3780438814550049,
  "inu_med": 1.018591284751892,
  "inu_range": 0.6287329077720641,
  "provenance": {
    "md5sum": "851bbc2e847add47f2ce4228338ea535",
    "settings": {
      "testing": false
    },
    "software": "mriqc",
    "version": "23.1.0rc0",
    "warnings": {
      "large_rot_frame": true,
      "small_air_mask": false
    }
  },
  "qi_1": 0.00031464917991120786,
  "qi_2": 0.0006444364876887331,
  "rpve_csf": 27.31516631151127,
  "rpve_gm": 14.684652716741548,
  "rpve_wm": 17.96124518784017,
  "size_x": 208,
  "size_y": 256,
  "size_z": 256,
  "snr_csf": 1.5137089077508694,
  "snr_gm": 7.598103662070269,
  "snr_total": 6.487786282214916,
  "snr_wm": 10.35154627682361,
  "snrd_csf": 3.5806376489332328,
  "snrd_gm": 14.522685848938385,
  "snrd_total": 13.704971514059336,
  "snrd_wm": 23.011591044306385,
  "spacing_x": 1.0,
  "spacing_y": 1.0,
  "spacing_z": 1.0,
  "summary_bg_k": 9.725990990391729,
  "summary_bg_mad": 28.472296219691902,
  "summary_bg_mean": 43.31324300714862,
  "summary_bg_median": 19.204271964728832,
  "summary_bg_n": 3028185.0,
  "summary_bg_p05": 0.0,
  "summary_bg_p95": 159.74854033440351,
  "summary_bg_stdv": 57.99171982676588,
  "summary_csf_k": 1.825704493034232,
  "summary_csf_mad": 83.37403332492741,
  "summary_csf_mean": 176.38584763041501,
  "summary_csf_median": 155.61488538235426,
  "summary_csf_n": 45279.0,
  "summary_csf_p05": 51.92904033511877,
  "summary_csf_p95": 386.7637032322584,
  "summary_csf_stdv": 102.80257067647302,
  "summary_gm_k": 0.05860670379838462,
  "summary_gm_mad": 81.20349953239484,
  "summary_gm_mean": 628.2493872770289,
  "summary_gm_median": 631.1574404910207,
  "summary_gm_n": 15003.0,
  "summary_gm_p05": 485.7130686469376,
  "summary_gm_p95": 760.4977815844119,
  "summary_gm_stdv": 83.06499013914014,
  "summary_wm_k": 2.0783103692658873,
  "summary_wm_mad": 80.69278569885776,
  "summary_wm_mean": 1011.4722569178306,
  "summary_wm_median": 1000.0861449614167,
  "summary_wm_n": 184616.0,
  "summary_wm_p05": 877.4543813839555,
  "summary_wm_p95": 1188.3612103555351,
  "summary_wm_stdv": 96.61198526825426,
  "tpm_overlap_csf": 0.14858088487257032,
  "tpm_overlap_gm": 0.4397848323737412,
  "tpm_overlap_wm": 0.4811516042123372,
  "wm2max": 0.2006903745427962
}