{
  "bids_meta": {
    "AcquisitionMatrixPE": 256,
    "AcquisitionNumber": 1,
    "AcquisitionTime": "17:06:42.000000",
    "BodyPartExamined": "HEAD",
    "CoilString": "RM:Nova32ch",
    "ConversionSoftware": "dcm2niix",
    "ConversionSoftwareVersion": "v1.0.20211006",
    "Dcm2bidsVersion": "2.1.6",
    "DeviceSerialNumber": "000000000000MR01",
    "EchoTime": 0.00292,
    "FlipAngle": 8,
    "ImageOrientationPatientDICOM": [
      0,
      1,
      0,
      0,
      0,
      -1
    ],
    "ImageType": [
      "ORIGINAL",
      "PRIMARY",
      "OTHER"
    ],
    "ImagingFrequency": 127.768,
    "InPlanePhaseEncodingDirectionDICOM": "ROW",
    "InstitutionName": "UOFMResearch",
    "InversionTime": 1.06,
    "MRAcquisitionType": "3D",
    "MagneticFieldStrength": 3,
    "Manufacturer": "GE",
    "ManufacturersModelName": "DISCOVERY MR750",
    "Modality": "MR",
    "ParallelReductionFactorInPlane": 2,
    "ParallelReductionOutOfPlane": 2,
    "PatientPosition": "HFS",
    "PercentPhaseFOV": 100,
    "PercentSampling": 100,
    "PixelBandwidth": 244.141,
    "ProtocolName": "AHRB 32ch MB 08/10/17",
    "ReconMatrixPE": 256,
    "RepetitionTime": 0.006952,
    "SAR": 0.202298,
    "ScanOptions": "EDR_GEMS\\PROMO_GEMS\\ACC_GEMS",
    "ScanningSequence": "RM",
    "SequenceVariant": "NONE",
    "SeriesDescription": "t1spgr_208sl",
    "SeriesNumber": 6,
    "SliceThickness": 1,
    "SoftwareVersions": "27\\LX\\MR Software release:DV25.1_R01_1617.b",
    "SpacingBetweenSlices": 1,
    "StationName": "MR01MR01",
    "dataset": "AHRB",
    "modality": "T1w",
    "session_id": "1",
    "subject_id": "86"
  },
  "cjv": 0.3386352461740905,
  "cnr": 3.830498274462539,
  "efc": 0.4981073499324826,
  "fber": 4972.730208833111,
  "fwhm_avg": 3.6658333333333335,
  "fwhm_x": 3.62842,
  "fwhm_y": 3.87238,
  "fwhm_z": 3.4967,
  "icvs_csf": 0.2132687193119134,
  "icvs_gm": 0.4491820645039244,
  "icvs_wm": 0.3375492161841622,
  "inu_med": 0.9496505260467529,
  "inu_range": 0.5427107274532318,
  "provenance": {
    "md5sum": "17cd117dbb0efb746719ea09675f0f68",
    "settings": {
      "testing": false
    },
    "software": "mriqc",
    "version": "23.1.0rc0",
    "warnings": {
      "large_rot_frame": true,
      "small_air_mask": false
    }
  },
  "qi_1": 0.0,
  "qi_2": 0.0013086556288278994,
  "rpve_csf": 30.032906841164916,
  "rpve_gm": 15.117117167649187,
  "rpve_wm": 22.930149291091414,
  "size_x": 208,
  "size_y": 256,
  "size_z": 256,
  "snr_csf": 1.155340818079195,
  "snr_gm": 7.759441480762098,
  "snr_total": 8.542473121326044,
  "snr_wm": 16.712637065136835,
  "snrd_csf": 7.188910283856828,
  "snrd_gm": 32.38098055815221,
  "snrd_total": 30.68551273288921,
  "snrd_wm": 52.4866473566586,
  "spacing_x": 1.0,
  "spacing_y": 1.0,
  "spacing_z": 1.0,
  "summary_bg_k": 2.9708488898485053,
  "summary_bg_mad": 12.482527975167747,
  "summary_bg_mean": 8.59115467235813,
  "summary_bg_median": 8.419337175786495,
  "summary_bg_n": 2640761.0,
  "summary_bg_p05": 0.0,
  "summary_bg_p95": 26.79703015089035,
  "summary_bg_stdv": 9.95839811674701,
  "summary_csf_k": 0.15323449159270242,
  "summary_csf_mad": 102.61174878511551,
  "summary_csf_mean": 173.31505819095918,
  "summary_csf_median": 136.97265749424696,
  "summary_csf_n": 24913.0,
  "summary_csf_p05": 32.047799572348595,
  "summary_csf_p95": 402.93318174183327,
  "summary_csf_stdv": 118.55368243168292,
  "summary_gm_k": 0.06829830072222842,
  "summary_gm_mad": 78.92178977847995,
  "summary_gm_mean": 615.9050595200306,
  "summary_gm_median": 616.9654070213437,
  "summary_gm_n": 29130.0,
  "summary_gm_p05": 484.0869917182252,
  "summary_gm_p95": 745.2471358180046,
  "summary_gm_stdv": 79.51020941355925,
  "summary_wm_k": 1.7867777350475853,
  "summary_wm_mad": 50.80254665162357,
  "summary_wm_mean": 998.9473566567842,
  "summary_wm_median": 1000.0452485196292,
  "summary_wm_n": 158565.0,
  "summary_wm_p05": 899.4205896928906,
  "summary_wm_p95": 1091.9337133951485,
  "summary_wm_stdv": 59.83748053603768,
  "tpm_overlap_csf": 0.1539559147984169,
  "tpm_overlap_gm": 0.4761156085270942,
  "tpm_overlap_wm": 0.49652055634366665,
  "wm2max": 0.3808924073081991
}