{
  "bids_meta": {
    "AcquisitionMatrixPE": 256,
    "AcquisitionNumber": 1,
    "AcquisitionTime": "15:37:48.000000",
    "BodyPartExamined": "HEAD",
    "CoilString": "RM:Nova32ch",
    "ConversionSoftware": "dcm2niix",
    "ConversionSoftwareVersion": "v1.0.20211006",
    "Dcm2bidsVersion": "2.1.6",
    "DeviceSerialNumber": "000000000000MR01",
    "EchoTime": 0.00292,
    "FlipAngle": 8,
    "ImageOrientationPatientDICOM": [
      0,
      1,
      0,
      0,
      0,
      -1
    ],
    "ImageType": [
      "ORIGINAL",
      "PRIMARY",
      "OTHER"
    ],
    "ImagingFrequency": 127.767,
    "InPlanePhaseEncodingDirectionDICOM": "ROW",
    "InstitutionName": "UOFMResearch",
    "InversionTime": 1.06,
    "MRAcquisitionType": "3D",
    "MagneticFieldStrength": 3,
    "Manufacturer": "GE",
    "ManufacturersModelName": "DISCOVERY MR750",
    "Modality": "MR",
    "ParallelReductionFactorInPlane": 2,
    "ParallelReductionOutOfPlane": 2,
    "PatientPosition": "HFS",
    "PercentPhaseFOV": 100,
    "PercentSampling": 100,
    "PixelBandwidth": 244.141,
    "ProtocolName": "AHRB 32ch HB 06/06/18",
    "ReconMatrixPE": 256,
    "RepetitionTime": 0.006952,
    "SAR": 0.132393,
    "ScanOptions": "EDR_GEMS\\PROMO_GEMS\\ACC_GEMS\\IR_GEMS",
    "ScanningSequence": "RM",
    "SequenceVariant": "NONE",
    "SeriesDescription": "t1spgr_208sl",
    "SeriesNumber": 6,
    "SliceThickness": 1,
    "SoftwareVersions": "27\\LX\\MR Software release:DV26.0_R02_1810.b",
    "SpacingBetweenSlices": 1,
    "StationName": "MR01MR01",
    "dataset": "AHRB",
    "modality": "T1w",
    "session_id": "2",
    "subject_id": "71"
  },
  "cjv": 0.3973879056032745,
  "cnr": 3.236514730365331,
  "efc": 0.5078790192364944,
  "fber": 2988.769850127551,
  "fwhm_avg": 3.4271166666666666,
  "fwhm_x": 3.35392,
  "fwhm_y": 3.57266,
  "fwhm_z": 3.35477,
  "icvs_csf": 0.1817199272254175,
  "icvs_gm": 0.4505839328236583,
  "icvs_wm": 0.36769613995092426,
  "inu_med": 0.997090220451355,
  "inu_range": 0.6094778478145597,
  "provenance": {
    "md5sum": "1f1d9b8ac25bbc76bc7d761b65b2c710",
    "settings": {
      "testing": false
    },
    "software": "mriqc",
    "version": "23.1.0rc0",
    "warnings": {
      "large_rot_frame": true,
      "small_air_mask": false
    }
  },
  "qi_1": 0.0,
  "qi_2": 0.0009704948845103506,
  "rpve_csf": 34.96579512663075,
  "rpve_gm": 15.168564597179445,
  "rpve_wm": 20.774113652466497,
  "size_x": 208,
  "size_y": 256,
  "size_z": 256,
  "snr_csf": 1.1273749935286173,
  "snr_gm": 7.804338168505449,
  "snr_total": 7.633809946702648,
  "snr_wm": 13.96971667807388,
  "snrd_csf": 5.052114428536954,
  "snrd_gm": 23.906567667683984,
  "snrd_total": 22.153214577892395,
  "snrd_wm": 37.50096163745624,
  "spacing_x": 1.0,
  "spacing_y": 1.0,
  "spacing_z": 1.0,
  "summary_bg_k": 2745.443612000185,
  "summary_bg_mad": 17.470957504396036,
  "summary_bg_mean": 15.535408450489978,
  "summary_bg_median": 11.783981762826443,
  "summary_bg_n": 3168312.0,
  "summary_bg_p05": 0.0,
  "summary_bg_p95": 48.71132568269968,
  "summary_bg_stdv": 27.369934298746927,
  "summary_csf_k": 2.6204867846367295,
  "summary_csf_mad": 95.10927668168539,
  "summary_csf_mean": 165.7575303693455,
  "summary_csf_median": 134.72809095680714,
  "summary_csf_n": 13059.0,
  "summary_csf_p05": 32.01210018992424,
  "summary_csf_p95": 403.1886209353803,
  "summary_csf_stdv": 119.50143758120578,
  "summary_gm_k": 0.16621497316884337,
  "summary_gm_mad": 79.41344320180018,
  "summary_gm_mean": 637.943480103072,
  "summary_gm_median": 637.5323181524873,
  "summary_gm_n": 27559.0,
  "summary_gm_p05": 502.93025908619165,
  "summary_gm_p95": 772.890568561852,
  "summary_gm_stdv": 81.68799680405701,
  "summary_wm_k": 1.166113880121955,
  "summary_wm_mad": 64.65188552428909,
  "summary_wm_mean": 1005.7445616495113,
  "summary_wm_median": 1000.0630512088537,
  "summary_wm_n": 171935.0,
  "summary_wm_p05": 899.6786504164338,
  "summary_wm_p95": 1131.4512970671058,
  "summary_wm_stdv": 71.58771834758694,
  "tpm_overlap_csf": 0.1389036753886865,
  "tpm_overlap_gm": 0.46178431749452825,
  "tpm_overlap_wm": 0.4721253390599338,
  "wm2max": 0.2882886155970136
}