{
  "aor": 0.0008486240786240786,
  "aqi": 0.012437892506142507,
  "bids_meta": {
    "AcquisitionMatrixPE": 90,
    "BodyPartExamined": "BRAIN",
    "DeviceSerialNumber": "000000000000MR01",
    "EchoTime": 0.03,
    "EffectiveEchoSpacing": 0.000536,
    "FlipAngle": 52,
    "ImageType": [
      "ORIGINAL",
      "PRIMARY",
      "OTHER"
    ],
    "ImagingFrequency": "1277672140",
    "InPlanePhaseEncodingDirectionDICOM": "COL",
    "InstitutionName": "UOFMResearch",
    "MagneticFieldStrength": 3,
    "Manufacturer": "GE",
    "ManufacturersModelName": "DISCOVERY_MR750",
    "Modality": "MR",
    "MultibandAccelerationFactor": 6,
    "PatientPosition": "HFS",
    "PhaseEncodingDirection": "j",
    "PulseSequenceType": "Multiband gradient echo EPI",
    "ReconMatrixPE": 90,
    "RepetitionTime": 0.8,
    "SeriesDescription": "func_mid",
    "SeriesNumber": 9,
    "SliceThickness": 2.4,
    "SliceTiming": [
      0.0,
      0.4,
      0.08,
      0.48,
      0.16,
      0.56,
      0.24,
      0.64,
      0.32,
      0.72,
      0.0,
      0.4,
      0.08,
      0.48,
      0.16,
      0.56,
      0.24,
      0.64,
      0.32,
      0.72,
      0.0,
      0.4,
      0.08,
      0.48,
      0.16,
      0.56,
      0.24,
      0.64,
      0.32,
      0.72,
      0.0,
      0.4,
      0.08,
      0.48,
      0.16,
      0.56,
      0.24,
      0.64,
      0.32,
      0.72,
      0.0,
      0.4,
      0.08,
      0.48,
      0.16,
      0.56,
      0.24,
      0.64,
      0.32,
      0.72,
      0.0,
      0.4,
      0.08,
      0.48,
      0.16,
      0.56,
      0.24,
      0.64,
      0.32,
      0.72
    ],
    "SpacingBetweenSlices": 2.4,
    "StationName": "MR01MR01",
    "TaskName": "func_mid",
    "TotalReadoutTime": 0.048,
    "dataset": "AHRB",
    "modality": "bold",
    "run_id": 2,
    "session_id": "1",
    "subject_id": "82",
    "task_id": "mid"
  },
  "dummy_trs": 0,
  "dvars_nstd": 40.55621596268474,
  "dvars_std": 0.9928148462068966,
  "dvars_vstd": 0.9691062536945803,
  "efc": 0.5337839237141468,
  "fber": 778.0728759765625,
  "fd_mean": 0.12711905243763302,
  "fd_num": 52,
  "fd_perc": 12.776412776412776,
  "fwhm_avg": 2.7127262810948314,
  "fwhm_x": 2.3769290722159915,
  "fwhm_y": 2.8665457194270405,
  "fwhm_z": 2.894704051641462,
  "gcor": 0.00977717,
  "gsr_x": -0.006558937486261129,
  "gsr_y": 0.071730837225914,
  "provenance": {
    "md5sum": "0cc7bc09d2ad7ad5af86ea1d99416d10",
    "settings": {
      "fd_thres": 0.2,
      "testing": false
    },
    "software": "mriqc",
    "version": "23.1.0rc0"
  },
  "size_t": 407,
  "size_x": 90,
  "size_y": 90,
  "size_z": 60,
  "snr": 2.8697125050405017,
  "spacing_tr": 0.800000011920929,
  "spacing_x": 2.4000000953674316,
  "spacing_y": 2.4000000953674316,
  "spacing_z": 2.4000000953674316,
  "summary_bg_k": 113.1562296484812,
  "summary_bg_mad": 175.60457966970466,
  "summary_bg_mean": 426.49981689453125,
  "summary_bg_median": 190.68426513671875,
  "summary_bg_n": 312866.0,
  "summary_bg_p05": 61.56756591796875,
  "summary_bg_p95": 1595.8759155273438,
  "summary_bg_stdv": 715.11376953125,
  "summary_fg_k": 1.215617401762474,
  "summary_fg_mad": 1707.7318905367279,
  "summary_fg_mean": 5778.66162109375,
  "summary_fg_median": 5452.591796875,
  "summary_fg_n": 96026.0,
  "summary_fg_p05": 3269.5527954101562,
  "summary_fg_p95": 9334.784912109375,
  "summary_fg_stdv": 1900.0382080078125,
  "tsnr": 26.43209781718906
}