{
  "aor": 0.0023110565110565106,
  "aqi": 0.009569489041769042,
  "bids_meta": {
    "AcquisitionMatrixPE": 90,
    "BodyPartExamined": "BRAIN",
    "DeviceSerialNumber": "000000000000MR01",
    "EchoTime": 0.03,
    "EffectiveEchoSpacing": 0.000536,
    "FlipAngle": 52,
    "ImageType": [
      "ORIGINAL",
      "PRIMARY",
      "OTHER"
    ],
    "ImagingFrequency": "1277671560",
    "InPlanePhaseEncodingDirectionDICOM": "COL",
    "InstitutionName": "UOFMResearch",
    "MagneticFieldStrength": 3,
    "Manufacturer": "GE",
    "ManufacturersModelName": "DISCOVERY_MR750",
    "Modality": "MR",
    "MultibandAccelerationFactor": 6,
    "PatientPosition": "HFS",
    "PhaseEncodingDirection": "j",
    "PulseSequenceType": "Multiband gradient echo EPI",
    "ReconMatrixPE": 90,
    "RepetitionTime": 0.8,
    "SeriesDescription": "func_mid",
    "SeriesNumber": 9,
    "SliceThickness": 2.4,
    "SliceTiming": [
      0.0,
      0.4,
      0.08,
      0.48,
      0.16,
      0.56,
      0.24,
      0.64,
      0.32,
      0.72,
      0.0,
      0.4,
      0.08,
      0.48,
      0.16,
      0.56,
      0.24,
      0.64,
      0.32,
      0.72,
      0.0,
      0.4,
      0.08,
      0.48,
      0.16,
      0.56,
      0.24,
      0.64,
      0.32,
      0.72,
      0.0,
      0.4,
      0.08,
      0.48,
      0.16,
      0.56,
      0.24,
      0.64,
      0.32,
      0.72,
      0.0,
      0.4,
      0.08,
      0.48,
      0.16,
      0.56,
      0.24,
      0.64,
      0.32,
      0.72,
      0.0,
      0.4,
      0.08,
      0.48,
      0.16,
      0.56,
      0.24,
      0.64,
      0.32,
      0.72
    ],
    "SpacingBetweenSlices": 2.4,
    "StationName": "MR01MR01",
    "TaskName": "func_mid",
    "TotalReadoutTime": 0.048,
    "dataset": "AHRB",
    "modality": "bold",
    "run_id": 2,
    "session_id": "1",
    "subject_id": "56",
    "task_id": "mid"
  },
  "dummy_trs": 0,
  "dvars_nstd": 36.51860013524631,
  "dvars_std": 1.029467654876847,
  "dvars_vstd": 1.0116486465763554,
  "efc": 0.556316315024931,
  "fber": 516.9815063476562,
  "fd_mean": 0.08348721252818632,
  "fd_num": 11,
  "fd_perc": 2.7027027027027026,
  "fwhm_avg": 2.6766304491958173,
  "fwhm_x": 2.3706082391338255,
  "fwhm_y": 2.8496623867645905,
  "fwhm_z": 2.8096207216890363,
  "gcor": 0.0116805,
  "gsr_x": -0.02955853007733822,
  "gsr_y": 0.1422104388475418,
  "provenance": {
    "md5sum": "4840d79298b502bff7b3bad34afa7e7b",
    "settings": {
      "fd_thres": 0.2,
      "testing": false
    },
    "software": "mriqc",
    "version": "23.1.0rc0"
  },
  "size_t": 407,
  "size_x": 90,
  "size_y": 90,
  "size_z": 60,
  "snr": 2.8597754167656757,
  "spacing_tr": 0.800000011920929,
  "spacing_x": 2.4000000953674316,
  "spacing_y": 2.4000000953674316,
  "spacing_z": 2.4000000953674316,
  "summary_bg_k": 49.11174364094588,
  "summary_bg_mad": 248.1555233195686,
  "summary_bg_mean": 655.2386474609375,
  "summary_bg_median": 256.47418212890625,
  "summary_bg_n": 310043.0,
  "summary_bg_p05": 72.09828186035156,
  "summary_bg_p95": 2722.317382812499,
  "summary_bg_stdv": 1147.0496826171875,
  "summary_fg_k": 0.9407979881481325,
  "summary_fg_mad": 1995.9977581653338,
  "summary_fg_mean": 6477.4169921875,
  "summary_fg_median": 6139.732421875,
  "summary_fg_n": 93926.0,
  "summary_fg_p05": 3639.296630859375,
  "summary_fg_p95": 10510.820068359375,
  "summary_fg_stdv": 2146.916748046875,
  "tsnr": 29.914261773228645
}