{
  "bids_meta": {
    "AcquisitionMatrixPE": 256,
    "AcquisitionNumber": 1,
    "AcquisitionTime": "10:18:20.000000",
    "BodyPartExamined": "HEAD",
    "CoilString": "RM:Nova32ch",
    "ConversionSoftware": "dcm2niix",
    "ConversionSoftwareVersion": "v1.0.20211006",
    "Dcm2bidsVersion": "2.1.6",
    "DeviceSerialNumber": "000000000000MR01",
    "EchoTime": 0.00292,
    "FlipAngle": 8,
    "ImageOrientationPatientDICOM": [
      0,
      1,
      0,
      0,
      0,
      -1
    ],
    "ImageType": [
      "ORIGINAL",
      "PRIMARY",
      "OTHER"
    ],
    "ImagingFrequency": 127.767,
    "InPlanePhaseEncodingDirectionDICOM": "ROW",
    "InstitutionName": "UOFMResearch",
    "InversionTime": 1.06,
    "MRAcquisitionType": "3D",
    "MagneticFieldStrength": 3,
    "Manufacturer": "GE",
    "ManufacturersModelName": "DISCOVERY MR750",
    "Modality": "MR",
    "ParallelReductionFactorInPlane": 2,
    "ParallelReductionOutOfPlane": 2,
    "PatientPosition": "HFS",
    "PercentPhaseFOV": 100,
    "PercentSampling": 100,
    "PixelBandwidth": 244.141,
    "ProtocolName": "AHRB 32ch HB 06/06/18",
    "ReconMatrixPE": 256,
    "RepetitionTime": 0.006952,
    "SAR": 0.141628,
    "ScanOptions": "EDR_GEMS\\PROMO_GEMS\\ACC_GEMS\\IR_GEMS",
    "ScanningSequence": "RM",
    "SequenceVariant": "NONE",
    "SeriesDescription": "t1spgr_208sl",
    "SeriesNumber": 6,
    "SliceThickness": 1,
    "SoftwareVersions": "27\\LX\\MR Software release:DV26.0_R02_1810.b",
    "SpacingBetweenSlices": 1,
    "StationName": "MR01MR01",
    "dataset": "AHRB",
    "modality": "T1w",
    "session_id": "2",
    "subject_id": "58"
  },
  "cjv": 0.42473808000521596,
  "cnr": 2.9364492818514347,
  "efc": 0.5223396111761418,
  "fber": 1076.1644200579642,
  "fwhm_avg": 3.5745333333333336,
  "fwhm_x": 3.43441,
  "fwhm_y": 3.74096,
  "fwhm_z": 3.54823,
  "icvs_csf": 0.23446922466208228,
  "icvs_gm": 0.4007305476950747,
  "icvs_wm": 0.364800227642843,
  "inu_med": 1.042931616306305,
  "inu_range": 0.6345201581716537,
  "provenance": {
    "md5sum": "29ad87c10d6de2d57222bf132fc63999",
    "settings": {
      "testing": false
    },
    "software": "mriqc",
    "version": "23.1.0rc0",
    "warnings": {
      "large_rot_frame": true,
      "small_air_mask": false
    }
  },
  "qi_1": 0.0,
  "qi_2": 0.0007237727718034669,
  "rpve_csf": 27.822592730206367,
  "rpve_gm": 15.681695037203221,
  "rpve_wm": 19.926766725709545,
  "size_x": 208,
  "size_y": 256,
  "size_z": 256,
  "snr_csf": 1.3890046320879224,
  "snr_gm": 7.536814643073911,
  "snr_total": 6.531746348649789,
  "snr_wm": 10.669419770787533,
  "snrd_csf": 4.334114587436384,
  "snrd_gm": 20.62653899535889,
  "snrd_total": 19.316917471844036,
  "snrd_wm": 32.99009883273684,
  "spacing_x": 1.0,
  "spacing_y": 1.0,
  "spacing_z": 1.0,
  "summary_bg_k": 22.113825068305278,
  "summary_bg_mad": 19.859954167398545,
  "summary_bg_mean": 19.78241078219211,
  "summary_bg_median": 13.395335525274277,
  "summary_bg_n": 2807304.0,
  "summary_bg_p05": 0.0,
  "summary_bg_p95": 67.53192469477654,
  "summary_bg_stdv": 24.94663789052502,
  "summary_csf_k": 2.5262114383204466,
  "summary_csf_mad": 74.70635609083598,
  "summary_csf_mean": 151.43835916462925,
  "summary_csf_median": 131.38533756136894,
  "summary_csf_n": 40549.0,
  "summary_csf_p05": 39.9777889251709,
  "summary_csf_p95": 349.08383190631855,
  "summary_csf_stdv": 94.58839404500822,
  "summary_gm_k": 0.19516886210101214,
  "summary_gm_mad": 79.23401403573513,
  "summary_gm_mean": 625.9460659807354,
  "summary_gm_median": 625.2776049077511,
  "summary_gm_n": 17879.0,
  "summary_gm_p05": 490.0055378675461,
  "summary_gm_p95": 764.9916484951973,
  "summary_gm_stdv": 82.96079284213353,
  "summary_wm_k": 1.5960662054806996,
  "summary_wm_mad": 79.95432325424181,
  "summary_wm_mean": 1010.141496150988,
  "summary_wm_median": 1000.0693760812283,
  "summary_wm_n": 179699.0,
  "summary_wm_p05": 876.9433386623859,
  "summary_wm_p95": 1181.3575439155102,
  "summary_wm_stdv": 93.73205056490956,
  "tpm_overlap_csf": 0.15526186099467582,
  "tpm_overlap_gm": 0.42885429880829185,
  "tpm_overlap_wm": 0.4726742319321967,
  "wm2max": 0.25890203025171965
}