{
  "aor": 0.0013583538083538082,
  "aqi": 0.009536947199017199,
  "bids_meta": {
    "AcquisitionMatrixPE": 90,
    "AcquisitionNumber": 1,
    "AcquisitionTime": "10:43:23.000000",
    "BodyPartExamined": "BRAIN",
    "CoilString": "RM:Nova32ch",
    "ConversionSoftware": "dcm2niix",
    "ConversionSoftwareVersion": "v1.0.20211006",
    "Dcm2bidsVersion": "2.1.6",
    "DeviceSerialNumber": "000000000000MR01",
    "EchoTime": 0.03,
    "EffectiveEchoSpacing": 0.000568494,
    "FlipAngle": 52,
    "ImageOrientationPatientDICOM": [
      1,
      0,
      0,
      0,
      1,
      0
    ],
    "ImageType": [
      "ORIGINAL",
      "PRIMARY",
      "OTHER"
    ],
    "ImagingFrequency": 127.767,
    "InPlanePhaseEncodingDirectionDICOM": "COL",
    "InstitutionName": "UOFMResearch",
    "InternalPulseSequenceName": "EPI",
    "MRAcquisitionType": "2D",
    "MagneticFieldStrength": 3,
    "Manufacturer": "GE",
    "ManufacturersModelName": "DISCOVERY MR750",
    "Modality": "MR",
    "MultibandAccelerationFactor": 6,
    "PatientPosition": "HFS",
    "PercentPhaseFOV": 100,
    "PercentSampling": 100,
    "PhaseEncodingDirection": "j",
    "PhaseEncodingPolarityGE": "Flipped",
    "PixelBandwidth": 5555.56,
    "ProtocolName": "AHRB 32ch HB 06/06/18",
    "PulseSequenceName": "epi",
    "PulseSequenceType": "Multiband gradient echo EPI",
    "ReconMatrixPE": 90,
    "RepetitionTime": 0.8,
    "SAR": 0.104387,
    "ScanOptions": "SAT_GEMS\\EDR_GEMS\\MP_GEMS\\EPI_GEMS\\HYPERBAND_GEMS\\PFF\\FS",
    "ScanningSequence": "EP\\RM",
    "SequenceVariant": "NONE",
    "SeriesDescription": "func_mid",
    "SeriesNumber": 8,
    "SliceThickness": 2.4,
    "SliceTiming": [
      0,
      0.436364,
      0.0727273,
      0.509091,
      0.145455,
      0.581818,
      0.218182,
      0.654545,
      0.290909,
      0.727273,
      0.363636,
      0,
      0.436364,
      0.0727273,
      0.509091,
      0.145455,
      0.581818,
      0.218182,
      0.654545,
      0.290909,
      0.727273,
      0.363636,
      0,
      0.436364,
      0.0727273,
      0.509091,
      0.145455,
      0.581818,
      0.218182,
      0.654545,
      0.290909,
      0.727273,
      0.363636,
      0,
      0.436364,
      0.0727273,
      0.509091,
      0.145455,
      0.581818,
      0.218182,
      0.654545,
      0.290909,
      0.727273,
      0.363636,
      0,
      0.436364,
      0.0727273,
      0.509091,
      0.145455,
      0.581818,
      0.218182,
      0.654545,
      0.290909,
      0.727273,
      0.363636,
      0,
      0.436364,
      0.0727273,
      0.509091,
      0.145455
    ],
    "SoftwareVersions": "27\\LX\\MR Software release:DV26.0_R02_1810.b",
    "SpacingBetweenSlices": 2.4,
    "StationName": "MR01MR01",
    "TaskName": "func_mid",
    "TotalReadoutTime": 0.04824,
    "TriggerDelayTime": 787,
    "dataset": "AHRB",
    "modality": "bold",
    "run_id": 1,
    "session_id": "2",
    "subject_id": "18",
    "task_id": "mid"
  },
  "dummy_trs": 0,
  "dvars_nstd": 28.437260054679818,
  "dvars_std": 1.0276826171674887,
  "dvars_vstd": 0.9804144992118232,
  "efc": 0.4239454097275996,
  "fber": 26828.251953125,
  "fd_mean": 0.11664465145202586,
  "fd_num": 25,
  "fd_perc": 6.142506142506143,
  "fwhm_avg": 2.4098923805215002,
  "fwhm_x": 2.4958915674888464,
  "fwhm_y": 2.288829075716771,
  "fwhm_z": 2.444956498358884,
  "gcor": 0.0338118,
  "gsr_x": -0.004388842266052961,
  "gsr_y": 0.019098229706287384,
  "provenance": {
    "md5sum": "00271bb01ff2ea8ebe56e4e2c5d0a148",
    "settings": {
      "fd_thres": 0.2,
      "testing": false
    },
    "software": "mriqc",
    "version": "23.1.0rc0"
  },
  "size_t": 407,
  "size_x": 90,
  "size_y": 90,
  "size_z": 60,
  "snr": 3.411282537015672,
  "spacing_tr": 0.800000011920929,
  "spacing_x": 2.4000000953674316,
  "spacing_y": 2.4000000953674316,
  "spacing_z": 2.3999977111816406,
  "summary_bg_k": 66.5039217047426,
  "summary_bg_mad": 8.97939639616468,
  "summary_bg_mean": 29.471765518188477,
  "summary_bg_median": 6.088451862335205,
  "summary_bg_n": 343826.0,
  "summary_bg_p05": 0.0,
  "summary_bg_p95": 132.56265258789062,
  "summary_bg_stdv": 78.3438491821289,
  "summary_fg_k": 1.1780065980549166,
  "summary_fg_mad": 263.3785741443764,
  "summary_fg_mean": 989.6309204101562,
  "summary_fg_median": 948.691650390625,
  "summary_fg_n": 72258.0,
  "summary_fg_p05": 616.766226196289,
  "summary_fg_p95": 1494.4955078124992,
  "summary_fg_stdv": 278.1021728515625,
  "tsnr": 34.911849453346804
}