{
  "bids_meta": {
    "AcquisitionMatrixPE": 256,
    "AcquisitionNumber": 1,
    "AcquisitionTime": "12:40:26.000000",
    "BodyPartExamined": "HEAD",
    "CoilString": "RM:Nova32ch",
    "ConversionSoftware": "dcm2niix",
    "ConversionSoftwareVersion": "v1.0.20211006",
    "Dcm2bidsVersion": "2.1.6",
    "DeviceSerialNumber": "000000000000MR01",
    "EchoTime": 0.00292,
    "FlipAngle": 8,
    "ImageOrientationPatientDICOM": [
      0,
      1,
      0,
      0,
      0,
      -1
    ],
    "ImageType": [
      "ORIGINAL",
      "PRIMARY",
      "OTHER"
    ],
    "ImagingFrequency": 127.767,
    "InPlanePhaseEncodingDirectionDICOM": "ROW",
    "InstitutionName": "UOFMResearch",
    "InversionTime": 1.06,
    "MRAcquisitionType": "3D",
    "MagneticFieldStrength": 3,
    "Manufacturer": "GE",
    "ManufacturersModelName": "DISCOVERY MR750",
    "Modality": "MR",
    "ParallelReductionFactorInPlane": 2,
    "ParallelReductionOutOfPlane": 2,
    "PatientPosition": "HFS",
    "PercentPhaseFOV": 100,
    "PercentSampling": 100,
    "PixelBandwidth": 244.141,
    "ProtocolName": "AHRB 32ch HB 06/06/18",
    "ReconMatrixPE": 256,
    "RepetitionTime": 0.006952,
    "SAR": 0.102059,
    "ScanOptions": "EDR_GEMS\\PROMO_GEMS\\ACC_GEMS\\IR_GEMS",
    "ScanningSequence": "RM",
    "SequenceVariant": "NONE",
    "SeriesDescription": "t1spgr_208sl",
    "SeriesNumber": 6,
    "SliceThickness": 1,
    "SoftwareVersions": "27\\LX\\MR Software release:DV26.0_R02_1810.b",
    "SpacingBetweenSlices": 1,
    "StationName": "MR01MR01",
    "dataset": "AHRB",
    "modality": "T1w",
    "session_id": "2",
    "subject_id": "42"
  },
  "cjv": 0.380287989989139,
  "cnr": 3.4283621427919293,
  "efc": 0.4968063896741459,
  "fber": 4322.252808852435,
  "fwhm_avg": 3.9117600000000006,
  "fwhm_x": 3.73513,
  "fwhm_y": 4.30529,
  "fwhm_z": 3.69486,
  "icvs_csf": 0.2177254217378341,
  "icvs_gm": 0.41722718883814036,
  "icvs_wm": 0.36504738942402554,
  "inu_med": 0.9747925698757172,
  "inu_range": 0.6048192411661145,
  "provenance": {
    "md5sum": "56c51ebda8df7929f6cc9311c66bfb23",
    "settings": {
      "testing": false
    },
    "software": "mriqc",
    "version": "23.1.0rc0",
    "warnings": {
      "large_rot_frame": true,
      "small_air_mask": false
    }
  },
  "qi_1": 0.0,
  "qi_2": 0.0013079981706440914,
  "rpve_csf": 31.449710569437805,
  "rpve_gm": 16.61131365037955,
  "rpve_wm": 22.379584220868214,
  "size_x": 208,
  "size_y": 256,
  "size_z": 256,
  "snr_csf": 1.1323075434415253,
  "snr_gm": 7.979906920442192,
  "snr_total": 7.670918500323722,
  "snr_wm": 13.900541037087448,
  "snrd_csf": 6.058585678988554,
  "snrd_gm": 32.45975121686574,
  "snrd_total": 29.972607740268653,
  "snrd_wm": 51.39948632495166,
  "spacing_x": 1.0,
  "spacing_y": 1.0,
  "spacing_z": 1.0,
  "summary_bg_k": 2.4906621704630334,
  "summary_bg_mad": 12.746631851832085,
  "summary_bg_mean": 9.174284751492637,
  "summary_bg_median": 8.597472533583641,
  "summary_bg_n": 2590956.0,
  "summary_bg_p05": 0.0,
  "summary_bg_p95": 29.987569861114025,
  "summary_bg_stdv": 10.684848140592496,
  "summary_csf_k": 1.846878289559644,
  "summary_csf_mad": 76.71015192759188,
  "summary_csf_mean": 147.3172913667777,
  "summary_csf_median": 117.87859931588173,
  "summary_csf_n": 24347.0,
  "summary_csf_p05": 29.210689812898636,
  "summary_csf_p95": 370.3335397839547,
  "summary_csf_stdv": 104.1026169704582,
  "summary_gm_k": 0.06464641104281599,
  "summary_gm_mad": 78.24589070492105,
  "summary_gm_mean": 631.2818756669567,
  "summary_gm_median": 631.5516871958971,
  "summary_gm_n": 17015.0,
  "summary_gm_p05": 499.518333401531,
  "summary_gm_p95": 760.1149767749012,
  "summary_gm_stdv": 79.14041285758383,
  "summary_wm_k": 1.8416387832393992,
  "summary_wm_mad": 61.890272726365424,
  "summary_wm_mean": 1007.4826975317968,
  "summary_wm_median": 1000.0517900660634,
  "summary_wm_n": 164175.0,
  "summary_wm_p05": 905.7385522127151,
  "summary_wm_p95": 1135.073542445898,
  "summary_wm_stdv": 71.94315255102845,
  "tpm_overlap_csf": 0.15688327595643484,
  "tpm_overlap_gm": 0.4484095193951732,
  "tpm_overlap_wm": 0.4880854566009474,
  "wm2max": 0.3388732888732889
}