{
  "aor": 0.00040970515970515975,
  "aqi": 0.004786298697788698,
  "bids_meta": {
    "AcquisitionMatrixPE": 90,
    "BodyPartExamined": "BRAIN",
    "DeviceSerialNumber": "000000000000MR01",
    "EchoTime": 0.03,
    "EffectiveEchoSpacing": 0.000536,
    "FlipAngle": 52,
    "ImageType": [
      "ORIGINAL",
      "PRIMARY",
      "OTHER"
    ],
    "ImagingFrequency": "1277672420",
    "InPlanePhaseEncodingDirectionDICOM": "COL",
    "InstitutionName": "UOFMResearch",
    "MagneticFieldStrength": 3,
    "Manufacturer": "GE",
    "ManufacturersModelName": "DISCOVERY_MR750",
    "Modality": "MR",
    "MultibandAccelerationFactor": 6,
    "PatientPosition": "HFS",
    "PhaseEncodingDirection": "j",
    "PulseSequenceType": "Multiband gradient echo EPI",
    "ReconMatrixPE": 90,
    "RepetitionTime": 0.8,
    "SeriesDescription": "func_mid",
    "SeriesNumber": 8,
    "SliceThickness": 2.4,
    "SliceTiming": [
      0.0,
      0.4,
      0.08,
      0.48,
      0.16,
      0.56,
      0.24,
      0.64,
      0.32,
      0.72,
      0.0,
      0.4,
      0.08,
      0.48,
      0.16,
      0.56,
      0.24,
      0.64,
      0.32,
      0.72,
      0.0,
      0.4,
      0.08,
      0.48,
      0.16,
      0.56,
      0.24,
      0.64,
      0.32,
      0.72,
      0.0,
      0.4,
      0.08,
      0.48,
      0.16,
      0.56,
      0.24,
      0.64,
      0.32,
      0.72,
      0.0,
      0.4,
      0.08,
      0.48,
      0.16,
      0.56,
      0.24,
      0.64,
      0.32,
      0.72,
      0.0,
      0.4,
      0.08,
      0.48,
      0.16,
      0.56,
      0.24,
      0.64,
      0.32,
      0.72
    ],
    "SpacingBetweenSlices": 2.4,
    "StationName": "MR01MR01",
    "TaskName": "func_mid",
    "TotalReadoutTime": 0.048,
    "dataset": "AHRB",
    "modality": "bold",
    "run_id": 1,
    "session_id": "1",
    "subject_id": "75",
    "task_id": "mid"
  },
  "dummy_trs": 0,
  "dvars_nstd": 32.06948554689656,
  "dvars_std": 1.0099222049753693,
  "dvars_vstd": 0.9904959750000001,
  "efc": 0.5451188820590225,
  "fber": 696.0835571289062,
  "fd_mean": 0.05376303808554307,
  "fd_num": 0,
  "fd_perc": 0.0,
  "fwhm_avg": 2.7026971148266874,
  "fwhm_x": 2.4400124030426182,
  "fwhm_y": 2.8839373854026245,
  "fwhm_z": 2.784141556034821,
  "gcor": 0.00480586,
  "gsr_x": -0.022747186943888664,
  "gsr_y": 0.10039498656988144,
  "provenance": {
    "md5sum": "a14b92c724cd6dc0694083428fa85308",
    "settings": {
      "fd_thres": 0.2,
      "testing": false
    },
    "software": "mriqc",
    "version": "23.1.0rc0"
  },
  "size_t": 407,
  "size_x": 90,
  "size_y": 90,
  "size_z": 60,
  "snr": 2.5908142833737906,
  "spacing_tr": 0.800000011920929,
  "spacing_x": 2.4000000953674316,
  "spacing_y": 2.4000000953674316,
  "spacing_z": 2.4000000953674316,
  "summary_bg_k": 24.444570478254644,
  "summary_bg_mad": 181.09056531706474,
  "summary_bg_mean": 495.9827575683594,
  "summary_bg_median": 196.60195922851562,
  "summary_bg_n": 305038.0,
  "summary_bg_p05": 64.26290130615234,
  "summary_bg_p95": 2077.025671386718,
  "summary_bg_stdv": 808.6991577148438,
  "summary_fg_k": 2.0010414650979333,
  "summary_fg_mad": 1967.0671069157006,
  "summary_fg_mean": 5944.59765625,
  "summary_fg_median": 5555.10302734375,
  "summary_fg_n": 99875.0,
  "summary_fg_p05": 3225.19091796875,
  "summary_fg_p95": 9903.213964843748,
  "summary_fg_stdv": 2144.142578125,
  "tsnr": 37.126530945301056
}