{
  "aor": 0.0002722850122850123,
  "aqi": 0.006919178353808352,
  "bids_meta": {
    "AcquisitionMatrixPE": 90,
    "BodyPartExamined": "BRAIN",
    "DeviceSerialNumber": "000000000000MR01",
    "EchoTime": 0.03,
    "EffectiveEchoSpacing": 0.000536,
    "FlipAngle": 52,
    "ImageType": [
      "ORIGINAL",
      "PRIMARY",
      "OTHER"
    ],
    "ImagingFrequency": "1277675220",
    "InPlanePhaseEncodingDirectionDICOM": "COL",
    "InstitutionName": "UOFMResearch",
    "MagneticFieldStrength": 3,
    "Manufacturer": "GE",
    "ManufacturersModelName": "DISCOVERY_MR750",
    "Modality": "MR",
    "MultibandAccelerationFactor": 6,
    "PatientPosition": "HFS",
    "PhaseEncodingDirection": "j",
    "PulseSequenceType": "Multiband gradient echo EPI",
    "ReconMatrixPE": 90,
    "RepetitionTime": 0.8,
    "SeriesDescription": "func_mid",
    "SeriesNumber": 9,
    "SliceThickness": 2.4,
    "SliceTiming": [
      0.0,
      0.4,
      0.08,
      0.48,
      0.16,
      0.56,
      0.24,
      0.64,
      0.32,
      0.72,
      0.0,
      0.4,
      0.08,
      0.48,
      0.16,
      0.56,
      0.24,
      0.64,
      0.32,
      0.72,
      0.0,
      0.4,
      0.08,
      0.48,
      0.16,
      0.56,
      0.24,
      0.64,
      0.32,
      0.72,
      0.0,
      0.4,
      0.08,
      0.48,
      0.16,
      0.56,
      0.24,
      0.64,
      0.32,
      0.72,
      0.0,
      0.4,
      0.08,
      0.48,
      0.16,
      0.56,
      0.24,
      0.64,
      0.32,
      0.72,
      0.0,
      0.4,
      0.08,
      0.48,
      0.16,
      0.56,
      0.24,
      0.64,
      0.32,
      0.72
    ],
    "SpacingBetweenSlices": 2.4,
    "StationName": "MR01MR01",
    "TaskName": "func_mid",
    "TotalReadoutTime": 0.048,
    "dataset": "AHRB",
    "modality": "bold",
    "run_id": 2,
    "session_id": "1",
    "subject_id": "27",
    "task_id": "mid"
  },
  "dummy_trs": 0,
  "dvars_nstd": 36.80901123376849,
  "dvars_std": 1.0038965019211823,
  "dvars_vstd": 0.9799219393596058,
  "efc": 0.5239782732590702,
  "fber": 543.474365234375,
  "fd_mean": 0.13203333207067916,
  "fd_num": 63,
  "fd_perc": 15.47911547911548,
  "fwhm_avg": 2.653845727878979,
  "fwhm_x": 2.4613332355287376,
  "fwhm_y": 2.798674888790652,
  "fwhm_z": 2.7015290593175467,
  "gcor": 0.0032051,
  "gsr_x": -0.0255269855260849,
  "gsr_y": 0.07001274079084396,
  "provenance": {
    "md5sum": "65f0bc72bc1ac9dd521860679092cf65",
    "settings": {
      "fd_thres": 0.2,
      "testing": false
    },
    "software": "mriqc",
    "version": "23.1.0rc0"
  },
  "size_t": 407,
  "size_x": 90,
  "size_y": 90,
  "size_z": 60,
  "snr": 3.0411460688231697,
  "spacing_tr": 0.800000011920929,
  "spacing_x": 2.4000000953674316,
  "spacing_y": 2.4000000953674316,
  "spacing_z": 2.4000000953674316,
  "summary_bg_k": 18.97242743796199,
  "summary_bg_mad": 264.32576457843726,
  "summary_bg_mean": 551.5516357421875,
  "summary_bg_median": 273.2727355957031,
  "summary_bg_n": 331265.0,
  "summary_bg_p05": 79.87469482421875,
  "summary_bg_p95": 2087.1066406249997,
  "summary_bg_stdv": 782.4339599609375,
  "summary_fg_k": 2.026424349964011,
  "summary_fg_mad": 1879.0473732046012,
  "summary_fg_mean": 6829.0947265625,
  "summary_fg_median": 6442.138671875,
  "summary_fg_n": 84832.0,
  "summary_fg_p05": 4140.412182617188,
  "summary_fg_p95": 10802.44379882812,
  "summary_fg_stdv": 2118.3134765625,
  "tsnr": 32.61700285691768
}