{
    "Modality": "MR",
    "MagneticFieldStrength": 3,
    "ImagingFrequency": 127.767,
    "Manufacturer": "GE",
    "PulseSequenceName": "epi",
    "InternalPulseSequenceName": "EPI",
    "ManufacturersModelName": "DISCOVERY MR750",
    "InstitutionName": "UOFMResearch",
    "DeviceSerialNumber": "000000000000MR01",
    "StationName": "MR01MR01",
    "BodyPartExamined": "BRAIN",
    "PatientPosition": "HFS",
    "SoftwareVersions": "27\\LX\\MR Software release:DV26.0_R02_1810.b",
    "MRAcquisitionType": "2D",
    "SeriesDescription": "func_mid",
    "ProtocolName": "AHRB 32ch HB 06/06/18",
    "ScanningSequence": "EP\\RM",
    "SequenceVariant": "NONE",
    "ScanOptions": "SAT_GEMS\\EDR_GEMS\\MP_GEMS\\EPI_GEMS\\HYPERBAND_GEMS\\PFF\\FS",
    "ImageType": [
        "ORIGINAL",
        "PRIMARY",
        "OTHER"
    ],
    "SeriesNumber": 8,
    "AcquisitionTime": "16:53:53.000000",
    "AcquisitionNumber": 1,
    "TriggerDelayTime": 787,
    "SliceThickness": 2.4,
    "SpacingBetweenSlices": 2.4,
    "SAR": 0.126868,
    "EchoTime": 0.03,
    "RepetitionTime": 0.8,
    "FlipAngle": 52,
    "PhaseEncodingPolarityGE": "Flipped",
    "CoilString": "RM:Nova32ch",
    "MultibandAccelerationFactor": 6,
    "PercentPhaseFOV": 100,
    "PercentSampling": 100,
    "AcquisitionMatrixPE": 90,
    "ReconMatrixPE": 90,
    "EffectiveEchoSpacing": 0.000568494,
    "TotalReadoutTime": 0.04824,
    "PixelBandwidth": 5555.56,
    "PhaseEncodingDirection": "j",
    "SliceTiming": [
        0,
        0.436364,
        0.0727273,
        0.509091,
        0.145455,
        0.581818,
        0.218182,
        0.654545,
        0.290909,
        0.727273,
        0.363636,
        0,
        0.436364,
        0.0727273,
        0.509091,
        0.145455,
        0.581818,
        0.218182,
        0.654545,
        0.290909,
        0.727273,
        0.363636,
        0,
        0.436364,
        0.0727273,
        0.509091,
        0.145455,
        0.581818,
        0.218182,
        0.654545,
        0.290909,
        0.727273,
        0.363636,
        0,
        0.436364,
        0.0727273,
        0.509091,
        0.145455,
        0.581818,
        0.218182,
        0.654545,
        0.290909,
        0.727273,
        0.363636,
        0,
        0.436364,
        0.0727273,
        0.509091,
        0.145455,
        0.581818,
        0.218182,
        0.654545,
        0.290909,
        0.727273,
        0.363636,
        0,
        0.436364,
        0.0727273,
        0.509091,
        0.145455
    ],
    "ImageOrientationPatientDICOM": [
        1,
        0,
        0,
        0,
        1,
        0
    ],
    "InPlanePhaseEncodingDirectionDICOM": "COL",
    "ConversionSoftware": "dcm2niix",
    "ConversionSoftwareVersion": "v1.0.20211006",
    "Dcm2bidsVersion": "2.1.6",
    "PulseSequenceType": "Multiband gradient echo EPI",
    "TaskName": "func_mid"
}