{
  "aor": 0.001797862407862408,
  "aqi": 0.00833775022113022,
  "bids_meta": {
    "AcquisitionMatrixPE": 90,
    "BodyPartExamined": "BRAIN",
    "DeviceSerialNumber": "000000000000MR01",
    "EchoTime": 0.03,
    "EffectiveEchoSpacing": 0.000536,
    "FlipAngle": 52,
    "ImageType": [
      "ORIGINAL",
      "PRIMARY",
      "OTHER"
    ],
    "ImagingFrequency": "1277675890",
    "InPlanePhaseEncodingDirectionDICOM": "COL",
    "InstitutionName": "UOFMResearch",
    "MagneticFieldStrength": 3,
    "Manufacturer": "GE",
    "ManufacturersModelName": "DISCOVERY_MR750",
    "Modality": "MR",
    "MultibandAccelerationFactor": 6,
    "PatientPosition": "HFS",
    "PhaseEncodingDirection": "j",
    "PulseSequenceType": "Multiband gradient echo EPI",
    "ReconMatrixPE": 90,
    "RepetitionTime": 0.8,
    "SeriesDescription": "func_mid",
    "SeriesNumber": 10,
    "SliceThickness": 2.4,
    "SliceTiming": [
      0.0,
      0.4,
      0.08,
      0.48,
      0.16,
      0.56,
      0.24,
      0.64,
      0.32,
      0.72,
      0.0,
      0.4,
      0.08,
      0.48,
      0.16,
      0.56,
      0.24,
      0.64,
      0.32,
      0.72,
      0.0,
      0.4,
      0.08,
      0.48,
      0.16,
      0.56,
      0.24,
      0.64,
      0.32,
      0.72,
      0.0,
      0.4,
      0.08,
      0.48,
      0.16,
      0.56,
      0.24,
      0.64,
      0.32,
      0.72,
      0.0,
      0.4,
      0.08,
      0.48,
      0.16,
      0.56,
      0.24,
      0.64,
      0.32,
      0.72,
      0.0,
      0.4,
      0.08,
      0.48,
      0.16,
      0.56,
      0.24,
      0.64,
      0.32,
      0.72
    ],
    "SpacingBetweenSlices": 2.4,
    "StationName": "MR01MR01",
    "TaskName": "func_mid",
    "TotalReadoutTime": 0.048,
    "dataset": "AHRB",
    "modality": "bold",
    "run_id": 2,
    "session_id": "1",
    "subject_id": "65",
    "task_id": "mid"
  },
  "dummy_trs": 0,
  "dvars_nstd": 38.95622407509852,
  "dvars_std": 1.026103216896551,
  "dvars_vstd": 1.0078925501477836,
  "efc": 0.5001168978796585,
  "fber": 602.4640502929688,
  "fd_mean": 0.17072902249046235,
  "fd_num": 134,
  "fd_perc": 32.923832923832926,
  "fwhm_avg": 2.7307582248227504,
  "fwhm_x": 2.527795732887755,
  "fwhm_y": 2.950237382768099,
  "fwhm_z": 2.714241558812397,
  "gcor": 0.0053448,
  "gsr_x": -0.010715465061366558,
  "gsr_y": 0.07174145430326462,
  "provenance": {
    "md5sum": "58fbb32c377cf95a910db8ebf704ba94",
    "settings": {
      "fd_thres": 0.2,
      "testing": false
    },
    "software": "mriqc",
    "version": "23.1.0rc0"
  },
  "size_t": 407,
  "size_x": 90,
  "size_y": 90,
  "size_z": 60,
  "snr": 2.6513521755808553,
  "spacing_tr": 0.800000011920929,
  "spacing_x": 2.4000000953674316,
  "spacing_y": 2.4000000953674316,
  "spacing_z": 2.4000000953674316,
  "summary_bg_k": 71.31460391598189,
  "summary_bg_mad": 186.01740795245303,
  "summary_bg_mean": 376.4117126464844,
  "summary_bg_median": 198.43980407714844,
  "summary_bg_n": 336091.0,
  "summary_bg_p05": 60.10319137573242,
  "summary_bg_p95": 1282.2186279296875,
  "summary_bg_stdv": 564.6393432617188,
  "summary_fg_k": 2.4831478880933346,
  "summary_fg_mad": 1574.669427316147,
  "summary_fg_mean": 5395.4150390625,
  "summary_fg_median": 5001.30712890625,
  "summary_fg_n": 77511.0,
  "summary_fg_p05": 3039.246826171875,
  "summary_fg_p95": 8981.9296875,
  "summary_fg_stdv": 1886.31103515625,
  "tsnr": 30.76991370867472
}