{
  "aor": 0.0007718427518427518,
  "aqi": 0.0077178070270270275,
  "bids_meta": {
    "AcquisitionMatrixPE": 90,
    "AcquisitionNumber": 1,
    "AcquisitionTime": "15:18:41.000000",
    "BodyPartExamined": "BRAIN",
    "CoilString": "RM:Nova32ch",
    "ConversionSoftware": "dcm2niix",
    "ConversionSoftwareVersion": "v1.0.20211006",
    "Dcm2bidsVersion": "2.1.6",
    "DeviceSerialNumber": "000000000000MR01",
    "EchoTime": 0.03,
    "EffectiveEchoSpacing": 0.000568494,
    "FlipAngle": 52,
    "ImageOrientationPatientDICOM": [
      1,
      0,
      0,
      0,
      1,
      0
    ],
    "ImageType": [
      "ORIGINAL",
      "PRIMARY",
      "OTHER"
    ],
    "ImagingFrequency": 127.767,
    "InPlanePhaseEncodingDirectionDICOM": "COL",
    "InstitutionName": "UOFMResearch",
    "InternalPulseSequenceName": "EPI",
    "MRAcquisitionType": "2D",
    "MagneticFieldStrength": 3,
    "Manufacturer": "GE",
    "ManufacturersModelName": "DISCOVERY MR750",
    "Modality": "MR",
    "MultibandAccelerationFactor": 6,
    "PatientPosition": "HFS",
    "PercentPhaseFOV": 100,
    "PercentSampling": 100,
    "PhaseEncodingDirection": "j",
    "PhaseEncodingPolarityGE": "Flipped",
    "PixelBandwidth": 5555.56,
    "ProtocolName": "AHRB 32ch HB 06/06/18",
    "PulseSequenceName": "epi",
    "PulseSequenceType": "Multiband gradient echo EPI",
    "ReconMatrixPE": 90,
    "RepetitionTime": 0.8,
    "SAR": 0.121227,
    "ScanOptions": "SAT_GEMS\\EDR_GEMS\\MP_GEMS\\EPI_GEMS\\HYPERBAND_GEMS\\PFF\\FS",
    "ScanningSequence": "EP\\RM",
    "SequenceVariant": "NONE",
    "SeriesDescription": "func_mid",
    "SeriesNumber": 10,
    "SliceThickness": 2.4,
    "SliceTiming": [
      0,
      0.436364,
      0.0727273,
      0.509091,
      0.145455,
      0.581818,
      0.218182,
      0.654545,
      0.290909,
      0.727273,
      0.363636,
      0,
      0.436364,
      0.0727273,
      0.509091,
      0.145455,
      0.581818,
      0.218182,
      0.654545,
      0.290909,
      0.727273,
      0.363636,
      0,
      0.436364,
      0.0727273,
      0.509091,
      0.145455,
      0.581818,
      0.218182,
      0.654545,
      0.290909,
      0.727273,
      0.363636,
      0,
      0.436364,
      0.0727273,
      0.509091,
      0.145455,
      0.581818,
      0.218182,
      0.654545,
      0.290909,
      0.727273,
      0.363636,
      0,
      0.436364,
      0.0727273,
      0.509091,
      0.145455,
      0.581818,
      0.218182,
      0.654545,
      0.290909,
      0.727273,
      0.363636,
      0,
      0.436364,
      0.0727273,
      0.509091,
      0.145455
    ],
    "SoftwareVersions": "27\\LX\\MR Software release:DV26.0_R02_1810.b",
    "SpacingBetweenSlices": 2.4,
    "StationName": "MR01MR01",
    "TaskName": "func_mid",
    "TotalReadoutTime": 0.04824,
    "TriggerDelayTime": 787,
    "dataset": "AHRB",
    "modality": "bold",
    "run_id": 2,
    "session_id": "2",
    "subject_id": "45",
    "task_id": "mid"
  },
  "dummy_trs": 0,
  "dvars_nstd": 27.144410232069,
  "dvars_std": 0.9407314924630539,
  "dvars_vstd": 0.9307968147536941,
  "efc": 0.4327907361342128,
  "fber": 10363.3798828125,
  "fd_mean": 0.10808552790098168,
  "fd_num": 30,
  "fd_perc": 7.371007371007371,
  "fwhm_avg": 2.6092125722004007,
  "fwhm_x": 2.628616562214829,
  "fwhm_y": 2.543304065604843,
  "fwhm_z": 2.65571708878153,
  "gcor": 0.030018,
  "gsr_x": -0.0089676259085536,
  "gsr_y": 0.025045279413461685,
  "provenance": {
    "md5sum": "58ca7d1a178c5f79ff99feec201361a4",
    "settings": {
      "fd_thres": 0.2,
      "testing": false
    },
    "software": "mriqc",
    "version": "23.1.0rc0"
  },
  "size_t": 407,
  "size_x": 90,
  "size_y": 90,
  "size_z": 60,
  "snr": 2.55824318645795,
  "spacing_tr": 0.800000011920929,
  "spacing_x": 2.4000000953674316,
  "spacing_y": 2.4000000953674316,
  "spacing_z": 2.3999996185302734,
  "summary_bg_k": 51.00440399384112,
  "summary_bg_mad": 14.971732570707715,
  "summary_bg_mean": 37.536319732666016,
  "summary_bg_median": 10.312039375305176,
  "summary_bg_n": 336297.0,
  "summary_bg_p05": 0.007371007464826107,
  "summary_bg_p95": 169.8737121582032,
  "summary_bg_stdv": 80.79337310791016,
  "summary_fg_k": 3.242452497373441,
  "summary_fg_mad": 346.7485256047621,
  "summary_fg_mean": 1121.1063232421875,
  "summary_fg_median": 1039.73095703125,
  "summary_fg_n": 76024.0,
  "summary_fg_p05": 630.3753936767578,
  "summary_fg_p95": 1890.4880859374994,
  "summary_fg_stdv": 406.421142578125,
  "tsnr": 33.46329780924134
}