{
  "bids_meta": {
    "AcquisitionMatrixPE": 256,
    "AcquisitionNumber": 1,
    "AcquisitionTime": "16:57:46.000000",
    "BodyPartExamined": "HEAD",
    "CoilString": "RM:Nova32ch",
    "ConversionSoftware": "dcm2niix",
    "ConversionSoftwareVersion": "v1.0.20211006",
    "Dcm2bidsVersion": "2.1.6",
    "DeviceSerialNumber": "000000000000MR01",
    "EchoTime": 0.00292,
    "FlipAngle": 8,
    "ImageOrientationPatientDICOM": [
      0,
      1,
      0,
      0,
      0,
      -1
    ],
    "ImageType": [
      "ORIGINAL",
      "PRIMARY",
      "OTHER"
    ],
    "ImagingFrequency": 127.767,
    "InPlanePhaseEncodingDirectionDICOM": "ROW",
    "InstitutionName": "UOFMResearch",
    "InversionTime": 1.06,
    "MRAcquisitionType": "3D",
    "MagneticFieldStrength": 3,
    "Manufacturer": "GE",
    "ManufacturersModelName": "DISCOVERY MR750",
    "Modality": "MR",
    "ParallelReductionFactorInPlane": 2,
    "ParallelReductionOutOfPlane": 2,
    "PatientPosition": "HFS",
    "PercentPhaseFOV": 100,
    "PercentSampling": 100,
    "PixelBandwidth": 244.141,
    "ProtocolName": "AHRB 32ch HB 06/06/18",
    "ReconMatrixPE": 256,
    "RepetitionTime": 0.006952,
    "SAR": 0.133933,
    "ScanOptions": "EDR_GEMS\\PROMO_GEMS\\ACC_GEMS\\IR_GEMS",
    "ScanningSequence": "RM",
    "SequenceVariant": "NONE",
    "SeriesDescription": "t1spgr_208sl",
    "SeriesNumber": 6,
    "SliceThickness": 1,
    "SoftwareVersions": "27\\LX\\MR Software release:DV26.0_R02_1810.b",
    "SpacingBetweenSlices": 1,
    "StationName": "MR01MR01",
    "dataset": "AHRB",
    "modality": "T1w",
    "session_id": "2",
    "subject_id": "27"
  },
  "cjv": 0.41111143388386334,
  "cnr": 3.155295418808149,
  "efc": 0.49344690978814115,
  "fber": 2186.168111895621,
  "fwhm_avg": 3.875086666666667,
  "fwhm_x": 3.80745,
  "fwhm_y": 4.07734,
  "fwhm_z": 3.74047,
  "icvs_csf": 0.19498202299574446,
  "icvs_gm": 0.42646957388490686,
  "icvs_wm": 0.3785484031193487,
  "inu_med": 0.9912135004997253,
  "inu_range": 0.8175025582313535,
  "provenance": {
    "md5sum": "ae2b9d32a83cb48df692538b649a5b04",
    "settings": {
      "testing": false
    },
    "software": "mriqc",
    "version": "23.1.0rc0",
    "warnings": {
      "large_rot_frame": true,
      "small_air_mask": false
    }
  },
  "qi_1": 0.0,
  "qi_2": 0.0010214180936687863,
  "rpve_csf": 30.87040935352762,
  "rpve_gm": 14.854735072824369,
  "rpve_wm": 19.512839825854776,
  "size_x": 208,
  "size_y": 256,
  "size_z": 256,
  "snr_csf": 1.1239506508879877,
  "snr_gm": 7.551237392629822,
  "snr_total": 7.877145855263919,
  "snr_wm": 14.956249522273946,
  "snrd_csf": 5.251552794373296,
  "snrd_gm": 27.16247293240454,
  "snrd_total": 24.693371394269406,
  "snrd_wm": 41.66608845603039,
  "spacing_x": 1.0,
  "spacing_y": 1.0,
  "spacing_z": 1.0,
  "summary_bg_k": 7115.846551548318,
  "summary_bg_mad": 0.0,
  "summary_bg_mean": 10.639920925302937,
  "summary_bg_median": 0.0,
  "summary_bg_n": 2935734.0,
  "summary_bg_p05": 0.0,
  "summary_bg_p95": 36.13231484591961,
  "summary_bg_stdv": 15.723491501720348,
  "summary_csf_k": 1.9951662669552501,
  "summary_csf_mad": 83.24704413028354,
  "summary_csf_mean": 157.76576611376709,
  "summary_csf_median": 126.03901375830173,
  "summary_csf_n": 17375.0,
  "summary_csf_p05": 29.770991809666157,
  "summary_csf_p95": 393.49447949454185,
  "summary_csf_stdv": 112.1360502656934,
  "summary_gm_k": 0.12082173341229208,
  "summary_gm_mad": 83.62429659613075,
  "summary_gm_mean": 650.5516543702765,
  "summary_gm_median": 651.9083847552538,
  "summary_gm_n": 22659.0,
  "summary_gm_p05": 506.19167840480804,
  "summary_gm_p95": 792.4512150362134,
  "summary_gm_stdv": 86.32942728501706,
  "summary_wm_k": 1.4566078036611927,
  "summary_wm_mad": 59.480138781909545,
  "summary_wm_mean": 1007.0491868937266,
  "summary_wm_median": 999.9999812990427,
  "summary_wm_n": 206028.0,
  "summary_wm_p05": 911.4503646343946,
  "summary_wm_p95": 1127.5657125860453,
  "summary_wm_stdv": 66.86151852122225,
  "tpm_overlap_csf": 0.15561435956299152,
  "tpm_overlap_gm": 0.44509362315278117,
  "tpm_overlap_wm": 0.4911649731436439,
  "wm2max": 0.19925465239755397
}