{
  "bids_meta": {
    "AcquisitionMatrixPE": 256,
    "AcquisitionNumber": 1,
    "AcquisitionTime": "15:09:14.000000",
    "BodyPartExamined": "HEAD",
    "CoilString": "RM:Nova32ch",
    "ConversionSoftware": "dcm2niix",
    "ConversionSoftwareVersion": "v1.0.20211006",
    "Dcm2bidsVersion": "2.1.6",
    "DeviceSerialNumber": "000000000000MR01",
    "EchoTime": 0.00292,
    "FlipAngle": 8,
    "ImageOrientationPatientDICOM": [
      0,
      1,
      0,
      0,
      0,
      -1
    ],
    "ImageType": [
      "ORIGINAL",
      "PRIMARY",
      "OTHER"
    ],
    "ImagingFrequency": 127.767,
    "InPlanePhaseEncodingDirectionDICOM": "ROW",
    "InstitutionName": "UOFMResearch",
    "InversionTime": 1.06,
    "MRAcquisitionType": "3D",
    "MagneticFieldStrength": 3,
    "Manufacturer": "GE",
    "ManufacturersModelName": "DISCOVERY MR750",
    "Modality": "MR",
    "ParallelReductionFactorInPlane": 2,
    "ParallelReductionOutOfPlane": 2,
    "PatientPosition": "HFS",
    "PercentPhaseFOV": 100,
    "PercentSampling": 100,
    "PixelBandwidth": 244.141,
    "ProtocolName": "AHRB 32ch MB 08/10/17",
    "ReconMatrixPE": 256,
    "RepetitionTime": 0.006952,
    "SAR": 0.214851,
    "ScanOptions": "EDR_GEMS\\PROMO_GEMS\\ACC_GEMS",
    "ScanningSequence": "RM",
    "SequenceVariant": "NONE",
    "SeriesDescription": "t1spgr_208sl",
    "SeriesNumber": 6,
    "SliceThickness": 1,
    "SoftwareVersions": "27\\LX\\MR Software release:DV25.1_R01_1617.b",
    "SpacingBetweenSlices": 1,
    "StationName": "MR01MR01",
    "dataset": "AHRB",
    "modality": "T1w",
    "session_id": "1",
    "subject_id": "90"
  },
  "cjv": 0.37901346624632354,
  "cnr": 3.487669173906362,
  "efc": 0.5038997200947622,
  "fber": 2472.70648199446,
  "fwhm_avg": 3.870133333333333,
  "fwhm_x": 3.85343,
  "fwhm_y": 4.06584,
  "fwhm_z": 3.69113,
  "icvs_csf": 0.18635903618348465,
  "icvs_gm": 0.457962551734902,
  "icvs_wm": 0.3556784120816133,
  "inu_med": 1.0076364278793335,
  "inu_range": 0.7220626920461655,
  "provenance": {
    "md5sum": "d00a2cea4c700c1298714c2b8c02ba37",
    "settings": {
      "testing": false
    },
    "software": "mriqc",
    "version": "23.1.0rc0",
    "warnings": {
      "large_rot_frame": true,
      "small_air_mask": false
    }
  },
  "qi_1": 0.0,
  "qi_2": 0.0009531116111768698,
  "rpve_csf": 32.082527088637576,
  "rpve_gm": 14.637446842741479,
  "rpve_wm": 21.32480531825822,
  "size_x": 208,
  "size_y": 256,
  "size_z": 256,
  "snr_csf": 1.2624846182705358,
  "snr_gm": 8.491370545170485,
  "snr_total": 8.335324868589145,
  "snr_wm": 15.252119442326414,
  "snrd_csf": 7.465187823678694,
  "snrd_gm": 32.898864637616306,
  "snrd_total": 30.413019589205277,
  "snrd_wm": 50.87500630632082,
  "spacing_x": 1.0,
  "spacing_y": 1.0,
  "spacing_z": 1.0,
  "summary_bg_k": 4.54505457428351,
  "summary_bg_mad": 0.0,
  "summary_bg_mean": 10.172494224687371,
  "summary_bg_median": 0.0,
  "summary_bg_n": 2262114.0,
  "summary_bg_p05": 0.0,
  "summary_bg_p95": 34.44644847512245,
  "summary_bg_stdv": 12.877371766981842,
  "summary_csf_k": 1.1734452671040083,
  "summary_csf_mad": 98.12649610784455,
  "summary_csf_mean": 174.9960919787917,
  "summary_csf_median": 146.73585365712643,
  "summary_csf_n": 13889.0,
  "summary_csf_p05": 39.786400094628334,
  "summary_csf_p95": 417.10286889374225,
  "summary_csf_stdv": 116.22365056183597,
  "summary_gm_k": 0.0917911208284039,
  "summary_gm_mad": 75.04446804611293,
  "summary_gm_mean": 645.160143948377,
  "summary_gm_median": 646.6606200635433,
  "summary_gm_n": 30180.0,
  "summary_gm_p05": 518.6522023677826,
  "summary_gm_p95": 768.8026120364666,
  "summary_gm_stdv": 76.15377319106166,
  "summary_wm_k": 1.5633066083874505,
  "summary_wm_mad": 58.87589766470673,
  "summary_wm_mean": 1004.8434047333817,
  "summary_wm_median": 999.9999539852142,
  "summary_wm_n": 176165.0,
  "summary_wm_p05": 907.7165647298098,
  "summary_wm_p95": 1117.4788896143436,
  "summary_wm_stdv": 65.56446922110871,
  "tpm_overlap_csf": 0.16605111425778016,
  "tpm_overlap_gm": 0.4686586196979248,
  "tpm_overlap_wm": 0.49704482077113715,
  "wm2max": 0.22221850818110409
}