{
  "bids_meta": {
    "AcquisitionMatrixPE": 256,
    "AcquisitionNumber": 1,
    "AcquisitionTime": "16:56:56.000000",
    "BodyPartExamined": "HEAD",
    "CoilString": "RM:Nova32ch",
    "ConversionSoftware": "dcm2niix",
    "ConversionSoftwareVersion": "v1.0.20211006",
    "Dcm2bidsVersion": "2.1.6",
    "DeviceSerialNumber": "000000000000MR01",
    "EchoTime": 0.00292,
    "FlipAngle": 8,
    "ImageOrientationPatientDICOM": [
      0,
      1,
      0,
      0,
      0,
      -1
    ],
    "ImageType": [
      "ORIGINAL",
      "PRIMARY",
      "OTHER"
    ],
    "ImagingFrequency": 127.767,
    "InPlanePhaseEncodingDirectionDICOM": "ROW",
    "InstitutionName": "UOFMResearch",
    "InversionTime": 1.06,
    "MRAcquisitionType": "3D",
    "MagneticFieldStrength": 3,
    "Manufacturer": "GE",
    "ManufacturersModelName": "DISCOVERY MR750",
    "Modality": "MR",
    "ParallelReductionFactorInPlane": 2,
    "ParallelReductionOutOfPlane": 2,
    "PatientPosition": "HFS",
    "PercentPhaseFOV": 100,
    "PercentSampling": 100,
    "PixelBandwidth": 244.141,
    "ProtocolName": "AHRB 32ch HB 06/06/18",
    "ReconMatrixPE": 256,
    "RepetitionTime": 0.006952,
    "SAR": 0.130057,
    "ScanOptions": "EDR_GEMS\\PROMO_GEMS\\ACC_GEMS\\IR_GEMS",
    "ScanningSequence": "RM",
    "SequenceVariant": "NONE",
    "SeriesDescription": "t1spgr_208sl",
    "SeriesNumber": 6,
    "SliceThickness": 1,
    "SoftwareVersions": "27\\LX\\MR Software release:DV26.0_R02_1810.b",
    "SpacingBetweenSlices": 1,
    "StationName": "MR01MR01",
    "dataset": "AHRB",
    "modality": "T1w",
    "session_id": "2",
    "subject_id": "51"
  },
  "cjv": 0.4069138456426369,
  "cnr": 3.311678035113144,
  "efc": 0.4815410413067937,
  "fber": 3400.538472081357,
  "fwhm_avg": 3.5144966666666666,
  "fwhm_x": 3.42635,
  "fwhm_y": 3.58595,
  "fwhm_z": 3.53119,
  "icvs_csf": 0.19239737835808288,
  "icvs_gm": 0.44252152411555024,
  "icvs_wm": 0.3650810975263669,
  "inu_med": 1.0010795593261719,
  "inu_range": 0.6536663770675658,
  "provenance": {
    "md5sum": "8b820848a57ada14a96ffd765f4e16a2",
    "settings": {
      "testing": false
    },
    "software": "mriqc",
    "version": "23.1.0rc0",
    "warnings": {
      "large_rot_frame": true,
      "small_air_mask": false
    }
  },
  "qi_1": 0.0,
  "qi_2": 0.0011100643297031702,
  "rpve_csf": 30.940048870720958,
  "rpve_gm": 14.445653375223857,
  "rpve_wm": 20.069373343270623,
  "size_x": 208,
  "size_y": 256,
  "size_z": 256,
  "snr_csf": 1.2594124855672846,
  "snr_gm": 8.154137150330653,
  "snr_total": 8.029001829617865,
  "snr_wm": 14.673455852955657,
  "snrd_csf": 5.6445265501824595,
  "snrd_gm": 24.563948486558242,
  "snrd_total": 22.67542562400885,
  "snrd_wm": 37.817801835285834,
  "spacing_x": 1.0,
  "spacing_y": 1.0,
  "spacing_z": 1.0,
  "summary_bg_k": 5.475295565782446,
  "summary_bg_mad": 17.32469808711369,
  "summary_bg_mean": 11.481036675585631,
  "summary_bg_median": 11.685331284999847,
  "summary_bg_n": 3884751.0,
  "summary_bg_p05": 0.0,
  "summary_bg_p95": 39.50754863023758,
  "summary_bg_stdv": 14.49197164624,
  "summary_csf_k": 3.9744208955129974,
  "summary_csf_mad": 99.61701400090372,
  "summary_csf_mean": 177.04187865753292,
  "summary_csf_median": 149.26619605720043,
  "summary_csf_n": 12835.0,
  "summary_csf_p05": 37.07310461252928,
  "summary_csf_p95": 408.79879500791424,
  "summary_csf_stdv": 118.51588168573147,
  "summary_gm_k": 0.09647934041244,
  "summary_gm_mad": 78.57988060940852,
  "summary_gm_mean": 648.3275086020194,
  "summary_gm_median": 649.579219467938,
  "summary_gm_n": 26723.0,
  "summary_gm_p05": 513.2016655959189,
  "summary_gm_p95": 776.09379729107,
  "summary_gm_stdv": 79.66104241853665,
  "summary_wm_k": 0.7814001426876689,
  "summary_wm_mad": 64.03950900058096,
  "summary_wm_mean": 1005.5541722477702,
  "summary_wm_median": 1000.0696024745703,
  "summary_wm_n": 181288.0,
  "summary_wm_p05": 904.4307303503156,
  "summary_wm_p95": 1124.6435806378722,
  "summary_wm_stdv": 68.15482693771189,
  "tpm_overlap_csf": 0.15557406992288167,
  "tpm_overlap_gm": 0.45172894783935014,
  "tpm_overlap_wm": 0.48743536648036023,
  "wm2max": 0.24757531634836544
}