{
    "Modality": "MR",
    "MagneticFieldStrength": 3,
    "ImagingFrequency": 127.767,
    "Manufacturer": "GE",
    "ManufacturersModelName": "DISCOVERY MR750",
    "InstitutionName": "UOFMResearch",
    "DeviceSerialNumber": "000000000000MR01",
    "StationName": "MR01MR01",
    "BodyPartExamined": "HEAD",
    "PatientPosition": "HFS",
    "SoftwareVersions": "27\\LX\\MR Software release:DV26.0_R02_1810.b",
    "MRAcquisitionType": "2D",
    "SeriesDescription": "t1overlay_60sl",
    "ProtocolName": "AHRB 32ch HB 06/06/18",
    "ScanningSequence": "SE",
    "SequenceVariant": "SK",
    "ScanOptions": "FAST_GEMS\\SEQ_GEMS\\TRF_GEMS\\FILTERED_GEMS\\ACC_GEMS\\FSA_GEMS\\T1FLA",
    "ImageType": [
        "ORIGINAL",
        "PRIMARY",
        "OTHER"
    ],
    "SeriesNumber": 3,
    "AcquisitionTime": "16:01:31.000000",
    "AcquisitionNumber": 1,
    "SliceThickness": 2.4,
    "SpacingBetweenSlices": 2.4,
    "SAR": 1.1707,
    "EchoTime": 0.025128,
    "RepetitionTime": 2.49894,
    "InversionTime": 1.02413,
    "FlipAngle": 111,
    "CoilString": "RM:Nova32ch",
    "PercentPhaseFOV": 100,
    "PercentSampling": 100,
    "EchoTrainLength": 7,
    "AcquisitionMatrixPE": 192,
    "ReconMatrixPE": 256,
    "ParallelReductionFactorInPlane": 2,
    "PixelBandwidth": 244.141,
    "PhaseEncodingAxis": "i",
    "ImageOrientationPatientDICOM": [
        1,
        0,
        0,
        0,
        1,
        0
    ],
    "InPlanePhaseEncodingDirectionDICOM": "ROW",
    "ConversionSoftware": "dcm2niix",
    "ConversionSoftwareVersion": "v1.0.20211006",
    "Dcm2bidsVersion": "2.1.6"
}