{
  "bids_meta": {
    "AcquisitionMatrixPE": 256,
    "AcquisitionNumber": 1,
    "AcquisitionTime": "15:51:53.000000",
    "BodyPartExamined": "HEAD",
    "CoilString": "RM:Nova32ch",
    "ConversionSoftware": "dcm2niix",
    "ConversionSoftwareVersion": "v1.0.20211006",
    "Dcm2bidsVersion": "2.1.6",
    "DeviceSerialNumber": "000000000000MR01",
    "EchoTime": 0.00292,
    "FlipAngle": 8,
    "ImageOrientationPatientDICOM": [
      0,
      1,
      0,
      0,
      0,
      -1
    ],
    "ImageType": [
      "ORIGINAL",
      "PRIMARY",
      "OTHER"
    ],
    "ImagingFrequency": 127.767,
    "InPlanePhaseEncodingDirectionDICOM": "ROW",
    "InstitutionName": "UOFMResearch",
    "InversionTime": 1.06,
    "MRAcquisitionType": "3D",
    "MagneticFieldStrength": 3,
    "Manufacturer": "GE",
    "ManufacturersModelName": "DISCOVERY MR750",
    "Modality": "MR",
    "ParallelReductionFactorInPlane": 2,
    "ParallelReductionOutOfPlane": 2,
    "PatientPosition": "HFS",
    "PercentPhaseFOV": 100,
    "PercentSampling": 100,
    "PixelBandwidth": 244.141,
    "ProtocolName": "AHRB 32ch HB 06/06/18",
    "ReconMatrixPE": 256,
    "RepetitionTime": 0.006952,
    "SAR": 0.102464,
    "ScanOptions": "EDR_GEMS\\PROMO_GEMS\\ACC_GEMS\\IR_GEMS",
    "ScanningSequence": "RM",
    "SequenceVariant": "NONE",
    "SeriesDescription": "t1spgr_208sl",
    "SeriesNumber": 6,
    "SliceThickness": 1,
    "SoftwareVersions": "27\\LX\\MR Software release:DV26.0_R02_1810.b",
    "SpacingBetweenSlices": 1,
    "StationName": "MR01MR01",
    "dataset": "AHRB",
    "modality": "T1w",
    "session_id": "2",
    "subject_id": "64"
  },
  "cjv": 0.41992388098377026,
  "cnr": 3.032347312665345,
  "efc": 0.5031772701640863,
  "fber": 3312.85165278151,
  "fwhm_avg": 3.5612866666666663,
  "fwhm_x": 3.50182,
  "fwhm_y": 3.69212,
  "fwhm_z": 3.48992,
  "icvs_csf": 0.1866766143318846,
  "icvs_gm": 0.4299247726435578,
  "icvs_wm": 0.38339861302455763,
  "inu_med": 1.0566295385360718,
  "inu_range": 0.6978214532136917,
  "provenance": {
    "md5sum": "826c3ddffc691f2eabf53217d472f119",
    "settings": {
      "testing": false
    },
    "software": "mriqc",
    "version": "23.1.0rc0",
    "warnings": {
      "large_rot_frame": true,
      "small_air_mask": false
    }
  },
  "qi_1": 0.0,
  "qi_2": 0.0011768329930241434,
  "rpve_csf": 31.433788545540164,
  "rpve_gm": 14.469715666504715,
  "rpve_wm": 18.673265674539966,
  "size_x": 208,
  "size_y": 256,
  "size_z": 256,
  "snr_csf": 1.1690227478544035,
  "snr_gm": 8.240811215219635,
  "snr_total": 7.72502370991253,
  "snr_wm": 13.765237166663548,
  "snrd_csf": 4.775528430626303,
  "snrd_gm": 23.41978769935909,
  "snrd_total": 21.08969894818394,
  "snrd_wm": 35.073780714566425,
  "spacing_x": 1.0,
  "spacing_y": 1.0,
  "spacing_z": 1.0,
  "summary_bg_k": 5.424575719498414,
  "summary_bg_mad": 18.68022560197491,
  "summary_bg_mean": 10.481725358803788,
  "summary_bg_median": 12.599620699882507,
  "summary_bg_n": 2916933.0,
  "summary_bg_p05": 0.0,
  "summary_bg_p95": 31.87855839729309,
  "summary_bg_stdv": 12.812532392757486,
  "summary_csf_k": 2.5294589516346617,
  "summary_csf_mad": 86.87430219713633,
  "summary_csf_mean": 170.28794614645986,
  "summary_csf_median": 136.16698515415192,
  "summary_csf_n": 23171.0,
  "summary_csf_p05": 40.721063286066055,
  "summary_csf_p95": 415.4079764485359,
  "summary_csf_stdv": 116.47681541370996,
  "summary_gm_k": 0.19722530423700046,
  "summary_gm_mad": 77.75925235520882,
  "summary_gm_mean": 666.6898889704021,
  "summary_gm_median": 667.7798970937729,
  "summary_gm_n": 23483.0,
  "summary_gm_p05": 530.2542781412601,
  "summary_gm_p95": 798.9298043668268,
  "summary_gm_stdv": 81.03154666868052,
  "summary_wm_k": 2.17675824922056,
  "summary_wm_mad": 61.779782261953166,
  "summary_wm_mean": 1009.7573490331544,
  "summary_wm_median": 1000.0759177207947,
  "summary_wm_n": 199951.0,
  "summary_wm_p05": 910.8918555378914,
  "summary_wm_p95": 1143.4535291790962,
  "summary_wm_stdv": 72.65210216189666,
  "tpm_overlap_csf": 0.16377843772966008,
  "tpm_overlap_gm": 0.4387954884195261,
  "tpm_overlap_wm": 0.47347923502349226,
  "wm2max": 0.21735308889694271
}