{
  "bids_meta": {
    "AcquisitionMatrixPE": 256,
    "AcquisitionNumber": 1,
    "AcquisitionTime": "17:03:24.000000",
    "BodyPartExamined": "HEAD",
    "CoilString": "RM:Nova32ch",
    "ConversionSoftware": "dcm2niix",
    "ConversionSoftwareVersion": "v1.0.20211006",
    "Dcm2bidsVersion": "2.1.6",
    "DeviceSerialNumber": "000000000000MR01",
    "EchoTime": 0.00292,
    "FlipAngle": 8,
    "ImageOrientationPatientDICOM": [
      0,
      1,
      0,
      0,
      0,
      -1
    ],
    "ImageType": [
      "ORIGINAL",
      "PRIMARY",
      "OTHER"
    ],
    "ImagingFrequency": 127.767,
    "InPlanePhaseEncodingDirectionDICOM": "ROW",
    "InstitutionName": "UOFMResearch",
    "InversionTime": 1.06,
    "MRAcquisitionType": "3D",
    "MagneticFieldStrength": 3,
    "Manufacturer": "GE",
    "ManufacturersModelName": "DISCOVERY MR750",
    "Modality": "MR",
    "ParallelReductionFactorInPlane": 2,
    "ParallelReductionOutOfPlane": 2,
    "PatientPosition": "HFS",
    "PercentPhaseFOV": 100,
    "PercentSampling": 100,
    "PixelBandwidth": 244.141,
    "ProtocolName": "AHRB 32ch MB 08/10/17",
    "ReconMatrixPE": 256,
    "RepetitionTime": 0.006952,
    "SAR": 0.216752,
    "ScanOptions": "EDR_GEMS\\PROMO_GEMS\\ACC_GEMS",
    "ScanningSequence": "RM",
    "SequenceVariant": "NONE",
    "SeriesDescription": "t1spgr_208sl",
    "SeriesNumber": 6,
    "SliceThickness": 1,
    "SoftwareVersions": "27\\LX\\MR Software release:DV25.1_R01_1617.b",
    "SpacingBetweenSlices": 1,
    "StationName": "MR01MR01",
    "dataset": "AHRB",
    "modality": "T1w",
    "session_id": "1",
    "subject_id": "84"
  },
  "cjv": 0.3878304151764787,
  "cnr": 3.250792696653775,
  "efc": 0.5281524308315824,
  "fber": 2693.1382024793384,
  "fwhm_avg": 3.72594,
  "fwhm_x": 3.69819,
  "fwhm_y": 3.81954,
  "fwhm_z": 3.66009,
  "icvs_csf": 0.20633940075951634,
  "icvs_gm": 0.42446071509564615,
  "icvs_wm": 0.36919988414483745,
  "inu_med": 0.9780599176883698,
  "inu_range": 0.6700837701559065,
  "provenance": {
    "md5sum": "2c6360cea5c3879a094d92fc51c08329",
    "settings": {
      "testing": false
    },
    "software": "mriqc",
    "version": "23.1.0rc0",
    "warnings": {
      "large_rot_frame": true,
      "small_air_mask": false
    }
  },
  "qi_1": 0.0,
  "qi_2": 0.0008751795514710103,
  "rpve_csf": 29.566001549152876,
  "rpve_gm": 14.990928880015492,
  "rpve_wm": 19.807283284143683,
  "size_x": 208,
  "size_y": 256,
  "size_z": 256,
  "snr_csf": 1.2289948705577967,
  "snr_gm": 7.625932586373616,
  "snr_total": 7.233562814142483,
  "snr_wm": 12.845760985496035,
  "snrd_csf": 5.286905295088097,
  "snrd_gm": 24.857867774679793,
  "snrd_total": 23.241988708228536,
  "snrd_wm": 39.58119305491772,
  "spacing_x": 1.0,
  "spacing_y": 1.0,
  "spacing_z": 1.0,
  "summary_bg_k": 3.630066700870657,
  "summary_bg_mad": 16.55280365580361,
  "summary_bg_mean": 13.424503640395308,
  "summary_bg_median": 11.164696402847767,
  "summary_bg_n": 2233979.0,
  "summary_bg_p05": 0.0,
  "summary_bg_p95": 44.592722319066525,
  "summary_bg_stdv": 15.862662510809043,
  "summary_csf_k": 2.084411849553536,
  "summary_csf_mad": 85.01676670554755,
  "summary_csf_mean": 160.3737986951507,
  "summary_csf_median": 133.57997708022594,
  "summary_csf_n": 26603.0,
  "summary_csf_p05": 37.65607662498951,
  "summary_csf_p95": 387.5933360680938,
  "summary_csf_stdv": 108.68838401036918,
  "summary_gm_k": 0.13121916165396863,
  "summary_gm_mad": 80.21743310120212,
  "summary_gm_mean": 629.4398000925828,
  "summary_gm_median": 628.0637201294303,
  "summary_gm_n": 24824.0,
  "summary_gm_p05": 495.41853863559663,
  "summary_gm_p95": 766.6645074263215,
  "summary_gm_stdv": 82.357280575954,
  "summary_wm_k": 3.264391697069656,
  "summary_wm_mad": 64.05641178044712,
  "summary_wm_mean": 1007.7958248852539,
  "summary_wm_median": 1000.0661192089319,
  "summary_wm_n": 197877.0,
  "summary_wm_p05": 899.5177882909775,
  "summary_wm_p95": 1142.7628306299448,
  "summary_wm_stdv": 77.85164252593579,
  "tpm_overlap_csf": 0.15150059831036322,
  "tpm_overlap_gm": 0.44688008674231394,
  "tpm_overlap_wm": 0.4890041002678792,
  "wm2max": 0.26811427356936646
}