{
  "bids_meta": {
    "AcquisitionMatrixPE": 256,
    "AcquisitionNumber": 1,
    "AcquisitionTime": "15:14:0.000000",
    "BodyPartExamined": "HEAD",
    "CoilString": "RM:Nova32ch",
    "ConversionSoftware": "dcm2niix",
    "ConversionSoftwareVersion": "v1.0.20211006",
    "Dcm2bidsVersion": "2.1.6",
    "DeviceSerialNumber": "000000000000MR01",
    "EchoTime": 0.00292,
    "FlipAngle": 8,
    "ImageOrientationPatientDICOM": [
      0,
      1,
      0,
      0,
      0,
      -1
    ],
    "ImageType": [
      "ORIGINAL",
      "PRIMARY",
      "OTHER"
    ],
    "ImagingFrequency": 127.767,
    "InPlanePhaseEncodingDirectionDICOM": "ROW",
    "InstitutionName": "UOFMResearch",
    "InversionTime": 1.06,
    "MRAcquisitionType": "3D",
    "MagneticFieldStrength": 3,
    "Manufacturer": "GE",
    "ManufacturersModelName": "DISCOVERY MR750",
    "Modality": "MR",
    "ParallelReductionFactorInPlane": 2,
    "ParallelReductionOutOfPlane": 2,
    "PatientPosition": "HFS",
    "PercentPhaseFOV": 100,
    "PercentSampling": 100,
    "PixelBandwidth": 244.141,
    "ProtocolName": "AHRB 32ch MB 08/10/17",
    "ReconMatrixPE": 256,
    "RepetitionTime": 0.006952,
    "SAR": 0.227998,
    "ScanOptions": "EDR_GEMS\\PROMO_GEMS\\ACC_GEMS",
    "ScanningSequence": "RM",
    "SequenceVariant": "NONE",
    "SeriesDescription": "t1spgr_208sl",
    "SeriesNumber": 6,
    "SliceThickness": 1,
    "SoftwareVersions": "27\\LX\\MR Software release:DV25.1_R01_1617.b",
    "SpacingBetweenSlices": 1,
    "StationName": "MR01MR01",
    "dataset": "AHRB",
    "modality": "T1w",
    "session_id": "1",
    "subject_id": "53"
  },
  "cjv": 0.3935974410093571,
  "cnr": 3.325589859073264,
  "efc": 0.49153670110399533,
  "fber": 2063.050387993694,
  "fwhm_avg": 3.582988818103867,
  "fwhm_x": 3.5822064543116015,
  "fwhm_y": 3.70787,
  "fwhm_z": 3.45889,
  "icvs_csf": 0.19667697205912318,
  "icvs_gm": 0.44291054872221836,
  "icvs_wm": 0.36041247921865843,
  "inu_med": 1.0212795734405518,
  "inu_range": 0.6677267134189606,
  "provenance": {
    "md5sum": "09c8a329ce8551bbea3169db6e357041",
    "settings": {
      "testing": false
    },
    "software": "mriqc",
    "version": "23.1.0rc0",
    "warnings": {
      "large_rot_frame": true,
      "small_air_mask": false
    }
  },
  "qi_1": 0.0,
  "qi_2": 0.0009049384011596019,
  "rpve_csf": 30.32205897494438,
  "rpve_gm": 14.389691759628302,
  "rpve_wm": 20.094734359284743,
  "size_x": 208,
  "size_y": 256,
  "size_z": 256,
  "snr_csf": 1.2029675349790436,
  "snr_gm": 8.048770441212099,
  "snr_total": 7.9283706595187455,
  "snr_wm": 14.533374002365095,
  "snrd_csf": 5.013964800288134,
  "snrd_gm": 22.10946475358843,
  "snrd_total": 20.46794257071264,
  "snrd_wm": 34.280398158261356,
  "spacing_x": 0.9995040893554688,
  "spacing_y": 1.0,
  "spacing_z": 1.0,
  "summary_bg_k": 4.340022376215797,
  "summary_bg_mad": 19.11110860377968,
  "summary_bg_mean": 12.361553563807783,
  "summary_bg_median": 12.890246868133545,
  "summary_bg_n": 3238835.0,
  "summary_bg_p05": 0.0,
  "summary_bg_p95": 41.42761421203613,
  "summary_bg_stdv": 15.574834233705294,
  "summary_csf_k": 0.8105536019912867,
  "summary_csf_mad": 100.96851597603832,
  "summary_csf_mean": 179.40777144226624,
  "summary_csf_median": 146.26332139968872,
  "summary_csf_n": 18777.0,
  "summary_csf_p05": 39.788392066955566,
  "summary_csf_p95": 423.51539421081543,
  "summary_csf_stdv": 121.58218933445951,
  "summary_gm_k": 0.05569120634164637,
  "summary_gm_mad": 79.09568647575868,
  "summary_gm_mean": 643.582257651346,
  "summary_gm_median": 644.9594039916992,
  "summary_gm_n": 23009.0,
  "summary_gm_p05": 509.1274962425232,
  "summary_gm_p95": 773.6383423805237,
  "summary_gm_stdv": 80.12967858603221,
  "summary_wm_k": 1.522399911393328,
  "summary_wm_mad": 60.64739088713899,
  "summary_wm_mean": 1005.2541220094258,
  "summary_wm_median": 1000.0000185966492,
  "summary_wm_n": 184066.0,
  "summary_wm_p05": 903.881992816925,
  "summary_wm_p95": 1125.6240429878235,
  "summary_wm_stdv": 68.80696127500997,
  "tpm_overlap_csf": 0.15536082439087803,
  "tpm_overlap_gm": 0.45186409538731714,
  "tpm_overlap_wm": 0.4815557338287513,
  "wm2max": 0.2221652044363516
}