{
  "bids_meta": {
    "AcquisitionMatrixPE": 256,
    "AcquisitionNumber": 1,
    "AcquisitionTime": "15:11:8.000000",
    "BodyPartExamined": "HEAD",
    "CoilString": "RM:Nova32ch",
    "ConversionSoftware": "dcm2niix",
    "ConversionSoftwareVersion": "v1.0.20211006",
    "Dcm2bidsVersion": "2.1.6",
    "DeviceSerialNumber": "000000000000MR01",
    "EchoTime": 0.00292,
    "FlipAngle": 8,
    "ImageOrientationPatientDICOM": [
      0,
      1,
      0,
      0,
      0,
      -1
    ],
    "ImageType": [
      "ORIGINAL",
      "PRIMARY",
      "OTHER"
    ],
    "ImagingFrequency": 127.767,
    "InPlanePhaseEncodingDirectionDICOM": "ROW",
    "InstitutionName": "UOFMResearch",
    "InversionTime": 1.06,
    "MRAcquisitionType": "3D",
    "MagneticFieldStrength": 3,
    "Manufacturer": "GE",
    "ManufacturersModelName": "DISCOVERY MR750",
    "Modality": "MR",
    "ParallelReductionFactorInPlane": 2,
    "ParallelReductionOutOfPlane": 2,
    "PatientPosition": "HFS",
    "PercentPhaseFOV": 100,
    "PercentSampling": 100,
    "PixelBandwidth": 244.141,
    "ProtocolName": "AHRB 32ch MB 08/10/17",
    "ReconMatrixPE": 256,
    "RepetitionTime": 0.006952,
    "SAR": 0.200354,
    "ScanOptions": "EDR_GEMS\\PROMO_GEMS\\ACC_GEMS",
    "ScanningSequence": "RM",
    "SequenceVariant": "NONE",
    "SeriesDescription": "t1spgr_208sl",
    "SeriesNumber": 6,
    "SliceThickness": 1,
    "SoftwareVersions": "27\\LX\\MR Software release:DV25.1_R01_1617.b",
    "SpacingBetweenSlices": 1,
    "StationName": "MR01MR01",
    "dataset": "AHRB",
    "modality": "T1w",
    "session_id": "1",
    "subject_id": "42"
  },
  "cjv": 0.39348150133722815,
  "cnr": 3.4048058747270806,
  "efc": 0.5069123855600849,
  "fber": 2985.8121557345053,
  "fwhm_avg": 3.762116666666667,
  "fwhm_x": 3.5848,
  "fwhm_y": 4.12503,
  "fwhm_z": 3.57652,
  "icvs_csf": 0.20710731196141194,
  "icvs_gm": 0.42631673650492463,
  "icvs_wm": 0.3665759515336634,
  "inu_med": 0.9918622672557831,
  "inu_range": 0.49571382999420144,
  "provenance": {
    "md5sum": "d41160e28980ba9b914223d96f1cb84b",
    "settings": {
      "testing": false
    },
    "software": "mriqc",
    "version": "23.1.0rc0",
    "warnings": {
      "large_rot_frame": true,
      "small_air_mask": false
    }
  },
  "qi_1": 0.0,
  "qi_2": 0.0012075173139402574,
  "rpve_csf": 32.76810823356478,
  "rpve_gm": 16.317158566566956,
  "rpve_wm": 21.885241400252294,
  "size_x": 208,
  "size_y": 256,
  "size_z": 256,
  "snr_csf": 1.2306013081929643,
  "snr_gm": 8.208966454119683,
  "snr_total": 7.473400713755734,
  "snr_wm": 12.980634378954559,
  "snrd_csf": 5.901065759382384,
  "snrd_gm": 28.40920207824801,
  "snrd_total": 26.54800322066018,
  "snrd_wm": 45.333741824350156,
  "spacing_x": 1.0,
  "spacing_y": 1.0,
  "spacing_z": 1.0,
  "summary_bg_k": 4.397552098246581,
  "summary_bg_mad": 14.45209237517208,
  "summary_bg_mean": 13.856687152778347,
  "summary_bg_median": 9.747788175940514,
  "summary_bg_n": 2613389.0,
  "summary_bg_p05": 0.0,
  "summary_bg_p95": 46.089056715369225,
  "summary_bg_stdv": 16.14440758060567,
  "summary_csf_k": 1.9294137213311888,
  "summary_csf_mad": 83.97647851010184,
  "summary_csf_mean": 156.56535044110504,
  "summary_csf_median": 130.1755595728755,
  "summary_csf_n": 25055.0,
  "summary_csf_p05": 35.44220069795847,
  "summary_csf_p95": 376.09427389502525,
  "summary_csf_stdv": 105.77996373338985,
  "summary_gm_k": 0.09424764134221686,
  "summary_gm_mad": 75.48762813439397,
  "summary_gm_mean": 625.9214546400224,
  "summary_gm_median": 626.6976048648357,
  "summary_gm_n": 18639.0,
  "summary_gm_p05": 498.1309035345912,
  "summary_gm_p95": 749.6900855779646,
  "summary_gm_stdv": 76.34101036737317,
  "summary_wm_k": 0.8805218427571595,
  "summary_wm_mad": 71.4185924171125,
  "summary_wm_mean": 1007.460922607619,
  "summary_wm_median": 1000.0473558753729,
  "summary_wm_n": 164172.0,
  "summary_wm_p05": 895.7081669047475,
  "summary_wm_p95": 1145.2231525927782,
  "summary_wm_stdv": 77.04125090847172,
  "tpm_overlap_csf": 0.15071363967653356,
  "tpm_overlap_gm": 0.45098209252578053,
  "tpm_overlap_wm": 0.4794721140825694,
  "wm2max": 0.35576575224032897
}