{
  "bids_meta": {
    "AcquisitionMatrixPE": 256,
    "AcquisitionNumber": 1,
    "AcquisitionTime": "14:31:19.000000",
    "BodyPartExamined": "HEAD",
    "CoilString": "RM:Nova32ch",
    "ConversionSoftware": "dcm2niix",
    "ConversionSoftwareVersion": "v1.0.20211006",
    "Dcm2bidsVersion": "2.1.6",
    "DeviceSerialNumber": "000000000000MR01",
    "EchoTime": 0.00292,
    "FlipAngle": 8,
    "ImageOrientationPatientDICOM": [
      0,
      1,
      0,
      0,
      0,
      -1
    ],
    "ImageType": [
      "ORIGINAL",
      "PRIMARY",
      "OTHER"
    ],
    "ImagingFrequency": 127.767,
    "InPlanePhaseEncodingDirectionDICOM": "ROW",
    "InstitutionName": "UOFMResearch",
    "InversionTime": 1.06,
    "MRAcquisitionType": "3D",
    "MagneticFieldStrength": 3,
    "Manufacturer": "GE",
    "ManufacturersModelName": "DISCOVERY MR750",
    "Modality": "MR",
    "ParallelReductionFactorInPlane": 2,
    "ParallelReductionOutOfPlane": 2,
    "PatientPosition": "HFS",
    "PercentPhaseFOV": 100,
    "PercentSampling": 100,
    "PixelBandwidth": 244.141,
    "ProtocolName": "AHRB 32ch HB 06/06/18",
    "ReconMatrixPE": 256,
    "RepetitionTime": 0.006952,
    "SAR": 0.120572,
    "ScanOptions": "EDR_GEMS\\PROMO_GEMS\\ACC_GEMS\\IR_GEMS",
    "ScanningSequence": "RM",
    "SequenceVariant": "NONE",
    "SeriesDescription": "t1spgr_208sl",
    "SeriesNumber": 6,
    "SliceThickness": 1,
    "SoftwareVersions": "27\\LX\\MR Software release:DV26.0_R02_1810.b",
    "SpacingBetweenSlices": 1,
    "StationName": "MR01MR01",
    "dataset": "AHRB",
    "modality": "T1w",
    "session_id": "2",
    "subject_id": "80"
  },
  "cjv": 0.3655832727630945,
  "cnr": 3.5711651179087784,
  "efc": 0.4943345968331179,
  "fber": 4324.113362940723,
  "fwhm_avg": 3.2894,
  "fwhm_x": 3.24708,
  "fwhm_y": 3.38322,
  "fwhm_z": 3.2379,
  "icvs_csf": 0.21082958991320688,
  "icvs_gm": 0.43647893316773967,
  "icvs_wm": 0.35269147691905345,
  "inu_med": 0.9788709878921509,
  "inu_range": 0.5798062205314631,
  "provenance": {
    "md5sum": "a195f172b20a848d9ce50fb2f8358f98",
    "settings": {
      "testing": false
    },
    "software": "mriqc",
    "version": "23.1.0rc0",
    "warnings": {
      "large_rot_frame": true,
      "small_air_mask": false
    }
  },
  "qi_1": 0.0,
  "qi_2": 0.001675826649316319,
  "rpve_csf": 30.25542701766292,
  "rpve_gm": 15.3772762995653,
  "rpve_wm": 21.856846218828796,
  "size_x": 208,
  "size_y": 256,
  "size_z": 256,
  "snr_csf": 1.1631420363458482,
  "snr_gm": 8.07164538231118,
  "snr_total": 8.479565095881393,
  "snr_wm": 16.203907868987148,
  "snrd_csf": 5.57906555929642,
  "snrd_gm": 29.362756730121692,
  "snrd_total": 26.965877371525192,
  "snrd_wm": 45.95580982515746,
  "spacing_x": 1.0,
  "spacing_y": 1.0,
  "spacing_z": 1.0,
  "summary_bg_k": 1.3401585945034213,
  "summary_bg_mad": 14.256523769115832,
  "summary_bg_mean": 11.224101875930746,
  "summary_bg_median": 9.615879155695438,
  "summary_bg_n": 3544611.0,
  "summary_bg_p05": 0.0,
  "summary_bg_p95": 34.40119334310293,
  "summary_bg_stdv": 12.170103535650904,
  "summary_csf_k": 4.577318354742921,
  "summary_csf_mad": 71.51133313064518,
  "summary_csf_mean": 149.13150140997183,
  "summary_csf_median": 121.40690206736326,
  "summary_csf_n": 26348.0,
  "summary_csf_p05": 36.35522226244211,
  "summary_csf_p95": 369.70484262965607,
  "summary_csf_stdv": 104.37641692992,
  "summary_gm_k": 0.17450376023847758,
  "summary_gm_mad": 76.80988073467486,
  "summary_gm_mean": 637.7870763340688,
  "summary_gm_median": 638.9674566239119,
  "summary_gm_n": 27290.0,
  "summary_gm_p05": 505.70525541566315,
  "summary_gm_p95": 766.5218365151435,
  "summary_gm_stdv": 79.16053286086812,
  "summary_wm_k": 1.7389484032257005,
  "summary_wm_mad": 55.19638079593509,
  "summary_wm_mean": 1001.5398685288602,
  "summary_wm_median": 1000.0514321923256,
  "summary_wm_n": 176153.0,
  "summary_wm_p05": 904.7153896540403,
  "summary_wm_p95": 1102.483685016632,
  "summary_wm_stdv": 61.71650701092497,
  "tpm_overlap_csf": 0.16601108363722522,
  "tpm_overlap_gm": 0.4576886489833439,
  "tpm_overlap_wm": 0.4860118837473633,
  "wm2max": 0.3249782768531515
}