{
  "aor": 0.00034518427518427517,
  "aqi": 0.004337673513513513,
  "bids_meta": {
    "AcquisitionMatrixPE": 90,
    "BodyPartExamined": "BRAIN",
    "DeviceSerialNumber": "000000000000MR01",
    "EchoTime": 0.03,
    "EffectiveEchoSpacing": 0.000536,
    "FlipAngle": 52,
    "ImageType": [
      "ORIGINAL",
      "PRIMARY",
      "OTHER"
    ],
    "ImagingFrequency": "1277674000",
    "InPlanePhaseEncodingDirectionDICOM": "COL",
    "InstitutionName": "UOFMResearch",
    "MagneticFieldStrength": 3,
    "Manufacturer": "GE",
    "ManufacturersModelName": "DISCOVERY_MR750",
    "Modality": "MR",
    "MultibandAccelerationFactor": 6,
    "PatientPosition": "HFS",
    "PhaseEncodingDirection": "j",
    "PulseSequenceType": "Multiband gradient echo EPI",
    "ReconMatrixPE": 90,
    "RepetitionTime": 0.8,
    "SeriesDescription": "func_mid",
    "SeriesNumber": 8,
    "SliceThickness": 2.4,
    "SliceTiming": [
      0.0,
      0.4,
      0.08,
      0.48,
      0.16,
      0.56,
      0.24,
      0.64,
      0.32,
      0.72,
      0.0,
      0.4,
      0.08,
      0.48,
      0.16,
      0.56,
      0.24,
      0.64,
      0.32,
      0.72,
      0.0,
      0.4,
      0.08,
      0.48,
      0.16,
      0.56,
      0.24,
      0.64,
      0.32,
      0.72,
      0.0,
      0.4,
      0.08,
      0.48,
      0.16,
      0.56,
      0.24,
      0.64,
      0.32,
      0.72,
      0.0,
      0.4,
      0.08,
      0.48,
      0.16,
      0.56,
      0.24,
      0.64,
      0.32,
      0.72,
      0.0,
      0.4,
      0.08,
      0.48,
      0.16,
      0.56,
      0.24,
      0.64,
      0.32,
      0.72
    ],
    "SpacingBetweenSlices": 2.4,
    "StationName": "MR01MR01",
    "TaskName": "func_mid",
    "TotalReadoutTime": 0.048,
    "dataset": "AHRB",
    "modality": "bold",
    "run_id": 1,
    "session_id": "1",
    "subject_id": "99",
    "task_id": "mid"
  },
  "dummy_trs": 0,
  "dvars_nstd": 32.750158262955686,
  "dvars_std": 1.0153093045812809,
  "dvars_vstd": 0.9794598777093594,
  "efc": 0.4912010168348275,
  "fber": 1322.2523193359375,
  "fd_mean": 0.10031567642746934,
  "fd_num": 5,
  "fd_perc": 1.2285012285012284,
  "fwhm_avg": 2.924119328250382,
  "fwhm_x": 2.7832207227380783,
  "fwhm_y": 3.078179044350821,
  "fwhm_z": 2.9109582176622464,
  "gcor": 0.0182493,
  "gsr_x": -0.011201449669897556,
  "gsr_y": 0.087349534034729,
  "provenance": {
    "md5sum": "5b2e6d6988f500550648ab77d621d1ca",
    "settings": {
      "fd_thres": 0.2,
      "testing": false
    },
    "software": "mriqc",
    "version": "23.1.0rc0"
  },
  "size_t": 407,
  "size_x": 90,
  "size_y": 90,
  "size_z": 60,
  "snr": 2.289015822238111,
  "spacing_tr": 0.800000011920929,
  "spacing_x": 2.4000000953674316,
  "spacing_y": 2.4000000953674316,
  "spacing_z": 2.4000000953674316,
  "summary_bg_k": 35.207909171556025,
  "summary_bg_mad": 131.12833424305512,
  "summary_bg_mean": 378.47088623046875,
  "summary_bg_median": 148.57247924804688,
  "summary_bg_n": 323293.0,
  "summary_bg_p05": 52.25552749633789,
  "summary_bg_p95": 1489.519335937496,
  "summary_bg_stdv": 655.0130004882812,
  "summary_fg_k": 2.103913325852692,
  "summary_fg_mad": 2091.0627481217925,
  "summary_fg_mean": 6068.0146484375,
  "summary_fg_median": 5552.953125,
  "summary_fg_n": 89613.0,
  "summary_fg_p05": 3124.90703125,
  "summary_fg_p95": 10747.631249999988,
  "summary_fg_stdv": 2425.8994140625,
  "tsnr": 36.04391693463549
}