{
  "aor": 0.0008894348894348895,
  "aqi": 0.006298048697788698,
  "bids_meta": {
    "AcquisitionMatrixPE": 90,
    "AcquisitionNumber": 1,
    "AcquisitionTime": "10:50:50.000000",
    "BodyPartExamined": "BRAIN",
    "CoilString": "RM:Nova32ch",
    "ConversionSoftware": "dcm2niix",
    "ConversionSoftwareVersion": "v1.0.20211006",
    "Dcm2bidsVersion": "2.1.6",
    "DeviceSerialNumber": "000000000000MR01",
    "EchoTime": 0.03,
    "EffectiveEchoSpacing": 0.000568494,
    "FlipAngle": 52,
    "ImageOrientationPatientDICOM": [
      1,
      0,
      0,
      0,
      1,
      0
    ],
    "ImageType": [
      "ORIGINAL",
      "PRIMARY",
      "OTHER"
    ],
    "ImagingFrequency": 127.767,
    "InPlanePhaseEncodingDirectionDICOM": "COL",
    "InstitutionName": "UOFMResearch",
    "InternalPulseSequenceName": "EPI",
    "MRAcquisitionType": "2D",
    "MagneticFieldStrength": 3,
    "Manufacturer": "GE",
    "ManufacturersModelName": "DISCOVERY MR750",
    "Modality": "MR",
    "MultibandAccelerationFactor": 6,
    "PatientPosition": "HFS",
    "PercentPhaseFOV": 100,
    "PercentSampling": 100,
    "PhaseEncodingDirection": "j",
    "PhaseEncodingPolarityGE": "Flipped",
    "PixelBandwidth": 5555.56,
    "ProtocolName": "AHRB 32ch HB 06/06/18",
    "PulseSequenceName": "epi",
    "PulseSequenceType": "Multiband gradient echo EPI",
    "ReconMatrixPE": 90,
    "RepetitionTime": 0.8,
    "SAR": 0.104387,
    "ScanOptions": "SAT_GEMS\\EDR_GEMS\\MP_GEMS\\EPI_GEMS\\HYPERBAND_GEMS\\PFF\\FS",
    "ScanningSequence": "EP\\RM",
    "SequenceVariant": "NONE",
    "SeriesDescription": "func_mid",
    "SeriesNumber": 9,
    "SliceThickness": 2.4,
    "SliceTiming": [
      0,
      0.436364,
      0.0727273,
      0.509091,
      0.145455,
      0.581818,
      0.218182,
      0.654545,
      0.290909,
      0.727273,
      0.363636,
      0,
      0.436364,
      0.0727273,
      0.509091,
      0.145455,
      0.581818,
      0.218182,
      0.654545,
      0.290909,
      0.727273,
      0.363636,
      0,
      0.436364,
      0.0727273,
      0.509091,
      0.145455,
      0.581818,
      0.218182,
      0.654545,
      0.290909,
      0.727273,
      0.363636,
      0,
      0.436364,
      0.0727273,
      0.509091,
      0.145455,
      0.581818,
      0.218182,
      0.654545,
      0.290909,
      0.727273,
      0.363636,
      0,
      0.436364,
      0.0727273,
      0.509091,
      0.145455,
      0.581818,
      0.218182,
      0.654545,
      0.290909,
      0.727273,
      0.363636,
      0,
      0.436364,
      0.0727273,
      0.509091,
      0.145455
    ],
    "SoftwareVersions": "27\\LX\\MR Software release:DV26.0_R02_1810.b",
    "SpacingBetweenSlices": 2.4,
    "StationName": "MR01MR01",
    "TaskName": "func_mid",
    "TotalReadoutTime": 0.04824,
    "TriggerDelayTime": 787,
    "dataset": "AHRB",
    "modality": "bold",
    "run_id": 2,
    "session_id": "2",
    "subject_id": "18",
    "task_id": "mid"
  },
  "dummy_trs": 0,
  "dvars_nstd": 28.05982745697046,
  "dvars_std": 1.0366573051477832,
  "dvars_vstd": 0.9886467532758624,
  "efc": 0.4240248706184809,
  "fber": 27490.048828125,
  "fd_mean": 0.10996346288390996,
  "fd_num": 13,
  "fd_perc": 3.194103194103194,
  "fwhm_avg": 2.4076590419593997,
  "fwhm_x": 2.4953290675111983,
  "fwhm_y": 2.2987499086558856,
  "fwhm_z": 2.4288981497111157,
  "gcor": 0.024509,
  "gsr_x": -0.0041821980848908424,
  "gsr_y": 0.01859702542424202,
  "provenance": {
    "md5sum": "73e23000a84eb0aab3ba19daa6e7fb20",
    "settings": {
      "fd_thres": 0.2,
      "testing": false
    },
    "software": "mriqc",
    "version": "23.1.0rc0"
  },
  "size_t": 407,
  "size_x": 90,
  "size_y": 90,
  "size_z": 60,
  "snr": 3.4066553747557387,
  "spacing_tr": 0.800000011920929,
  "spacing_x": 2.4000000953674316,
  "spacing_y": 2.4000000953674316,
  "spacing_z": 2.3999977111816406,
  "summary_bg_k": 66.34429647211766,
  "summary_bg_mad": 8.713474986535326,
  "summary_bg_mean": 29.543556213378906,
  "summary_bg_median": 5.918918609619141,
  "summary_bg_n": 343946.0,
  "summary_bg_p05": 0.0,
  "summary_bg_p95": 133.4637565612793,
  "summary_bg_stdv": 80.32140350341797,
  "summary_fg_k": 1.2476037520871799,
  "summary_fg_mad": 259.19676536613605,
  "summary_fg_mean": 977.1972045898438,
  "summary_fg_median": 936.271484375,
  "summary_fg_n": 71994.0,
  "summary_fg_p05": 609.9454315185546,
  "summary_fg_p95": 1473.037841796875,
  "summary_fg_stdv": 274.8340759277344,
  "tsnr": 41.81846934137866
}