{
  "bids_meta": {
    "AcquisitionMatrixPE": 256,
    "AcquisitionNumber": 1,
    "AcquisitionTime": "14:43:10.000000",
    "BodyPartExamined": "HEAD",
    "CoilString": "RM:Nova32ch",
    "ConversionSoftware": "dcm2niix",
    "ConversionSoftwareVersion": "v1.0.20211006",
    "Dcm2bidsVersion": "2.1.6",
    "DeviceSerialNumber": "000000000000MR01",
    "EchoTime": 0.00292,
    "FlipAngle": 8,
    "ImageOrientationPatientDICOM": [
      0,
      1,
      0,
      0,
      0,
      -1
    ],
    "ImageType": [
      "ORIGINAL",
      "PRIMARY",
      "OTHER"
    ],
    "ImagingFrequency": 127.767,
    "InPlanePhaseEncodingDirectionDICOM": "ROW",
    "InstitutionName": "UOFMResearch",
    "InversionTime": 1.06,
    "MRAcquisitionType": "3D",
    "MagneticFieldStrength": 3,
    "Manufacturer": "GE",
    "ManufacturersModelName": "DISCOVERY MR750",
    "Modality": "MR",
    "ParallelReductionFactorInPlane": 2,
    "ParallelReductionOutOfPlane": 2,
    "PatientPosition": "HFS",
    "PercentPhaseFOV": 100,
    "PercentSampling": 100,
    "PixelBandwidth": 244.141,
    "ProtocolName": "AHRB 32ch HB 06/06/18",
    "ReconMatrixPE": 256,
    "RepetitionTime": 0.006952,
    "SAR": 0.114507,
    "ScanOptions": "EDR_GEMS\\PROMO_GEMS\\ACC_GEMS\\IR_GEMS",
    "ScanningSequence": "RM",
    "SequenceVariant": "NONE",
    "SeriesDescription": "t1spgr_208sl",
    "SeriesNumber": 6,
    "SliceThickness": 1,
    "SoftwareVersions": "27\\LX\\MR Software release:DV26.0_R02_1810.b",
    "SpacingBetweenSlices": 1,
    "StationName": "MR01MR01",
    "dataset": "AHRB",
    "modality": "T1w",
    "session_id": "2",
    "subject_id": "82"
  },
  "cjv": 0.42742158050303,
  "cnr": 2.9246391890027152,
  "efc": 0.5374073176588708,
  "fber": 3021.6088804362594,
  "fwhm_avg": 3.992793333333333,
  "fwhm_x": 3.89273,
  "fwhm_y": 4.17627,
  "fwhm_z": 3.90938,
  "icvs_csf": 0.1740558444457735,
  "icvs_gm": 0.42828193027158196,
  "icvs_wm": 0.39766222528264455,
  "inu_med": 1.0441238284111023,
  "inu_range": 0.8345437794923782,
  "provenance": {
    "md5sum": "d64f6005e462767049496a2de9b18e10",
    "settings": {
      "testing": false
    },
    "software": "mriqc",
    "version": "23.1.0rc0",
    "warnings": {
      "large_rot_frame": true,
      "small_air_mask": false
    }
  },
  "qi_1": 0.0,
  "qi_2": 0.0009681549521561873,
  "rpve_csf": 28.781662768445674,
  "rpve_gm": 12.873564429459488,
  "rpve_wm": 16.25503456459183,
  "size_x": 208,
  "size_y": 256,
  "size_z": 256,
  "snr_csf": 1.198267877687984,
  "snr_gm": 7.573343978879808,
  "snr_total": 7.158842072130349,
  "snr_wm": 12.704914359823256,
  "snrd_csf": 6.90083183251147,
  "snrd_gm": 30.88014643720933,
  "snrd_total": 28.29484519766969,
  "snrd_wm": 47.10355732328827,
  "spacing_x": 1.0,
  "spacing_y": 1.0,
  "spacing_z": 1.0,
  "summary_bg_k": 3.3182868163609136,
  "summary_bg_mad": 13.910122091258486,
  "summary_bg_mean": 11.61862871501489,
  "summary_bg_median": 9.382234774529934,
  "summary_bg_n": 2521555.0,
  "summary_bg_p05": 0.0,
  "summary_bg_p95": 38.3209459297359,
  "summary_bg_stdv": 13.429999235827449,
  "summary_csf_k": 3.2136902329663632,
  "summary_csf_mad": 94.84174153130786,
  "summary_csf_mean": 178.52890261308346,
  "summary_csf_median": 146.5212638489902,
  "summary_csf_n": 20644.0,
  "summary_csf_p05": 40.94066083431244,
  "summary_csf_p95": 422.6879536733031,
  "summary_csf_stdv": 122.27459132697238,
  "summary_gm_k": 0.2560681824020472,
  "summary_gm_mad": 82.46715239817532,
  "summary_gm_mean": 655.6331008085606,
  "summary_gm_median": 655.6598093733191,
  "summary_gm_n": 27603.0,
  "summary_gm_p05": 511.52065837942064,
  "summary_gm_p95": 799.3785875104368,
  "summary_gm_stdv": 86.57310885257947,
  "summary_wm_k": 2.477401347530681,
  "summary_wm_mad": 64.7633606456645,
  "summary_wm_mean": 1012.5817426555759,
  "summary_wm_median": 1000.1218575239182,
  "summary_wm_n": 257968.0,
  "summary_wm_p05": 909.8330787196755,
  "summary_wm_p95": 1161.5084803663194,
  "summary_wm_stdv": 78.71913896748764,
  "tpm_overlap_csf": 0.16649237630087038,
  "tpm_overlap_gm": 0.4511448217548678,
  "tpm_overlap_wm": 0.49836498858940037,
  "wm2max": 0.2959650957343237
}