{
  "bids_meta": {
    "AcquisitionMatrixPE": 256,
    "AcquisitionNumber": 1,
    "AcquisitionTime": "15:48:19.000000",
    "BodyPartExamined": "HEAD",
    "CoilString": "RM:Nova32ch",
    "ConversionSoftware": "dcm2niix",
    "ConversionSoftwareVersion": "v1.0.20211006",
    "Dcm2bidsVersion": "2.1.6",
    "DeviceSerialNumber": "000000000000MR01",
    "EchoTime": 0.00292,
    "FlipAngle": 8,
    "ImageOrientationPatientDICOM": [
      0,
      1,
      0,
      0,
      0,
      -1
    ],
    "ImageType": [
      "ORIGINAL",
      "PRIMARY",
      "OTHER"
    ],
    "ImagingFrequency": 127.767,
    "InPlanePhaseEncodingDirectionDICOM": "ROW",
    "InstitutionName": "UOFMResearch",
    "InversionTime": 1.06,
    "MRAcquisitionType": "3D",
    "MagneticFieldStrength": 3,
    "Manufacturer": "GE",
    "ManufacturersModelName": "DISCOVERY MR750",
    "Modality": "MR",
    "ParallelReductionFactorInPlane": 2,
    "ParallelReductionOutOfPlane": 2,
    "PatientPosition": "HFS",
    "PercentPhaseFOV": 100,
    "PercentSampling": 100,
    "PixelBandwidth": 244.141,
    "ProtocolName": "AHRB 32ch MB 08/10/17",
    "ReconMatrixPE": 256,
    "RepetitionTime": 0.006952,
    "SAR": 0.200063,
    "ScanOptions": "EDR_GEMS\\PROMO_GEMS\\ACC_GEMS",
    "ScanningSequence": "RM",
    "SequenceVariant": "NONE",
    "SeriesDescription": "t1spgr_208sl",
    "SeriesNumber": 6,
    "SliceThickness": 1,
    "SoftwareVersions": "27\\LX\\MR Software release:DV25.1_R01_1617.b",
    "SpacingBetweenSlices": 1,
    "StationName": "MR01MR01",
    "dataset": "AHRB",
    "modality": "T1w",
    "session_id": "1",
    "subject_id": "35"
  },
  "cjv": 0.3937217103492966,
  "cnr": 3.2206739502449047,
  "efc": 0.5339746995503402,
  "fber": 7557.717720964208,
  "fwhm_avg": 3.7120599999999997,
  "fwhm_x": 3.65782,
  "fwhm_y": 3.88387,
  "fwhm_z": 3.59449,
  "icvs_csf": 0.20423269905869695,
  "icvs_gm": 0.42535916724244993,
  "icvs_wm": 0.3704081336988531,
  "inu_med": 0.9996716380119324,
  "inu_range": 0.6360127270221709,
  "provenance": {
    "md5sum": "c84339498887938f9cb01c775f21a976",
    "settings": {
      "testing": false
    },
    "software": "mriqc",
    "version": "23.1.0rc0",
    "warnings": {
      "large_rot_frame": true,
      "small_air_mask": false
    }
  },
  "qi_1": 0.0,
  "qi_2": 0.0014675810173101743,
  "rpve_csf": 33.08370332221129,
  "rpve_gm": 16.52755271100036,
  "rpve_wm": 22.07725989551857,
  "size_x": 208,
  "size_y": 256,
  "size_z": 256,
  "snr_csf": 1.2819471018849307,
  "snr_gm": 8.561849445846715,
  "snr_total": 7.95968633537166,
  "snr_wm": 14.035262458383333,
  "snrd_csf": 8.59489297003034,
  "snrd_gm": 40.33407881556288,
  "snrd_total": 36.66354216899433,
  "snrd_wm": 61.06165472138978,
  "spacing_x": 1.0,
  "spacing_y": 1.0,
  "spacing_z": 1.0,
  "summary_bg_k": 4.026883969278392,
  "summary_bg_mad": 10.729576110836915,
  "summary_bg_mean": 7.798438613596808,
  "summary_bg_median": 7.236989110708237,
  "summary_bg_n": 2146060.0,
  "summary_bg_p05": 0.0,
  "summary_bg_p95": 24.123297035694122,
  "summary_bg_stdv": 8.974433395479169,
  "summary_csf_k": 2.2931200278935506,
  "summary_csf_mad": 82.29319949206707,
  "summary_csf_mean": 166.7976029415369,
  "summary_csf_median": 140.76390548050404,
  "summary_csf_n": 17676.0,
  "summary_csf_p05": 39.07750755921006,
  "summary_csf_p95": 398.36944688111544,
  "summary_csf_stdv": 109.80166298334973,
  "summary_gm_k": 0.28330493594921347,
  "summary_gm_mad": 72.45775472379991,
  "summary_gm_mean": 660.6736633997051,
  "summary_gm_median": 660.576283827424,
  "summary_gm_n": 20974.0,
  "summary_gm_p05": 532.3497918896377,
  "summary_gm_p95": 787.5229008391498,
  "summary_gm_stdv": 77.15161780338038,
  "summary_wm_k": 1.7480135103965901,
  "summary_wm_mad": 61.19832300255129,
  "summary_wm_mean": 1011.404198239045,
  "summary_wm_median": 1000.0446804463863,
  "summary_wm_n": 171893.0,
  "summary_wm_p05": 916.8639784455299,
  "summary_wm_p95": 1144.8738082051277,
  "summary_wm_stdv": 71.25208912132454,
  "tpm_overlap_csf": 0.15579450971183015,
  "tpm_overlap_gm": 0.4624967153326319,
  "tpm_overlap_wm": 0.5016966615650806,
  "wm2max": 0.38843003886729593
}