{
  "aor": 0.0017777886977886981,
  "aqi": 0.006390855036855037,
  "bids_meta": {
    "AcquisitionMatrixPE": 90,
    "AcquisitionNumber": 1,
    "AcquisitionTime": "17:07:31.000000",
    "BodyPartExamined": "BRAIN",
    "CoilString": "RM:Nova32ch",
    "ConversionSoftware": "dcm2niix",
    "ConversionSoftwareVersion": "v1.0.20211006",
    "Dcm2bidsVersion": "2.1.6",
    "DeviceSerialNumber": "000000000000MR01",
    "EchoTime": 0.03,
    "EffectiveEchoSpacing": 0.000568494,
    "FlipAngle": 52,
    "ImageOrientationPatientDICOM": [
      1,
      0,
      0,
      0,
      1,
      0
    ],
    "ImageType": [
      "ORIGINAL",
      "PRIMARY",
      "OTHER"
    ],
    "ImagingFrequency": 127.767,
    "InPlanePhaseEncodingDirectionDICOM": "COL",
    "InstitutionName": "UOFMResearch",
    "InternalPulseSequenceName": "EPI",
    "MRAcquisitionType": "2D",
    "MagneticFieldStrength": 3,
    "Manufacturer": "GE",
    "ManufacturersModelName": "DISCOVERY MR750",
    "Modality": "MR",
    "MultibandAccelerationFactor": 6,
    "PatientPosition": "HFS",
    "PercentPhaseFOV": 100,
    "PercentSampling": 100,
    "PhaseEncodingDirection": "j",
    "PhaseEncodingPolarityGE": "Flipped",
    "PixelBandwidth": 5555.56,
    "ProtocolName": "AHRB 32ch HB 06/06/18",
    "PulseSequenceName": "epi",
    "PulseSequenceType": "Multiband gradient echo EPI",
    "ReconMatrixPE": 90,
    "RepetitionTime": 0.8,
    "SAR": 0.103919,
    "ScanOptions": "SAT_GEMS\\EDR_GEMS\\MP_GEMS\\EPI_GEMS\\HYPERBAND_GEMS\\PFF\\FS",
    "ScanningSequence": "EP\\RM",
    "SequenceVariant": "NONE",
    "SeriesDescription": "func_mid",
    "SeriesNumber": 9,
    "SliceThickness": 2.4,
    "SliceTiming": [
      0,
      0.436364,
      0.0727273,
      0.509091,
      0.145455,
      0.581818,
      0.218182,
      0.654545,
      0.290909,
      0.727273,
      0.363636,
      0,
      0.436364,
      0.0727273,
      0.509091,
      0.145455,
      0.581818,
      0.218182,
      0.654545,
      0.290909,
      0.727273,
      0.363636,
      0,
      0.436364,
      0.0727273,
      0.509091,
      0.145455,
      0.581818,
      0.218182,
      0.654545,
      0.290909,
      0.727273,
      0.363636,
      0,
      0.436364,
      0.0727273,
      0.509091,
      0.145455,
      0.581818,
      0.218182,
      0.654545,
      0.290909,
      0.727273,
      0.363636,
      0,
      0.436364,
      0.0727273,
      0.509091,
      0.145455,
      0.581818,
      0.218182,
      0.654545,
      0.290909,
      0.727273,
      0.363636,
      0,
      0.436364,
      0.0727273,
      0.509091,
      0.145455
    ],
    "SoftwareVersions": "27\\LX\\MR Software release:DV26.0_R02_1810.b",
    "SpacingBetweenSlices": 2.4,
    "StationName": "MR01MR01",
    "TaskName": "func_mid",
    "TotalReadoutTime": 0.04824,
    "TriggerDelayTime": 787,
    "dataset": "AHRB",
    "modality": "bold",
    "run_id": 2,
    "session_id": "1",
    "subject_id": "36",
    "task_id": "mid"
  },
  "dummy_trs": 0,
  "dvars_nstd": 31.75735638059112,
  "dvars_std": 1.1296219666009861,
  "dvars_vstd": 1.0021130688916258,
  "efc": 0.42211928024002154,
  "fber": 19574.28125,
  "fd_mean": 0.12018820780579151,
  "fd_num": 28,
  "fd_perc": 6.87960687960688,
  "fwhm_avg": 2.3839325167516496,
  "fwhm_x": 2.452254069222845,
  "fwhm_y": 2.311587408145769,
  "fwhm_z": 2.3879560728863347,
  "gcor": 0.0342272,
  "gsr_x": -0.010537807829678059,
  "gsr_y": 0.02126593329012394,
  "provenance": {
    "md5sum": "05f3e73f649b0d38455b450258204faa",
    "settings": {
      "fd_thres": 0.2,
      "testing": false
    },
    "software": "mriqc",
    "version": "23.1.0rc0"
  },
  "size_t": 407,
  "size_x": 90,
  "size_y": 90,
  "size_z": 60,
  "snr": 2.9933359720289725,
  "spacing_tr": 0.800000011920929,
  "spacing_x": 2.4000000953674316,
  "spacing_y": 2.4000000953674316,
  "spacing_z": 2.399993896484375,
  "summary_bg_k": 64.90690647029318,
  "summary_bg_mad": 11.201478656158924,
  "summary_bg_mean": 30.596595764160156,
  "summary_bg_median": 7.621621608734131,
  "summary_bg_n": 341985.0,
  "summary_bg_p05": 0.0,
  "summary_bg_p95": 130.16952514648423,
  "summary_bg_stdv": 75.01605987548828,
  "summary_fg_k": 3.7139694732764807,
  "summary_fg_mad": 304.92057431882955,
  "summary_fg_mean": 1080.740966796875,
  "summary_fg_median": 1020.24072265625,
  "summary_fg_n": 73936.0,
  "summary_fg_p05": 656.6296081542969,
  "summary_fg_p95": 1702.8457641601562,
  "summary_fg_stdv": 340.8350524902344,
  "tsnr": 42.31499464530498
}