{
  "aor": 0.0008075184275184277,
  "aqi": 0.003758476437346437,
  "bids_meta": {
    "AcquisitionMatrixPE": 90,
    "AcquisitionNumber": 1,
    "AcquisitionTime": "16:57:12.000000",
    "BodyPartExamined": "BRAIN",
    "CoilString": "RM:Nova32ch",
    "ConversionSoftware": "dcm2niix",
    "ConversionSoftwareVersion": "v1.0.20211006",
    "Dcm2bidsVersion": "2.1.6",
    "DeviceSerialNumber": "000000000000MR01",
    "EchoTime": 0.03,
    "EffectiveEchoSpacing": 0.000568494,
    "FlipAngle": 52,
    "ImageOrientationPatientDICOM": [
      1,
      0,
      0,
      0,
      1,
      0
    ],
    "ImageType": [
      "ORIGINAL",
      "PRIMARY",
      "OTHER"
    ],
    "ImagingFrequency": 127.767,
    "InPlanePhaseEncodingDirectionDICOM": "COL",
    "InstitutionName": "UOFMResearch",
    "InternalPulseSequenceName": "EPI",
    "MRAcquisitionType": "2D",
    "MagneticFieldStrength": 3,
    "Manufacturer": "GE",
    "ManufacturersModelName": "DISCOVERY MR750",
    "Modality": "MR",
    "MultibandAccelerationFactor": 6,
    "PatientPosition": "HFS",
    "PercentPhaseFOV": 100,
    "PercentSampling": 100,
    "PhaseEncodingDirection": "j",
    "PhaseEncodingPolarityGE": "Flipped",
    "PixelBandwidth": 5555.56,
    "ProtocolName": "AHRB 32ch HB 06/06/18",
    "PulseSequenceName": "epi",
    "PulseSequenceType": "Multiband gradient echo EPI",
    "ReconMatrixPE": 90,
    "RepetitionTime": 0.8,
    "SAR": 0.112722,
    "ScanOptions": "SAT_GEMS\\EDR_GEMS\\MP_GEMS\\EPI_GEMS\\HYPERBAND_GEMS\\PFF\\FS",
    "ScanningSequence": "EP\\RM",
    "SequenceVariant": "NONE",
    "SeriesDescription": "func_mid",
    "SeriesNumber": 8,
    "SliceThickness": 2.4,
    "SliceTiming": [
      0,
      0.436364,
      0.0727273,
      0.509091,
      0.145455,
      0.581818,
      0.218182,
      0.654545,
      0.290909,
      0.727273,
      0.363636,
      0,
      0.436364,
      0.0727273,
      0.509091,
      0.145455,
      0.581818,
      0.218182,
      0.654545,
      0.290909,
      0.727273,
      0.363636,
      0,
      0.436364,
      0.0727273,
      0.509091,
      0.145455,
      0.581818,
      0.218182,
      0.654545,
      0.290909,
      0.727273,
      0.363636,
      0,
      0.436364,
      0.0727273,
      0.509091,
      0.145455,
      0.581818,
      0.218182,
      0.654545,
      0.290909,
      0.727273,
      0.363636,
      0,
      0.436364,
      0.0727273,
      0.509091,
      0.145455,
      0.581818,
      0.218182,
      0.654545,
      0.290909,
      0.727273,
      0.363636,
      0,
      0.436364,
      0.0727273,
      0.509091,
      0.145455
    ],
    "SoftwareVersions": "27\\LX\\MR Software release:DV26.0_R02_1810.b",
    "SpacingBetweenSlices": 2.4,
    "StationName": "MR01MR01",
    "TaskName": "func_mid",
    "TotalReadoutTime": 0.04824,
    "TriggerDelayTime": 787,
    "dataset": "AHRB",
    "modality": "bold",
    "run_id": 1,
    "session_id": "2",
    "subject_id": "106",
    "task_id": "mid"
  },
  "dummy_trs": 0,
  "dvars_nstd": 29.7650888003941,
  "dvars_std": 1.086058039482758,
  "dvars_vstd": 1.0077754226847282,
  "efc": 0.4880202810862746,
  "fber": 12854.9287109375,
  "fd_mean": 0.06259179312086828,
  "fd_num": 4,
  "fd_perc": 0.9828009828009828,
  "fwhm_avg": 2.6402480349211928,
  "fwhm_x": 2.604599896502499,
  "fwhm_y": 2.545045732202302,
  "fwhm_z": 2.771098476058778,
  "gcor": 0.0177109,
  "gsr_x": -0.0009948635706678033,
  "gsr_y": 0.049887944012880325,
  "provenance": {
    "md5sum": "26d3d1894e6f28e46fb1f0bafba3d68c",
    "settings": {
      "fd_thres": 0.2,
      "testing": false
    },
    "software": "mriqc",
    "version": "23.1.0rc0"
  },
  "size_t": 407,
  "size_x": 90,
  "size_y": 90,
  "size_z": 60,
  "snr": 2.476722217081547,
  "spacing_tr": 0.800000011920929,
  "spacing_x": 2.4000000953674316,
  "spacing_y": 2.4000000953674316,
  "spacing_z": 2.3999977111816406,
  "summary_bg_k": 57.21102768704535,
  "summary_bg_mad": 12.964572621422343,
  "summary_bg_mean": 45.13361358642578,
  "summary_bg_median": 8.850122451782227,
  "summary_bg_n": 306410.0,
  "summary_bg_p05": 0.0,
  "summary_bg_p95": 251.05318679809562,
  "summary_bg_stdv": 108.03824615478516,
  "summary_fg_k": 2.2265730912234876,
  "summary_fg_mad": 349.67920777942226,
  "summary_fg_mean": 1087.679443359375,
  "summary_fg_median": 998.0245361328125,
  "summary_fg_n": 102361.0,
  "summary_fg_p05": 602.2432250976562,
  "summary_fg_p95": 1854.9385986328125,
  "summary_fg_stdv": 402.9598693847656,
  "tsnr": 45.953659415245056
}