{
  "bids_meta": {
    "AcquisitionMatrixPE": 256,
    "AcquisitionNumber": 1,
    "AcquisitionTime": "17:17:6.000000",
    "BodyPartExamined": "HEAD",
    "CoilString": "RM:Nova32ch",
    "ConversionSoftware": "dcm2niix",
    "ConversionSoftwareVersion": "v1.0.20211006",
    "Dcm2bidsVersion": "2.1.6",
    "DeviceSerialNumber": "000000000000MR01",
    "EchoTime": 0.00292,
    "FlipAngle": 8,
    "ImageOrientationPatientDICOM": [
      0,
      1,
      0,
      0,
      0,
      -1
    ],
    "ImageType": [
      "ORIGINAL",
      "PRIMARY",
      "OTHER"
    ],
    "ImagingFrequency": 127.767,
    "InPlanePhaseEncodingDirectionDICOM": "ROW",
    "InstitutionName": "UOFMResearch",
    "InversionTime": 1.06,
    "MRAcquisitionType": "3D",
    "MagneticFieldStrength": 3,
    "Manufacturer": "GE",
    "ManufacturersModelName": "DISCOVERY MR750",
    "Modality": "MR",
    "ParallelReductionFactorInPlane": 2,
    "ParallelReductionOutOfPlane": 2,
    "PatientPosition": "HFS",
    "PercentPhaseFOV": 100,
    "PercentSampling": 100,
    "PixelBandwidth": 244.141,
    "ProtocolName": "AHRB 32ch HB 06/06/18",
    "ReconMatrixPE": 256,
    "RepetitionTime": 0.006952,
    "SAR": 0.13249,
    "ScanOptions": "EDR_GEMS\\PROMO_GEMS\\ACC_GEMS\\IR_GEMS",
    "ScanningSequence": "RM",
    "SequenceVariant": "NONE",
    "SeriesDescription": "t1spgr_208sl",
    "SeriesNumber": 6,
    "SliceThickness": 1,
    "SoftwareVersions": "27\\LX\\MR Software release:DV26.0_R02_1810.b",
    "SpacingBetweenSlices": 1,
    "StationName": "MR01MR01",
    "dataset": "AHRB",
    "modality": "T1w",
    "session_id": "1",
    "subject_id": "100"
  },
  "cjv": 0.4083628462146978,
  "cnr": 3.0648796436152503,
  "efc": 0.4932763730652989,
  "fber": 2224.2954211651936,
  "fwhm_avg": 3.5400466666666666,
  "fwhm_x": 3.46005,
  "fwhm_y": 3.68837,
  "fwhm_z": 3.47172,
  "icvs_csf": 0.18864477236071203,
  "icvs_gm": 0.4436339390114548,
  "icvs_wm": 0.36772128862783315,
  "inu_med": 1.0104035139083862,
  "inu_range": 0.7495839595794678,
  "provenance": {
    "md5sum": "5fd0089ab85c2c91dcaf406ee553cbbc",
    "settings": {
      "testing": false
    },
    "software": "mriqc",
    "version": "23.1.0rc0",
    "warnings": {
      "large_rot_frame": true,
      "small_air_mask": false
    }
  },
  "qi_1": 0.0,
  "qi_2": 0.0009412257540135473,
  "rpve_csf": 32.07250676660421,
  "rpve_gm": 14.340175197160715,
  "rpve_wm": 19.21883061476277,
  "size_x": 208,
  "size_y": 256,
  "size_z": 256,
  "snr_csf": 1.2518183646628993,
  "snr_gm": 8.07594603333123,
  "snr_total": 6.91230894447629,
  "snr_wm": 11.409162435434743,
  "snrd_csf": 5.0295830571751825,
  "snrd_gm": 21.033057742736506,
  "snrd_total": 19.72804934271213,
  "snrd_wm": 33.12150722822471,
  "spacing_x": 1.0,
  "spacing_y": 1.0,
  "spacing_z": 1.0,
  "summary_bg_k": 3183.512150468762,
  "summary_bg_mad": 19.781469817983577,
  "summary_bg_mean": 12.278788182426739,
  "summary_bg_median": 13.342398636043072,
  "summary_bg_n": 3220011.0,
  "summary_bg_p05": 0.0,
  "summary_bg_p95": 38.837427876889706,
  "summary_bg_stdv": 17.765454343597582,
  "summary_csf_k": 1.4038725827845733,
  "summary_csf_mad": 106.97113296476469,
  "summary_csf_mean": 179.52257293791902,
  "summary_csf_median": 151.86539084464312,
  "summary_csf_n": 14582.0,
  "summary_csf_p05": 27.2796812877059,
  "summary_csf_p95": 420.7529659047723,
  "summary_csf_stdv": 121.31167568129015,
  "summary_gm_k": 0.1954259253353552,
  "summary_gm_mad": 75.59797382668883,
  "summary_gm_mean": 633.6646926672466,
  "summary_gm_median": 635.0811783894897,
  "summary_gm_n": 26778.0,
  "summary_gm_p05": 501.72942794524135,
  "summary_gm_p95": 762.144154954329,
  "summary_gm_stdv": 78.63714262005499,
  "summary_wm_k": 2.324418343287685,
  "summary_wm_mad": 73.45603123493264,
  "summary_wm_mean": 1011.4723611037273,
  "summary_wm_median": 1000.0850136876106,
  "summary_wm_n": 181246.0,
  "summary_wm_p05": 894.2806423380971,
  "summary_wm_p95": 1172.9413119405508,
  "summary_wm_stdv": 87.65606243466553,
  "tpm_overlap_csf": 0.15269322414867834,
  "tpm_overlap_gm": 0.45897597423324854,
  "tpm_overlap_wm": 0.46893477135378214,
  "wm2max": 0.204624369915651
}