{
  "bids_meta": {
    "AcquisitionMatrixPE": 256,
    "AcquisitionNumber": 1,
    "AcquisitionTime": "16:14:50.000000",
    "BodyPartExamined": "HEAD",
    "CoilString": "RM:Nova32ch",
    "ConversionSoftware": "dcm2niix",
    "ConversionSoftwareVersion": "v1.0.20211006",
    "Dcm2bidsVersion": "2.1.6",
    "DeviceSerialNumber": "000000000000MR01",
    "EchoTime": 0.00292,
    "FlipAngle": 8,
    "ImageOrientationPatientDICOM": [
      0,
      1,
      0,
      0,
      0,
      -1
    ],
    "ImageType": [
      "ORIGINAL",
      "PRIMARY",
      "OTHER"
    ],
    "ImagingFrequency": 127.767,
    "InPlanePhaseEncodingDirectionDICOM": "ROW",
    "InstitutionName": "UOFMResearch",
    "InversionTime": 1.06,
    "MRAcquisitionType": "3D",
    "MagneticFieldStrength": 3,
    "Manufacturer": "GE",
    "ManufacturersModelName": "DISCOVERY MR750",
    "Modality": "MR",
    "ParallelReductionFactorInPlane": 2,
    "ParallelReductionOutOfPlane": 2,
    "PatientPosition": "HFS",
    "PercentPhaseFOV": 100,
    "PercentSampling": 100,
    "PixelBandwidth": 244.141,
    "ProtocolName": "AHRB 32ch MB 08/10/17",
    "ReconMatrixPE": 256,
    "RepetitionTime": 0.006952,
    "SAR": 0.218562,
    "ScanOptions": "EDR_GEMS\\PROMO_GEMS\\ACC_GEMS",
    "ScanningSequence": "RM",
    "SequenceVariant": "NONE",
    "SeriesDescription": "t1spgr_208sl",
    "SeriesNumber": 6,
    "SliceThickness": 1,
    "SoftwareVersions": "27\\LX\\MR Software release:DV25.1_R01_1617.b",
    "SpacingBetweenSlices": 1,
    "StationName": "MR01MR01",
    "dataset": "AHRB",
    "modality": "T1w",
    "session_id": "1",
    "subject_id": "15"
  },
  "cjv": 0.43817350668121935,
  "cnr": 2.855733036751525,
  "efc": 0.5203096856728173,
  "fber": 3791.128338407465,
  "fwhm_avg": 3.8141966666666662,
  "fwhm_x": 3.66321,
  "fwhm_y": 4.02251,
  "fwhm_z": 3.75687,
  "icvs_csf": 0.19602719095220003,
  "icvs_gm": 0.41376213397332573,
  "icvs_wm": 0.3902106750744742,
  "inu_med": 1.0602134466171265,
  "inu_range": 0.785461038351059,
  "provenance": {
    "md5sum": "19f07700d3d449f194fc7bfee25665cf",
    "settings": {
      "testing": false
    },
    "software": "mriqc",
    "version": "23.1.0rc0",
    "warnings": {
      "large_rot_frame": true,
      "small_air_mask": false
    }
  },
  "qi_1": 0.0,
  "qi_2": 0.0010289827680069993,
  "rpve_csf": 25.720280278302372,
  "rpve_gm": 12.588461970986243,
  "rpve_wm": 15.527047707612208,
  "size_x": 208,
  "size_y": 256,
  "size_z": 256,
  "snr_csf": 1.233006569250453,
  "snr_gm": 7.936709534609927,
  "snr_total": 7.209017978763177,
  "snr_wm": 12.457337832429152,
  "snrd_csf": 4.628140766804825,
  "snrd_gm": 27.618966228704622,
  "snrd_total": 24.574884808662137,
  "snrd_wm": 41.477547430476974,
  "spacing_x": 1.0,
  "spacing_y": 1.0,
  "spacing_z": 1.0,
  "summary_bg_k": 3.580692395056688,
  "summary_bg_mad": 15.795949314335623,
  "summary_bg_mean": 12.597651084006474,
  "summary_bg_median": 10.654205907136202,
  "summary_bg_n": 3232505.0,
  "summary_bg_p05": 0.0,
  "summary_bg_p95": 40.68535939976573,
  "summary_bg_stdv": 14.37309785401822,
  "summary_csf_k": 5.751168729399383,
  "summary_csf_mad": 62.07530958616104,
  "summary_csf_mean": 133.15553911236097,
  "summary_csf_median": 111.58878818526864,
  "summary_csf_n": 41314.0,
  "summary_csf_p05": 33.58255546167493,
  "summary_csf_p95": 317.4672986486926,
  "summary_csf_stdv": 90.50027831471633,
  "summary_gm_k": 0.12915977837563997,
  "summary_gm_mad": 81.47384383183636,
  "summary_gm_mean": 664.8383657595364,
  "summary_gm_median": 665.9190218448639,
  "summary_gm_n": 27896.0,
  "summary_gm_p05": 524.1121642738581,
  "summary_gm_p95": 801.6978418631479,
  "summary_gm_stdv": 83.90216160616444,
  "summary_wm_k": 3.1163633376258444,
  "summary_wm_mad": 64.93890273671312,
  "summary_wm_mean": 1011.2554685984079,
  "summary_wm_median": 1000.0623334236443,
  "summary_wm_n": 255259.0,
  "summary_wm_p05": 905.0467544272542,
  "summary_wm_p95": 1159.6262008398771,
  "summary_wm_stdv": 80.27881943616077,
  "tpm_overlap_csf": 0.17378411741222993,
  "tpm_overlap_gm": 0.4310881842678334,
  "tpm_overlap_wm": 0.4854033709098613,
  "wm2max": 0.28992152945338323
}