{
  "bids_meta": {
    "AcquisitionMatrixPE": 256,
    "AcquisitionNumber": 1,
    "AcquisitionTime": "17:16:19.000000",
    "BodyPartExamined": "HEAD",
    "CoilString": "RM:Nova32ch",
    "ConversionSoftware": "dcm2niix",
    "ConversionSoftwareVersion": "v1.0.20211006",
    "Dcm2bidsVersion": "2.1.6",
    "DeviceSerialNumber": "000000000000MR01",
    "EchoTime": 0.00292,
    "FlipAngle": 8,
    "ImageOrientationPatientDICOM": [
      0,
      1,
      0,
      0,
      0,
      -1
    ],
    "ImageType": [
      "ORIGINAL",
      "PRIMARY",
      "OTHER"
    ],
    "ImagingFrequency": 127.767,
    "InPlanePhaseEncodingDirectionDICOM": "ROW",
    "InstitutionName": "UOFMResearch",
    "InversionTime": 1.06,
    "MRAcquisitionType": "3D",
    "MagneticFieldStrength": 3,
    "Manufacturer": "GE",
    "ManufacturersModelName": "DISCOVERY MR750",
    "Modality": "MR",
    "ParallelReductionFactorInPlane": 2,
    "ParallelReductionOutOfPlane": 2,
    "PatientPosition": "HFS",
    "PercentPhaseFOV": 100,
    "PercentSampling": 100,
    "PixelBandwidth": 244.141,
    "ProtocolName": "AHRB 32ch HB 06/06/18",
    "ReconMatrixPE": 256,
    "RepetitionTime": 0.006952,
    "SAR": 0.10574,
    "ScanOptions": "EDR_GEMS\\PROMO_GEMS\\ACC_GEMS\\IR_GEMS",
    "ScanningSequence": "RM",
    "SequenceVariant": "NONE",
    "SeriesDescription": "t1spgr_208sl",
    "SeriesNumber": 6,
    "SliceThickness": 1,
    "SoftwareVersions": "27\\LX\\MR Software release:DV26.0_R02_1810.b",
    "SpacingBetweenSlices": 1,
    "StationName": "MR01MR01",
    "dataset": "AHRB",
    "modality": "T1w",
    "session_id": "2",
    "subject_id": "78"
  },
  "cjv": 0.3964569413648939,
  "cnr": 3.0504010438307634,
  "efc": 0.49198406530619104,
  "fber": 3670.340277777778,
  "fwhm_avg": 3.4130300000000005,
  "fwhm_x": 3.38573,
  "fwhm_y": 3.57492,
  "fwhm_z": 3.27844,
  "icvs_csf": 0.20705451595867397,
  "icvs_gm": 0.4220967066819164,
  "icvs_wm": 0.37084877735940963,
  "inu_med": 1.0232594013214111,
  "inu_range": 0.6584917783737183,
  "provenance": {
    "md5sum": "5a17594a98c236bf546fe1361d2ace04",
    "settings": {
      "testing": false
    },
    "software": "mriqc",
    "version": "23.1.0rc0",
    "warnings": {
      "large_rot_frame": true,
      "small_air_mask": false
    }
  },
  "qi_1": 0.0,
  "qi_2": 0.000933710994245773,
  "rpve_csf": 27.20346562999126,
  "rpve_gm": 13.62147197182542,
  "rpve_wm": 17.964238825545632,
  "size_x": 208,
  "size_y": 256,
  "size_z": 256,
  "snr_csf": 1.3092370042970527,
  "snr_gm": 8.01232678250846,
  "snr_total": 6.8393348436456805,
  "snr_wm": 11.196440744131529,
  "snrd_csf": 5.2857826831715915,
  "snrd_gm": 24.30595480980449,
  "snrd_total": 22.65689948232706,
  "snrd_wm": 38.37896095400509,
  "spacing_x": 1.0,
  "spacing_y": 1.0,
  "spacing_z": 1.0,
  "summary_bg_k": 611.3179940988548,
  "summary_bg_mad": 17.07019573013049,
  "summary_bg_mean": 11.563958596906168,
  "summary_bg_median": 11.513672053813934,
  "summary_bg_n": 3017517.0,
  "summary_bg_p05": 0.0,
  "summary_bg_p95": 36.4182453006506,
  "summary_bg_stdv": 15.026735987369838,
  "summary_csf_k": 2.9220950800492513,
  "summary_csf_mad": 85.35097865065245,
  "summary_csf_mean": 161.03444755870194,
  "summary_csf_median": 137.72604451328516,
  "summary_csf_n": 22925.0,
  "summary_csf_p05": 39.609534837305546,
  "summary_csf_p95": 373.8188959211111,
  "summary_csf_stdv": 105.19336085745422,
  "summary_gm_k": 0.45685848355544767,
  "summary_gm_mad": 73.75437829050945,
  "summary_gm_mean": 633.2854308753533,
  "summary_gm_median": 633.3145372644067,
  "summary_gm_n": 20473.0,
  "summary_gm_p05": 504.47404401004314,
  "summary_gm_p95": 764.4327352076767,
  "summary_gm_stdv": 79.04059422423732,
  "summary_wm_k": 2.5295237493955884,
  "summary_wm_mad": 71.62060382424313,
  "summary_wm_mean": 1013.9005914798827,
  "summary_wm_median": 999.9999624565244,
  "summary_wm_n": 197005.0,
  "summary_wm_p05": 897.1278056278825,
  "summary_wm_p95": 1181.9034660458565,
  "summary_wm_stdv": 89.31386744228386,
  "tpm_overlap_csf": 0.15818119879025416,
  "tpm_overlap_gm": 0.44567341017726586,
  "tpm_overlap_wm": 0.478050552402035,
  "wm2max": 0.27791593482079197
}