{
  "bids_meta": {
    "AcquisitionMatrixPE": 256,
    "AcquisitionNumber": 1,
    "AcquisitionTime": "10:44:6.000000",
    "BodyPartExamined": "HEAD",
    "CoilString": "RM:Nova32ch",
    "ConversionSoftware": "dcm2niix",
    "ConversionSoftwareVersion": "v1.0.20211006",
    "Dcm2bidsVersion": "2.1.6",
    "DeviceSerialNumber": "000000000000MR01",
    "EchoTime": 0.00292,
    "FlipAngle": 8,
    "ImageOrientationPatientDICOM": [
      0,
      1,
      0,
      0,
      0,
      -1
    ],
    "ImageType": [
      "ORIGINAL",
      "PRIMARY",
      "OTHER"
    ],
    "ImagingFrequency": 127.767,
    "InPlanePhaseEncodingDirectionDICOM": "ROW",
    "InstitutionName": "UOFMResearch",
    "InversionTime": 1.06,
    "MRAcquisitionType": "3D",
    "MagneticFieldStrength": 3,
    "Manufacturer": "GE",
    "ManufacturersModelName": "DISCOVERY MR750",
    "Modality": "MR",
    "ParallelReductionFactorInPlane": 2,
    "ParallelReductionOutOfPlane": 2,
    "PatientPosition": "HFS",
    "PercentPhaseFOV": 100,
    "PercentSampling": 100,
    "PixelBandwidth": 244.141,
    "ProtocolName": "AHRB 32ch HB 06/06/18",
    "ReconMatrixPE": 256,
    "RepetitionTime": 0.006952,
    "SAR": 0.0971968,
    "ScanOptions": "EDR_GEMS\\PROMO_GEMS\\ACC_GEMS\\IR_GEMS",
    "ScanningSequence": "RM",
    "SequenceVariant": "NONE",
    "SeriesDescription": "t1spgr_208sl",
    "SeriesNumber": 6,
    "SliceThickness": 1,
    "SoftwareVersions": "27\\LX\\MR Software release:DV26.0_R02_1810.b",
    "SpacingBetweenSlices": 1,
    "StationName": "MR01MR01",
    "dataset": "AHRB",
    "modality": "T1w",
    "session_id": "2",
    "subject_id": "16"
  },
  "cjv": 0.39013449094398867,
  "cnr": 3.3644801081489786,
  "efc": 0.5021055155003908,
  "fber": 4528.890206842467,
  "fwhm_avg": 3.6846333333333336,
  "fwhm_x": 3.63784,
  "fwhm_y": 3.86605,
  "fwhm_z": 3.55001,
  "icvs_csf": 0.19206266591039511,
  "icvs_gm": 0.4383275873349133,
  "icvs_wm": 0.3696097467546916,
  "inu_med": 0.9945119023323059,
  "inu_range": 0.6060439795255661,
  "provenance": {
    "md5sum": "d5b2162a646c98324899422e1f0571d9",
    "settings": {
      "testing": false
    },
    "software": "mriqc",
    "version": "23.1.0rc0",
    "warnings": {
      "large_rot_frame": true,
      "small_air_mask": false
    }
  },
  "qi_1": 0.0,
  "qi_2": 0.0013562904536419949,
  "rpve_csf": 34.95445101486335,
  "rpve_gm": 16.353749284487694,
  "rpve_wm": 22.037017408098635,
  "size_x": 208,
  "size_y": 256,
  "size_z": 256,
  "snr_csf": 1.3772264397868628,
  "snr_gm": 8.11076666588175,
  "snr_total": 8.297123619600114,
  "snr_wm": 15.403377753131734,
  "snrd_csf": 7.898953383149466,
  "snrd_gm": 28.944516811915705,
  "snrd_total": 27.10930992267475,
  "snrd_wm": 44.484459572959075,
  "spacing_x": 1.0,
  "spacing_y": 1.0,
  "spacing_z": 1.0,
  "summary_bg_k": 2.6690568167037396,
  "summary_bg_mad": 14.728100461188085,
  "summary_bg_mean": 9.997862353204031,
  "summary_bg_median": 9.933952800929546,
  "summary_bg_n": 2679602.0,
  "summary_bg_p05": 0.0,
  "summary_bg_p95": 31.305375583469868,
  "summary_bg_stdv": 11.427630319445564,
  "summary_csf_k": -0.06321873217563301,
  "summary_csf_mad": 133.0305722737583,
  "summary_csf_mean": 204.95317146972096,
  "summary_csf_median": 177.57611844688654,
  "summary_csf_n": 18371.0,
  "summary_csf_p05": 39.46732599288225,
  "summary_csf_p95": 443.7792049907148,
  "summary_csf_stdv": 128.93397933405817,
  "summary_gm_k": 0.09830334252874229,
  "summary_gm_mad": 78.89485165966157,
  "summary_gm_mean": 651.4349601448693,
  "summary_gm_median": 650.7007569819689,
  "summary_gm_n": 28079.0,
  "summary_gm_p05": 519.7121923193336,
  "summary_gm_p95": 785.3729387372732,
  "summary_gm_stdv": 80.22535929326757,
  "summary_wm_k": 1.7202826477338764,
  "summary_wm_mad": 57.399786121711394,
  "summary_wm_mean": 1007.6680562406854,
  "summary_wm_median": 1000.0537133216858,
  "summary_wm_n": 171575.0,
  "summary_wm_p05": 917.3602683842182,
  "summary_wm_p95": 1124.362365938723,
  "summary_wm_stdv": 64.92412346247306,
  "tpm_overlap_csf": 0.14971545579213344,
  "tpm_overlap_gm": 0.47387280376316615,
  "tpm_overlap_wm": 0.5041956626857056,
  "wm2max": 0.3187021921043175
}