{
  "bids_meta": {
    "AcquisitionMatrixPE": 256,
    "AcquisitionNumber": 1,
    "AcquisitionTime": "14:37:59.000000",
    "BodyPartExamined": "HEAD",
    "CoilString": "RM:Nova32ch",
    "ConversionSoftware": "dcm2niix",
    "ConversionSoftwareVersion": "v1.0.20211006",
    "Dcm2bidsVersion": "2.1.6",
    "DeviceSerialNumber": "000000000000MR01",
    "EchoTime": 0.00292,
    "FlipAngle": 8,
    "ImageOrientationPatientDICOM": [
      0,
      1,
      0,
      0,
      0,
      -1
    ],
    "ImageType": [
      "ORIGINAL",
      "PRIMARY",
      "OTHER"
    ],
    "ImagingFrequency": 127.767,
    "InPlanePhaseEncodingDirectionDICOM": "ROW",
    "InstitutionName": "UOFMResearch",
    "InversionTime": 1.06,
    "MRAcquisitionType": "3D",
    "MagneticFieldStrength": 3,
    "Manufacturer": "GE",
    "ManufacturersModelName": "DISCOVERY MR750",
    "Modality": "MR",
    "ParallelReductionFactorInPlane": 2,
    "ParallelReductionOutOfPlane": 2,
    "PatientPosition": "HFS",
    "PercentPhaseFOV": 100,
    "PercentSampling": 100,
    "PixelBandwidth": 244.141,
    "ProtocolName": "AHRB 32ch HB 06/06/18",
    "ReconMatrixPE": 256,
    "RepetitionTime": 0.006952,
    "SAR": 0.125821,
    "ScanOptions": "EDR_GEMS\\PROMO_GEMS\\ACC_GEMS\\IR_GEMS",
    "ScanningSequence": "RM",
    "SequenceVariant": "NONE",
    "SeriesDescription": "t1spgr_208sl",
    "SeriesNumber": 6,
    "SliceThickness": 1,
    "SoftwareVersions": "27\\LX\\MR Software release:DV26.0_R02_1810.b",
    "SpacingBetweenSlices": 1,
    "StationName": "MR01MR01",
    "dataset": "AHRB",
    "modality": "T1w",
    "session_id": "2",
    "subject_id": "48"
  },
  "cjv": 0.40449510763968,
  "cnr": 3.250034244847831,
  "efc": 0.5433042727480076,
  "fber": 2042.0790499001114,
  "fwhm_avg": 3.760426666666666,
  "fwhm_x": 3.69317,
  "fwhm_y": 3.85289,
  "fwhm_z": 3.73522,
  "icvs_csf": 0.1961688950761221,
  "icvs_gm": 0.4364967994591948,
  "icvs_wm": 0.36733430546468315,
  "inu_med": 0.9771165251731873,
  "inu_range": 0.772950005531311,
  "provenance": {
    "md5sum": "6050d33e2bade3db320f1d098eb85242",
    "settings": {
      "testing": false
    },
    "software": "mriqc",
    "version": "23.1.0rc0",
    "warnings": {
      "large_rot_frame": true,
      "small_air_mask": false
    }
  },
  "qi_1": 0.00023187893311053633,
  "qi_2": 0.0009771015212396961,
  "rpve_csf": 29.133687400915928,
  "rpve_gm": 14.074283360497976,
  "rpve_wm": 19.35527488728507,
  "size_x": 208,
  "size_y": 256,
  "size_z": 256,
  "snr_csf": 1.26351395919609,
  "snr_gm": 8.246326905569306,
  "snr_total": 7.82101189275884,
  "snr_wm": 13.953194813511125,
  "snrd_csf": 6.620108989678772,
  "snrd_gm": 31.84538095895026,
  "snrd_total": 29.15703476125788,
  "snrd_wm": 49.005614335144614,
  "spacing_x": 1.0,
  "spacing_y": 1.0,
  "spacing_z": 1.0,
  "summary_bg_k": 5.689675300532507,
  "summary_bg_mad": 13.369338179830415,
  "summary_bg_mean": 13.278387376409128,
  "summary_bg_median": 9.017481569200754,
  "summary_bg_n": 2541562.0,
  "summary_bg_p05": 0.0,
  "summary_bg_p95": 44.20225628092885,
  "summary_bg_stdv": 16.20835694211267,
  "summary_csf_k": 2.8207231710924523,
  "summary_csf_mad": 78.08349660858009,
  "summary_csf_mean": 162.64395397892145,
  "summary_csf_median": 135.09625761955976,
  "summary_csf_n": 24043.0,
  "summary_csf_p05": 42.94091530069711,
  "summary_csf_p95": 390.4071621708572,
  "summary_csf_stdv": 106.91884101111876,
  "summary_gm_k": 0.23405550429425315,
  "summary_gm_mad": 76.11500509743942,
  "summary_gm_mean": 649.4475384343727,
  "summary_gm_median": 649.8672146834433,
  "summary_gm_n": 25079.0,
  "summary_gm_p05": 517.5370557047427,
  "summary_gm_p95": 779.4368072185664,
  "summary_gm_stdv": 78.80529908574577,
  "summary_wm_k": 1.1240786210838714,
  "summary_wm_mad": 65.53436322505829,
  "summary_wm_mean": 1006.8397984216499,
  "summary_wm_median": 1000.0553026162088,
  "summary_wm_n": 209431.0,
  "summary_wm_p05": 902.522664539516,
  "summary_wm_p95": 1134.2664086706936,
  "summary_wm_stdv": 71.67196677364555,
  "tpm_overlap_csf": 0.15886705732516923,
  "tpm_overlap_gm": 0.4582306144657621,
  "tpm_overlap_wm": 0.5022121911020706,
  "wm2max": 0.3440992831030159
}