{
  "aor": 0.0006214004914004913,
  "aqi": 0.0045899974201474205,
  "bids_meta": {
    "AcquisitionMatrixPE": 90,
    "BodyPartExamined": "BRAIN",
    "DeviceSerialNumber": "000000000000MR01",
    "EchoTime": 0.03,
    "EffectiveEchoSpacing": 0.000536,
    "FlipAngle": 52,
    "ImageType": [
      "ORIGINAL",
      "PRIMARY",
      "OTHER"
    ],
    "ImagingFrequency": "1277673460",
    "InPlanePhaseEncodingDirectionDICOM": "COL",
    "InstitutionName": "UOFMResearch",
    "MagneticFieldStrength": 3,
    "Manufacturer": "GE",
    "ManufacturersModelName": "DISCOVERY_MR750",
    "Modality": "MR",
    "MultibandAccelerationFactor": 6,
    "PatientPosition": "HFS",
    "PhaseEncodingDirection": "j",
    "PulseSequenceType": "Multiband gradient echo EPI",
    "ReconMatrixPE": 90,
    "RepetitionTime": 0.8,
    "SeriesDescription": "func_mid",
    "SeriesNumber": 9,
    "SliceThickness": 2.4,
    "SliceTiming": [
      0.0,
      0.4,
      0.08,
      0.48,
      0.16,
      0.56,
      0.24,
      0.64,
      0.32,
      0.72,
      0.0,
      0.4,
      0.08,
      0.48,
      0.16,
      0.56,
      0.24,
      0.64,
      0.32,
      0.72,
      0.0,
      0.4,
      0.08,
      0.48,
      0.16,
      0.56,
      0.24,
      0.64,
      0.32,
      0.72,
      0.0,
      0.4,
      0.08,
      0.48,
      0.16,
      0.56,
      0.24,
      0.64,
      0.32,
      0.72,
      0.0,
      0.4,
      0.08,
      0.48,
      0.16,
      0.56,
      0.24,
      0.64,
      0.32,
      0.72,
      0.0,
      0.4,
      0.08,
      0.48,
      0.16,
      0.56,
      0.24,
      0.64,
      0.32,
      0.72
    ],
    "SpacingBetweenSlices": 2.4,
    "StationName": "MR01MR01",
    "TaskName": "func_mid",
    "TotalReadoutTime": 0.048,
    "dataset": "AHRB",
    "modality": "bold",
    "run_id": 2,
    "session_id": "1",
    "subject_id": "45",
    "task_id": "mid"
  },
  "dummy_trs": 0,
  "dvars_nstd": 33.90973362187193,
  "dvars_std": 1.0323309116256156,
  "dvars_vstd": 1.0022806966748765,
  "efc": 0.4809007350381289,
  "fber": 1470.683837890625,
  "fd_mean": 0.06279448792518912,
  "fd_num": 8,
  "fd_perc": 1.9656019656019657,
  "fwhm_avg": 2.9584998824397766,
  "fwhm_x": 2.701449892654026,
  "fwhm_y": 3.1424998751282742,
  "fwhm_z": 3.031549879537031,
  "gcor": 0.0135475,
  "gsr_x": -0.02143779583275318,
  "gsr_y": 0.0715394988656044,
  "provenance": {
    "md5sum": "de0bcce6e607c31fd59d7d87db6cd87a",
    "settings": {
      "fd_thres": 0.2,
      "testing": false
    },
    "software": "mriqc",
    "version": "23.1.0rc0"
  },
  "size_t": 407,
  "size_x": 90,
  "size_y": 90,
  "size_z": 60,
  "snr": 2.620189064761158,
  "spacing_tr": 0.800000011920929,
  "spacing_x": 2.4000000953674316,
  "spacing_y": 2.4000000953674316,
  "spacing_z": 2.4000000953674316,
  "summary_bg_k": 28.756920559430505,
  "summary_bg_mad": 98.18687365852774,
  "summary_bg_mean": 315.8712158203125,
  "summary_bg_median": 128.039306640625,
  "summary_bg_n": 335511.0,
  "summary_bg_p05": 55.77641296386719,
  "summary_bg_p95": 1237.0281982421875,
  "summary_bg_stdv": 500.0935974121094,
  "summary_fg_k": 1.834472366278452,
  "summary_fg_mad": 1724.3682728281942,
  "summary_fg_mean": 5382.0634765625,
  "summary_fg_median": 5047.3525390625,
  "summary_fg_n": 78866.0,
  "summary_fg_p05": 2927.3475341796875,
  "summary_fg_p95": 9028.216552734375,
  "summary_fg_stdv": 1926.3192138671875,
  "tsnr": 36.47834235616028
}