{
  "aor": 0.0005508845208845209,
  "aqi": 0.005400098525798526,
  "bids_meta": {
    "AcquisitionMatrixPE": 90,
    "BodyPartExamined": "BRAIN",
    "DeviceSerialNumber": "000000000000MR01",
    "EchoTime": 0.03,
    "EffectiveEchoSpacing": 0.000536,
    "FlipAngle": 52,
    "ImageType": [
      "ORIGINAL",
      "PRIMARY",
      "OTHER"
    ],
    "ImagingFrequency": "1277673460",
    "InPlanePhaseEncodingDirectionDICOM": "COL",
    "InstitutionName": "UOFMResearch",
    "MagneticFieldStrength": 3,
    "Manufacturer": "GE",
    "ManufacturersModelName": "DISCOVERY_MR750",
    "Modality": "MR",
    "MultibandAccelerationFactor": 6,
    "PatientPosition": "HFS",
    "PhaseEncodingDirection": "j",
    "PulseSequenceType": "Multiband gradient echo EPI",
    "ReconMatrixPE": 90,
    "RepetitionTime": 0.8,
    "SeriesDescription": "func_mid",
    "SeriesNumber": 8,
    "SliceThickness": 2.4,
    "SliceTiming": [
      0.0,
      0.4,
      0.08,
      0.48,
      0.16,
      0.56,
      0.24,
      0.64,
      0.32,
      0.72,
      0.0,
      0.4,
      0.08,
      0.48,
      0.16,
      0.56,
      0.24,
      0.64,
      0.32,
      0.72,
      0.0,
      0.4,
      0.08,
      0.48,
      0.16,
      0.56,
      0.24,
      0.64,
      0.32,
      0.72,
      0.0,
      0.4,
      0.08,
      0.48,
      0.16,
      0.56,
      0.24,
      0.64,
      0.32,
      0.72,
      0.0,
      0.4,
      0.08,
      0.48,
      0.16,
      0.56,
      0.24,
      0.64,
      0.32,
      0.72,
      0.0,
      0.4,
      0.08,
      0.48,
      0.16,
      0.56,
      0.24,
      0.64,
      0.32,
      0.72
    ],
    "SpacingBetweenSlices": 2.4,
    "StationName": "MR01MR01",
    "TaskName": "func_mid",
    "TotalReadoutTime": 0.048,
    "dataset": "AHRB",
    "modality": "bold",
    "run_id": 1,
    "session_id": "1",
    "subject_id": "45",
    "task_id": "mid"
  },
  "dummy_trs": 0,
  "dvars_nstd": 34.12753263480298,
  "dvars_std": 1.0197925430295571,
  "dvars_vstd": 0.99228427773399,
  "efc": 0.48136995815143135,
  "fber": 1626.0743408203125,
  "fd_mean": 0.06878496045305083,
  "fd_num": 3,
  "fd_perc": 0.7371007371007371,
  "fwhm_avg": 2.9951012698742576,
  "fwhm_x": 2.7205207252295525,
  "fwhm_y": 3.1785790403612837,
  "fwhm_z": 3.0862040440319363,
  "gcor": 0.00964058,
  "gsr_x": -0.021043216809630394,
  "gsr_y": 0.07289938628673553,
  "provenance": {
    "md5sum": "7822374de0f03eb5f7ddc10632ba67ef",
    "settings": {
      "fd_thres": 0.2,
      "testing": false
    },
    "software": "mriqc",
    "version": "23.1.0rc0"
  },
  "size_t": 407,
  "size_x": 90,
  "size_y": 90,
  "size_z": 60,
  "snr": 2.6601058148793806,
  "spacing_tr": 0.800000011920929,
  "spacing_x": 2.4000000953674316,
  "spacing_y": 2.4000000953674316,
  "spacing_z": 2.4000000953674316,
  "summary_bg_k": 29.63647787410504,
  "summary_bg_mad": 89.53533115872615,
  "summary_bg_mean": 301.8646545410156,
  "summary_bg_median": 118.62407684326172,
  "summary_bg_n": 334652.0,
  "summary_bg_p05": 52.82801055908203,
  "summary_bg_p95": 1178.5727416992193,
  "summary_bg_stdv": 480.3537292480469,
  "summary_fg_k": 1.7626992049739618,
  "summary_fg_mad": 1658.7495510306117,
  "summary_fg_mean": 5208.64599609375,
  "summary_fg_median": 4895.5107421875,
  "summary_fg_n": 79328.0,
  "summary_fg_p05": 2849.2907958984374,
  "summary_fg_p95": 8684.1162109375,
  "summary_fg_stdv": 1840.332763671875,
  "tsnr": 34.801235374296084
}