{
  "aor": 0.0009428009828009828,
  "aqi": 0.017535108845208845,
  "bids_meta": {
    "AcquisitionMatrixPE": 90,
    "AcquisitionNumber": 1,
    "AcquisitionTime": "16:48:21.000000",
    "BodyPartExamined": "BRAIN",
    "CoilString": "RM:Nova32ch",
    "ConversionSoftware": "dcm2niix",
    "ConversionSoftwareVersion": "v1.0.20211006",
    "Dcm2bidsVersion": "2.1.6",
    "DeviceSerialNumber": "000000000000MR01",
    "EchoTime": 0.03,
    "EffectiveEchoSpacing": 0.000568494,
    "FlipAngle": 52,
    "ImageOrientationPatientDICOM": [
      1,
      0,
      0,
      0,
      1,
      0
    ],
    "ImageType": [
      "ORIGINAL",
      "PRIMARY",
      "OTHER"
    ],
    "ImagingFrequency": 127.767,
    "InPlanePhaseEncodingDirectionDICOM": "COL",
    "InstitutionName": "UOFMResearch",
    "InternalPulseSequenceName": "EPI",
    "MRAcquisitionType": "2D",
    "MagneticFieldStrength": 3,
    "Manufacturer": "GE",
    "ManufacturersModelName": "DISCOVERY MR750",
    "Modality": "MR",
    "MultibandAccelerationFactor": 6,
    "PatientPosition": "HFS",
    "PercentPhaseFOV": 100,
    "PercentSampling": 100,
    "PhaseEncodingDirection": "j",
    "PhaseEncodingPolarityGE": "Flipped",
    "PixelBandwidth": 5555.56,
    "ProtocolName": "AHRB 32ch HB 06/06/18",
    "PulseSequenceName": "epi",
    "PulseSequenceType": "Multiband gradient echo EPI",
    "ReconMatrixPE": 90,
    "RepetitionTime": 0.8,
    "SAR": 0.122944,
    "ScanOptions": "SAT_GEMS\\EDR_GEMS\\MP_GEMS\\EPI_GEMS\\HYPERBAND_GEMS\\PFF\\FS",
    "ScanningSequence": "EP\\RM",
    "SequenceVariant": "NONE",
    "SeriesDescription": "func_mid",
    "SeriesNumber": 8,
    "SliceThickness": 2.4,
    "SliceTiming": [
      0,
      0.436364,
      0.0727273,
      0.509091,
      0.145455,
      0.581818,
      0.218182,
      0.654545,
      0.290909,
      0.727273,
      0.363636,
      0,
      0.436364,
      0.0727273,
      0.509091,
      0.145455,
      0.581818,
      0.218182,
      0.654545,
      0.290909,
      0.727273,
      0.363636,
      0,
      0.436364,
      0.0727273,
      0.509091,
      0.145455,
      0.581818,
      0.218182,
      0.654545,
      0.290909,
      0.727273,
      0.363636,
      0,
      0.436364,
      0.0727273,
      0.509091,
      0.145455,
      0.581818,
      0.218182,
      0.654545,
      0.290909,
      0.727273,
      0.363636,
      0,
      0.436364,
      0.0727273,
      0.509091,
      0.145455,
      0.581818,
      0.218182,
      0.654545,
      0.290909,
      0.727273,
      0.363636,
      0,
      0.436364,
      0.0727273,
      0.509091,
      0.145455
    ],
    "SoftwareVersions": "27\\LX\\MR Software release:DV26.0_R02_1810.b",
    "SpacingBetweenSlices": 2.4,
    "StationName": "MR01MR01",
    "TaskName": "func_mid",
    "TotalReadoutTime": 0.04824,
    "TriggerDelayTime": 787,
    "dataset": "AHRB",
    "modality": "bold",
    "run_id": 1,
    "session_id": "2",
    "subject_id": "02",
    "task_id": "mid"
  },
  "dummy_trs": 0,
  "dvars_nstd": 41.056477668842355,
  "dvars_std": 1.00515491408867,
  "dvars_vstd": 0.9448035731773401,
  "efc": 0.4269685074785574,
  "fber": 8923.583984375,
  "fd_mean": 0.28718601944781563,
  "fd_num": 221,
  "fd_perc": 54.2997542997543,
  "fwhm_avg": 2.2641942007876015,
  "fwhm_x": 2.2801415760619808,
  "fwhm_y": 2.191862412903213,
  "fwhm_z": 2.320578613397611,
  "gcor": 0.0331398,
  "gsr_x": -0.0029415099415928125,
  "gsr_y": 0.015227807685732841,
  "provenance": {
    "md5sum": "7b33c783b576f6d669649c5d9bc32cc8",
    "settings": {
      "fd_thres": 0.2,
      "testing": false
    },
    "software": "mriqc",
    "version": "23.1.0rc0"
  },
  "size_t": 407,
  "size_x": 90,
  "size_y": 90,
  "size_z": 60,
  "snr": 3.614195407273948,
  "spacing_tr": 0.800000011920929,
  "spacing_x": 2.4000000953674316,
  "spacing_y": 2.4000000953674316,
  "spacing_z": 2.40000057220459,
  "summary_bg_k": 81.56280172309528,
  "summary_bg_mad": 13.357991314410512,
  "summary_bg_mean": 30.04888153076172,
  "summary_bg_median": 9.213759422302246,
  "summary_bg_n": 347431.0,
  "summary_bg_p05": 0.004914004821330309,
  "summary_bg_p95": 127.90663146972656,
  "summary_bg_stdv": 68.58940887451172,
  "summary_fg_k": 1.5666517294145628,
  "summary_fg_mad": 215.1448655070161,
  "summary_fg_mean": 898.6637573242188,
  "summary_fg_median": 859.151123046875,
  "summary_fg_n": 66290.0,
  "summary_fg_p05": 586.3267822265625,
  "summary_fg_p95": 1331.138916015625,
  "summary_fg_stdv": 237.7139434814453,
  "tsnr": 27.35326782055199
}