{
  "bids_meta": {
    "AcquisitionMatrixPE": 256,
    "AcquisitionNumber": 1,
    "AcquisitionTime": "14:31:37.000000",
    "BodyPartExamined": "HEAD",
    "CoilString": "RM:Nova32ch",
    "ConversionSoftware": "dcm2niix",
    "ConversionSoftwareVersion": "v1.0.20211006",
    "Dcm2bidsVersion": "2.1.6",
    "DeviceSerialNumber": "000000000000MR01",
    "EchoTime": 0.00292,
    "FlipAngle": 8,
    "ImageOrientationPatientDICOM": [
      0,
      1,
      0,
      0,
      0,
      -1
    ],
    "ImageType": [
      "ORIGINAL",
      "PRIMARY",
      "OTHER"
    ],
    "ImagingFrequency": 127.767,
    "InPlanePhaseEncodingDirectionDICOM": "ROW",
    "InstitutionName": "UOFMResearch",
    "InversionTime": 1.06,
    "MRAcquisitionType": "3D",
    "MagneticFieldStrength": 3,
    "Manufacturer": "GE",
    "ManufacturersModelName": "DISCOVERY MR750",
    "Modality": "MR",
    "ParallelReductionFactorInPlane": 2,
    "ParallelReductionOutOfPlane": 2,
    "PatientPosition": "HFS",
    "PercentPhaseFOV": 100,
    "PercentSampling": 100,
    "PixelBandwidth": 244.141,
    "ProtocolName": "AHRB 32ch HB 06/06/18",
    "ReconMatrixPE": 256,
    "RepetitionTime": 0.006952,
    "SAR": 0.118401,
    "ScanOptions": "EDR_GEMS\\PROMO_GEMS\\ACC_GEMS\\IR_GEMS",
    "ScanningSequence": "RM",
    "SequenceVariant": "NONE",
    "SeriesDescription": "t1spgr_208sl",
    "SeriesNumber": 6,
    "SliceThickness": 1,
    "SoftwareVersions": "27\\LX\\MR Software release:DV26.0_R02_1810.b",
    "SpacingBetweenSlices": 1,
    "StationName": "MR01MR01",
    "dataset": "AHRB",
    "modality": "T1w",
    "session_id": "2",
    "subject_id": "62"
  },
  "cjv": 0.45483902524303477,
  "cnr": 2.809232821330009,
  "efc": 0.5629938511673235,
  "fber": 1938.1411322132944,
  "fwhm_avg": 3.6947966666666665,
  "fwhm_x": 3.62575,
  "fwhm_y": 3.84836,
  "fwhm_z": 3.61028,
  "icvs_csf": 0.16978391174843463,
  "icvs_gm": 0.4256978844537431,
  "icvs_wm": 0.4045182037978223,
  "inu_med": 1.0033122897148132,
  "inu_range": 0.7153241813182835,
  "provenance": {
    "md5sum": "4cfc906dc0e33a8e20187f99818d440c",
    "settings": {
      "testing": false
    },
    "software": "mriqc",
    "version": "23.1.0rc0",
    "warnings": {
      "large_rot_frame": true,
      "small_air_mask": false
    }
  },
  "qi_1": 0.0,
  "qi_2": 0.0007935381522823879,
  "rpve_csf": 34.444506287677775,
  "rpve_gm": 14.515124255759773,
  "rpve_wm": 17.73772852967773,
  "size_x": 208,
  "size_y": 256,
  "size_z": 256,
  "snr_csf": 1.303101020645698,
  "snr_gm": 7.741376052576482,
  "snr_total": 6.666580375915243,
  "snr_wm": 10.95526405452355,
  "snrd_csf": 8.014146905698352,
  "snrd_gm": 33.80654388634972,
  "snrd_total": 31.377025458275124,
  "snrd_wm": 52.3103855827773,
  "spacing_x": 1.0,
  "spacing_y": 1.0,
  "spacing_z": 1.0,
  "summary_bg_k": 9.759280444661098,
  "summary_bg_mad": 12.524623158064227,
  "summary_bg_mean": 18.2095940546532,
  "summary_bg_median": 8.4477299451828,
  "summary_bg_n": 2722635.0,
  "summary_bg_p05": 0.0,
  "summary_bg_p95": 64.36594236642122,
  "summary_bg_stdv": 23.541977649464105,
  "summary_csf_k": 1.414965831549094,
  "summary_csf_mad": 105.28511342247741,
  "summary_csf_mean": 179.807247156721,
  "summary_csf_median": 153.21110218763351,
  "summary_csf_n": 16624.0,
  "summary_csf_p05": 38.16597991995514,
  "summary_csf_p95": 411.5652431901542,
  "summary_csf_stdv": 117.57069602519286,
  "summary_gm_k": 0.110873007828173,
  "summary_gm_mad": 80.98307473793801,
  "summary_gm_mean": 647.1350814472847,
  "summary_gm_median": 646.2993392720819,
  "summary_gm_n": 22933.0,
  "summary_gm_p05": 509.91649912297726,
  "summary_gm_p95": 787.6068219915032,
  "summary_gm_stdv": 83.48454379372797,
  "summary_wm_k": 1.318513694082454,
  "summary_wm_mad": 79.91563526423936,
  "summary_wm_mean": 1014.3429507370768,
  "summary_wm_median": 1000.0480307266116,
  "summary_wm_n": 211026.0,
  "summary_wm_p05": 891.6194969415665,
  "summary_wm_p95": 1188.8739943876863,
  "summary_wm_stdv": 91.28448718867588,
  "tpm_overlap_csf": 0.15973467904716576,
  "tpm_overlap_gm": 0.4510064959621628,
  "tpm_overlap_wm": 0.49825969049719915,
  "wm2max": 0.374381626805233
}