{
  "aor": 0.0010080098280098278,
  "aqi": 0.008947628624078625,
  "bids_meta": {
    "AcquisitionMatrixPE": 90,
    "BodyPartExamined": "BRAIN",
    "DeviceSerialNumber": "000000000000MR01",
    "EchoTime": 0.03,
    "EffectiveEchoSpacing": 0.000536,
    "FlipAngle": 52,
    "ImageType": [
      "ORIGINAL",
      "PRIMARY",
      "OTHER"
    ],
    "ImagingFrequency": "1277672650",
    "InPlanePhaseEncodingDirectionDICOM": "COL",
    "InstitutionName": "UOFMResearch",
    "MagneticFieldStrength": 3,
    "Manufacturer": "GE",
    "ManufacturersModelName": "DISCOVERY_MR750",
    "Modality": "MR",
    "MultibandAccelerationFactor": 6,
    "PatientPosition": "HFS",
    "PhaseEncodingDirection": "j",
    "PulseSequenceType": "Multiband gradient echo EPI",
    "ReconMatrixPE": 90,
    "RepetitionTime": 0.8,
    "SeriesDescription": "func_mid",
    "SeriesNumber": 8,
    "SliceThickness": 2.4,
    "SliceTiming": [
      0.0,
      0.4,
      0.08,
      0.48,
      0.16,
      0.56,
      0.24,
      0.64,
      0.32,
      0.72,
      0.0,
      0.4,
      0.08,
      0.48,
      0.16,
      0.56,
      0.24,
      0.64,
      0.32,
      0.72,
      0.0,
      0.4,
      0.08,
      0.48,
      0.16,
      0.56,
      0.24,
      0.64,
      0.32,
      0.72,
      0.0,
      0.4,
      0.08,
      0.48,
      0.16,
      0.56,
      0.24,
      0.64,
      0.32,
      0.72,
      0.0,
      0.4,
      0.08,
      0.48,
      0.16,
      0.56,
      0.24,
      0.64,
      0.32,
      0.72,
      0.0,
      0.4,
      0.08,
      0.48,
      0.16,
      0.56,
      0.24,
      0.64,
      0.32,
      0.72
    ],
    "SpacingBetweenSlices": 2.4,
    "StationName": "MR01MR01",
    "TaskName": "func_mid",
    "TotalReadoutTime": 0.048,
    "dataset": "AHRB",
    "modality": "bold",
    "run_id": 1,
    "session_id": "1",
    "subject_id": "51",
    "task_id": "mid"
  },
  "dummy_trs": 0,
  "dvars_nstd": 37.86676730051724,
  "dvars_std": 1.0328236773645318,
  "dvars_vstd": 1.0056013763793101,
  "efc": 0.5111439084973018,
  "fber": 831.3875122070312,
  "fd_mean": 0.1255051665075654,
  "fd_num": 44,
  "fd_perc": 10.81081081081081,
  "fwhm_avg": 2.621316562504905,
  "fwhm_x": 2.4249499036411484,
  "fwhm_y": 2.7862915559493877,
  "fwhm_z": 2.652708227924179,
  "gcor": 0.0118632,
  "gsr_x": -0.03156955912709236,
  "gsr_y": 0.07191415131092072,
  "provenance": {
    "md5sum": "53d9270b3a453de8d962c722b708e6aa",
    "settings": {
      "fd_thres": 0.2,
      "testing": false
    },
    "software": "mriqc",
    "version": "23.1.0rc0"
  },
  "size_t": 407,
  "size_x": 90,
  "size_y": 90,
  "size_z": 60,
  "snr": 3.3375216254934816,
  "spacing_tr": 0.800000011920929,
  "spacing_x": 2.4000000953674316,
  "spacing_y": 2.4000000953674316,
  "spacing_z": 2.4000000953674316,
  "summary_bg_k": 25.733434106977437,
  "summary_bg_mad": 215.4071645704692,
  "summary_bg_mean": 530.0436401367188,
  "summary_bg_median": 240.94102478027344,
  "summary_bg_n": 334473.0,
  "summary_bg_p05": 84.76412963867188,
  "summary_bg_p95": 1999.9556884765625,
  "summary_bg_stdv": 784.2767333984375,
  "summary_fg_k": 1.9448671245308757,
  "summary_fg_mad": 1826.3111109425959,
  "summary_fg_mean": 7476.31787109375,
  "summary_fg_median": 7114.466796875,
  "summary_fg_n": 82298.0,
  "summary_fg_p05": 4717.43486328125,
  "summary_fg_p95": 11488.559863281245,
  "summary_fg_stdv": 2131.648681640625,
  "tsnr": 31.438727671746165
}