{
  "aor": 0.0003775123152709359,
  "aqi": 0.00440479802955665,
  "bids_meta": {
    "AcquisitionMatrixPE": 90,
    "AcquisitionNumber": 1,
    "AcquisitionTime": "14:32:28.000000",
    "BodyPartExamined": "BRAIN",
    "CoilString": "RM:Nova32ch",
    "ConversionSoftware": "dcm2niix",
    "ConversionSoftwareVersion": "v1.0.20211006",
    "Dcm2bidsVersion": "2.1.6",
    "DeviceSerialNumber": "000000000000MR01",
    "EchoTime": 0.03,
    "EffectiveEchoSpacing": 0.000568494,
    "FlipAngle": 52,
    "ImageOrientationPatientDICOM": [
      1,
      0,
      0,
      0,
      1,
      0
    ],
    "ImageType": [
      "ORIGINAL",
      "PRIMARY",
      "OTHER"
    ],
    "ImagingFrequency": 127.767,
    "InPlanePhaseEncodingDirectionDICOM": "COL",
    "InstitutionName": "UOFMResearch",
    "InternalPulseSequenceName": "EPI",
    "MRAcquisitionType": "2D",
    "MagneticFieldStrength": 3,
    "Manufacturer": "GE",
    "ManufacturersModelName": "DISCOVERY MR750",
    "Modality": "MR",
    "MultibandAccelerationFactor": 6,
    "PatientPosition": "HFS",
    "PercentPhaseFOV": 100,
    "PercentSampling": 100,
    "PhaseEncodingDirection": "j",
    "PhaseEncodingPolarityGE": "Flipped",
    "PixelBandwidth": 5555.56,
    "ProtocolName": "AHRB 32ch HB 06/06/18",
    "PulseSequenceName": "epi",
    "PulseSequenceType": "Multiband gradient echo EPI",
    "ReconMatrixPE": 90,
    "RepetitionTime": 0.8,
    "SAR": 0.149805,
    "ScanOptions": "SAT_GEMS\\EDR_GEMS\\MP_GEMS\\EPI_GEMS\\HYPERBAND_GEMS\\PFF\\FS",
    "ScanningSequence": "EP\\RM",
    "SequenceVariant": "NONE",
    "SeriesDescription": "func_mid",
    "SeriesNumber": 9,
    "SliceThickness": 2.4,
    "SliceTiming": [
      0,
      0.436364,
      0.0727273,
      0.509091,
      0.145455,
      0.581818,
      0.218182,
      0.654545,
      0.290909,
      0.727273,
      0.363636,
      0,
      0.436364,
      0.0727273,
      0.509091,
      0.145455,
      0.581818,
      0.218182,
      0.654545,
      0.290909,
      0.727273,
      0.363636,
      0,
      0.436364,
      0.0727273,
      0.509091,
      0.145455,
      0.581818,
      0.218182,
      0.654545,
      0.290909,
      0.727273,
      0.363636,
      0,
      0.436364,
      0.0727273,
      0.509091,
      0.145455,
      0.581818,
      0.218182,
      0.654545,
      0.290909,
      0.727273,
      0.363636,
      0,
      0.436364,
      0.0727273,
      0.509091,
      0.145455,
      0.581818,
      0.218182,
      0.654545,
      0.290909,
      0.727273,
      0.363636,
      0,
      0.436364,
      0.0727273,
      0.509091,
      0.145455
    ],
    "SoftwareVersions": "27\\LX\\MR Software release:DV26.0_R02_1810.b",
    "SpacingBetweenSlices": 2.4,
    "StationName": "MR01MR01",
    "TaskName": "func_mid",
    "TotalReadoutTime": 0.04824,
    "TriggerDelayTime": 787,
    "dataset": "AHRB",
    "modality": "bold",
    "run_id": 1,
    "session_id": "2",
    "subject_id": "103",
    "task_id": "mid"
  },
  "dummy_trs": 1,
  "dvars_nstd": 29.74635750582716,
  "dvars_std": 1.049629270518519,
  "dvars_vstd": 1.0002341778518522,
  "efc": 0.4609575224296125,
  "fber": 8108.9638671875,
  "fd_mean": 0.1044530181306238,
  "fd_num": 6,
  "fd_perc": 1.477832512315271,
  "fwhm_avg": 2.5334257534591806,
  "fwhm_x": 2.532804066022076,
  "fwhm_y": 2.4880915677987905,
  "fwhm_z": 2.579381626556676,
  "gcor": 0.0162616,
  "gsr_x": 0.0018192006973549724,
  "gsr_y": 0.03569886460900307,
  "provenance": {
    "md5sum": "98a2f4c982d3411760c2709aabc7f512",
    "settings": {
      "fd_thres": 0.2,
      "testing": false
    },
    "software": "mriqc",
    "version": "23.1.0rc0"
  },
  "size_t": 406,
  "size_x": 90,
  "size_y": 90,
  "size_z": 60,
  "snr": 3.263032505884588,
  "spacing_tr": 0.800000011920929,
  "spacing_x": 2.4000000953674316,
  "spacing_y": 2.4000000953674316,
  "spacing_z": 2.3999977111816406,
  "summary_bg_k": 90.63265465860756,
  "summary_bg_mad": 15.501592997283247,
  "summary_bg_mean": 40.9210205078125,
  "summary_bg_median": 10.522167205810547,
  "summary_bg_n": 331661.0,
  "summary_bg_p05": 0.0,
  "summary_bg_p95": 163.84974670410156,
  "summary_bg_stdv": 102.10407257080078,
  "summary_fg_k": 1.6522525975355462,
  "summary_fg_mad": 264.5677597556124,
  "summary_fg_mean": 970.439453125,
  "summary_fg_median": 929.2684326171875,
  "summary_fg_n": 82839.0,
  "summary_fg_p05": 593.5723754882813,
  "summary_fg_p95": 1482.2825195312494,
  "summary_fg_stdv": 284.7850341796875,
  "tsnr": 45.07647306821309
}