{
  "aor": 0.0008247911547911549,
  "aqi": 0.0080755643980344,
  "bids_meta": {
    "AcquisitionMatrixPE": 90,
    "BodyPartExamined": "BRAIN",
    "DeviceSerialNumber": "000000000000MR01",
    "EchoTime": 0.03,
    "EffectiveEchoSpacing": 0.000536,
    "FlipAngle": 52,
    "ImageType": [
      "ORIGINAL",
      "PRIMARY",
      "OTHER"
    ],
    "ImagingFrequency": "1277672380",
    "InPlanePhaseEncodingDirectionDICOM": "COL",
    "InstitutionName": "UOFMResearch",
    "MagneticFieldStrength": 3,
    "Manufacturer": "GE",
    "ManufacturersModelName": "DISCOVERY_MR750",
    "Modality": "MR",
    "MultibandAccelerationFactor": 6,
    "PatientPosition": "HFS",
    "PhaseEncodingDirection": "j",
    "PulseSequenceType": "Multiband gradient echo EPI",
    "ReconMatrixPE": 90,
    "RepetitionTime": 0.8,
    "SeriesDescription": "func_mid",
    "SeriesNumber": 9,
    "SliceThickness": 2.4,
    "SliceTiming": [
      0.0,
      0.4,
      0.08,
      0.48,
      0.16,
      0.56,
      0.24,
      0.64,
      0.32,
      0.72,
      0.0,
      0.4,
      0.08,
      0.48,
      0.16,
      0.56,
      0.24,
      0.64,
      0.32,
      0.72,
      0.0,
      0.4,
      0.08,
      0.48,
      0.16,
      0.56,
      0.24,
      0.64,
      0.32,
      0.72,
      0.0,
      0.4,
      0.08,
      0.48,
      0.16,
      0.56,
      0.24,
      0.64,
      0.32,
      0.72,
      0.0,
      0.4,
      0.08,
      0.48,
      0.16,
      0.56,
      0.24,
      0.64,
      0.32,
      0.72,
      0.0,
      0.4,
      0.08,
      0.48,
      0.16,
      0.56,
      0.24,
      0.64,
      0.32,
      0.72
    ],
    "SpacingBetweenSlices": 2.4,
    "StationName": "MR01MR01",
    "TaskName": "func_mid",
    "TotalReadoutTime": 0.048,
    "dataset": "AHRB",
    "modality": "bold",
    "run_id": 2,
    "session_id": "1",
    "subject_id": "58",
    "task_id": "mid"
  },
  "dummy_trs": 0,
  "dvars_nstd": 39.35179543128081,
  "dvars_std": 1.0207524043103442,
  "dvars_vstd": 0.9984474011576356,
  "efc": 0.5394570729333255,
  "fber": 584.203369140625,
  "fd_mean": 0.11083557424984883,
  "fd_num": 22,
  "fd_perc": 5.405405405405405,
  "fwhm_avg": 2.5343610104046523,
  "fwhm_x": 2.2293999114116065,
  "fwhm_y": 2.679829060179827,
  "fwhm_z": 2.6938540596225238,
  "gcor": 0.010082,
  "gsr_x": -0.009620635770261288,
  "gsr_y": 0.07009897381067276,
  "provenance": {
    "md5sum": "cf0e66b625b87d375cf34a9ec5c0087e",
    "settings": {
      "fd_thres": 0.2,
      "testing": false
    },
    "software": "mriqc",
    "version": "23.1.0rc0"
  },
  "size_t": 407,
  "size_x": 90,
  "size_y": 90,
  "size_z": 60,
  "snr": 2.941853012239607,
  "spacing_tr": 0.800000011920929,
  "spacing_x": 2.4000000953674316,
  "spacing_y": 2.4000000953674316,
  "spacing_z": 2.4000000953674316,
  "summary_bg_k": 14.172109205706064,
  "summary_bg_mad": 192.85120968523373,
  "summary_bg_mean": 514.7948608398438,
  "summary_bg_median": 212.69041442871094,
  "summary_bg_n": 322691.0,
  "summary_bg_p05": 67.9262924194336,
  "summary_bg_p95": 2227.052734375,
  "summary_bg_stdv": 795.5059814453125,
  "summary_fg_k": 2.6468188578648473,
  "summary_fg_mad": 1578.943853487615,
  "summary_fg_mean": 5590.98486328125,
  "summary_fg_median": 5297.0576171875,
  "summary_fg_n": 86066.0,
  "summary_fg_p05": 3299.7591552734375,
  "summary_fg_p95": 8911.495361328125,
  "summary_fg_stdv": 1800.574951171875,
  "tsnr": 30.088892300613225
}