{
  "bids_meta": {
    "AcquisitionMatrixPE": 256,
    "AcquisitionNumber": 1,
    "AcquisitionTime": "17:04:14.000000",
    "BodyPartExamined": "HEAD",
    "CoilString": "RM:Nova32ch",
    "ConversionSoftware": "dcm2niix",
    "ConversionSoftwareVersion": "v1.0.20211006",
    "Dcm2bidsVersion": "2.1.6",
    "DeviceSerialNumber": "000000000000MR01",
    "EchoTime": 0.00292,
    "FlipAngle": 8,
    "ImageOrientationPatientDICOM": [
      0,
      1,
      0,
      0,
      0,
      -1
    ],
    "ImageType": [
      "ORIGINAL",
      "PRIMARY",
      "OTHER"
    ],
    "ImagingFrequency": 127.767,
    "InPlanePhaseEncodingDirectionDICOM": "ROW",
    "InstitutionName": "UOFMResearch",
    "InversionTime": 1.06,
    "MRAcquisitionType": "3D",
    "MagneticFieldStrength": 3,
    "Manufacturer": "GE",
    "ManufacturersModelName": "DISCOVERY MR750",
    "Modality": "MR",
    "ParallelReductionFactorInPlane": 2,
    "ParallelReductionOutOfPlane": 2,
    "PatientPosition": "HFS",
    "PercentPhaseFOV": 100,
    "PercentSampling": 100,
    "PixelBandwidth": 244.141,
    "ProtocolName": "AHRB 32ch MB 08/10/17",
    "ReconMatrixPE": 256,
    "RepetitionTime": 0.006952,
    "SAR": 0.202837,
    "ScanOptions": "EDR_GEMS\\PROMO_GEMS\\ACC_GEMS",
    "ScanningSequence": "RM",
    "SequenceVariant": "NONE",
    "SeriesDescription": "t1spgr_208sl",
    "SeriesNumber": 6,
    "SliceThickness": 1,
    "SoftwareVersions": "27\\LX\\MR Software release:DV25.1_R01_1617.b",
    "SpacingBetweenSlices": 1,
    "StationName": "MR01MR01",
    "dataset": "AHRB",
    "modality": "T1w",
    "session_id": "1",
    "subject_id": "16"
  },
  "cjv": 0.4107052860045882,
  "cnr": 3.081097033021287,
  "efc": 0.512333857982995,
  "fber": 3886.6151116401065,
  "fwhm_avg": 3.70081,
  "fwhm_x": 3.6605,
  "fwhm_y": 3.86256,
  "fwhm_z": 3.57937,
  "icvs_csf": 0.19749217201362615,
  "icvs_gm": 0.42357658108382396,
  "icvs_wm": 0.3789312469025499,
  "inu_med": 1.0328387022018433,
  "inu_range": 0.6580015778541564,
  "provenance": {
    "md5sum": "3b2e17fce36a147d1bd4cb6122ebe985",
    "settings": {
      "testing": false
    },
    "software": "mriqc",
    "version": "23.1.0rc0",
    "warnings": {
      "large_rot_frame": true,
      "small_air_mask": false
    }
  },
  "qi_1": 0.0,
  "qi_2": 0.0009840539851617798,
  "rpve_csf": 34.06374743166599,
  "rpve_gm": 16.392269553828438,
  "rpve_wm": 20.77220171937695,
  "size_x": 208,
  "size_y": 256,
  "size_z": 256,
  "snr_csf": 1.3741213565350205,
  "snr_gm": 8.202721928552862,
  "snr_total": 7.070457951736522,
  "snr_wm": 11.634530570121681,
  "snrd_csf": 7.414353720729027,
  "snrd_gm": 27.772699350350152,
  "snrd_total": 26.21268221912004,
  "snrd_wm": 43.450993586280944,
  "spacing_x": 1.0,
  "spacing_y": 1.0,
  "spacing_z": 1.0,
  "summary_bg_k": 8.252834998924849,
  "summary_bg_mad": 15.07928730158478,
  "summary_bg_mean": 12.671996062026299,
  "summary_bg_median": 10.170824725180864,
  "summary_bg_n": 2373663.0,
  "summary_bg_p05": 0.0,
  "summary_bg_p95": 42.650032963603735,
  "summary_bg_stdv": 15.988833533883462,
  "summary_csf_k": 1.6148542548884288,
  "summary_csf_mad": 124.7165364114498,
  "summary_csf_mean": 195.37813897247952,
  "summary_csf_median": 170.65632425621152,
  "summary_csf_n": 21037.0,
  "summary_csf_p05": 37.81748640909791,
  "summary_csf_p95": 423.8255713105203,
  "summary_csf_stdv": 124.19009958404962,
  "summary_gm_k": 0.28218702222491343,
  "summary_gm_mad": 74.39670475312269,
  "summary_gm_mean": 639.5078945026377,
  "summary_gm_median": 639.2447628378868,
  "summary_gm_n": 25773.0,
  "summary_gm_p05": 511.2159945845604,
  "summary_gm_p95": 769.8583815738558,
  "summary_gm_stdv": 77.92929796264762,
  "summary_wm_k": 2.0359175297991143,
  "summary_wm_mad": 73.81352789615532,
  "summary_wm_mean": 1013.4126081736839,
  "summary_wm_median": 1000.1123671755195,
  "summary_wm_n": 177186.0,
  "summary_wm_p05": 900.8765856027603,
  "summary_wm_p95": 1176.2614987073466,
  "summary_wm_stdv": 85.9604552958437,
  "tpm_overlap_csf": 0.1484208913357702,
  "tpm_overlap_gm": 0.4671495978166318,
  "tpm_overlap_wm": 0.5015508584573604,
  "wm2max": 0.31327888474266
}