{
  "aor": 0.0011582309582309582,
  "aqi": 0.006365488968058968,
  "bids_meta": {
    "AcquisitionMatrixPE": 90,
    "AcquisitionNumber": 1,
    "AcquisitionTime": "17:25:21.000000",
    "BodyPartExamined": "BRAIN",
    "CoilString": "RM:Nova32ch",
    "ConversionSoftware": "dcm2niix",
    "ConversionSoftwareVersion": "v1.0.20211006",
    "Dcm2bidsVersion": "2.1.6",
    "DeviceSerialNumber": "000000000000MR01",
    "EchoTime": 0.03,
    "EffectiveEchoSpacing": 0.000568494,
    "FlipAngle": 52,
    "ImageOrientationPatientDICOM": [
      1,
      0,
      0,
      0,
      1,
      0
    ],
    "ImageType": [
      "ORIGINAL",
      "PRIMARY",
      "OTHER"
    ],
    "ImagingFrequency": 127.767,
    "InPlanePhaseEncodingDirectionDICOM": "COL",
    "InstitutionName": "UOFMResearch",
    "InternalPulseSequenceName": "EPI",
    "MRAcquisitionType": "2D",
    "MagneticFieldStrength": 3,
    "Manufacturer": "GE",
    "ManufacturersModelName": "DISCOVERY MR750",
    "Modality": "MR",
    "MultibandAccelerationFactor": 6,
    "PatientPosition": "HFS",
    "PercentPhaseFOV": 100,
    "PercentSampling": 100,
    "PhaseEncodingDirection": "j",
    "PhaseEncodingPolarityGE": "Flipped",
    "PixelBandwidth": 5555.56,
    "ProtocolName": "AHRB 32ch HB 06/06/18",
    "PulseSequenceName": "epi",
    "PulseSequenceType": "Multiband gradient echo EPI",
    "ReconMatrixPE": 90,
    "RepetitionTime": 0.8,
    "SAR": 0.138517,
    "ScanOptions": "SAT_GEMS\\EDR_GEMS\\MP_GEMS\\EPI_GEMS\\HYPERBAND_GEMS\\PFF\\FS",
    "ScanningSequence": "EP\\RM",
    "SequenceVariant": "NONE",
    "SeriesDescription": "func_mid",
    "SeriesNumber": 8,
    "SliceThickness": 2.4,
    "SliceTiming": [
      0,
      0.436364,
      0.0727273,
      0.509091,
      0.145455,
      0.581818,
      0.218182,
      0.654545,
      0.290909,
      0.727273,
      0.363636,
      0,
      0.436364,
      0.0727273,
      0.509091,
      0.145455,
      0.581818,
      0.218182,
      0.654545,
      0.290909,
      0.727273,
      0.363636,
      0,
      0.436364,
      0.0727273,
      0.509091,
      0.145455,
      0.581818,
      0.218182,
      0.654545,
      0.290909,
      0.727273,
      0.363636,
      0,
      0.436364,
      0.0727273,
      0.509091,
      0.145455,
      0.581818,
      0.218182,
      0.654545,
      0.290909,
      0.727273,
      0.363636,
      0,
      0.436364,
      0.0727273,
      0.509091,
      0.145455,
      0.581818,
      0.218182,
      0.654545,
      0.290909,
      0.727273,
      0.363636,
      0,
      0.436364,
      0.0727273,
      0.509091,
      0.145455
    ],
    "SoftwareVersions": "27\\LX\\MR Software release:DV26.0_R02_1810.b",
    "SpacingBetweenSlices": 2.4,
    "StationName": "MR01MR01",
    "TaskName": "func_mid",
    "TotalReadoutTime": 0.04824,
    "TriggerDelayTime": 787,
    "dataset": "AHRB",
    "modality": "bold",
    "run_id": 1,
    "session_id": "1",
    "subject_id": "100",
    "task_id": "mid"
  },
  "dummy_trs": 0,
  "dvars_nstd": 36.73909532142856,
  "dvars_std": 1.1067682360837434,
  "dvars_vstd": 1.0061227422413797,
  "efc": 0.4723511069181476,
  "fber": 3023.089599609375,
  "fd_mean": 0.1356113041846008,
  "fd_num": 57,
  "fd_perc": 14.004914004914005,
  "fwhm_avg": 2.6272834032331054,
  "fwhm_x": 2.6222207291356434,
  "fwhm_y": 2.627808228913616,
  "fwhm_z": 2.6318212516500554,
  "gcor": 0.0238096,
  "gsr_x": 0.050954513251781464,
  "gsr_y": 0.029670901596546173,
  "provenance": {
    "md5sum": "fd508fd62829a69c96a06de869c7001c",
    "settings": {
      "fd_thres": 0.2,
      "testing": false
    },
    "software": "mriqc",
    "version": "23.1.0rc0"
  },
  "size_t": 407,
  "size_x": 90,
  "size_y": 90,
  "size_z": 60,
  "snr": 2.7274789670126536,
  "spacing_tr": 0.800000011920929,
  "spacing_x": 2.4000000953674316,
  "spacing_y": 2.4000000953674316,
  "spacing_z": 2.3999996185302734,
  "summary_bg_k": 65.66860996161213,
  "summary_bg_mad": 25.506584726789868,
  "summary_bg_mean": 69.31664276123047,
  "summary_bg_median": 18.036853790283203,
  "summary_bg_n": 337406.0,
  "summary_bg_p05": 0.017199017107486725,
  "summary_bg_p95": 305.28868865966797,
  "summary_bg_stdv": 155.88864135742188,
  "summary_fg_k": 2.6985583043322343,
  "summary_fg_mad": 312.75613247308314,
  "summary_fg_mean": 1055.5067138671875,
  "summary_fg_median": 979.923828125,
  "summary_fg_n": 75283.0,
  "summary_fg_p05": 621.8525390625,
  "summary_fg_p95": 1735.5253173828119,
  "summary_fg_stdv": 359.2758483886719,
  "tsnr": 38.849592610495165
}