{
  "aor": 0.003845012285012285,
  "aqi": 0.007943644766584766,
  "bids_meta": {
    "AcquisitionMatrixPE": 90,
    "BodyPartExamined": "BRAIN",
    "DeviceSerialNumber": "000000000000MR01",
    "EchoTime": 0.03,
    "EffectiveEchoSpacing": 0.000536,
    "FlipAngle": 52,
    "ImageType": [
      "ORIGINAL",
      "PRIMARY",
      "OTHER"
    ],
    "ImagingFrequency": "1277672400",
    "InPlanePhaseEncodingDirectionDICOM": "COL",
    "InstitutionName": "UOFMResearch",
    "MagneticFieldStrength": 3,
    "Manufacturer": "GE",
    "ManufacturersModelName": "DISCOVERY_MR750",
    "Modality": "MR",
    "MultibandAccelerationFactor": 6,
    "PatientPosition": "HFS",
    "PhaseEncodingDirection": "j",
    "PulseSequenceType": "Multiband gradient echo EPI",
    "ReconMatrixPE": 90,
    "RepetitionTime": 0.8,
    "SeriesDescription": "func_mid",
    "SeriesNumber": 9,
    "SliceThickness": 2.4,
    "SliceTiming": [
      0.0,
      0.4,
      0.08,
      0.48,
      0.16,
      0.56,
      0.24,
      0.64,
      0.32,
      0.72,
      0.0,
      0.4,
      0.08,
      0.48,
      0.16,
      0.56,
      0.24,
      0.64,
      0.32,
      0.72,
      0.0,
      0.4,
      0.08,
      0.48,
      0.16,
      0.56,
      0.24,
      0.64,
      0.32,
      0.72,
      0.0,
      0.4,
      0.08,
      0.48,
      0.16,
      0.56,
      0.24,
      0.64,
      0.32,
      0.72,
      0.0,
      0.4,
      0.08,
      0.48,
      0.16,
      0.56,
      0.24,
      0.64,
      0.32,
      0.72,
      0.0,
      0.4,
      0.08,
      0.48,
      0.16,
      0.56,
      0.24,
      0.64,
      0.32,
      0.72
    ],
    "SpacingBetweenSlices": 2.4,
    "StationName": "MR01MR01",
    "TaskName": "func_mid",
    "TotalReadoutTime": 0.048,
    "dataset": "AHRB",
    "modality": "bold",
    "run_id": 2,
    "session_id": "1",
    "subject_id": "25",
    "task_id": "mid"
  },
  "dummy_trs": 0,
  "dvars_nstd": 34.279474366551696,
  "dvars_std": 1.0334967944334983,
  "dvars_vstd": 1.0262644104679803,
  "efc": 0.4886110892584619,
  "fber": 1176.0196533203125,
  "fd_mean": 0.12714100299280112,
  "fd_num": 45,
  "fd_perc": 11.056511056511056,
  "fwhm_avg": 2.915059606388161,
  "fwhm_x": 2.657616561062473,
  "fwhm_y": 3.133916542136012,
  "fwhm_z": 2.9536457159659975,
  "gcor": 0.0115441,
  "gsr_x": -0.019971931353211403,
  "gsr_y": 0.07132503390312195,
  "provenance": {
    "md5sum": "8032bc57ddda58fe1dae4936c1b1e559",
    "settings": {
      "fd_thres": 0.2,
      "testing": false
    },
    "software": "mriqc",
    "version": "23.1.0rc0"
  },
  "size_t": 407,
  "size_x": 90,
  "size_y": 90,
  "size_z": 60,
  "snr": 3.003256244469929,
  "spacing_tr": 0.800000011920929,
  "spacing_x": 2.4000000953674316,
  "spacing_y": 2.4000000953674316,
  "spacing_z": 2.4000000953674316,
  "summary_bg_k": 26.33282616066516,
  "summary_bg_mad": 176.59358819154792,
  "summary_bg_mean": 432.3386535644531,
  "summary_bg_median": 191.21621704101562,
  "summary_bg_n": 337614.0,
  "summary_bg_p05": 62.81326675415039,
  "summary_bg_p95": 1614.2080932617175,
  "summary_bg_stdv": 646.540771484375,
  "summary_fg_k": 0.6582246199884598,
  "summary_fg_mad": 2047.978240780796,
  "summary_fg_mean": 6991.11328125,
  "summary_fg_median": 6646.83154296875,
  "summary_fg_n": 78076.0,
  "summary_fg_p05": 3974.7260131835938,
  "summary_fg_p95": 11143.965087890625,
  "summary_fg_stdv": 2213.194091796875,
  "tsnr": 31.118856551358476
}