{
  "aor": 0.008335798525798523,
  "aqi": 0.009439080294840294,
  "bids_meta": {
    "AcquisitionMatrixPE": 90,
    "AcquisitionNumber": 1,
    "AcquisitionTime": "14:57:45.000000",
    "BodyPartExamined": "BRAIN",
    "CoilString": "RM:Nova32ch",
    "ConversionSoftware": "dcm2niix",
    "ConversionSoftwareVersion": "v1.0.20211006",
    "Dcm2bidsVersion": "2.1.6",
    "DeviceSerialNumber": "000000000000MR01",
    "EchoTime": 0.03,
    "EffectiveEchoSpacing": 0.000568494,
    "FlipAngle": 52,
    "ImageOrientationPatientDICOM": [
      1,
      0,
      0,
      0,
      1,
      0
    ],
    "ImageType": [
      "ORIGINAL",
      "PRIMARY",
      "OTHER"
    ],
    "ImagingFrequency": 127.767,
    "InPlanePhaseEncodingDirectionDICOM": "COL",
    "InstitutionName": "UOFMResearch",
    "InternalPulseSequenceName": "EPI",
    "MRAcquisitionType": "2D",
    "MagneticFieldStrength": 3,
    "Manufacturer": "GE",
    "ManufacturersModelName": "DISCOVERY MR750",
    "Modality": "MR",
    "MultibandAccelerationFactor": 6,
    "PatientPosition": "HFS",
    "PercentPhaseFOV": 100,
    "PercentSampling": 100,
    "PhaseEncodingDirection": "j",
    "PhaseEncodingPolarityGE": "Flipped",
    "PixelBandwidth": 5555.56,
    "ProtocolName": "AHRB 32ch HB 06/06/18",
    "PulseSequenceName": "epi",
    "PulseSequenceType": "Multiband gradient echo EPI",
    "ReconMatrixPE": 90,
    "RepetitionTime": 0.8,
    "SAR": 0.115173,
    "ScanOptions": "SAT_GEMS\\EDR_GEMS\\MP_GEMS\\EPI_GEMS\\HYPERBAND_GEMS\\PFF\\FS",
    "ScanningSequence": "EP\\RM",
    "SequenceVariant": "NONE",
    "SeriesDescription": "func_mid",
    "SeriesNumber": 9,
    "SliceThickness": 2.4,
    "SliceTiming": [
      0,
      0.436364,
      0.0727273,
      0.509091,
      0.145455,
      0.581818,
      0.218182,
      0.654545,
      0.290909,
      0.727273,
      0.363636,
      0,
      0.436364,
      0.0727273,
      0.509091,
      0.145455,
      0.581818,
      0.218182,
      0.654545,
      0.290909,
      0.727273,
      0.363636,
      0,
      0.436364,
      0.0727273,
      0.509091,
      0.145455,
      0.581818,
      0.218182,
      0.654545,
      0.290909,
      0.727273,
      0.363636,
      0,
      0.436364,
      0.0727273,
      0.509091,
      0.145455,
      0.581818,
      0.218182,
      0.654545,
      0.290909,
      0.727273,
      0.363636,
      0,
      0.436364,
      0.0727273,
      0.509091,
      0.145455,
      0.581818,
      0.218182,
      0.654545,
      0.290909,
      0.727273,
      0.363636,
      0,
      0.436364,
      0.0727273,
      0.509091,
      0.145455
    ],
    "SoftwareVersions": "27\\LX\\MR Software release:DV26.0_R02_1810.b",
    "SpacingBetweenSlices": 2.4,
    "StationName": "MR01MR01",
    "TaskName": "func_mid",
    "TotalReadoutTime": 0.04824,
    "TriggerDelayTime": 787,
    "dataset": "AHRB",
    "modality": "bold",
    "run_id": 2,
    "session_id": "2",
    "subject_id": "82",
    "task_id": "mid"
  },
  "dummy_trs": 0,
  "dvars_nstd": 33.435231063201954,
  "dvars_std": 1.1257407447783256,
  "dvars_vstd": 1.069274250270936,
  "efc": 0.48754346224997974,
  "fber": 8313.4267578125,
  "fd_mean": 0.1730781408233851,
  "fd_num": 100,
  "fd_perc": 24.57002457002457,
  "fwhm_avg": 2.688477123506299,
  "fwhm_x": 2.60027906334086,
  "fwhm_y": 2.7097915589892243,
  "fwhm_z": 2.7553607481888145,
  "gcor": 0.0173631,
  "gsr_x": 0.015690045431256294,
  "gsr_y": 0.02958333119750023,
  "provenance": {
    "md5sum": "a8400cebd9251ce16b04d5420d92a265",
    "settings": {
      "fd_thres": 0.2,
      "testing": false
    },
    "software": "mriqc",
    "version": "23.1.0rc0"
  },
  "size_t": 407,
  "size_x": 90,
  "size_y": 90,
  "size_z": 60,
  "snr": 2.5137879938527714,
  "spacing_tr": 0.800000011920929,
  "spacing_x": 2.4000000953674316,
  "spacing_y": 2.4000000953674316,
  "spacing_z": 2.4000015258789062,
  "summary_bg_k": 82.48069442684131,
  "summary_bg_mad": 16.011739583927834,
  "summary_bg_mean": 49.26267623901367,
  "summary_bg_median": 11.187960624694824,
  "summary_bg_n": 309212.0,
  "summary_bg_p05": 0.03439803421497345,
  "summary_bg_p95": 238.19446716308613,
  "summary_bg_stdv": 121.20953369140625,
  "summary_fg_k": 3.290171729558515,
  "summary_fg_mad": 348.0927673012892,
  "summary_fg_mean": 1100.4930419921875,
  "summary_fg_median": 1011.6817626953125,
  "summary_fg_n": 96862.0,
  "summary_fg_p05": 615.616943359375,
  "summary_fg_p95": 1845.6303588867188,
  "summary_fg_stdv": 402.4510192871094,
  "tsnr": 33.31033088732511
}