{
    "Modality": "MR",
    "MagneticFieldStrength": 3,
    "ImagingFrequency": 127.767,
    "Manufacturer": "GE",
    "ManufacturersModelName": "DISCOVERY MR750",
    "InstitutionName": "UOFMResearch",
    "DeviceSerialNumber": "000000000000MR01",
    "StationName": "MR01MR01",
    "BodyPartExamined": "BRAIN",
    "PatientPosition": "HFS",
    "SoftwareVersions": "27\\LX\\MR Software release:DV26.0_R02_1810.b",
    "MRAcquisitionType": "2D",
    "SeriesDescription": "FM_mid",
    "ProtocolName": "AHRB 32ch HB 06/06/18",
    "ScanningSequence": "EP\\RM",
    "SequenceVariant": "NONE",
    "ScanOptions": "SAT_GEMS\\EDR_GEMS\\MP_GEMS\\EPI_GEMS\\FS",
    "ImageType": [
        "ORIGINAL",
        "PRIMARY",
        "OTHER"
    ],
    "SeriesNumber": 7,
    "AcquisitionTime": "13:19:5.000000",
    "AcquisitionNumber": 1,
    "TriggerDelayTime": 22077,
    "SliceThickness": 2.4,
    "SpacingBetweenSlices": 2.4,
    "SAR": 0.245005,
    "EchoTime": 0.08,
    "RepetitionTime": 7.4,
    "FlipAngle": 90,
    "PhaseEncodingPolarityGE": "Flipped",
    "CoilString": "RM:Nova32ch",
    "PercentPhaseFOV": 100,
    "PercentSampling": 100,
    "AcquisitionMatrixPE": 90,
    "ReconMatrixPE": 128,
    "EffectiveEchoSpacing": 0.000375622,
    "TotalReadoutTime": 0.047704,
    "PixelBandwidth": 3906.25,
    "PhaseEncodingDirection": "j",
    "SliceTiming": [
        0,
        3.7,
        0.123333,
        3.82333,
        0.246667,
        3.94667,
        0.37,
        4.07,
        0.493333,
        4.19333,
        0.616667,
        4.31667,
        0.74,
        4.44,
        0.863333,
        4.56333,
        0.986667,
        4.68667,
        1.11,
        4.81,
        1.23333,
        4.93333,
        1.35667,
        5.05667,
        1.48,
        5.18,
        1.60333,
        5.30333,
        1.72667,
        5.42667,
        1.85,
        5.55,
        1.97333,
        5.67333,
        2.09667,
        5.79667,
        2.22,
        5.92,
        2.34333,
        6.04333,
        2.46667,
        6.16667,
        2.59,
        6.29,
        2.71333,
        6.41333,
        2.83667,
        6.53667,
        2.96,
        6.66,
        3.08333,
        6.78333,
        3.20667,
        6.90667,
        3.33,
        7.03,
        3.45333,
        7.15333,
        3.57667,
        7.27667
    ],
    "ImageOrientationPatientDICOM": [
        1,
        0,
        0,
        0,
        1,
        0
    ],
    "InPlanePhaseEncodingDirectionDICOM": "COL",
    "ConversionSoftware": "dcm2niix",
    "ConversionSoftwareVersion": "v1.0.20211006",
    "Dcm2bidsVersion": "2.1.6",
    "IntendedFor": [
        "ses-2/func/sub-25_ses-2_task-mid_run-01_bold.nii.gz",
        "ses-2/func/sub-25_ses-2_task-mid_run-02_bold.nii.gz"
    ]
}