{
  "bids_meta": {
    "AcquisitionMatrixPE": 256,
    "AcquisitionNumber": 1,
    "AcquisitionTime": "16:19:13.000000",
    "BodyPartExamined": "HEAD",
    "CoilString": "RM:Nova32ch",
    "ConversionSoftware": "dcm2niix",
    "ConversionSoftwareVersion": "v1.0.20211006",
    "Dcm2bidsVersion": "2.1.6",
    "DeviceSerialNumber": "000000000000MR01",
    "EchoTime": 0.00292,
    "FlipAngle": 8,
    "ImageOrientationPatientDICOM": [
      0,
      1,
      0,
      0,
      0,
      -1
    ],
    "ImageType": [
      "ORIGINAL",
      "PRIMARY",
      "OTHER"
    ],
    "ImagingFrequency": 127.767,
    "InPlanePhaseEncodingDirectionDICOM": "ROW",
    "InstitutionName": "UOFMResearch",
    "InversionTime": 1.06,
    "MRAcquisitionType": "3D",
    "MagneticFieldStrength": 3,
    "Manufacturer": "GE",
    "ManufacturersModelName": "DISCOVERY MR750",
    "Modality": "MR",
    "ParallelReductionFactorInPlane": 2,
    "ParallelReductionOutOfPlane": 2,
    "PatientPosition": "HFS",
    "PercentPhaseFOV": 100,
    "PercentSampling": 100,
    "PixelBandwidth": 244.141,
    "ProtocolName": "AHRB 32ch MB 08/10/17",
    "ReconMatrixPE": 256,
    "RepetitionTime": 0.006952,
    "SAR": 0.220297,
    "ScanOptions": "EDR_GEMS\\PROMO_GEMS\\ACC_GEMS",
    "ScanningSequence": "RM",
    "SequenceVariant": "NONE",
    "SeriesDescription": "t1spgr_208sl",
    "SeriesNumber": 6,
    "SliceThickness": 1,
    "SoftwareVersions": "27\\LX\\MR Software release:DV25.1_R01_1617.b",
    "SpacingBetweenSlices": 1,
    "StationName": "MR01MR01",
    "dataset": "AHRB",
    "modality": "T1w",
    "session_id": "1",
    "subject_id": "56"
  },
  "cjv": 0.44082494992066246,
  "cnr": 2.6759481572659687,
  "efc": 0.514312154745087,
  "fber": 2466.4923454221166,
  "fwhm_avg": 3.5138533333333335,
  "fwhm_x": 3.39896,
  "fwhm_y": 3.7216,
  "fwhm_z": 3.421,
  "icvs_csf": 0.18931619989336887,
  "icvs_gm": 0.43133543448058753,
  "icvs_wm": 0.37934836562604357,
  "inu_med": 1.051506519317627,
  "inu_range": 0.7700434446334838,
  "provenance": {
    "md5sum": "2fa9f95a43b36a68ea0ddf2284942d2b",
    "settings": {
      "testing": false
    },
    "software": "mriqc",
    "version": "23.1.0rc0",
    "warnings": {
      "large_rot_frame": true,
      "small_air_mask": false
    }
  },
  "qi_1": 0.0,
  "qi_2": 0.0008133376369152305,
  "rpve_csf": 29.133992711009814,
  "rpve_gm": 13.493098910269785,
  "rpve_wm": 17.21825446817716,
  "size_x": 208,
  "size_y": 256,
  "size_z": 256,
  "snr_csf": 1.1686784687018372,
  "snr_gm": 7.999296012171521,
  "snr_total": 6.902107096927683,
  "snr_wm": 11.538346809909692,
  "snrd_csf": 4.396485479707966,
  "snrd_gm": 21.438762621546015,
  "snrd_total": 19.634821656787242,
  "snrd_wm": 33.06921686910774,
  "spacing_x": 1.0,
  "spacing_y": 1.0,
  "spacing_z": 1.0,
  "summary_bg_k": 1432.8821500501574,
  "summary_bg_mad": 19.812552157409804,
  "summary_bg_mean": 17.658076037051654,
  "summary_bg_median": 13.363363355398178,
  "summary_bg_n": 3284829.0,
  "summary_bg_p05": 0.0,
  "summary_bg_p95": 57.882882848381996,
  "summary_bg_stdv": 56.52596422691979,
  "summary_csf_k": 18.77918360144865,
  "summary_csf_mad": 87.37558114363313,
  "summary_csf_mean": 160.30941911008148,
  "summary_csf_median": 132.95795787870884,
  "summary_csf_n": 25331.0,
  "summary_csf_p05": 37.31231229007244,
  "summary_csf_p95": 374.5870868638158,
  "summary_csf_stdv": 113.76553688761791,
  "summary_gm_k": 0.11890205945946075,
  "summary_gm_mad": 79.25020862963922,
  "summary_gm_mean": 648.0313966516825,
  "summary_gm_median": 648.3483479619026,
  "summary_gm_n": 24762.0,
  "summary_gm_p05": 512.8378375321627,
  "summary_gm_p95": 781.7530025370417,
  "summary_gm_stdv": 81.0490392209832,
  "summary_wm_k": 1.7499570637892026,
  "summary_wm_mad": 75.79970797301166,
  "summary_wm_mean": 1010.5209846497042,
  "summary_wm_median": 1000.0750744789839,
  "summary_wm_n": 207370.0,
  "summary_wm_p05": 889.9399394094944,
  "summary_wm_p95": 1168.509759063273,
  "summary_wm_stdv": 86.67382594939826,
  "tpm_overlap_csf": 0.16664043068141593,
  "tpm_overlap_gm": 0.4504662879316884,
  "tpm_overlap_wm": 0.4823410913142525,
  "wm2max": 0.21660072263275798
}