{
  "bids_meta": {
    "AcquisitionMatrixPE": 256,
    "AcquisitionNumber": 1,
    "AcquisitionTime": "15:43:3.000000",
    "BodyPartExamined": "HEAD",
    "CoilString": "RM:Nova32ch",
    "ConversionSoftware": "dcm2niix",
    "ConversionSoftwareVersion": "v1.0.20211006",
    "Dcm2bidsVersion": "2.1.6",
    "DeviceSerialNumber": "000000000000MR01",
    "EchoTime": 0.00292,
    "FlipAngle": 8,
    "ImageOrientationPatientDICOM": [
      0,
      1,
      0,
      0,
      0,
      -1
    ],
    "ImageType": [
      "ORIGINAL",
      "PRIMARY",
      "OTHER"
    ],
    "ImagingFrequency": 127.767,
    "InPlanePhaseEncodingDirectionDICOM": "ROW",
    "InstitutionName": "UOFMResearch",
    "InversionTime": 1.06,
    "MRAcquisitionType": "3D",
    "MagneticFieldStrength": 3,
    "Manufacturer": "GE",
    "ManufacturersModelName": "DISCOVERY MR750",
    "Modality": "MR",
    "ParallelReductionFactorInPlane": 2,
    "ParallelReductionOutOfPlane": 2,
    "PatientPosition": "HFS",
    "PercentPhaseFOV": 100,
    "PercentSampling": 100,
    "PixelBandwidth": 244.141,
    "ProtocolName": "AHRB 32ch HB 06/06/18",
    "ReconMatrixPE": 256,
    "RepetitionTime": 0.006952,
    "SAR": 0.113214,
    "ScanOptions": "EDR_GEMS\\PROMO_GEMS\\ACC_GEMS\\IR_GEMS",
    "ScanningSequence": "RM",
    "SequenceVariant": "NONE",
    "SeriesDescription": "t1spgr_208sl",
    "SeriesNumber": 6,
    "SliceThickness": 1,
    "SoftwareVersions": "27\\LX\\MR Software release:DV26.0_R02_1810.b",
    "SpacingBetweenSlices": 1,
    "StationName": "MR01MR01",
    "dataset": "AHRB",
    "modality": "T1w",
    "session_id": "2",
    "subject_id": "38"
  },
  "cjv": 0.35955197869690936,
  "cnr": 3.476662658810127,
  "efc": 0.4899937769266288,
  "fber": 3676.513395919067,
  "fwhm_avg": 3.6127033333333336,
  "fwhm_x": 3.56238,
  "fwhm_y": 3.78512,
  "fwhm_z": 3.49061,
  "icvs_csf": 0.23963603609198286,
  "icvs_gm": 0.41950107014201543,
  "icvs_wm": 0.3408628937660017,
  "inu_med": 1.031831979751587,
  "inu_range": 0.5364453136920929,
  "provenance": {
    "md5sum": "a9305e0ee160418b0696d34ee29d6cfb",
    "settings": {
      "testing": false
    },
    "software": "mriqc",
    "version": "23.1.0rc0",
    "warnings": {
      "large_rot_frame": true,
      "small_air_mask": false
    }
  },
  "qi_1": 0.0,
  "qi_2": 0.001387650367327985,
  "rpve_csf": 28.419683198624607,
  "rpve_gm": 15.999722226508851,
  "rpve_wm": 22.384192828074625,
  "size_x": 208,
  "size_y": 256,
  "size_z": 256,
  "snr_csf": 1.331869758241275,
  "snr_gm": 7.855311018414051,
  "snr_total": 7.573257573857173,
  "snr_wm": 13.532591944916193,
  "snrd_csf": 5.228946310234264,
  "snrd_gm": 27.45850134197529,
  "snrd_total": 25.655334486242527,
  "snrd_wm": 44.278555806518035,
  "spacing_x": 1.0,
  "spacing_y": 1.0,
  "spacing_z": 1.0,
  "summary_bg_k": 137.84775317879001,
  "summary_bg_mad": 14.795794096120202,
  "summary_bg_mean": 12.386136632703536,
  "summary_bg_median": 9.979611463844776,
  "summary_bg_n": 3170212.0,
  "summary_bg_p05": 0.0,
  "summary_bg_p95": 37.8796005025506,
  "summary_bg_stdv": 15.681011680125243,
  "summary_csf_k": 3.5455080272721657,
  "summary_csf_mad": 63.47872950916087,
  "summary_csf_mean": 138.06483911005589,
  "summary_csf_median": 118.09206898882985,
  "summary_csf_n": 47942.0,
  "summary_csf_p05": 37.39671607688069,
  "summary_csf_p95": 329.8100627325475,
  "summary_csf_stdv": 88.66545443934902,
  "summary_gm_k": 0.14438561057568045,
  "summary_gm_mad": 76.2062943230277,
  "summary_gm_mean": 619.296250642953,
  "summary_gm_median": 620.1309102103114,
  "summary_gm_n": 20626.0,
  "summary_gm_p05": 486.02317443676293,
  "summary_gm_p95": 748.1221099253744,
  "summary_gm_stdv": 78.94224376688632,
  "summary_wm_k": 2.2984477202136757,
  "summary_wm_mad": 60.37638558578083,
  "summary_wm_mean": 1005.3550871686122,
  "summary_wm_median": 999.9999917373061,
  "summary_wm_n": 159333.0,
  "summary_wm_p05": 897.0383014194667,
  "summary_wm_p95": 1131.2372478693724,
  "summary_wm_stdv": 73.89544129616644,
  "tpm_overlap_csf": 0.16089475595789804,
  "tpm_overlap_gm": 0.45734910319473376,
  "tpm_overlap_wm": 0.5043086486643967,
  "wm2max": 0.32454827009485704
}