{
  "bids_meta": {
    "AcquisitionMatrixPE": 256,
    "AcquisitionNumber": 1,
    "AcquisitionTime": "15:10:53.000000",
    "BodyPartExamined": "HEAD",
    "CoilString": "RM:Nova32ch",
    "ConversionSoftware": "dcm2niix",
    "ConversionSoftwareVersion": "v1.0.20211006",
    "Dcm2bidsVersion": "2.1.6",
    "DeviceSerialNumber": "000000000000MR01",
    "EchoTime": 0.00292,
    "FlipAngle": 8,
    "ImageOrientationPatientDICOM": [
      0,
      1,
      0,
      0,
      0,
      -1
    ],
    "ImageType": [
      "ORIGINAL",
      "PRIMARY",
      "OTHER"
    ],
    "ImagingFrequency": 127.767,
    "InPlanePhaseEncodingDirectionDICOM": "ROW",
    "InstitutionName": "UOFMResearch",
    "InversionTime": 1.06,
    "MRAcquisitionType": "3D",
    "MagneticFieldStrength": 3,
    "Manufacturer": "GE",
    "ManufacturersModelName": "DISCOVERY MR750",
    "Modality": "MR",
    "ParallelReductionFactorInPlane": 2,
    "ParallelReductionOutOfPlane": 2,
    "PatientPosition": "HFS",
    "PercentPhaseFOV": 100,
    "PercentSampling": 100,
    "PixelBandwidth": 244.141,
    "ProtocolName": "AHRB 32ch MB 08/10/17",
    "ReconMatrixPE": 256,
    "RepetitionTime": 0.006952,
    "SAR": 0.206157,
    "ScanOptions": "EDR_GEMS\\PROMO_GEMS\\ACC_GEMS",
    "ScanningSequence": "RM",
    "SequenceVariant": "NONE",
    "SeriesDescription": "t1spgr_208sl",
    "SeriesNumber": 6,
    "SliceThickness": 1,
    "SoftwareVersions": "27\\LX\\MR Software release:DV25.1_R01_1617.b",
    "SpacingBetweenSlices": 1,
    "StationName": "MR01MR01",
    "dataset": "AHRB",
    "modality": "T1w",
    "session_id": "1",
    "subject_id": "64"
  },
  "cjv": 0.4224698036121361,
  "cnr": 3.066442488600994,
  "efc": 0.5153633160752554,
  "fber": 2827.1028053260848,
  "fwhm_avg": 3.5944900000000004,
  "fwhm_x": 3.51953,
  "fwhm_y": 3.74393,
  "fwhm_z": 3.52001,
  "icvs_csf": 0.19114443559714542,
  "icvs_gm": 0.42782352829836057,
  "icvs_wm": 0.381032036104494,
  "inu_med": 1.028398036956787,
  "inu_range": 0.6519784927368164,
  "provenance": {
    "md5sum": "7f7a2635c7132979a4d50d74e8b8f88f",
    "settings": {
      "testing": false
    },
    "software": "mriqc",
    "version": "23.1.0rc0",
    "warnings": {
      "large_rot_frame": true,
      "small_air_mask": false
    }
  },
  "qi_1": 0.0,
  "qi_2": 0.0009822527432186221,
  "rpve_csf": 31.217831225378394,
  "rpve_gm": 14.614369740236054,
  "rpve_wm": 18.86548442243682,
  "size_x": 208,
  "size_y": 256,
  "size_z": 256,
  "snr_csf": 1.305287168138273,
  "snr_gm": 8.20823758600313,
  "snr_total": 7.62055772747253,
  "snr_wm": 13.348148428276186,
  "snrd_csf": 5.710685191508538,
  "snrd_gm": 25.429054723954494,
  "snrd_total": 23.237835963625997,
  "snrd_wm": 38.57376797541497,
  "spacing_x": 1.0,
  "spacing_y": 1.0,
  "spacing_z": 1.0,
  "summary_bg_k": 6.255301572212696,
  "summary_bg_mad": 16.985132622429102,
  "summary_bg_mean": 13.785695923786214,
  "summary_bg_median": 11.456297859549522,
  "summary_bg_n": 2702880.0,
  "summary_bg_p05": 0.0,
  "summary_bg_p95": 46.49909131228924,
  "summary_bg_stdv": 16.942346405103255,
  "summary_csf_k": 2.574820126679442,
  "summary_csf_mad": 91.02032834725242,
  "summary_csf_mean": 175.05505859001505,
  "summary_csf_median": 148.0558023378253,
  "summary_csf_n": 25790.0,
  "summary_csf_p05": 42.92742197960615,
  "summary_csf_p95": 411.0485977012664,
  "summary_csf_stdv": 113.42556298175367,
  "summary_gm_k": 0.1085261315134396,
  "summary_gm_mad": 78.3314351528495,
  "summary_gm_mean": 659.5527133323627,
  "summary_gm_median": 659.2762468233705,
  "summary_gm_n": 23769.0,
  "summary_gm_p05": 527.4209974586963,
  "summary_gm_p95": 793.2879757851362,
  "summary_gm_stdv": 80.31716569662663,
  "summary_wm_k": 1.666602457543414,
  "summary_wm_mad": 65.64254195844659,
  "summary_wm_mean": 1009.5344051907089,
  "summary_wm_median": 1000.0674131512642,
  "summary_wm_n": 196987.0,
  "summary_wm_p05": 905.7214307785034,
  "summary_wm_p95": 1147.1797556653619,
  "summary_wm_stdv": 74.92161778931603,
  "tpm_overlap_csf": 0.17057913993008827,
  "tpm_overlap_gm": 0.4450004754398408,
  "tpm_overlap_wm": 0.4803535743780091,
  "wm2max": 0.25113698504617116
}