{
  "bids_meta": {
    "AcquisitionMatrixPE": 256,
    "AcquisitionNumber": 1,
    "AcquisitionTime": "17:27:14.000000",
    "BodyPartExamined": "HEAD",
    "CoilString": "RM:Nova32ch",
    "ConversionSoftware": "dcm2niix",
    "ConversionSoftwareVersion": "v1.0.20211006",
    "Dcm2bidsVersion": "2.1.6",
    "DeviceSerialNumber": "000000000000MR01",
    "EchoTime": 0.00292,
    "FlipAngle": 8,
    "ImageOrientationPatientDICOM": [
      0,
      1,
      0,
      0,
      0,
      -1
    ],
    "ImageType": [
      "ORIGINAL",
      "PRIMARY",
      "OTHER"
    ],
    "ImagingFrequency": 127.767,
    "InPlanePhaseEncodingDirectionDICOM": "ROW",
    "InstitutionName": "UOFMResearch",
    "InversionTime": 1.06,
    "MRAcquisitionType": "3D",
    "MagneticFieldStrength": 3,
    "Manufacturer": "GE",
    "ManufacturersModelName": "DISCOVERY MR750",
    "Modality": "MR",
    "ParallelReductionFactorInPlane": 2,
    "ParallelReductionOutOfPlane": 2,
    "PatientPosition": "HFS",
    "PercentPhaseFOV": 100,
    "PercentSampling": 100,
    "PixelBandwidth": 244.141,
    "ProtocolName": "AHRB 32ch MB 08/10/17",
    "ReconMatrixPE": 256,
    "RepetitionTime": 0.006952,
    "SAR": 0.22509,
    "ScanOptions": "EDR_GEMS\\PROMO_GEMS\\ACC_GEMS",
    "ScanningSequence": "RM",
    "SequenceVariant": "NONE",
    "SeriesDescription": "t1spgr_208sl",
    "SeriesNumber": 6,
    "SliceThickness": 1,
    "SoftwareVersions": "27\\LX\\MR Software release:DV25.1_R01_1617.b",
    "SpacingBetweenSlices": 1,
    "StationName": "MR01MR01",
    "dataset": "AHRB",
    "modality": "T1w",
    "session_id": "1",
    "subject_id": "24"
  },
  "cjv": 0.43046588551093684,
  "cnr": 2.845588201495674,
  "efc": 0.506001584681146,
  "fber": 1463.87992183505,
  "fwhm_avg": 3.6404366666666665,
  "fwhm_x": 3.54726,
  "fwhm_y": 3.78743,
  "fwhm_z": 3.58662,
  "icvs_csf": 0.2158600656922518,
  "icvs_gm": 0.402411347590741,
  "icvs_wm": 0.3817285867170072,
  "inu_med": 1.032641351222992,
  "inu_range": 0.576790988445282,
  "provenance": {
    "md5sum": "b73e81be078e8b14922e6c0c303387fe",
    "settings": {
      "testing": false
    },
    "software": "mriqc",
    "version": "23.1.0rc0",
    "warnings": {
      "large_rot_frame": true,
      "small_air_mask": false
    }
  },
  "qi_1": 0.0,
  "qi_2": 0.0006373999577915801,
  "rpve_csf": 28.23652050683561,
  "rpve_gm": 14.684690920007641,
  "rpve_wm": 18.044147257981496,
  "size_x": 208,
  "size_y": 256,
  "size_z": 256,
  "snr_csf": 1.4990836179415221,
  "snr_gm": 7.352305317797685,
  "snr_total": 6.409423434171095,
  "snr_wm": 10.376881366774075,
  "snrd_csf": 4.066702522088002,
  "snrd_gm": 16.835273881762163,
  "snrd_total": 15.91621905786829,
  "snrd_wm": 26.846680769754702,
  "spacing_x": 1.0,
  "spacing_y": 1.0,
  "spacing_z": 1.0,
  "summary_bg_k": 34.57172432786138,
  "summary_bg_mad": 24.40497508987354,
  "summary_bg_mean": 18.308572782003083,
  "summary_bg_median": 16.4609055519104,
  "summary_bg_n": 2493558.0,
  "summary_bg_p05": 0.0,
  "summary_bg_p95": 63.957476779818535,
  "summary_bg_stdv": 24.756841116068475,
  "summary_csf_k": 2.119971264239327,
  "summary_csf_mad": 84.40053885247933,
  "summary_csf_mean": 170.02755983565788,
  "summary_csf_median": 151.4917714074254,
  "summary_csf_n": 29995.0,
  "summary_csf_p05": 44.667353086173534,
  "summary_csf_p95": 377.4005533307791,
  "summary_csf_stdv": 101.05456712992347,
  "summary_gm_k": 0.11132250065168448,
  "summary_gm_mad": 82.87522790936222,
  "summary_gm_mean": 625.8217421220443,
  "summary_gm_median": 627.1433547511697,
  "summary_gm_n": 15854.0,
  "summary_gm_p05": 481.4814873933792,
  "summary_gm_p95": 762.8900985304265,
  "summary_gm_stdv": 85.29618243826559,
  "summary_wm_k": 2.13209284356662,
  "summary_wm_mad": 77.66374885371215,
  "summary_wm_mean": 1012.3741916363772,
  "summary_wm_median": 1000.0857461616397,
  "summary_wm_n": 185578.0,
  "summary_wm_p05": 880.2297776117921,
  "summary_wm_p95": 1191.7009748518467,
  "summary_wm_stdv": 96.376070641444,
  "tpm_overlap_csf": 0.16003491463966382,
  "tpm_overlap_gm": 0.44442955686864694,
  "tpm_overlap_wm": 0.48555953957138015,
  "wm2max": 0.19339810332250149
}