{
  "aor": 0.0003298280098280099,
  "aqi": 0.008264692653562654,
  "bids_meta": {
    "AcquisitionMatrixPE": 90,
    "BodyPartExamined": "BRAIN",
    "DeviceSerialNumber": "000000000000MR01",
    "EchoTime": 0.03,
    "EffectiveEchoSpacing": 0.000536,
    "FlipAngle": 52,
    "ImageType": [
      "ORIGINAL",
      "PRIMARY",
      "OTHER"
    ],
    "ImagingFrequency": "1277672850",
    "InPlanePhaseEncodingDirectionDICOM": "COL",
    "InstitutionName": "UOFMResearch",
    "MagneticFieldStrength": 3,
    "Manufacturer": "GE",
    "ManufacturersModelName": "DISCOVERY_MR750",
    "Modality": "MR",
    "MultibandAccelerationFactor": 6,
    "PatientPosition": "HFS",
    "PhaseEncodingDirection": "j",
    "PulseSequenceType": "Multiband gradient echo EPI",
    "ReconMatrixPE": 90,
    "RepetitionTime": 0.8,
    "SeriesDescription": "func_mid",
    "SeriesNumber": 9,
    "SliceThickness": 2.4,
    "SliceTiming": [
      0.0,
      0.4,
      0.08,
      0.48,
      0.16,
      0.56,
      0.24,
      0.64,
      0.32,
      0.72,
      0.0,
      0.4,
      0.08,
      0.48,
      0.16,
      0.56,
      0.24,
      0.64,
      0.32,
      0.72,
      0.0,
      0.4,
      0.08,
      0.48,
      0.16,
      0.56,
      0.24,
      0.64,
      0.32,
      0.72,
      0.0,
      0.4,
      0.08,
      0.48,
      0.16,
      0.56,
      0.24,
      0.64,
      0.32,
      0.72,
      0.0,
      0.4,
      0.08,
      0.48,
      0.16,
      0.56,
      0.24,
      0.64,
      0.32,
      0.72,
      0.0,
      0.4,
      0.08,
      0.48,
      0.16,
      0.56,
      0.24,
      0.64,
      0.32,
      0.72
    ],
    "SpacingBetweenSlices": 2.4,
    "StationName": "MR01MR01",
    "TaskName": "func_mid",
    "TotalReadoutTime": 0.048,
    "dataset": "AHRB",
    "modality": "bold",
    "run_id": 2,
    "session_id": "1",
    "subject_id": "91",
    "task_id": "mid"
  },
  "dummy_trs": 0,
  "dvars_nstd": 35.95220209687192,
  "dvars_std": 1.0160219406650246,
  "dvars_vstd": 0.9807879537438418,
  "efc": 0.45272718213034513,
  "fber": 1634.1072998046875,
  "fd_mean": 0.0888527100109342,
  "fd_num": 5,
  "fd_perc": 1.2285012285012284,
  "fwhm_avg": 2.6351276730672115,
  "fwhm_x": 2.3550082397537135,
  "fwhm_y": 2.868908219333163,
  "fwhm_z": 2.681466560114759,
  "gcor": 0.0161782,
  "gsr_x": -0.019131459295749664,
  "gsr_y": 0.057173676788806915,
  "provenance": {
    "md5sum": "df1b10437591028bbf708026d5607eb1",
    "settings": {
      "fd_thres": 0.2,
      "testing": false
    },
    "software": "mriqc",
    "version": "23.1.0rc0"
  },
  "size_t": 407,
  "size_x": 90,
  "size_y": 90,
  "size_z": 60,
  "snr": 3.380381991461254,
  "spacing_tr": 0.800000011920929,
  "spacing_x": 2.4000000953674316,
  "spacing_y": 2.4000000953674316,
  "spacing_z": 2.4000000953674316,
  "summary_bg_k": 50.98721636592394,
  "summary_bg_mad": 124.34915505447276,
  "summary_bg_mean": 399.9146728515625,
  "summary_bg_median": 166.04791259765625,
  "summary_bg_n": 361716.0,
  "summary_bg_p05": 75.01473999023438,
  "summary_bg_p95": 1461.6952514648438,
  "summary_bg_stdv": 660.0936889648438,
  "summary_fg_k": 1.258275447660612,
  "summary_fg_mad": 1813.5761515056615,
  "summary_fg_mean": 6957.7392578125,
  "summary_fg_median": 6740.158203125,
  "summary_fg_n": 58730.0,
  "summary_fg_p05": 4144.072827148438,
  "summary_fg_p95": 10579.585742187499,
  "summary_fg_stdv": 1993.8873291015625,
  "tsnr": 33.448460204177536
}