{
  "aor": 0.00048665847665847663,
  "aqi": 0.007352092358722358,
  "bids_meta": {
    "AcquisitionMatrixPE": 90,
    "BodyPartExamined": "BRAIN",
    "DeviceSerialNumber": "000000000000MR01",
    "EchoTime": 0.03,
    "EffectiveEchoSpacing": 0.000536,
    "FlipAngle": 52,
    "ImageType": [
      "ORIGINAL",
      "PRIMARY",
      "OTHER"
    ],
    "ImagingFrequency": "1277672850",
    "InPlanePhaseEncodingDirectionDICOM": "COL",
    "InstitutionName": "UOFMResearch",
    "MagneticFieldStrength": 3,
    "Manufacturer": "GE",
    "ManufacturersModelName": "DISCOVERY_MR750",
    "Modality": "MR",
    "MultibandAccelerationFactor": 6,
    "PatientPosition": "HFS",
    "PhaseEncodingDirection": "j",
    "PulseSequenceType": "Multiband gradient echo EPI",
    "ReconMatrixPE": 90,
    "RepetitionTime": 0.8,
    "SeriesDescription": "func_mid",
    "SeriesNumber": 8,
    "SliceThickness": 2.4,
    "SliceTiming": [
      0.0,
      0.4,
      0.08,
      0.48,
      0.16,
      0.56,
      0.24,
      0.64,
      0.32,
      0.72,
      0.0,
      0.4,
      0.08,
      0.48,
      0.16,
      0.56,
      0.24,
      0.64,
      0.32,
      0.72,
      0.0,
      0.4,
      0.08,
      0.48,
      0.16,
      0.56,
      0.24,
      0.64,
      0.32,
      0.72,
      0.0,
      0.4,
      0.08,
      0.48,
      0.16,
      0.56,
      0.24,
      0.64,
      0.32,
      0.72,
      0.0,
      0.4,
      0.08,
      0.48,
      0.16,
      0.56,
      0.24,
      0.64,
      0.32,
      0.72,
      0.0,
      0.4,
      0.08,
      0.48,
      0.16,
      0.56,
      0.24,
      0.64,
      0.32,
      0.72
    ],
    "SpacingBetweenSlices": 2.4,
    "StationName": "MR01MR01",
    "TaskName": "func_mid",
    "TotalReadoutTime": 0.048,
    "dataset": "AHRB",
    "modality": "bold",
    "run_id": 1,
    "session_id": "1",
    "subject_id": "91",
    "task_id": "mid"
  },
  "dummy_trs": 0,
  "dvars_nstd": 35.36339643312808,
  "dvars_std": 1.0240113667980288,
  "dvars_vstd": 0.9884171245320199,
  "efc": 0.4516356446417393,
  "fber": 1633.9052734375,
  "fd_mean": 0.08025900502737593,
  "fd_num": 4,
  "fd_perc": 0.9828009828009828,
  "fwhm_avg": 2.659190172111054,
  "fwhm_x": 2.385666571868794,
  "fwhm_y": 2.8960665515873214,
  "fwhm_z": 2.6958373928770465,
  "gcor": 0.0177517,
  "gsr_x": -0.018512723967432976,
  "gsr_y": 0.0528351366519928,
  "provenance": {
    "md5sum": "f32762dfc38fe691ca33ce8c5bae0b86",
    "settings": {
      "fd_thres": 0.2,
      "testing": false
    },
    "software": "mriqc",
    "version": "23.1.0rc0"
  },
  "size_t": 407,
  "size_x": 90,
  "size_y": 90,
  "size_z": 60,
  "snr": 3.405838442282889,
  "spacing_tr": 0.800000011920929,
  "spacing_x": 2.4000000953674316,
  "spacing_y": 2.4000000953674316,
  "spacing_z": 2.4000000953674316,
  "summary_bg_k": 39.23921026981515,
  "summary_bg_mad": 129.82422524207897,
  "summary_bg_mean": 410.5348815917969,
  "summary_bg_median": 173.346435546875,
  "summary_bg_n": 361720.0,
  "summary_bg_p05": 77.9041748046875,
  "summary_bg_p95": 1507.5632385253905,
  "summary_bg_stdv": 661.0006713867188,
  "summary_fg_k": 1.2383004254104142,
  "summary_fg_mad": 1910.3930444742218,
  "summary_fg_mean": 7327.43603515625,
  "summary_fg_median": 7109.9912109375,
  "summary_fg_n": 58602.0,
  "summary_fg_p05": 4366.64052734375,
  "summary_fg_p95": 11107.859326171874,
  "summary_fg_stdv": 2087.5712890625,
  "tsnr": 34.20301830605604
}