{
  "bids_meta": {
    "AcquisitionMatrixPE": 256,
    "AcquisitionNumber": 1,
    "AcquisitionTime": "16:49:0.000000",
    "BodyPartExamined": "HEAD",
    "CoilString": "RM:Nova32ch",
    "ConversionSoftware": "dcm2niix",
    "ConversionSoftwareVersion": "v1.0.20211006",
    "Dcm2bidsVersion": "2.1.6",
    "DeviceSerialNumber": "000000000000MR01",
    "EchoTime": 0.00292,
    "FlipAngle": 8,
    "ImageOrientationPatientDICOM": [
      0,
      1,
      0,
      0,
      0,
      -1
    ],
    "ImageType": [
      "ORIGINAL",
      "PRIMARY",
      "OTHER"
    ],
    "ImagingFrequency": 127.767,
    "InPlanePhaseEncodingDirectionDICOM": "ROW",
    "InstitutionName": "UOFMResearch",
    "InversionTime": 1.06,
    "MRAcquisitionType": "3D",
    "MagneticFieldStrength": 3,
    "Manufacturer": "GE",
    "ManufacturersModelName": "DISCOVERY MR750",
    "Modality": "MR",
    "ParallelReductionFactorInPlane": 2,
    "ParallelReductionOutOfPlane": 2,
    "PatientPosition": "HFS",
    "PercentPhaseFOV": 100,
    "PercentSampling": 100,
    "PixelBandwidth": 244.141,
    "ProtocolName": "AHRB 32ch HB 06/06/18",
    "ReconMatrixPE": 256,
    "RepetitionTime": 0.006952,
    "SAR": 0.112556,
    "ScanOptions": "EDR_GEMS\\PROMO_GEMS\\ACC_GEMS\\IR_GEMS",
    "ScanningSequence": "RM",
    "SequenceVariant": "NONE",
    "SeriesDescription": "t1spgr_208sl",
    "SeriesNumber": 6,
    "SliceThickness": 1,
    "SoftwareVersions": "27\\LX\\MR Software release:DV26.0_R02_1810.b",
    "SpacingBetweenSlices": 1,
    "StationName": "MR01MR01",
    "dataset": "AHRB",
    "modality": "T1w",
    "session_id": "2",
    "subject_id": "106"
  },
  "cjv": 0.41247410598320794,
  "cnr": 3.1030824000937756,
  "efc": 0.5458806901085855,
  "fber": 5571.923827319275,
  "fwhm_avg": 3.9058166666666665,
  "fwhm_x": 3.8114,
  "fwhm_y": 4.04614,
  "fwhm_z": 3.85991,
  "icvs_csf": 0.2060424491448902,
  "icvs_gm": 0.4053198806158508,
  "icvs_wm": 0.388637670239259,
  "inu_med": 1.017870008945465,
  "inu_range": 0.7639074772596359,
  "provenance": {
    "md5sum": "435b41b4b653fc49eab7c4e1573c8c05",
    "settings": {
      "testing": false
    },
    "software": "mriqc",
    "version": "23.1.0rc0",
    "warnings": {
      "large_rot_frame": true,
      "small_air_mask": false
    }
  },
  "qi_1": 0.0,
  "qi_2": 0.0012511566469541502,
  "rpve_csf": 24.155847727629904,
  "rpve_gm": 12.719790766095699,
  "rpve_wm": 15.994132555103295,
  "size_x": 208,
  "size_y": 256,
  "size_z": 256,
  "snr_csf": 1.278822755852972,
  "snr_gm": 7.886410194545023,
  "snr_total": 7.896745384708871,
  "snr_wm": 14.525003203728618,
  "snrd_csf": 7.682607691681326,
  "snrd_gm": 38.00191966311098,
  "snrd_total": 34.37270091008157,
  "snrd_wm": 57.43357537545239,
  "spacing_x": 1.0,
  "spacing_y": 1.0,
  "spacing_z": 1.0,
  "summary_bg_k": 2.2712512198249293,
  "summary_bg_mad": 11.407409084053246,
  "summary_bg_mean": 9.588887195194026,
  "summary_bg_median": 7.694180503487587,
  "summary_bg_n": 2706382.0,
  "summary_bg_p05": 0.0,
  "summary_bg_p95": 29.754077769815922,
  "summary_bg_stdv": 10.442759329608766,
  "summary_csf_k": 2.473398318122576,
  "summary_csf_mad": 76.16972521314034,
  "summary_csf_mean": 160.38543867075833,
  "summary_csf_median": 133.7716066017747,
  "summary_csf_n": 35740.0,
  "summary_csf_p05": 43.43803170323372,
  "summary_csf_p95": 386.2186428681016,
  "summary_csf_stdv": 104.60381199927497,
  "summary_gm_k": 0.31321267387523255,
  "summary_gm_mad": 78.98547808831805,
  "summary_gm_mean": 661.0284499960886,
  "summary_gm_median": 661.6995232999325,
  "summary_gm_n": 26295.0,
  "summary_gm_p05": 520.6087057508528,
  "summary_gm_p95": 799.7370173200965,
  "summary_gm_stdv": 83.90217153643412,
  "summary_wm_k": 2.1488853177150506,
  "summary_wm_mad": 60.57478621215616,
  "summary_wm_mean": 1007.506290489625,
  "summary_wm_median": 1000.0486760735512,
  "summary_wm_n": 277106.0,
  "summary_wm_p05": 911.042103825137,
  "summary_wm_p95": 1128.9505481794477,
  "summary_wm_stdv": 68.85002761057603,
  "tpm_overlap_csf": 0.16155514704529259,
  "tpm_overlap_gm": 0.4476574517662671,
  "tpm_overlap_wm": 0.501903782013513,
  "wm2max": 0.38750637993421067
}