{
  "bids_meta": {
    "AcquisitionMatrixPE": 256,
    "AcquisitionNumber": 1,
    "AcquisitionTime": "16:15:16.000000",
    "BodyPartExamined": "HEAD",
    "CoilString": "RM:Nova32ch",
    "ConversionSoftware": "dcm2niix",
    "ConversionSoftwareVersion": "v1.0.20211006",
    "Dcm2bidsVersion": "2.1.6",
    "DeviceSerialNumber": "000000000000MR01",
    "EchoTime": 0.00292,
    "FlipAngle": 8,
    "ImageOrientationPatientDICOM": [
      0,
      1,
      0,
      0,
      0,
      -1
    ],
    "ImageType": [
      "ORIGINAL",
      "PRIMARY",
      "OTHER"
    ],
    "ImagingFrequency": 127.767,
    "InPlanePhaseEncodingDirectionDICOM": "ROW",
    "InstitutionName": "UOFMResearch",
    "InversionTime": 1.06,
    "MRAcquisitionType": "3D",
    "MagneticFieldStrength": 3,
    "Manufacturer": "GE",
    "ManufacturersModelName": "DISCOVERY MR750",
    "Modality": "MR",
    "ParallelReductionFactorInPlane": 2,
    "ParallelReductionOutOfPlane": 2,
    "PatientPosition": "HFS",
    "PercentPhaseFOV": 100,
    "PercentSampling": 100,
    "PixelBandwidth": 244.141,
    "ProtocolName": "AHRB 32ch HB 06/06/18",
    "ReconMatrixPE": 256,
    "RepetitionTime": 0.006952,
    "SAR": 0.110376,
    "ScanOptions": "EDR_GEMS\\PROMO_GEMS\\ACC_GEMS\\IR_GEMS",
    "ScanningSequence": "RM",
    "SequenceVariant": "NONE",
    "SeriesDescription": "t1spgr_208sl",
    "SeriesNumber": 6,
    "SliceThickness": 1,
    "SoftwareVersions": "27\\LX\\MR Software release:DV26.0_R02_1810.b",
    "SpacingBetweenSlices": 1,
    "StationName": "MR01MR01",
    "dataset": "AHRB",
    "modality": "T1w",
    "session_id": "2",
    "subject_id": "99"
  },
  "cjv": 0.38314680397207423,
  "cnr": 3.2851162268908216,
  "efc": 0.4909130090000768,
  "fber": 3165.2854442344046,
  "fwhm_avg": 4.035333333333333,
  "fwhm_x": 4.0001,
  "fwhm_y": 4.22249,
  "fwhm_z": 3.88341,
  "icvs_csf": 0.2438221558382584,
  "icvs_gm": 0.3929475247137721,
  "icvs_wm": 0.36323031944796946,
  "inu_med": 1.0634087324142456,
  "inu_range": 0.6727186977863311,
  "provenance": {
    "md5sum": "afc609107a9fb267e2244cd741059be4",
    "settings": {
      "testing": false
    },
    "software": "mriqc",
    "version": "23.1.0rc0",
    "warnings": {
      "large_rot_frame": true,
      "small_air_mask": false
    }
  },
  "qi_1": 0.0,
  "qi_2": 0.0009569165461922209,
  "rpve_csf": 25.67854421959512,
  "rpve_gm": 15.203824741139,
  "rpve_wm": 19.31187523165968,
  "size_x": 208,
  "size_y": 256,
  "size_z": 256,
  "snr_csf": 1.6293361117685476,
  "snr_gm": 7.77532913314743,
  "snr_total": 7.697463628607722,
  "snr_wm": 13.68772564090719,
  "snrd_csf": 5.306990285013879,
  "snrd_gm": 26.563530908791506,
  "snrd_total": 24.54244844454568,
  "snrd_wm": 41.75682413983166,
  "spacing_x": 1.0,
  "spacing_y": 1.0,
  "spacing_z": 1.0,
  "summary_bg_k": 1323.8019122287144,
  "summary_bg_mad": 15.689325544613498,
  "summary_bg_mean": 12.691895562821902,
  "summary_bg_median": 10.582289267331362,
  "summary_bg_n": 3004029.0,
  "summary_bg_p05": 0.0,
  "summary_bg_p95": 40.802359115332365,
  "summary_bg_stdv": 15.370107251456329,
  "summary_csf_k": 3.8944028435740083,
  "summary_csf_mad": 57.83975238088857,
  "summary_csf_mean": 140.41190843240778,
  "summary_csf_median": 127.09276761859655,
  "summary_csf_n": 60644.0,
  "summary_csf_p05": 43.80330681800842,
  "summary_csf_p95": 301.7110701706259,
  "summary_csf_stdv": 78.00214997809961,
  "summary_gm_k": 0.06827386274083924,
  "summary_gm_mad": 80.94443079484675,
  "summary_gm_mean": 634.0707507426964,
  "summary_gm_median": 636.1482647620142,
  "summary_gm_n": 19081.0,
  "summary_gm_p05": 497.1570027433336,
  "summary_gm_p95": 766.1893318779767,
  "summary_gm_stdv": 81.81410509727951,
  "summary_wm_k": 2.9988742582591428,
  "summary_wm_mad": 58.464203148833384,
  "summary_wm_mean": 1008.5475753897488,
  "summary_wm_median": 1000.0000116601586,
  "summary_wm_n": 207523.0,
  "summary_wm_p05": 909.7083395533264,
  "summary_wm_p95": 1139.6230521425605,
  "summary_wm_stdv": 73.05798118112038,
  "tpm_overlap_csf": 0.15164136363574096,
  "tpm_overlap_gm": 0.43890849582713903,
  "tpm_overlap_wm": 0.4907365617879902,
  "wm2max": 0.3089584967433526
}