{
  "aor": 0.0015488452088452088,
  "aqi": 0.008370413759213761,
  "bids_meta": {
    "AcquisitionMatrixPE": 90,
    "AcquisitionNumber": 1,
    "AcquisitionTime": "15:52:29.000000",
    "BodyPartExamined": "BRAIN",
    "CoilString": "RM:Nova32ch",
    "ConversionSoftware": "dcm2niix",
    "ConversionSoftwareVersion": "v1.0.20211006",
    "Dcm2bidsVersion": "2.1.6",
    "DeviceSerialNumber": "000000000000MR01",
    "EchoTime": 0.03,
    "EffectiveEchoSpacing": 0.000568494,
    "FlipAngle": 52,
    "ImageOrientationPatientDICOM": [
      1,
      0,
      0,
      0,
      1,
      0
    ],
    "ImageType": [
      "ORIGINAL",
      "PRIMARY",
      "OTHER"
    ],
    "ImagingFrequency": 127.767,
    "InPlanePhaseEncodingDirectionDICOM": "COL",
    "InstitutionName": "UOFMResearch",
    "InternalPulseSequenceName": "EPI",
    "MRAcquisitionType": "2D",
    "MagneticFieldStrength": 3,
    "Manufacturer": "GE",
    "ManufacturersModelName": "DISCOVERY MR750",
    "Modality": "MR",
    "MultibandAccelerationFactor": 6,
    "PatientPosition": "HFS",
    "PercentPhaseFOV": 100,
    "PercentSampling": 100,
    "PhaseEncodingDirection": "j",
    "PhaseEncodingPolarityGE": "Flipped",
    "PixelBandwidth": 5555.56,
    "ProtocolName": "AHRB 32ch HB 06/06/18",
    "PulseSequenceName": "epi",
    "PulseSequenceType": "Multiband gradient echo EPI",
    "ReconMatrixPE": 90,
    "RepetitionTime": 0.8,
    "SAR": 0.142047,
    "ScanOptions": "SAT_GEMS\\EDR_GEMS\\MP_GEMS\\EPI_GEMS\\HYPERBAND_GEMS\\PFF\\FS",
    "ScanningSequence": "EP\\RM",
    "SequenceVariant": "NONE",
    "SeriesDescription": "func_mid",
    "SeriesNumber": 9,
    "SliceThickness": 2.4,
    "SliceTiming": [
      0,
      0.436364,
      0.0727273,
      0.509091,
      0.145455,
      0.581818,
      0.218182,
      0.654545,
      0.290909,
      0.727273,
      0.363636,
      0,
      0.436364,
      0.0727273,
      0.509091,
      0.145455,
      0.581818,
      0.218182,
      0.654545,
      0.290909,
      0.727273,
      0.363636,
      0,
      0.436364,
      0.0727273,
      0.509091,
      0.145455,
      0.581818,
      0.218182,
      0.654545,
      0.290909,
      0.727273,
      0.363636,
      0,
      0.436364,
      0.0727273,
      0.509091,
      0.145455,
      0.581818,
      0.218182,
      0.654545,
      0.290909,
      0.727273,
      0.363636,
      0,
      0.436364,
      0.0727273,
      0.509091,
      0.145455,
      0.581818,
      0.218182,
      0.654545,
      0.290909,
      0.727273,
      0.363636,
      0,
      0.436364,
      0.0727273,
      0.509091,
      0.145455
    ],
    "SoftwareVersions": "27\\LX\\MR Software release:DV26.0_R02_1810.b",
    "SpacingBetweenSlices": 2.4,
    "StationName": "MR01MR01",
    "TaskName": "func_mid",
    "TotalReadoutTime": 0.04824,
    "TriggerDelayTime": 787,
    "dataset": "AHRB",
    "modality": "bold",
    "run_id": 2,
    "session_id": "2",
    "subject_id": "71",
    "task_id": "mid"
  },
  "dummy_trs": 0,
  "dvars_nstd": 33.95713138130543,
  "dvars_std": 1.084176101945814,
  "dvars_vstd": 1.0314282326354682,
  "efc": 0.4540367489634358,
  "fber": 4382.63720703125,
  "fd_mean": 0.11893872079082163,
  "fd_num": 44,
  "fd_perc": 10.81081081081081,
  "fwhm_avg": 2.412234035545328,
  "fwhm_x": 2.4397874030515587,
  "fwhm_y": 2.386837405155603,
  "fwhm_z": 2.41007729842882,
  "gcor": 0.0150143,
  "gsr_x": 0.005513628013432026,
  "gsr_y": 0.028767572715878487,
  "provenance": {
    "md5sum": "97ae3e1f8401120737f2b501662898c5",
    "settings": {
      "fd_thres": 0.2,
      "testing": false
    },
    "software": "mriqc",
    "version": "23.1.0rc0"
  },
  "size_t": 407,
  "size_x": 90,
  "size_y": 90,
  "size_z": 60,
  "snr": 3.548000414971296,
  "spacing_tr": 0.800000011920929,
  "spacing_x": 2.4000000953674316,
  "spacing_y": 2.4000000953674316,
  "spacing_z": 2.3999977111816406,
  "summary_bg_k": 86.60931876780953,
  "summary_bg_mad": 19.48510829222418,
  "summary_bg_mean": 47.08626937866211,
  "summary_bg_median": 13.724815368652344,
  "summary_bg_n": 346240.0,
  "summary_bg_p05": 0.019656019285321236,
  "summary_bg_p95": 212.49483337402322,
  "summary_bg_stdv": 102.4854965209961,
  "summary_fg_k": 0.9564126986273336,
  "summary_fg_mad": 236.9832505105258,
  "summary_fg_mean": 922.1533813476562,
  "summary_fg_median": 885.1375732421875,
  "summary_fg_n": 70029.0,
  "summary_fg_p05": 584.2186401367187,
  "summary_fg_p95": 1373.5272216796866,
  "summary_fg_stdv": 249.4732666015625,
  "tsnr": 38.58479414600879
}