{
  "bids_meta": {
    "AcquisitionMatrixPE": 256,
    "AcquisitionNumber": 1,
    "AcquisitionTime": "16:57:49.000000",
    "BodyPartExamined": "HEAD",
    "CoilString": "RM:Nova32ch",
    "ConversionSoftware": "dcm2niix",
    "ConversionSoftwareVersion": "v1.0.20211006",
    "Dcm2bidsVersion": "2.1.6",
    "DeviceSerialNumber": "000000000000MR01",
    "EchoTime": 0.00292,
    "FlipAngle": 8,
    "ImageOrientationPatientDICOM": [
      0,
      1,
      0,
      0,
      0,
      -1
    ],
    "ImageType": [
      "ORIGINAL",
      "PRIMARY",
      "OTHER"
    ],
    "ImagingFrequency": 127.767,
    "InPlanePhaseEncodingDirectionDICOM": "ROW",
    "InstitutionName": "UOFMResearch",
    "InversionTime": 1.06,
    "MRAcquisitionType": "3D",
    "MagneticFieldStrength": 3,
    "Manufacturer": "GE",
    "ManufacturersModelName": "DISCOVERY MR750",
    "Modality": "MR",
    "ParallelReductionFactorInPlane": 2,
    "ParallelReductionOutOfPlane": 2,
    "PatientPosition": "HFS",
    "PercentPhaseFOV": 100,
    "PercentSampling": 100,
    "PixelBandwidth": 244.141,
    "ProtocolName": "AHRB 32ch MB 08/10/17",
    "ReconMatrixPE": 256,
    "RepetitionTime": 0.006952,
    "SAR": 0.207355,
    "ScanOptions": "EDR_GEMS\\PROMO_GEMS\\ACC_GEMS",
    "ScanningSequence": "RM",
    "SequenceVariant": "NONE",
    "SeriesDescription": "t1spgr_208sl",
    "SeriesNumber": 6,
    "SliceThickness": 1,
    "SoftwareVersions": "27\\LX\\MR Software release:DV25.1_R01_1617.b",
    "SpacingBetweenSlices": 1,
    "StationName": "MR01MR01",
    "dataset": "AHRB",
    "modality": "T1w",
    "session_id": "1",
    "subject_id": "82"
  },
  "cjv": 0.3839351206165642,
  "cnr": 3.358646865210023,
  "efc": 0.529151133846698,
  "fber": 4314.327992308925,
  "fwhm_avg": 3.9072066666666667,
  "fwhm_x": 3.86171,
  "fwhm_y": 4.06274,
  "fwhm_z": 3.79717,
  "icvs_csf": 0.16762267794350702,
  "icvs_gm": 0.44995920519902705,
  "icvs_wm": 0.38241811685746596,
  "inu_med": 1.0149810314178467,
  "inu_range": 0.8096942901611328,
  "provenance": {
    "md5sum": "0e0bc7f00d8b72129f7e5384763011dd",
    "settings": {
      "testing": false
    },
    "software": "mriqc",
    "version": "23.1.0rc0",
    "warnings": {
      "large_rot_frame": true,
      "small_air_mask": false
    }
  },
  "qi_1": 2.6980857467067937e-06,
  "qi_2": 0.0013602583111226147,
  "rpve_csf": 29.386779773626856,
  "rpve_gm": 12.595336935100747,
  "rpve_wm": 17.22494721847735,
  "size_x": 208,
  "size_y": 256,
  "size_z": 256,
  "snr_csf": 1.0528074447297824,
  "snr_gm": 7.497158675527382,
  "snr_total": 8.31656764678042,
  "snr_wm": 16.399736820084097,
  "snrd_csf": 6.657550353889816,
  "snrd_gm": 33.91337663338555,
  "snrd_total": 31.065938063469257,
  "snrd_wm": 52.62688720313239,
  "spacing_x": 1.0,
  "spacing_y": 1.0,
  "spacing_z": 1.0,
  "summary_bg_k": 2.66020297088341,
  "summary_bg_mad": 12.449768086345692,
  "summary_bg_mean": 9.451819361699108,
  "summary_bg_median": 8.397240966558456,
  "summary_bg_n": 2368007.0,
  "summary_bg_p05": 0.0,
  "summary_bg_p95": 28.233580596745014,
  "summary_bg_stdv": 10.147574609608473,
  "summary_csf_k": 3.2338022931344987,
  "summary_csf_mad": 88.16468420330521,
  "summary_csf_mean": 161.96463211589304,
  "summary_csf_median": 126.51557435840368,
  "summary_csf_n": 16631.0,
  "summary_csf_p05": 33.2676408700645,
  "summary_csf_p95": 407.823146738112,
  "summary_csf_stdv": 120.16610570867199,
  "summary_gm_k": 0.1771883707111095,
  "summary_gm_mad": 82.60675202190089,
  "summary_gm_mean": 643.5709324715023,
  "summary_gm_median": 644.4668226502836,
  "summary_gm_n": 36236.0,
  "summary_gm_p05": 499.88218514062464,
  "summary_gm_p95": 784.2530367504805,
  "summary_gm_stdv": 85.96028947081703,
  "summary_wm_k": 1.9151346855727516,
  "summary_wm_mad": 53.927821965854555,
  "summary_wm_mean": 1005.8200157773291,
  "summary_wm_median": 1000.0856932774186,
  "summary_wm_n": 246231.0,
  "summary_wm_p05": 918.512495316565,
  "summary_wm_p95": 1113.0200156643987,
  "summary_wm_stdv": 60.98168973437763,
  "tpm_overlap_csf": 0.164306793907209,
  "tpm_overlap_gm": 0.45440234019571496,
  "tpm_overlap_wm": 0.4975896674955886,
  "wm2max": 0.4180766694726193
}