{
  "aor": 0.0006065356265356266,
  "aqi": 0.0076233609336609325,
  "bids_meta": {
    "AcquisitionMatrixPE": 90,
    "BodyPartExamined": "BRAIN",
    "DeviceSerialNumber": "000000000000MR01",
    "EchoTime": 0.03,
    "EffectiveEchoSpacing": 0.000536,
    "FlipAngle": 52,
    "ImageType": [
      "ORIGINAL",
      "PRIMARY",
      "OTHER"
    ],
    "ImagingFrequency": "1277672380",
    "InPlanePhaseEncodingDirectionDICOM": "COL",
    "InstitutionName": "UOFMResearch",
    "MagneticFieldStrength": 3,
    "Manufacturer": "GE",
    "ManufacturersModelName": "DISCOVERY_MR750",
    "Modality": "MR",
    "MultibandAccelerationFactor": 6,
    "PatientPosition": "HFS",
    "PhaseEncodingDirection": "j",
    "PulseSequenceType": "Multiband gradient echo EPI",
    "ReconMatrixPE": 90,
    "RepetitionTime": 0.8,
    "SeriesDescription": "func_mid",
    "SeriesNumber": 8,
    "SliceThickness": 2.4,
    "SliceTiming": [
      0.0,
      0.4,
      0.08,
      0.48,
      0.16,
      0.56,
      0.24,
      0.64,
      0.32,
      0.72,
      0.0,
      0.4,
      0.08,
      0.48,
      0.16,
      0.56,
      0.24,
      0.64,
      0.32,
      0.72,
      0.0,
      0.4,
      0.08,
      0.48,
      0.16,
      0.56,
      0.24,
      0.64,
      0.32,
      0.72,
      0.0,
      0.4,
      0.08,
      0.48,
      0.16,
      0.56,
      0.24,
      0.64,
      0.32,
      0.72,
      0.0,
      0.4,
      0.08,
      0.48,
      0.16,
      0.56,
      0.24,
      0.64,
      0.32,
      0.72,
      0.0,
      0.4,
      0.08,
      0.48,
      0.16,
      0.56,
      0.24,
      0.64,
      0.32,
      0.72
    ],
    "SpacingBetweenSlices": 2.4,
    "StationName": "MR01MR01",
    "TaskName": "func_mid",
    "TotalReadoutTime": 0.048,
    "dataset": "AHRB",
    "modality": "bold",
    "run_id": 1,
    "session_id": "1",
    "subject_id": "58",
    "task_id": "mid"
  },
  "dummy_trs": 0,
  "dvars_nstd": 38.3014265163054,
  "dvars_std": 1.012917922807881,
  "dvars_vstd": 1.0017909739901478,
  "efc": 0.537055380210552,
  "fber": 616.6690063476562,
  "fd_mean": 0.10424839412426941,
  "fd_num": 11,
  "fd_perc": 2.7027027027027026,
  "fwhm_avg": 2.52709156624907,
  "fwhm_x": 2.2297790780632067,
  "fwhm_y": 2.675904060335793,
  "fwhm_z": 2.6755915603482103,
  "gcor": 0.00819224,
  "gsr_x": -0.009550564922392368,
  "gsr_y": 0.06772713363170624,
  "provenance": {
    "md5sum": "5e711e79a2cc4320a59a8380438c951a",
    "settings": {
      "fd_thres": 0.2,
      "testing": false
    },
    "software": "mriqc",
    "version": "23.1.0rc0"
  },
  "size_t": 407,
  "size_x": 90,
  "size_y": 90,
  "size_z": 60,
  "snr": 2.9158027682835908,
  "spacing_tr": 0.800000011920929,
  "spacing_x": 2.4000000953674316,
  "spacing_y": 2.4000000953674316,
  "spacing_z": 2.4000000953674316,
  "summary_bg_k": 13.783506495906813,
  "summary_bg_mad": 203.54633551106713,
  "summary_bg_mean": 547.3822021484375,
  "summary_bg_median": 224.73709106445312,
  "summary_bg_n": 322718.0,
  "summary_bg_p05": 72.22358703613281,
  "summary_bg_p95": 2388.0101318359375,
  "summary_bg_stdv": 848.34814453125,
  "summary_fg_k": 2.7206007680448137,
  "summary_fg_mad": 1701.0453400527304,
  "summary_fg_mean": 6078.509765625,
  "summary_fg_median": 5743.4091796875,
  "summary_fg_n": 86052.0,
  "summary_fg_p05": 3587.1229248046875,
  "summary_fg_p95": 9744.949218749998,
  "summary_fg_stdv": 1969.7408447265625,
  "tsnr": 30.395176623598672
}