{
  "bids_meta": {
    "AcquisitionMatrixPE": 256,
    "AcquisitionNumber": 1,
    "AcquisitionTime": "16:47:22.000000",
    "BodyPartExamined": "HEAD",
    "CoilString": "RM:Nova32ch",
    "ConversionSoftware": "dcm2niix",
    "ConversionSoftwareVersion": "v1.0.20211006",
    "Dcm2bidsVersion": "2.1.6",
    "DeviceSerialNumber": "000000000000MR01",
    "EchoTime": 0.00292,
    "FlipAngle": 8,
    "ImageOrientationPatientDICOM": [
      0,
      1,
      0,
      0,
      0,
      -1
    ],
    "ImageType": [
      "ORIGINAL",
      "PRIMARY",
      "OTHER"
    ],
    "ImagingFrequency": 127.767,
    "InPlanePhaseEncodingDirectionDICOM": "ROW",
    "InstitutionName": "UOFMResearch",
    "InversionTime": 1.06,
    "MRAcquisitionType": "3D",
    "MagneticFieldStrength": 3,
    "Manufacturer": "GE",
    "ManufacturersModelName": "DISCOVERY MR750",
    "Modality": "MR",
    "ParallelReductionFactorInPlane": 2,
    "ParallelReductionOutOfPlane": 2,
    "PatientPosition": "HFS",
    "PercentPhaseFOV": 100,
    "PercentSampling": 100,
    "PixelBandwidth": 244.141,
    "ProtocolName": "AHRB 32ch MB 08/10/17",
    "ReconMatrixPE": 256,
    "RepetitionTime": 0.006952,
    "SAR": 0.206157,
    "ScanOptions": "EDR_GEMS\\PROMO_GEMS\\ACC_GEMS",
    "ScanningSequence": "RM",
    "SequenceVariant": "NONE",
    "SeriesDescription": "t1spgr_208sl",
    "SeriesNumber": 6,
    "SliceThickness": 1,
    "SoftwareVersions": "27\\LX\\MR Software release:DV25.1_R01_1617.b",
    "SpacingBetweenSlices": 1,
    "StationName": "MR01MR01",
    "dataset": "AHRB",
    "modality": "T1w",
    "session_id": "1",
    "subject_id": "60"
  },
  "cjv": 0.4008591388891541,
  "cnr": 3.175615694065131,
  "efc": 0.5155785343563624,
  "fber": 5068.344674556214,
  "fwhm_avg": 3.61566,
  "fwhm_x": 3.53118,
  "fwhm_y": 3.77942,
  "fwhm_z": 3.53638,
  "icvs_csf": 0.18901930297076427,
  "icvs_gm": 0.42789155323400385,
  "icvs_wm": 0.38308914379523185,
  "inu_med": 1.0261285305023193,
  "inu_range": 0.7383928894996643,
  "provenance": {
    "md5sum": "9adb184ce28683d21b8850a7d77e6118",
    "settings": {
      "testing": false
    },
    "software": "mriqc",
    "version": "23.1.0rc0",
    "warnings": {
      "large_rot_frame": true,
      "small_air_mask": false
    }
  },
  "qi_1": 0.0,
  "qi_2": 0.0010928005904803117,
  "rpve_csf": 31.75693211053887,
  "rpve_gm": 14.846054872905883,
  "rpve_wm": 19.004858817799946,
  "size_x": 208,
  "size_y": 256,
  "size_z": 256,
  "snr_csf": 1.1689868405372308,
  "snr_gm": 8.481244770573179,
  "snr_total": 7.734758357074093,
  "snr_wm": 13.55404346011187,
  "snrd_csf": 7.502989359209382,
  "snrd_gm": 34.16625683364337,
  "snrd_total": 31.20433955989564,
  "snrd_wm": 51.94377248683418,
  "spacing_x": 1.0,
  "spacing_y": 1.0,
  "spacing_z": 1.0,
  "summary_bg_k": 8.365733676703398,
  "summary_bg_mad": 12.613144392906042,
  "summary_bg_mean": 10.596613172498042,
  "summary_bg_median": 8.507436610758305,
  "summary_bg_n": 2793285.0,
  "summary_bg_p05": 0.0,
  "summary_bg_p95": 33.56675669550896,
  "summary_bg_stdv": 12.544234209684355,
  "summary_csf_k": 2.1128819748508096,
  "summary_csf_mad": 104.85212549749104,
  "summary_csf_mean": 177.58904502421208,
  "summary_csf_median": 144.45280122756958,
  "summary_csf_n": 22373.0,
  "summary_csf_p05": 34.06447067409755,
  "summary_csf_p95": 418.36911060661015,
  "summary_csf_stdv": 123.56817707288378,
  "summary_gm_k": 0.3398314510414462,
  "summary_gm_mad": 74.13439969708041,
  "summary_gm_mean": 657.8067897159892,
  "summary_gm_median": 657.7926837950945,
  "summary_gm_n": 25384.0,
  "summary_gm_p05": 529.3130288571119,
  "summary_gm_p95": 784.1223300930112,
  "summary_gm_stdv": 77.55697950294683,
  "summary_wm_k": 1.8513435691157927,
  "summary_wm_mad": 63.065721964530205,
  "summary_wm_mean": 1010.3679335885909,
  "summary_wm_median": 1000.0578546524048,
  "summary_wm_n": 204535.0,
  "summary_wm_p05": 910.5850859433413,
  "summary_wm_p95": 1147.6531987912947,
  "summary_wm_stdv": 73.78280974837185,
  "tpm_overlap_csf": 0.14802899164455902,
  "tpm_overlap_gm": 0.44288215777518386,
  "tpm_overlap_wm": 0.4636116139469683,
  "wm2max": 0.3525846094410264
}