{
  "bids_meta": {
    "AcquisitionMatrixPE": 256,
    "AcquisitionNumber": 1,
    "AcquisitionTime": "15:47:48.000000",
    "BodyPartExamined": "HEAD",
    "CoilString": "RM:Nova32ch",
    "ConversionSoftware": "dcm2niix",
    "ConversionSoftwareVersion": "v1.0.20211006",
    "Dcm2bidsVersion": "2.1.6",
    "DeviceSerialNumber": "000000000000MR01",
    "EchoTime": 0.00292,
    "FlipAngle": 8,
    "ImageOrientationPatientDICOM": [
      0,
      1,
      0,
      0,
      0,
      -1
    ],
    "ImageType": [
      "ORIGINAL",
      "PRIMARY",
      "OTHER"
    ],
    "ImagingFrequency": 127.767,
    "InPlanePhaseEncodingDirectionDICOM": "ROW",
    "InstitutionName": "UOFMResearch",
    "InversionTime": 1.06,
    "MRAcquisitionType": "3D",
    "MagneticFieldStrength": 3,
    "Manufacturer": "GE",
    "ManufacturersModelName": "DISCOVERY MR750",
    "Modality": "MR",
    "ParallelReductionFactorInPlane": 2,
    "ParallelReductionOutOfPlane": 2,
    "PatientPosition": "HFS",
    "PercentPhaseFOV": 100,
    "PercentSampling": 100,
    "PixelBandwidth": 244.141,
    "ProtocolName": "AHRB 32ch HB 06/06/18",
    "ReconMatrixPE": 256,
    "RepetitionTime": 0.006952,
    "SAR": 0.108928,
    "ScanOptions": "EDR_GEMS\\PROMO_GEMS\\ACC_GEMS\\IR_GEMS",
    "ScanningSequence": "RM",
    "SequenceVariant": "NONE",
    "SeriesDescription": "t1spgr_208sl",
    "SeriesNumber": 7,
    "SliceThickness": 1,
    "SoftwareVersions": "27\\LX\\MR Software release:DV26.0_R02_1810.b",
    "SpacingBetweenSlices": 1,
    "StationName": "MR01MR01",
    "dataset": "AHRB",
    "modality": "T1w",
    "session_id": "1",
    "subject_id": "97"
  },
  "cjv": 0.40177787713913277,
  "cnr": 3.187483138554929,
  "efc": 0.5237181432512699,
  "fber": 4000.38777815085,
  "fwhm_avg": 3.914466666666667,
  "fwhm_x": 3.78187,
  "fwhm_y": 4.19577,
  "fwhm_z": 3.76576,
  "icvs_csf": 0.18185772328652197,
  "icvs_gm": 0.419850471016948,
  "icvs_wm": 0.39829180569653,
  "inu_med": 1.0292479395866394,
  "inu_range": 0.7739560037851332,
  "provenance": {
    "md5sum": "7b11471fee461779f55628764215f203",
    "settings": {
      "testing": false
    },
    "software": "mriqc",
    "version": "23.1.0rc0",
    "warnings": {
      "large_rot_frame": true,
      "small_air_mask": false
    }
  },
  "qi_1": 0.0,
  "qi_2": 0.001000375611169332,
  "rpve_csf": 31.287549505236296,
  "rpve_gm": 14.29960074917992,
  "rpve_wm": 17.554575439333746,
  "size_x": 208,
  "size_y": 256,
  "size_z": 256,
  "snr_csf": 1.020145263215278,
  "snr_gm": 8.197233278621493,
  "snr_total": 7.411266177455268,
  "snr_wm": 13.016419990529032,
  "snrd_csf": 5.069600699243769,
  "snrd_gm": 27.798444404728116,
  "snrd_total": 25.281944251326433,
  "snrd_wm": 42.9777876500074,
  "spacing_x": 1.0,
  "spacing_y": 1.0,
  "spacing_z": 1.0,
  "summary_bg_k": 3.4315965893769675,
  "summary_bg_mad": 15.244554250698046,
  "summary_bg_mean": 10.809509495263725,
  "summary_bg_median": 10.28229558840394,
  "summary_bg_n": 2314609.0,
  "summary_bg_p05": 0.0,
  "summary_bg_p95": 33.464198369532824,
  "summary_bg_stdv": 12.239101105225439,
  "summary_csf_k": 1.7700035804032384,
  "summary_csf_mad": 88.51080589193168,
  "summary_csf_mean": 151.1172638263345,
  "summary_csf_median": 117.9659730233252,
  "summary_csf_n": 17006.0,
  "summary_csf_p05": 25.253941134549677,
  "summary_csf_p95": 392.84600841999054,
  "summary_csf_stdv": 115.63304645186543,
  "summary_gm_k": 0.09518406088154352,
  "summary_gm_mad": 77.23907487020342,
  "summary_gm_mean": 646.2928502410782,
  "summary_gm_median": 646.8498679250479,
  "summary_gm_n": 22263.0,
  "summary_gm_p05": 514.7441805440933,
  "summary_gm_p95": 774.5933692988007,
  "summary_gm_stdv": 78.90898286190465,
  "summary_wm_k": 2.1216010579322067,
  "summary_wm_mad": 64.67386651811292,
  "summary_wm_mean": 1011.2274923392577,
  "summary_wm_median": 1000.0623006224632,
  "summary_wm_n": 222082.0,
  "summary_wm_p05": 908.3317605853081,
  "summary_wm_p95": 1155.3561224788427,
  "summary_wm_stdv": 76.83065311250543,
  "tpm_overlap_csf": 0.1399134207727349,
  "tpm_overlap_gm": 0.4469635935233316,
  "tpm_overlap_wm": 0.48732722531469314,
  "wm2max": 0.29145720639339134
}